{
  "AccelFact3D": 2,
  "AcquisitionMatrixPE": 256,
  "AcquisitionNumber": 1,
  "AcquisitionTime": "08:56:52.522500",
  "BaseResolution": 256,
  "BodyPartExamined": "BRAIN",
  "CoilCombinationMethod": "Sum of Squares",
  "ConsistencyInfo": "N4_VE11C_LATEST_20160120",
  "ConversionSoftware": "dcm2niix",
  "ConversionSoftwareVersion": "v1.0.20220720",
  "DeviceSerialNumber": "67026",
  "DwellTime": 3e-06,
  "EchoNumber": 2,
  "EchoTime": 0.00527,
  "EchoTrainLength": 12,
  "FlipAngle": 15,
  "HeudiconvVersion": "0.11.4",
  "ImageOrientationPatientDICOM": [
    -0.0195215,
    0.996376,
    0.0827905,
    -0.0223824,
    0.08235,
    -0.996352
  ],
  "ImageOrientationText": "Sag>Cor(-1.2)>Tra(1.2)",
  "ImageType": [
    "ORIGINAL",
    "PRIMARY",
    "M",
    "ND",
    "NORM"
  ],
  "ImagingFrequency": 123.239,
  "InPlanePhaseEncodingDirectionDICOM": "ROW",
  "InstitutionAddress": "13th St. 149,Charlestown,MA,US,02129",
  "InstitutionName": "Martinos Center Bay 4 Prisma",
  "InstitutionalDepartmentName": "Martinos Center",
  "MRAcquisitionType": "3D",
  "MagneticFieldStrength": 3,
  "Manufacturer": "Siemens",
  "ManufacturersModelName": "Prisma_fit",
  "MatrixCoilMode": "GRAPPA",
  "Modality": "MR",
  "NonlinearGradientCorrection": false,
  "ParallelReductionFactorInPlane": 4,
  "PartialFourier": 1,
  "PatientPosition": "HFS",
  "PercentPhaseFOV": 100,
  "PercentSampling": 100,
  "PhaseEncodingDirection": "i",
  "PhaseEncodingSteps": 255,
  "PhaseResolution": 1,
  "PixelBandwidth": 650,
  "ProcedureStepDescription": "INVESTIGATORS^Greve",
  "ProtocolName": "gre3D_1iso_PAT2x2_12e",
  "PulseSequenceDetails": "%SiemensSeq%\\gre",
  "ReceiveCoilActiveElements": "HEA;HEP",
  "ReceiveCoilName": "Head_32",
  "ReconMatrixPE": 256,
  "RefLinesPE": 32,
  "RepetitionTime": 0.043,
  "SAR": 0.017849,
  "ScanningSequence": "GR",
  "SequenceName": "*fl3d12_ns",
  "SequenceVariant": "SP",
  "SeriesDescription": "gre3D_1iso_PAT2x2_12e",
  "SeriesNumber": 38,
  "ShimSetting": [
    -1289,
    -10461,
    -10258,
    212,
    105,
    15,
    3,
    18
  ],
  "SliceThickness": 1,
  "SoftwareVersions": "syngo MR E11",
  "StationName": "BAY4OC",
  "TxRefAmp": 269.988
}
