{
  "AcquisitionMatrixPE": 104,
  "AcquisitionNumber": 1,
  "AcquisitionTime": "08:20:44.362500",
  "BandwidthPerPixelPhaseEncode": 16.578,
  "BaseResolution": 104,
  "BodyPartExamined": "BRAIN",
  "CoilCombinationMethod": "Sum of Squares",
  "ConsistencyInfo": "N4_VE11C_LATEST_20160120",
  "ConversionSoftware": "dcm2niix",
  "ConversionSoftwareVersion": "v1.0.20220720",
  "DerivedVendorReportedEchoSpacing": 0.000580009,
  "DeviceSerialNumber": "67026",
  "DwellTime": 2.1e-06,
  "EchoTime": 0.037,
  "EchoTrainLength": 104,
  "EffectiveEchoSpacing": 0.000580009,
  "FlipAngle": 52,
  "HeudiconvVersion": "0.11.4",
  "ImageComments": "Single-band reference",
  "ImageOrientationPatientDICOM": [
    0.999266,
    0.0110334,
    0.0366717,
    2.46689e-08,
    0.957597,
    -0.288112
  ],
  "ImageOrientationText": "Tra>Cor(-16.7)>Sag(2.2)",
  "ImageType": [
    "ORIGINAL",
    "PRIMARY",
    "M",
    "ND",
    "MOSAIC"
  ],
  "ImagingFrequency": 123.224,
  "InPlanePhaseEncodingDirectionDICOM": "COL",
  "InstitutionAddress": "13th St. 149,Charlestown,MA,US,02129",
  "InstitutionName": "Martinos Center Bay 4 Prisma",
  "InstitutionalDepartmentName": "Martinos Center",
  "MRAcquisitionType": "2D",
  "MagneticFieldStrength": 3,
  "Manufacturer": "Siemens",
  "ManufacturersModelName": "Prisma_fit",
  "MatrixCoilMode": "SENSE",
  "Modality": "MR",
  "NonlinearGradientCorrection": false,
  "PartialFourier": 1,
  "PatientPosition": "HFS",
  "PercentPhaseFOV": 100,
  "PercentSampling": 100,
  "PhaseEncodingDirection": "j-",
  "PhaseEncodingSteps": 104,
  "PhaseResolution": 1,
  "PixelBandwidth": 2290,
  "ProcedureStepDescription": "INVESTIGATORS^Greve",
  "ProtocolName": "rfMRI_REST_AP",
  "PulseSequenceDetails": "%CustomerSeq%\\hcp_mbep2d_bold",
  "ReceiveCoilActiveElements": "HEA;HEP",
  "ReceiveCoilName": "Head_32",
  "ReconMatrixPE": 104,
  "RepetitionTime": 0.8,
  "SAR": 0.0748929,
  "ScanOptions": "FS\\EXT",
  "ScanningSequence": "EP",
  "SequenceName": "epfid2d1_104",
  "SequenceVariant": "SK\\SS",
  "SeriesDescription": "rfMRI_REST_AP_SBRef",
  "SeriesNumber": 18,
  "ShimSetting": [
    -1233,
    -10400,
    -10234,
    297,
    170,
    15,
    -69,
    -15
  ],
  "SliceThickness": 2,
  "SliceTiming": [
    0,
    0.085,
    0.1725,
    0.26,
    0.345,
    0.4325,
    0.52,
    0.605,
    0.6925,
    0.78,
    0.865,
    0.9525,
    1.04,
    1.125,
    1.2125,
    1.3,
    1.385,
    1.4725,
    1.56,
    1.645,
    1.7325,
    1.82,
    1.905,
    1.9925,
    2.08,
    2.165,
    2.2525,
    2.34,
    2.425,
    2.5125,
    2.5975,
    2.685,
    2.7725,
    2.8575,
    2.945,
    3.0325,
    3.1175,
    3.205,
    3.2925,
    3.3775,
    3.465,
    3.5525,
    3.6375,
    3.725,
    3.8125,
    3.8975,
    3.985,
    4.0725,
    4.1575,
    4.245,
    4.3325,
    4.4175,
    4.505,
    4.5925,
    4.6775,
    4.765,
    4.8525,
    4.9375,
    5.025,
    5.1125,
    5.1975,
    5.285,
    5.3725,
    5.4575,
    5.545,
    5.6325,
    5.7175,
    5.805,
    5.8925,
    5.9775,
    6.065,
    6.1525
  ],
  "SoftwareVersions": "syngo MR E11",
  "SpacingBetweenSlices": 2,
  "StationName": "BAY4OC",
  "TaskName": "rest",
  "TotalReadoutTime": 0.0597409,
  "TxRefAmp": 273.415,
  "WipMemBlock": "2f4cb9c4-5e78-4e18-9c3d-7aa9ffe2ac01||Sequence: ve11c/master r/5b0256d+; Dec  9 2016 09:38:51 by eja",
  "dcmmeta_affine": [
    [
      -1.9985328912734985,
      4.933779251814485e-08,
      0.07659104466438293,
      113.103271484375
    ],
    [
      -0.022066742181777954,
      1.9151935577392578,
      -0.5758010745048523,
      -61.093055725097656
    ],
    [
      0.07334335148334503,
      0.5762237310409546,
      1.9137886762619019,
      -86.75007629394531
    ],
    [
      0,
      0,
      0,
      1
    ]
  ],
  "dcmmeta_reorient_transform": [
    [
      0,
      -1,
      0,
      103
    ],
    [
      1,
      0,
      0,
      0
    ],
    [
      0,
      0,
      1,
      0
    ],
    [
      0,
      0,
      0,
      1
    ]
  ],
  "dcmmeta_shape": [
    104,
    104,
    72
  ],
  "dcmmeta_slice_dim": 2,
  "dcmmeta_version": 0.6
}
