{
  "AcquisitionMatrixPE": 240,
  "AcquisitionNumber": 1,
  "AcquisitionTime": "09:19:10.062500",
  "BaseResolution": 256,
  "BodyPartExamined": "BRAIN",
  "CoilCombinationMethod": "Adaptive Combine",
  "ConsistencyInfo": "N4_VE11C_LATEST_20160120",
  "ConversionSoftware": "dcm2niix",
  "ConversionSoftwareVersion": "v1.0.20220720",
  "DeviceSerialNumber": "67026",
  "DwellTime": 8.2e-06,
  "EchoTime": 0.00298,
  "FlipAngle": 4,
  "HeudiconvVersion": "0.11.4",
  "ImageOrientationPatientDICOM": [
    -0.0295207,
    0.989877,
    -0.138825,
    -0.0671847,
    -0.140537,
    -0.987793
  ],
  "ImageOrientationText": "Sag>Tra(4.1)>Cor(-1.1)",
  "ImageType": [
    "ORIGINAL",
    "PRIMARY",
    "M",
    "ND",
    "NORM"
  ],
  "ImagingFrequency": 123.173,
  "InPlanePhaseEncodingDirectionDICOM": "ROW",
  "InstitutionAddress": "13th St. 149,Charlestown,MA,US,02129",
  "InstitutionName": "Martinos Center Bay 4 Prisma",
  "InstitutionalDepartmentName": "Martinos Center",
  "InversionTime": 0.7,
  "MRAcquisitionType": "3D",
  "MagneticFieldStrength": 3,
  "Manufacturer": "Siemens",
  "ManufacturersModelName": "Prisma_fit",
  "MatrixCoilMode": "GRAPPA",
  "Modality": "MR",
  "NonlinearGradientCorrection": false,
  "ParallelReductionFactorInPlane": 3,
  "PartialFourier": 1,
  "PatientPosition": "HFS",
  "PercentPhaseFOV": 93.75,
  "PercentSampling": 100,
  "PhaseEncodingSteps": 238,
  "PhaseResolution": 1,
  "PixelBandwidth": 240,
  "ProcedureStepDescription": "INVESTIGATORS^Greve",
  "ProtocolName": "t1_mp2rage_sag_p3_iso_TI_0700-2500",
  "PulseSequenceDetails": "%SiemensSeq%\\tfl",
  "ReceiveCoilActiveElements": "HEA;HEP",
  "ReceiveCoilName": "Head_32",
  "ReconMatrixPE": 240,
  "RefLinesPE": 32,
  "RepetitionTime": 5,
  "SAR": 0.0207093,
  "ScanOptions": "IR",
  "ScanningSequence": "GR\\IR",
  "SequenceName": "*tfl3d1_16ns",
  "SequenceVariant": "SK\\SP\\MP",
  "SeriesDescription": "t1_mp2rage_sag_p3_iso_TI_0700-2500_INV1",
  "SeriesNumber": 51,
  "ShimSetting": [
    -1222,
    -10528,
    -10130,
    160,
    267,
    -19,
    -52,
    -8
  ],
  "SliceThickness": 1,
  "SoftwareVersions": "syngo MR E11",
  "SpoilingState": true,
  "StationName": "BAY4OC",
  "TxRefAmp": 241.394,
  "dcmmeta_affine": [
    [
      0.9973037242889404,
      -0.029520664364099503,
      -0.0671846866607666,
      -78.26383209228516
    ],
    [
      0.019833382219076157,
      0.9898768067359924,
      -0.14053672552108765,
      -67.5248031616211
    ],
    [
      0.07065329700708389,
      0.13882529735565186,
      0.9877933263778687,
      -185.8424072265625
    ],
    [
      0,
      0,
      0,
      1
    ]
  ],
  "dcmmeta_reorient_transform": [
    [
      0,
      0,
      -1,
      255
    ],
    [
      0,
      -1,
      0,
      239
    ],
    [
      -1,
      0,
      0,
      175
    ],
    [
      0,
      0,
      0,
      1
    ]
  ],
  "dcmmeta_shape": [
    176,
    240,
    256
  ],
  "dcmmeta_slice_dim": 0,
  "dcmmeta_version": 0.6
}
