{
  "AcquisitionMatrixPE": 140,
  "AcquisitionNumber": 1,
  "AcquisitionTime": "08:43:21.360000",
  "BandwidthPerPixelPhaseEncode": 10.352,
  "BaseResolution": 140,
  "BodyPartExamined": "BRAIN",
  "CoilCombinationMethod": "Sum of Squares",
  "ConsistencyInfo": "N4_VE11C_LATEST_20160120",
  "ConversionSoftware": "dcm2niix",
  "ConversionSoftwareVersion": "v1.0.20220720",
  "DerivedVendorReportedEchoSpacing": 0.000689998,
  "DeviceSerialNumber": "67026",
  "DiffusionScheme": "Monopolar",
  "DwellTime": 2.1e-06,
  "EchoTime": 0.0892,
  "EchoTrainLength": 105,
  "EffectiveEchoSpacing": 0.000689998,
  "FlipAngle": 78,
  "HeudiconvVersion": "0.11.4",
  "ImageComments": "Unaliased MB4/PE3/LB SENSE1",
  "ImageOrientationPatientDICOM": [
    0.997306,
    0.0197967,
    -0.070637,
    -0.0468573,
    0.912782,
    -0.405751
  ],
  "ImageOrientationText": "Tra>Cor(-24.1)>Sag(-3.2)",
  "ImageType": [
    "ORIGINAL",
    "PRIMARY",
    "DIFFUSION",
    "NONE",
    "MB",
    "ND",
    "MOSAIC"
  ],
  "ImagingFrequency": 123.173,
  "InPlanePhaseEncodingDirectionDICOM": "COL",
  "InstitutionAddress": "13th St. 149,Charlestown,MA,US,02129",
  "InstitutionName": "Martinos Center Bay 4 Prisma",
  "InstitutionalDepartmentName": "Martinos Center",
  "MRAcquisitionType": "2D",
  "MagneticFieldStrength": 3,
  "Manufacturer": "Siemens",
  "ManufacturersModelName": "Prisma_fit",
  "MatrixCoilMode": "SENSE",
  "Modality": "MR",
  "MultibandAccelerationFactor": 4,
  "NonlinearGradientCorrection": false,
  "PartialFourier": 0.75,
  "PatientPosition": "HFS",
  "PercentPhaseFOV": 100,
  "PercentSampling": 100,
  "PhaseEncodingDirection": "j-",
  "PhaseEncodingSteps": 105,
  "PhaseResolution": 1,
  "PixelBandwidth": 1700,
  "ProcedureStepDescription": "INVESTIGATORS^Greve",
  "ProtocolName": "dMRI_dir98_AP",
  "PulseSequenceDetails": "%CustomerSeq%\\hcp_mbep2d_diff",
  "ReceiveCoilActiveElements": "HEA;HEP",
  "ReceiveCoilName": "Head_32",
  "ReconMatrixPE": 140,
  "RepetitionTime": 3.23,
  "SAR": 0.1688,
  "ScanOptions": "PFP\\EXT",
  "ScanningSequence": "EP",
  "SequenceName": "ep_b5#1",
  "SequenceVariant": "SK\\SS",
  "SeriesDescription": "dMRI_dir98_AP",
  "SeriesNumber": 37,
  "ShimSetting": [
    -1217,
    -10524,
    -10119,
    264,
    281,
    52,
    -82,
    -3
  ],
  "SliceThickness": 1.5,
  "SliceTiming": [
    0,
    1.675,
    0.14,
    1.815,
    0.28,
    1.955,
    0.42,
    2.0925,
    0.5575,
    2.2325,
    0.6975,
    2.3725,
    0.8375,
    2.5125,
    0.9775,
    2.6525,
    1.1175,
    2.7925,
    1.2575,
    2.93,
    1.395,
    3.07,
    1.535,
    0,
    1.675,
    0.14,
    1.815,
    0.28,
    1.955,
    0.42,
    2.0925,
    0.5575,
    2.2325,
    0.6975,
    2.3725,
    0.8375,
    2.5125,
    0.9775,
    2.6525,
    1.1175,
    2.7925,
    1.2575,
    2.93,
    1.395,
    3.07,
    1.535,
    0,
    1.675,
    0.14,
    1.815,
    0.28,
    1.955,
    0.42,
    2.0925,
    0.5575,
    2.2325,
    0.6975,
    2.3725,
    0.8375,
    2.5125,
    0.9775,
    2.6525,
    1.1175,
    2.7925,
    1.2575,
    2.93,
    1.395,
    3.07,
    1.535,
    0,
    1.675,
    0.14,
    1.815,
    0.28,
    1.955,
    0.42,
    2.0925,
    0.5575,
    2.2325,
    0.6975,
    2.3725,
    0.8375,
    2.5125,
    0.9775,
    2.6525,
    1.1175,
    2.7925,
    1.2575,
    2.93,
    1.395,
    3.07,
    1.535
  ],
  "SoftwareVersions": "syngo MR E11",
  "SpacingBetweenSlices": 1.5,
  "StationName": "BAY4OC",
  "TotalReadoutTime": 0.0959097,
  "TxRefAmp": 241.394,
  "WipMemBlock": "eee1ac80-4a78-48b7-ab63-c6e8e89af843||Sequence: ve11c/master r/5b0256d+; Dec  9 2016 09:48:43 by eja",
  "dcmmeta_affine": [
    [
      -1.4959584474563599,
      -0.07028602063655853,
      -0.08466541767120361,
      108.9488754272461
    ],
    [
      -0.029695093631744385,
      1.3691728115081787,
      -0.6119509339332581,
      -54.40715789794922
    ],
    [
      -0.10595545917749405,
      0.6086260080337524,
      1.3668752908706665,
      -107.60484313964844
    ],
    [
      0,
      0,
      0,
      1
    ]
  ],
  "dcmmeta_reorient_transform": [
    [
      0,
      -1,
      0,
      139
    ],
    [
      1,
      0,
      0,
      0
    ],
    [
      0,
      0,
      1,
      0
    ],
    [
      0,
      0,
      0,
      1
    ]
  ],
  "dcmmeta_shape": [
    140,
    140,
    92,
    99
  ],
  "dcmmeta_slice_dim": 2,
  "dcmmeta_version": 0.6,
  "time": {
    "samples": {
      "AcquisitionNumber": [
        1,
        2,
        3,
        4,
        5,
        6,
        7,
        8,
        9,
        10,
        11,
        12,
        13,
        14,
        15,
        16,
        17,
        18,
        19,
        20,
        21,
        22,
        23,
        24,
        25,
        26,
        27,
        28,
        29,
        30,
        31,
        32,
        33,
        34,
        35,
        36,
        37,
        38,
        39,
        40,
        41,
        42,
        43,
        44,
        45,
        46,
        47,
        48,
        49,
        50,
        51,
        52,
        53,
        54,
        55,
        56,
        57,
        58,
        59,
        60,
        61,
        62,
        63,
        64,
        65,
        66,
        67,
        68,
        69,
        70,
        71,
        72,
        73,
        74,
        75,
        76,
        77,
        78,
        79,
        80,
        81,
        82,
        83,
        84,
        85,
        86,
        87,
        88,
        89,
        90,
        91,
        92,
        93,
        94,
        95,
        96,
        97,
        98,
        99
      ],
      "AcquisitionTime": [
        "084321.360000",
        "084324.590000",
        "084327.820000",
        "084331.050000",
        "084334.280000",
        "084337.510000",
        "084340.740000",
        "084343.970000",
        "084347.200000",
        "084350.430000",
        "084353.660000",
        "084356.890000",
        "084400.120000",
        "084403.350000",
        "084406.580000",
        "084409.810000",
        "084413.040000",
        "084416.270000",
        "084419.500000",
        "084422.730000",
        "084425.960000",
        "084429.190000",
        "084432.420000",
        "084435.650000",
        "084438.880000",
        "084442.110000",
        "084445.340000",
        "084448.570000",
        "084451.800000",
        "084455.030000",
        "084458.260000",
        "084501.490000",
        "084504.720000",
        "084507.950000",
        "084511.180000",
        "084514.410000",
        "084517.640000",
        "084520.870000",
        "084524.100000",
        "084527.330000",
        "084530.560000",
        "084533.790000",
        "084537.020000",
        "084540.250000",
        "084543.480000",
        "084546.710000",
        "084549.940000",
        "084553.170000",
        "084556.400000",
        "084559.630000",
        "084602.860000",
        "084606.090000",
        "084609.320000",
        "084612.550000",
        "084615.780000",
        "084619.010000",
        "084622.240000",
        "084625.470000",
        "084628.700000",
        "084631.930000",
        "084635.160000",
        "084638.390000",
        "084641.620000",
        "084644.850000",
        "084648.080000",
        "084651.310000",
        "084654.540000",
        "084657.770000",
        "084701.000000",
        "084704.230000",
        "084707.460000",
        "084710.690000",
        "084713.920000",
        "084717.150000",
        "084720.380000",
        "084723.610000",
        "084726.840000",
        "084730.070000",
        "084733.300000",
        "084736.530000",
        "084739.760000",
        "084742.990000",
        "084746.220000",
        "084749.450000",
        "084752.680000",
        "084755.910000",
        "084759.140000",
        "084802.370000",
        "084805.600000",
        "084808.830000",
        "084812.060000",
        "084815.290000",
        "084818.520000",
        "084821.750000",
        "084824.980000",
        "084828.210000",
        "084831.440000",
        "084834.670000",
        "084837.900000"
      ],
      "ContentTime": [
        "084435.141000",
        "084435.145000",
        "084435.149000",
        "084435.159000",
        "084435.165000",
        "084435.169000",
        "084435.172000",
        "084435.175000",
        "084435.183000",
        "084435.186000",
        "084435.189000",
        "084435.193000",
        "084435.196000",
        "084435.200000",
        "084435.203000",
        "084435.206000",
        "084435.210000",
        "084435.213000",
        "084435.217000",
        "084435.220000",
        "084435.223000",
        "084435.227000",
        "084555.086000",
        "084555.089000",
        "084555.093000",
        "084555.101000",
        "084555.114000",
        "084555.118000",
        "084555.121000",
        "084555.131000",
        "084555.134000",
        "084555.138000",
        "084555.141000",
        "084555.149000",
        "084555.290000",
        "084555.294000",
        "084555.297000",
        "084555.305000",
        "084555.308000",
        "084555.311000",
        "084555.315000",
        "084555.323000",
        "084555.326000",
        "084555.329000",
        "084555.333000",
        "084555.336000",
        "084555.340000",
        "084715.085000",
        "084715.089000",
        "084715.092000",
        "084715.096000",
        "084715.108000",
        "084715.111000",
        "084715.115000",
        "084715.124000",
        "084715.132000",
        "084715.135000",
        "084715.138000",
        "084715.142000",
        "084715.150000",
        "084715.153000",
        "084715.156000",
        "084715.160000",
        "084715.163000",
        "084715.167000",
        "084715.170000",
        "084715.174000",
        "084715.177000",
        "084715.180000",
        "084715.184000",
        "084715.187000",
        "084715.208000",
        "084835.085000",
        "084835.089000",
        "084835.092000",
        "084835.096000",
        "084835.099000",
        "084835.103000",
        "084835.106000",
        "084835.110000",
        "084835.113000",
        "084835.116000",
        "084835.120000",
        "084835.123000",
        "084835.127000",
        "084835.130000",
        "084835.133000",
        "084835.137000",
        "084835.140000",
        "084835.143000",
        "084835.147000",
        "084835.151000",
        "084835.154000",
        "084835.157000",
        "084835.162000",
        "084835.165000",
        "084842.224000",
        "084842.228000",
        "084842.231000"
      ],
      "InstanceCreationTime": [
        "084435.141000",
        "084435.145000",
        "084435.149000",
        "084435.159000",
        "084435.165000",
        "084435.169000",
        "084435.172000",
        "084435.175000",
        "084435.183000",
        "084435.186000",
        "084435.189000",
        "084435.193000",
        "084435.196000",
        "084435.200000",
        "084435.203000",
        "084435.206000",
        "084435.210000",
        "084435.213000",
        "084435.217000",
        "084435.220000",
        "084435.223000",
        "084435.227000",
        "084555.086000",
        "084555.089000",
        "084555.093000",
        "084555.101000",
        "084555.114000",
        "084555.118000",
        "084555.121000",
        "084555.131000",
        "084555.134000",
        "084555.138000",
        "084555.141000",
        "084555.149000",
        "084555.290000",
        "084555.294000",
        "084555.297000",
        "084555.305000",
        "084555.308000",
        "084555.311000",
        "084555.315000",
        "084555.323000",
        "084555.326000",
        "084555.329000",
        "084555.333000",
        "084555.336000",
        "084555.340000",
        "084715.085000",
        "084715.089000",
        "084715.092000",
        "084715.096000",
        "084715.108000",
        "084715.111000",
        "084715.115000",
        "084715.124000",
        "084715.132000",
        "084715.135000",
        "084715.138000",
        "084715.142000",
        "084715.150000",
        "084715.153000",
        "084715.156000",
        "084715.160000",
        "084715.163000",
        "084715.167000",
        "084715.170000",
        "084715.174000",
        "084715.177000",
        "084715.180000",
        "084715.184000",
        "084715.187000",
        "084715.208000",
        "084835.085000",
        "084835.089000",
        "084835.092000",
        "084835.096000",
        "084835.099000",
        "084835.103000",
        "084835.106000",
        "084835.110000",
        "084835.113000",
        "084835.116000",
        "084835.120000",
        "084835.123000",
        "084835.127000",
        "084835.130000",
        "084835.133000",
        "084835.137000",
        "084835.140000",
        "084835.143000",
        "084835.147000",
        "084835.151000",
        "084835.154000",
        "084835.157000",
        "084835.162000",
        "084835.165000",
        "084842.224000",
        "084842.228000",
        "084842.231000"
      ],
      "InstanceNumber": [
        1,
        2,
        3,
        4,
        5,
        6,
        7,
        8,
        9,
        10,
        11,
        12,
        13,
        14,
        15,
        16,
        17,
        18,
        19,
        20,
        21,
        22,
        23,
        24,
        25,
        26,
        27,
        28,
        29,
        30,
        31,
        32,
        33,
        34,
        35,
        36,
        37,
        38,
        39,
        40,
        41,
        42,
        43,
        44,
        45,
        46,
        47,
        48,
        49,
        50,
        51,
        52,
        53,
        54,
        55,
        56,
        57,
        58,
        59,
        60,
        61,
        62,
        63,
        64,
        65,
        66,
        67,
        68,
        69,
        70,
        71,
        72,
        73,
        74,
        75,
        76,
        77,
        78,
        79,
        80,
        81,
        82,
        83,
        84,
        85,
        86,
        87,
        88,
        89,
        90,
        91,
        92,
        93,
        94,
        95,
        96,
        97,
        98,
        99
      ],
      "LargestImagePixelValue": [
        27371,
        28081,
        3913,
        1601,
        4142,
        1855,
        3617,
        2059,
        4276,
        1873,
        3949,
        1839,
        4253,
        1701,
        4356,
        2013,
        3787,
        27332,
        2247,
        3960,
        1794,
        3560,
        1780,
        3921,
        1720,
        3790,
        1756,
        3853,
        1868,
        3801,
        2239,
        4298,
        1740,
        27155,
        3725,
        1742,
        3969,
        1727,
        3819,
        1917,
        3601,
        1712,
        3986,
        1961,
        4226,
        1834,
        3732,
        1993,
        3712,
        23608,
        1853,
        3735,
        1854,
        4113,
        1992,
        3666,
        1817,
        4146,
        2091,
        3894,
        1909,
        4385,
        1897,
        4101,
        1812,
        27438,
        3722,
        1900,
        4022,
        1608,
        3741,
        1950,
        3831,
        1754,
        3869,
        1989,
        3933,
        1753,
        3928,
        2220,
        3727,
        26648,
        1941,
        4002,
        1653,
        3867,
        2103,
        4078,
        1726,
        3618,
        1791,
        3794,
        1769,
        3795,
        2215,
        3778,
        1956,
        4371,
        1864
      ],
      "SequenceName": [
        "ep_b5#1",
        "ep_b5#1",
        "ep_b1490#2",
        "ep_b2990#3",
        "ep_b1495#4",
        "ep_b3005#5",
        "ep_b1500#6",
        "ep_b2985#7",
        "ep_b1495#8",
        "ep_b3005#9",
        "ep_b1490#10",
        "ep_b2995#11",
        "ep_b1490#12",
        "ep_b2990#13",
        "ep_b1500#14",
        "ep_b2985#15",
        "ep_b1500#16",
        "ep_b5#17",
        "ep_b3005#18",
        "ep_b1490#19",
        "ep_b3000#20",
        "ep_b1495#21",
        "ep_b3000#22",
        "ep_b1495#23",
        "ep_b3000#24",
        "ep_b1490#25",
        "ep_b2980#26",
        "ep_b1505#27",
        "ep_b2995#28",
        "ep_b1495#29",
        "ep_b3005#30",
        "ep_b1490#31",
        "ep_b3000#32",
        "ep_b5#33",
        "ep_b1505#34",
        "ep_b3000#35",
        "ep_b1490#36",
        "ep_b2980#37",
        "ep_b1495#38",
        "ep_b2995#39",
        "ep_b1500#40",
        "ep_b2995#41",
        "ep_b1505#42",
        "ep_b2990#43",
        "ep_b1495#44",
        "ep_b3000#45",
        "ep_b1495#46",
        "ep_b3000#47",
        "ep_b1490#48",
        "ep_b5#49",
        "ep_b3005#50",
        "ep_b1495#51",
        "ep_b2990#52",
        "ep_b1505#53",
        "ep_b2995#54",
        "ep_b1490#55",
        "ep_b2990#56",
        "ep_b1490#57",
        "ep_b3000#58",
        "ep_b1500#59",
        "ep_b3000#60",
        "ep_b1505#61",
        "ep_b2985#62",
        "ep_b1500#63",
        "ep_b2990#64",
        "ep_b5#65",
        "ep_b1505#66",
        "ep_b3005#67",
        "ep_b1495#68",
        "ep_b3000#69",
        "ep_b1505#70",
        "ep_b3005#71",
        "ep_b1500#72",
        "ep_b3005#73",
        "ep_b1490#74",
        "ep_b2995#75",
        "ep_b1490#76",
        "ep_b2995#77",
        "ep_b1500#78",
        "ep_b3000#79",
        "ep_b1490#80",
        "ep_b5#81",
        "ep_b2990#82",
        "ep_b1500#83",
        "ep_b2985#84",
        "ep_b1495#85",
        "ep_b2995#86",
        "ep_b1495#87",
        "ep_b2990#88",
        "ep_b1490#89",
        "ep_b2980#90",
        "ep_b1495#91",
        "ep_b3000#92",
        "ep_b1495#93",
        "ep_b3005#94",
        "ep_b1500#95",
        "ep_b2990#96",
        "ep_b1500#97",
        "ep_b3000#98"
      ],
      "TriggerTime": [
        18780,
        22010,
        25240,
        28470,
        31700,
        34930,
        38160,
        41390,
        44620,
        47850,
        51080,
        54310,
        57540,
        60770,
        64000,
        67230,
        70460,
        73690,
        76920,
        80150,
        83380,
        86610,
        89840,
        93070,
        96300,
        99530,
        102760,
        105990,
        109220,
        112450,
        115680,
        118910,
        122140,
        125370,
        128600,
        131830,
        135060,
        138290,
        141520,
        144750,
        147980,
        151210,
        154440,
        157670,
        160900,
        164130,
        167360,
        170590,
        173820,
        177050,
        180280,
        183510,
        186740,
        189970,
        193200,
        196430,
        199660,
        202890,
        206120,
        209350,
        212580,
        215810,
        219040,
        222270,
        225500,
        228730,
        231960,
        235190,
        238420,
        241650,
        244880,
        248110,
        251340,
        254570,
        257800,
        261030,
        264260,
        267490,
        270720,
        273950,
        277180,
        280410,
        283640,
        286870,
        290100,
        293330,
        296560,
        299790,
        303020,
        306250,
        309480,
        312710,
        315940,
        319170,
        322400,
        325630,
        328860,
        332090,
        335320
      ],
      "WindowCenter": [
        3667,
        3682,
        1252,
        636,
        1284,
        711,
        1254,
        713,
        1266,
        695,
        1250,
        719,
        1296,
        639,
        1279,
        714,
        1251,
        3668,
        748,
        1268,
        711,
        1255,
        715,
        1254,
        654,
        1236,
        633,
        1253,
        713,
        1267,
        735,
        1267,
        650,
        3666,
        1252,
        635,
        1251,
        646,
        1265,
        720,
        1255,
        636,
        1250,
        712,
        1267,
        694,
        1252,
        713,
        1252,
        3616,
        711,
        1268,
        714,
        1249,
        714,
        1237,
        716,
        1266,
        733,
        1252,
        695,
        1260,
        694,
        1282,
        716,
        3648,
        1252,
        711,
        1264,
        635,
        1253,
        712,
        1267,
        633,
        1250,
        699,
        1252,
        658,
        1267,
        735,
        1248,
        3638,
        708,
        1265,
        633,
        1268,
        751,
        1264,
        640,
        1238,
        709,
        1266,
        715,
        1284,
        735,
        1251,
        712,
        1262,
        711
      ],
      "WindowWidth": [
        8580,
        8618,
        3279,
        1772,
        3351,
        1962,
        3290,
        1971,
        3309,
        1923,
        3273,
        1991,
        3376,
        1781,
        3335,
        1975,
        3275,
        8590,
        2054,
        3317,
        1965,
        3292,
        1978,
        3285,
        1822,
        3244,
        1762,
        3281,
        1972,
        3313,
        2024,
        3309,
        1808,
        8575,
        3278,
        1769,
        3274,
        1796,
        3305,
        1996,
        3289,
        1772,
        3275,
        1967,
        3310,
        1918,
        3278,
        1972,
        3279,
        8480,
        1964,
        3317,
        1976,
        3270,
        1975,
        3247,
        1981,
        3308,
        2015,
        3276,
        1923,
        3287,
        1918,
        3349,
        1982,
        8529,
        3277,
        1963,
        3301,
        1769,
        3280,
        1969,
        3314,
        1762,
        3272,
        1937,
        3280,
        1837,
        3311,
        2023,
        3266,
        8519,
        1954,
        3304,
        1759,
        3315,
        2066,
        3298,
        1786,
        3249,
        1958,
        3308,
        1978,
        3355,
        2024,
        3277,
        1969,
        3294,
        1964
      ]
    },
