{
  "AcquisitionMatrixPE": 104,
  "AcquisitionNumber": 1,
  "AcquisitionTime": "18:44:37.270000",
  "BandwidthPerPixelPhaseEncode": 16.578,
  "BaseResolution": 104,
  "BodyPartExamined": "BRAIN",
  "CoilCombinationMethod": "Sum of Squares",
  "ConsistencyInfo": "N4_VE11C_LATEST_20160120",
  "ConversionSoftware": "dcm2niix",
  "ConversionSoftwareVersion": "v1.0.20220720",
  "DerivedVendorReportedEchoSpacing": 0.000580009,
  "DeviceSerialNumber": "67026",
  "DwellTime": 2.1e-06,
  "EchoTime": 0.037,
  "EchoTrainLength": 104,
  "EffectiveEchoSpacing": 0.000580009,
  "FlipAngle": 52,
  "HeudiconvVersion": "0.11.4",
  "ImageComments": "Unaliased MB8/PE3/LB",
  "ImageOrientationPatientDICOM": [
    0.999747,
    0.0218993,
    0.00513104,
    -0.016927,
    0.882763,
    -0.469514
  ],
  "ImageOrientationText": "Tra>Cor(-28.0)>Sag(0.8)",
  "ImageType": [
    "ORIGINAL",
    "PRIMARY",
    "M",
    "MB",
    "ND",
    "MOSAIC"
  ],
  "ImagingFrequency": 123.205,
  "InPlanePhaseEncodingDirectionDICOM": "COL",
  "InstitutionAddress": "13th St. 149,Charlestown,MA,US,02129",
  "InstitutionName": "Martinos Center Bay 4 Prisma VE11C",
  "InstitutionalDepartmentName": "Martinos Center",
  "MRAcquisitionType": "2D",
  "MagneticFieldStrength": 3,
  "Manufacturer": "Siemens",
  "ManufacturersModelName": "Prisma_fit",
  "MatrixCoilMode": "SENSE",
  "Modality": "MR",
  "MultibandAccelerationFactor": 8,
  "NonlinearGradientCorrection": false,
  "PartialFourier": 1,
  "PatientPosition": "HFS",
  "PercentPhaseFOV": 100,
  "PercentSampling": 100,
  "PhaseEncodingDirection": "j",
  "PhaseEncodingSteps": 104,
  "PhaseResolution": 1,
  "PixelBandwidth": 2290,
  "ProcedureStepDescription": "INVESTIGATORS^Greve",
  "ProtocolName": "rfMRI_REST_PA",
  "PulseSequenceDetails": "%CustomerSeq%\\hcp_mbep2d_bold",
  "ReceiveCoilActiveElements": "HEA;HEP",
  "ReceiveCoilName": "Head_32",
  "ReconMatrixPE": 104,
  "RepetitionTime": 0.8,
  "SAR": 0.0845864,
  "ScanOptions": "FS\\EXT",
  "ScanningSequence": "EP",
  "SequenceName": "epfid2d1_104",
  "SequenceVariant": "SK\\SS",
  "SeriesDescription": "rfMRI_REST_PA",
  "SeriesNumber": 41,
  "ShimSetting": [
    -1207,
    -10500,
    -10179,
    414,
    240,
    204,
    -77,
    7
  ],
  "SliceThickness": 2,
  "SliceTiming": [
    0,
    0.4325,
    0.085,
    0.52,
    0.1725,
    0.605,
    0.26,
    0.6925,
    0.345,
    0,
    0.4325,
    0.085,
    0.52,
    0.1725,
    0.605,
    0.26,
    0.6925,
    0.345,
    0,
    0.4325,
    0.085,
    0.52,
    0.1725,
    0.605,
    0.26,
    0.6925,
    0.345,
    0,
    0.4325,
    0.085,
    0.52,
    0.1725,
    0.605,
    0.26,
    0.6925,
    0.345,
    0,
    0.4325,
    0.085,
    0.52,
    0.1725,
    0.605,
    0.26,
    0.6925,
    0.345,
    0,
    0.4325,
    0.085,
    0.52,
    0.1725,
    0.605,
    0.26,
    0.6925,
    0.345,
    0,
    0.4325,
    0.085,
    0.52,
    0.1725,
    0.605,
    0.26,
    0.6925,
    0.345,
    0,
    0.4325,
    0.085,
    0.52,
    0.1725,
    0.605,
    0.26,
    0.6925,
    0.345
  ],
  "SoftwareVersions": "syngo MR E11",
  "SpacingBetweenSlices": 2,
  "StationName": "BAY4OC",
  "TaskName": "rest",
  "TotalReadoutTime": 0.0597409,
  "TxRefAmp": 268.641,
  "WipMemBlock": "92a976a3-2d9c-4780-aa54-a5c7c7249c86||Sequence: ve11c/master r/5b0256d+; Dec  9 2016 09:38:51 by eja",
  "dcmmeta_affine": [
    [
      -1.9994940757751465,
      -0.03385406360030174,
      0.029622990638017654,
      104.000244140625
    ],
    [
      -0.043798502534627914,
      1.765525460243225,
      -0.9386167526245117,
      -38.31915283203125
    ],
    [
      0.010262076742947102,
      0.9390280246734619,
      1.7658202648162842,
      -111.92925262451172
    ],
    [
      0,
      0,
      0,
      1
    ]
  ],
  "dcmmeta_reorient_transform": [
    [
      0,
      -1,
      0,
      103
    ],
    [
      1,
      0,
      0,
      0
    ],
    [
      0,
      0,
      1,
      0
    ],
    [
      0,
      0,
      0,
      1
    ]
  ],
  "dcmmeta_shape": [
    104,
    104,
    72,
    563
  ],
  "dcmmeta_slice_dim": 2,
  "dcmmeta_version": 0.6,
  "time": {
    "samples": {
      "AcquisitionNumber": [
        1,
        2,
        3,
        4,
        5,
        6,
        7,
        8,
        9,
        10,
        11,
        12,
        13,
        14,
        15,
        16,
        17,
        18,
        19,
        20,
        21,
        22,
        23,
        24,
        25,
        26,
        27,
        28,
        29,
        30,
        31,
        32,
        33,
        34,
        35,
        36,
        37,
        38,
        39,
        40,
        41,
        42,
        43,
        44,
        45,
        46,
        47,
        48,
        49,
        50,
        51,
        52,
        53,
        54,
        55,
        56,
        57,
        58,
        59,
        60,
        61,
        62,
        63,
        64,
        65,
        66,
        67,
        68,
        69,
        70,
        71,
        72,
        73,
        74,
        75,
        76,
        77,
        78,
        79,
        80,
        81,
        82,
        83,
        84,
        85,
        86,
        87,
        88,
        89,
        90,
        91,
        92,
        93,
        94,
        95,
        96,
        97,
        98,
        99,
        100,
        101,
        102,
        103,
        104,
        105,
        106,
        107,
        108,
        109,
        110,
        111,
        112,
        113,
        114,
        115,
        116,
        117,
        118,
        119,
        120,
        121,
        122,
        123,
        124,
        125,
        126,
        127,
        128,
        129,
        130,
        131,
        132,
        133,
        134,
        135,
        136,
        137,
        138,
        139,
        140,
        141,
        142,
        143,
        144,
        145,
        146,
        147,
        148,
        149,
        150,
        151,
        152,
        153,
        154,
        155,
        156,
        157,
        158,
        159,
        160,
        161,
        162,
        163,
        164,
        165,
        166,
        167,
        168,
        169,
        170,
        171,
        172,
        173,
        174,
        175,
        176,
        177,
        178,
        179,
        180,
        181,
        182,
        183,
        184,
        185,
        186,
        187,
        188,
        189,
        190,
        191,
        192,
        193,
        194,
        195,
        196,
        197,
        198,
        199,
        200,
        201,
        202,
        203,
        204,
        205,
        206,
        207,
        208,
        209,
        210,
        211,
        212,
        213,
        214,
        215,
        216,
        217,
        218,
        219,
        220,
        221,
        222,
        223,
        224,
        225,
        226,
        227,
        228,
        229,
        230,
        231,
        232,
        233,
        234,
        235,
        236,
        237,
        238,
        239,
        240,
        241,
        242,
        243,
        244,
        245,
        246,
        247,
        248,
        249,
        250,
        251,
        252,
        253,
        254,
        255,
        256,
        257,
        258,
        259,
        260,
        261,
        262,
        263,
        264,
        265,
        266,
        267,
        268,
        269,
        270,
        271,
        272,
        273,
        274,
        275,
        276,
        277,
        278,
        279,
        280,
        281,
        282,
        283,
        284,
        285,
        286,
        287,
        288,
        289,
        290,
        291,
        292,
        293,
        294,
        295,
        296,
        297,
        298,
        299,
        300,
        301,
        302,
        303,
        304,
        305,
        306,
        307,
        308,
        309,
        310,
        311,
        312,
        313,
        314,
        315,
        316,
        317,
        318,
        319,
        320,
        321,
        322,
        323,
        324,
        325,
        326,
        327,
        328,
        329,
        330,
        331,
        332,
        333,
        334,
        335,
        336,
        337,
        338,
        339,
        340,
        341,
        342,
        343,
        344,
        345,
        346,
        347,
        348,
        349,
        350,
        351,
        352,
        353,
        354,
        355,
        356,
        357,
        358,
        359,
        360,
        361,
        362,
        363,
        364,
        365,
        366,
        367,
        368,
        369,
        370,
        371,
        372,
        373,
        374,
        375,
        376,
        377,
        378,
        379,
        380,
        381,
        382,
        383,
        384,
        385,
        386,
        387,
        388,
        389,
        390,
        391,
        392,
        393,
        394,
        395,
        396,
        397,
        398,
        399,
        400,
        401,
        402,
        403,
        404,
        405,
        406,
        407,
        408,
        409,
        410,
        411,
        412,
        413,
        414,
        415,
        416,
        417,
        418,
        419,
        420,
        421,
        422,
        423,
        424,
        425,
        426,
        427,
        428,
        429,
        430,
        431,
        432,
        433,
        434,
        435,
        436,
        437,
        438,
        439,
        440,
        441,
        442,
        443,
        444,
        445,
        446,
        447,
        448,
        449,
        450,
        451,
        452,
        453,
        454,
        455,
        456,
        457,
        458,
        459,
        460,
        461,
        462,
        463,
        464,
        465,
        466,
        467,
        468,
        469,
        470,
        471,
        472,
        473,
        474,
        475,
        476,
        477,
        478,
        479,
        480,
        481,
        482,
        483,
        484,
        485,
        486,
        487,
        488,
        489,
        490,
        491,
        492,
        493,
        494,
        495,
        496,
        497,
        498,
        499,
        500,
        501,
        502,
        503,
        504,
        505,
        506,
        507,
        508,
        509,
        510,
        511,
        512,
        513,
        514,
        515,
        516,
        517,
        518,
        519,
        520,
        521,
        522,
        523,
        524,
        525,
        526,
        527,
        528,
        529,
        530,
        531,
        532,
        533,
        534,
        535,
        536,
        537,
        538,
        539,
        540,
        541,
        542,
        543,
        544,
        545,
        546,
        547,
        548,
        549,
        550,
        551,
        552,
        553,
        554,
        555,
        556,
        557,
        558,
        559,
        560,
        561,
        562,
        563
      ],
      "AcquisitionTime": [
        "184437.270000",
        "184438.070000",
        "184438.870000",
        "184439.670000",
        "184440.470000",
        "184441.270000",
        "184442.070000",
        "184442.870000",
        "184443.670000",
        "184444.470000",
        "184445.270000",
        "184446.070000",
        "184446.870000",
        "184447.670000",
        "184448.470000",
        "184449.270000",
        "184450.070000",
        "184450.870000",
        "184451.670000",
        "184452.470000",
        "184453.270000",
        "184454.070000",
        "184454.870000",
        "184455.670000",
        "184456.470000",
        "184457.270000",
        "184458.070000",
        "184458.870000",
        "184459.670000",
        "184500.470000",
        "184501.270000",
        "184502.070000",
        "184502.870000",
        "184503.670000",
        "184504.470000",
        "184505.270000",
        "184506.070000",
        "184506.870000",
        "184507.670000",
        "184508.470000",
        "184509.270000",
        "184510.070000",
        "184510.870000",
        "184511.670000",
        "184512.470000",
        "184513.270000",
        "184514.070000",
        "184514.870000",
        "184515.670000",
        "184516.470000",
        "184517.270000",
        "184518.070000",
        "184518.870000",
        "184519.670000",
        "184520.470000",
        "184521.270000",
        "184522.070000",
        "184522.870000",
        "184523.670000",
        "184524.470000",
        "184525.270000",
        "184526.070000",
        "184526.870000",
        "184527.670000",
        "184528.470000",
        "184529.270000",
        "184530.070000",
        "184530.870000",
        "184531.670000",
        "184532.470000",
        "184533.270000",
        "184534.070000",
        "184534.870000",
        "184535.670000",
        "184536.470000",
        "184537.270000",
        "184538.070000",
        "184538.870000",
        "184539.670000",
        "184540.470000",
        "184541.270000",
        "184542.070000",
        "184542.870000",
        "184543.670000",
        "184544.470000",
        "184545.270000",
        "184546.070000",
        "184546.870000",
        "184547.670000",
        "184548.470000",
        "184549.270000",
        "184550.070000",
        "184550.870000",
        "184551.670000",
        "184552.470000",
        "184553.270000",
        "184554.070000",
        "184554.870000",
        "184555.670000",
        "184556.470000",
        "184557.270000",
        "184558.070000",
        "184558.870000",
        "184559.670000",
        "184600.470000",
        "184601.270000",
        "184602.070000",
        "184602.870000",
        "184603.670000",
        "184604.470000",
        "184605.270000",
        "184606.070000",
        "184606.870000",
        "184607.670000",
        "184608.470000",
        "184609.270000",
        "184610.070000",
        "184610.870000",
        "184611.670000",
        "184612.470000",
        "184613.270000",
        "184614.070000",
        "184614.870000",
        "184615.670000",
        "184616.470000",
        "184617.270000",
        "184618.070000",
        "184618.870000",
        "184619.670000",
        "184620.470000",
        "184621.270000",
        "184622.070000",
        "184622.870000",
        "184623.670000",
        "184624.470000",
        "184625.270000",
        "184626.070000",
        "184626.870000",
        "184627.670000",
        "184628.470000",
        "184629.270000",
        "184630.070000",
        "184630.870000",
        "184631.670000",
        "184632.470000",
        "184633.270000",
        "184634.070000",
        "184634.870000",
        "184635.670000",
        "184636.470000",
        "184637.270000",
        "184638.070000",
        "184638.870000",
        "184639.670000",
        "184640.470000",
        "184641.270000",
        "184642.070000",
        "184642.870000",
        "184643.670000",
        "184644.470000",
        "184645.270000",
        "184646.070000",
        "184646.870000",
        "184647.670000",
        "184648.470000",
        "184649.270000",
        "184650.070000",
        "184650.870000",
        "184651.670000",
        "184652.470000",
        "184653.270000",
        "184654.070000",
        "184654.870000",
        "184655.670000",
        "184656.470000",
        "184657.270000",
        "184658.070000",
        "184658.870000",
        "184659.670000",
        "184700.470000",
        "184701.270000",
        "184702.070000",
        "184702.870000",
        "184703.670000",
        "184704.470000",
        "184705.270000",
        "184706.070000",
        "184706.870000",
        "184707.670000",
        "184708.470000",
        "184709.270000",
        "184710.070000",
        "184710.870000",
        "184711.670000",
        "184712.470000",
        "184713.270000",
        "184714.070000",
        "184714.870000",
        "184715.670000",
        "184716.470000",
        "184717.270000",
        "184718.070000",
        "184718.870000",
        "184719.670000",
        "184720.470000",
        "184721.270000",
        "184722.070000",
        "184722.870000",
        "184723.670000",
        "184724.470000",
        "184725.270000",
        "184726.070000",
        "184726.870000",
        "184727.670000",
        "184728.470000",
        "184729.270000",
        "184730.070000",
        "184730.870000",
        "184731.670000",
        "184732.470000",
        "184733.270000",
        "184734.070000",
        "184734.870000",
        "184735.670000",
        "184736.470000",
        "184737.270000",
        "184738.070000",
        "184738.870000",
        "184739.670000",
        "184740.470000",
        "184741.270000",
        "184742.070000",
        "184742.870000",
        "184743.670000",
        "184744.470000",
        "184745.270000",
        "184746.070000",
        "184746.870000",
        "184747.670000",
        "184748.470000",
        "184749.270000",
        "184750.070000",
        "184750.870000",
        "184751.670000",
        "184752.470000",
        "184753.270000",
        "184754.070000",
        "184754.870000",
        "184755.670000",
        "184756.470000",
        "184757.270000",
        "184758.070000",
        "184758.870000",
        "184759.670000",
        "184800.470000",
        "184801.270000",
        "184802.070000",
        "184802.870000",
        "184803.670000",
        "184804.470000",
        "184805.270000",
        "184806.070000",
        "184806.870000",
        "184807.670000",
        "184808.470000",
        "184809.270000",
        "184810.070000",
        "184810.870000",
        "184811.670000",
        "184812.470000",
        "184813.270000",
        "184814.070000",
        "184814.870000",
        "184815.670000",
        "184816.470000",
        "184817.270000",
        "184818.070000",
        "184818.870000",
        "184819.670000",
        "184820.470000",
        "184821.270000",
        "184822.070000",
        "184822.870000",
        "184823.670000",
        "184824.470000",
        "184825.270000",
        "184826.070000",
        "184826.870000",
        "184827.670000",
        "184828.470000",
        "184829.270000",
        "184830.070000",
        "184830.870000",
        "184831.670000",
        "184832.470000",
        "184833.270000",
        "184834.070000",
        "184834.870000",
        "184835.670000",
        "184836.470000",
        "184837.270000",
        "184838.070000",
        "184838.870000",
        "184839.670000",
        "184840.470000",
        "184841.270000",
        "184842.070000",
        "184842.870000",
        "184843.670000",
        "184844.470000",
        "184845.270000",
        "184846.070000",
        "184846.870000",
        "184847.670000",
        "184848.470000",
        "184849.270000",
        "184850.070000",
        "184850.870000",
        "184851.670000",
        "184852.470000",
        "184853.270000",
        "184854.070000",
        "184854.870000",
        "184855.670000",
        "184856.470000",
        "184857.270000",
        "184858.070000",
        "184858.870000",
        "184859.670000",
        "184900.470000",
        "184901.270000",
        "184902.070000",
        "184902.870000",
        "184903.670000",
        "184904.470000",
        "184905.270000",
        "184906.070000",
        "184906.870000",
        "184907.670000",
        "184908.470000",
        "184909.270000",
        "184910.070000",
        "184910.870000",
        "184911.670000",
        "184912.470000",
        "184913.270000",
        "184914.070000",
        "184914.870000",
        "184915.670000",
        "184916.470000",
        "184917.270000",
        "184918.070000",
        "184918.870000",
        "184919.670000",
        "184920.470000",
        "184921.270000",
        "184922.070000",
        "184922.870000",
        "184923.670000",
        "184924.470000",
        "184925.270000",
        "184926.070000",
        "184926.870000",
        "184927.670000",
        "184928.470000",
        "184929.270000",
        "184930.070000",
        "184930.870000",
        "184931.670000",
        "184932.470000",
        "184933.270000",
        "184934.070000",
        "184934.870000",
        "184935.670000",
        "184936.470000",
        "184937.270000",
        "184938.070000",
        "184938.870000",
        "184939.670000",
        "184940.470000",
        "184941.270000",
        "184942.070000",
        "184942.870000",
        "184943.670000",
        "184944.470000",
        "184945.270000",
        "184946.070000",
        "184946.870000",
        "184947.670000",
        "184948.470000",
        "184949.270000",
        "184950.070000",
        "184950.870000",
        "184951.670000",
        "184952.470000",
        "184953.270000",
        "184954.070000",
        "184954.870000",
        "184955.670000",
        "184956.470000",
        "184957.270000",
        "184958.070000",
        "184958.870000",
        "184959.670000",
        "185000.470000",
        "185001.270000",
        "185002.070000",
        "185002.870000",
        "185003.670000",
        "185004.470000",
        "185005.270000",
        "185006.070000",
        "185006.870000",
        "185007.670000",
        "185008.470000",
        "185009.270000",
        "185010.070000",
        "185010.870000",
        "185011.670000",
        "185012.470000",
        "185013.270000",
        "185014.070000",
        "185014.870000",
        "185015.670000",
        "185016.470000",
        "185017.270000",
        "185018.070000",
        "185018.870000",
        "185019.670000",
        "185020.470000",
        "185021.270000",
        "185022.070000",
        "185022.870000",
        "185023.670000",
        "185024.470000",
        "185025.270000",
        "185026.070000",
        "185026.870000",
        "185027.670000",
        "185028.470000",
        "185029.270000",
        "185030.070000",
        "185030.870000",
        "185031.670000",
        "185032.470000",
        "185033.270000",
        "185034.070000",
        "185034.870000",
        "185035.670000",
        "185036.470000",
        "185037.270000",
        "185038.070000",
        "185038.870000",
        "185039.670000",
        "185040.470000",
        "185041.270000",
        "185042.070000",
        "185042.870000",
        "185043.670000",
        "185044.470000",
        "185045.270000",
        "185046.070000",
        "185046.870000",
        "185047.670000",
        "185048.470000",
        "185049.270000",
        "185050.070000",
        "185050.870000",
        "185051.670000",
        "185052.470000",
        "185053.270000",
        "185054.070000",
        "185054.870000",
        "185055.670000",
        "185056.470000",
        "185057.270000",
        "185058.070000",
        "185058.870000",
        "185059.670000",
        "185100.470000",
        "185101.270000",
        "185102.070000",
        "185102.870000",
        "185103.670000",
        "185104.470000",
        "185105.270000",
        "185106.070000",
        "185106.870000",
        "185107.670000",
        "185108.470000",
        "185109.270000",
        "185110.070000",
        "185110.870000",
        "185111.670000",
        "185112.470000",
        "185113.270000",
        "185114.070000",
        "185114.870000",
        "185115.670000",
        "185116.470000",
        "185117.270000",
        "185118.070000",
        "185118.870000",
        "185119.670000",
        "185120.470000",
        "185121.270000",
        "185122.070000",
        "185122.870000",
        "185123.670000",
        "185124.470000",
        "185125.270000",
        "185126.070000",
        "185126.870000",
        "185127.670000",
        "185128.470000",
        "185129.270000",
        "185130.070000",
        "185130.870000",
        "185131.670000",
        "185132.470000",
        "185133.270000",
        "185134.070000",
        "185134.870000",
        "185135.670000",
        "185136.470000",
        "185137.270000",
        "185138.070000",
        "185138.870000",
        "185139.670000",
        "185140.470000",
        "185141.270000",
        "185142.070000",
        "185142.870000",
        "185143.670000",
        "185144.470000",
        "185145.270000",
        "185146.070000",
        "185146.870000",
        "185147.670000",
        "185148.470000",
        "185149.270000",
        "185150.070000",
        "185150.870000",
        "185151.670000",
        "185152.470000",
        "185153.270000",
        "185154.070000",
        "185154.870000",
        "185155.670000",
        "185156.470000",
        "185157.270000",
        "185158.070000",
        "185158.870000",
        "185159.670000",
        "185200.470000",
        "185201.270000",
        "185202.070000",
        "185202.870000",
        "185203.670000",
        "185204.470000",
        "185205.270000",
        "185206.070000",
        "185206.870000"
      ],
      "ContentTime": [
        "184522.658000",
        "184522.662000",
        "184522.665000",
        "184522.668000",
        "184522.671000",
        "184522.674000",
        "184522.677000",
        "184522.680000",
        "184522.682000",
        "184522.685000",
        "184522.689000",
        "184522.691000",
        "184522.694000",
        "184522.700000",
        "184522.703000",
        "184522.706000",
        "184522.709000",
        "184522.712000",
        "184522.715000",
        "184522.718000",
        "184522.721000",
        "184522.724000",
        "184522.727000",
        "184522.730000",
        "184522.732000",
        "184522.745000",
        "184522.748000",
        "184522.751000",
        "184522.754000",
        "184522.757000",
        "184522.760000",
        "184522.763000",
        "184522.776000",
        "184522.779000",
        "184522.782000",
        "184522.785000",
        "184542.605000",
        "184542.609000",
        "184542.612000",
        "184542.615000",
        "184542.618000",
        "184542.621000",
        "184542.624000",
        "184542.627000",
        "184542.630000",
        "184542.633000",
        "184542.636000",
        "184542.638000",
        "184542.641000",
        "184542.644000",
        "184542.647000",
        "184542.650000",
        "184542.653000",
        "184542.656000",
        "184542.659000",
        "184542.663000",
        "184542.666000",
        "184542.669000",
        "184542.672000",
        "184542.675000",
        "184542.677000",
        "184542.680000",
        "184542.683000",
        "184542.686000",
        "184542.689000",
        "184542.692000",
        "184542.695000",
        "184542.699000",
        "184542.702000",
        "184542.705000",
        "184542.708000",
        "184542.711000",
        "184542.714000",
        "184542.717000",
        "184542.720000",
        "184542.723000",
        "184542.725000",
        "184542.728000",
        "184542.741000",
        "184542.744000",
        "184602.605000",
        "184602.609000",
        "184602.612000",
        "184602.615000",
        "184602.618000",
        "184602.621000",
        "184602.624000",
        "184602.627000",
        "184602.630000",
        "184602.633000",
        "184602.636000",
        "184602.639000",
        "184602.642000",
        "184602.645000",
        "184602.648000",
        "184602.651000",
        "184602.654000",
        "184602.657000",
        "184602.660000",
        "184602.663000",
        "184602.666000",
        "184602.669000",
        "184602.672000",
        "184602.675000",
        "184602.678000",
        "184622.605000",
        "184622.609000",
        "184622.612000",
        "184622.615000",
        "184622.618000",
        "184622.621000",
        "184622.624000",
        "184622.627000",
        "184622.630000",
        "184622.633000",
        "184622.636000",
        "184622.639000",
        "184622.642000",
        "184622.644000",
        "184622.648000",
        "184622.650000",
        "184622.653000",
        "184622.656000",
        "184622.659000",
        "184622.662000",
        "184622.665000",
        "184622.668000",
        "184622.671000",
        "184622.674000",
        "184622.677000",
        "184642.605000",
        "184642.609000",
        "184642.612000",
        "184642.615000",
        "184642.618000",
        "184642.621000",
        "184642.624000",
        "184642.627000",
        "184642.630000",
        "184642.633000",
        "184642.636000",
        "184642.639000",
        "184642.642000",
        "184642.645000",
        "184642.648000",
        "184642.651000",
        "184642.654000",
        "184642.657000",
        "184642.660000",
        "184642.663000",
        "184642.666000",
        "184642.669000",
        "184642.672000",
        "184642.675000",
        "184642.678000",
        "184702.605000",
        "184702.610000",
        "184702.613000",
        "184702.616000",
        "184702.619000",
        "184702.622000",
        "184702.625000",
        "184702.628000",
        "184702.631000",
        "184702.634000",
        "184702.637000",
        "184702.639000",
        "184702.642000",
        "184702.645000",
        "184702.648000",
        "184702.651000",
        "184702.655000",
        "184702.657000",
        "184702.660000",
        "184702.663000",
        "184702.675000",
        "184702.678000",
        "184702.681000",
        "184702.684000",
        "184702.687000",
        "184722.624000",
        "184722.628000",
        "184722.631000",
        "184722.634000",
        "184722.637000",
        "184722.640000",
        "184722.643000",
        "184722.646000",
        "184722.649000",
        "184722.652000",
        "184722.655000",
        "184722.658000",
        "184722.660000",
        "184722.664000",
        "184722.667000",
        "184722.670000",
        "184722.673000",
        "184722.676000",
        "184722.679000",
        "184722.681000",
        "184722.684000",
        "184722.687000",
        "184722.690000",
        "184722.694000",
        "184722.697000",
        "184742.604000",
        "184742.608000",
        "184742.612000",
        "184742.615000",
        "184742.618000",
        "184742.620000",
        "184742.624000",
        "184742.627000",
        "184742.630000",
        "184742.633000",
        "184742.636000",
        "184742.638000",
        "184742.641000",
        "184742.644000",
        "184742.647000",
        "184742.650000",
        "184742.653000",
        "184742.656000",
        "184742.659000",
        "184742.662000",
        "184742.665000",
        "184742.668000",
        "184742.671000",
        "184742.674000",
        "184742.677000",
        "184802.605000",
        "184802.609000",
        "184802.612000",
        "184802.615000",
        "184802.618000",
        "184802.621000",
        "184802.624000",
        "184802.628000",
        "184802.631000",
        "184802.634000",
        "184802.636000",
        "184802.639000",
        "184802.642000",
        "184802.645000",
        "184802.648000",
        "184802.651000",
        "184802.654000",
        "184802.657000",
        "184802.660000",
        "184802.667000",
        "184802.670000",
        "184802.673000",
        "184802.676000",
        "184802.679000",
        "184802.682000",
        "184822.605000",
        "184822.610000",
        "184822.613000",
        "184822.616000",
        "184822.619000",
        "184822.622000",
        "184822.625000",
        "184822.628000",
        "184822.631000",
        "184822.634000",
        "184822.637000",
        "184822.639000",
        "184822.642000",
        "184822.645000",
        "184822.648000",
        "184822.651000",
        "184822.655000",
        "184822.658000",
        "184822.660000",
        "184822.663000",
        "184822.667000",
        "184822.670000",
        "184822.673000",
        "184822.676000",
        "184822.679000",
        "184842.605000",
        "184842.610000",
        "184842.614000",
        "184842.617000",
        "184842.620000",
        "184842.623000",
        "184842.626000",
        "184842.629000",
        "184842.631000",
        "184842.634000",
        "184842.637000",
        "184842.640000",
        "184842.643000",
        "184842.646000",
        "184842.649000",
        "184842.652000",
        "184842.655000",
        "184842.658000",
        "184842.661000",
        "184842.664000",
        "184842.667000",
        "184842.670000",
        "184842.673000",
        "184842.676000",
        "184842.679000",
        "184902.605000",
        "184902.610000",
        "184902.613000",
        "184902.616000",
        "184902.619000",
        "184902.622000",
        "184902.625000",
        "184902.628000",
        "184902.631000",
        "184902.634000",
        "184902.637000",
        "184902.640000",
        "184902.643000",
        "184902.646000",
        "184902.649000",
        "184902.652000",
        "184902.655000",
        "184902.658000",
        "184902.661000",
        "184902.664000",
        "184902.667000",
        "184902.670000",
        "184902.673000",
        "184902.676000",
        "184902.679000",
        "184922.606000",
        "184922.610000",
        "184922.613000",
        "184922.616000",
        "184922.619000",
        "184922.622000",
        "184922.625000",
        "184922.628000",
        "184922.631000",
        "184922.644000",
        "184922.647000",
        "184922.650000",
        "184922.653000",
        "184922.656000",
        "184922.659000",
        "184922.662000",
        "184922.665000",
        "184922.668000",
        "184922.671000",
        "184922.674000",
        "184922.677000",
        "184922.680000",
        "184922.683000",
        "184922.686000",
        "184922.689000",
        "184942.604000",
        "184942.608000",
        "184942.611000",
        "184942.614000",
        "184942.617000",
        "184942.621000",
        "184942.624000",
        "184942.627000",
        "184942.630000",
        "184942.633000",
        "184942.636000",
        "184942.639000",
        "184942.642000",
        "184942.645000",
        "184942.648000",
        "184942.651000",
        "184942.654000",
        "184942.656000",
        "184942.659000",
        "184942.663000",
        "184942.666000",
        "184942.669000",
        "184942.672000",
        "184942.674000",
        "184942.677000",
        "185002.604000",
        "185002.608000",
        "185002.612000",
        "185002.614000",
        "185002.617000",
        "185002.621000",
        "185002.623000",
        "185002.626000",
        "185002.629000",
        "185002.632000",
        "185002.635000",
        "185002.638000",
        "185002.641000",
        "185002.644000",
        "185002.647000",
        "185002.650000",
        "185002.653000",
        "185002.656000",
        "185002.659000",
        "185002.662000",
        "185002.665000",
        "185002.668000",
        "185002.671000",
        "185002.674000",
        "185002.677000",
        "185022.605000",
        "185022.610000",
        "185022.613000",
        "185022.616000",
        "185022.619000",
        "185022.622000",
        "185022.625000",
        "185022.628000",
        "185022.631000",
        "185022.634000",
        "185022.637000",
        "185022.640000",
        "185022.643000",
        "185022.646000",
        "185022.649000",
        "185022.652000",
        "185022.655000",
        "185022.658000",
        "185022.661000",
        "185022.664000",
        "185022.667000",
        "185022.670000",
        "185022.673000",
        "185022.676000",
        "185022.679000",
        "185042.605000",
        "185042.610000",
        "185042.613000",
        "185042.616000",
        "185042.619000",
        "185042.622000",
        "185042.625000",
        "185042.628000",
        "185042.631000",
        "185042.634000",
        "185042.637000",
        "185042.640000",
        "185042.643000",
        "185042.646000",
        "185042.649000",
        "185042.652000",
        "185042.655000",
        "185042.657000",
        "185042.660000",
        "185042.664000",
        "185042.667000",
        "185042.670000",
        "185042.672000",
        "185042.676000",
        "185042.679000",
        "185102.606000",
        "185102.610000",
        "185102.613000",
        "185102.616000",
        "185102.619000",
        "185102.622000",
        "185102.625000",
        "185102.628000",
        "185102.631000",
        "185102.634000",
        "185102.637000",
        "185102.640000",
        "185102.643000",
        "185102.646000",
        "185102.649000",
        "185102.652000",
        "185102.655000",
        "185102.658000",
        "185102.661000",
        "185102.665000",
        "185102.668000",
        "185102.671000",
        "185102.674000",
        "185102.677000",
        "185102.680000",
        "185122.605000",
        "185122.610000",
        "185122.613000",
        "185122.616000",
        "185122.619000",
        "185122.622000",
        "185122.625000",
        "185122.641000",
        "185122.644000",
        "185122.647000",
        "185122.650000",
        "185122.653000",
        "185122.656000",
        "185122.659000",
        "185122.662000",
        "185122.665000",
        "185122.668000",
        "185122.671000",
        "185122.674000",
        "185122.677000",
        "185122.680000",
        "185122.683000",
        "185122.685000",
        "185122.688000",
        "185122.692000",
        "185142.605000",
        "185142.610000",
        "185142.613000",
        "185142.616000",
        "185142.619000",
        "185142.622000",
        "185142.627000",
        "185142.630000",
        "185142.633000",
        "185142.636000",
        "185142.639000",
        "185142.642000",
        "185142.645000",
        "185142.648000",
        "185142.651000",
        "185142.654000",
        "185142.657000",
        "185142.660000",
        "185142.663000",
        "185142.666000",
        "185142.669000",
        "185142.672000",
        "185142.675000",
        "185142.678000",
        "185142.681000",
        "185202.604000",
        "185202.608000",
        "185202.612000",
        "185202.615000",
        "185202.618000",
        "185202.621000",
        "185202.623000",
        "185202.627000",
        "185202.630000",
        "185202.632000",
        "185202.635000",
        "185202.639000",
        "185202.641000",
        "185202.644000",
        "185202.647000",
        "185202.650000",
        "185202.653000",
        "185202.656000",
        "185202.659000",
        "185202.662000",
        "185202.665000",
        "185202.668000",
        "185202.671000",
        "185202.674000",
        "185202.677000",
        "185208.644000",
        "185208.647000",
        "185208.651000",
        "185208.654000",
        "185208.657000",
        "185208.660000",
        "185208.663000",
        "185208.666000"
      ],
      "InstanceCreationTime": [
        "184522.658000",
        "184522.662000",
        "184522.665000",
        "184522.668000",
        "184522.671000",
        "184522.674000",
        "184522.677000",
        "184522.680000",
        "184522.682000",
        "184522.685000",
        "184522.689000",
        "184522.691000",
        "184522.694000",
        "184522.700000",
        "184522.703000",
        "184522.706000",
        "184522.709000",
        "184522.712000",
        "184522.715000",
        "184522.718000",
        "184522.721000",
        "184522.724000",
        "184522.727000",
        "184522.730000",
        "184522.732000",
        "184522.745000",
        "184522.748000",
        "184522.751000",
        "184522.754000",
        "184522.757000",
        "184522.760000",
        "184522.763000",
        "184522.776000",
        "184522.779000",
        "184522.782000",
        "184522.785000",
        "184542.605000",
        "184542.609000",
        "184542.612000",
        "184542.615000",
        "184542.618000",
        "184542.621000",
        "184542.624000",
        "184542.627000",
        "184542.630000",
        "184542.633000",
        "184542.636000",
        "184542.638000",
        "184542.641000",
        "184542.644000",
        "184542.647000",
        "184542.650000",
        "184542.653000",
        "184542.656000",
        "184542.659000",
        "184542.663000",
        "184542.666000",
        "184542.669000",
        "184542.672000",
        "184542.675000",
        "184542.677000",
        "184542.680000",
        "184542.683000",
        "184542.686000",
        "184542.689000",
        "184542.692000",
        "184542.695000",
        "184542.699000",
        "184542.702000",
        "184542.705000",
        "184542.708000",
        "184542.711000",
        "184542.714000",
        "184542.717000",
        "184542.720000",
        "184542.723000",
        "184542.725000",
        "184542.728000",
        "184542.741000",
        "184542.744000",
        "184602.605000",
        "184602.609000",
        "184602.612000",
        "184602.615000",
        "184602.618000",
        "184602.621000",
        "184602.624000",
        "184602.627000",
        "184602.630000",
        "184602.633000",
        "184602.636000",
        "184602.639000",
        "184602.642000",
        "184602.645000",
        "184602.648000",
        "184602.651000",
        "184602.654000",
        "184602.657000",
        "184602.660000",
        "184602.663000",
        "184602.666000",
        "184602.669000",
        "184602.672000",
        "184602.675000",
        "184602.678000",
        "184622.605000",
        "184622.609000",
        "184622.612000",
        "184622.615000",
        "184622.618000",
        "184622.621000",
        "184622.624000",
        "184622.627000",
        "184622.630000",
        "184622.633000",
        "184622.636000",
        "184622.639000",
        "184622.642000",
        "184622.644000",
        "184622.648000",
        "184622.650000",
        "184622.653000",
        "184622.656000",
        "184622.659000",
        "184622.662000",
        "184622.665000",
        "184622.668000",
        "184622.671000",
        "184622.674000",
        "184622.677000",
        "184642.605000",
        "184642.609000",
        "184642.612000",
        "184642.615000",
        "184642.618000",
        "184642.621000",
        "184642.624000",
        "184642.627000",
        "184642.630000",
        "184642.633000",
        "184642.636000",
        "184642.639000",
        "184642.642000",
        "184642.645000",
        "184642.648000",
        "184642.651000",
        "184642.654000",
        "184642.657000",
        "184642.660000",
        "184642.663000",
        "184642.666000",
        "184642.669000",
        "184642.672000",
        "184642.675000",
        "184642.678000",
        "184702.605000",
        "184702.610000",
        "184702.613000",
        "184702.616000",
        "184702.619000",
        "184702.622000",
        "184702.625000",
        "184702.628000",
        "184702.631000",
        "184702.634000",
        "184702.637000",
        "184702.639000",
        "184702.642000",
        "184702.645000",
        "184702.648000",
        "184702.651000",
        "184702.655000",
        "184702.657000",
        "184702.660000",
        "184702.663000",
        "184702.675000",
        "184702.678000",
        "184702.681000",
        "184702.684000",
        "184702.687000",
        "184722.624000",
        "184722.628000",
        "184722.631000",
        "184722.634000",
        "184722.637000",
        "184722.640000",
        "184722.643000",
        "184722.646000",
        "184722.649000",
        "184722.652000",
        "184722.655000",
        "184722.658000",
        "184722.660000",
        "184722.664000",
        "184722.667000",
        "184722.670000",
        "184722.673000",
        "184722.676000",
        "184722.679000",
        "184722.681000",
        "184722.684000",
        "184722.687000",
        "184722.690000",
        "184722.694000",
        "184722.697000",
        "184742.604000",
        "184742.608000",
        "184742.612000",
        "184742.615000",
        "184742.618000",
        "184742.620000",
        "184742.624000",
        "184742.627000",
        "184742.630000",
        "184742.633000",
        "184742.636000",
        "184742.638000",
        "184742.641000",
        "184742.644000",
        "184742.647000",
        "184742.650000",
        "184742.653000",
        "184742.656000",
        "184742.659000",
        "184742.662000",
        "184742.665000",
        "184742.668000",
        "184742.671000",
        "184742.674000",
        "184742.677000",
        "184802.605000",
        "184802.609000",
        "184802.612000",
        "184802.615000",
        "184802.618000",
        "184802.621000",
        "184802.624000",
        "184802.628000",
        "184802.631000",
        "184802.634000",
        "184802.636000",
        "184802.639000",
        "184802.642000",
        "184802.645000",
        "184802.648000",
        "184802.651000",
        "184802.654000",
        "184802.657000",
        "184802.660000",
        "184802.667000",
        "184802.670000",
        "184802.673000",
        "184802.676000",
        "184802.679000",
        "184802.682000",
        "184822.605000",
        "184822.610000",
        "184822.613000",
        "184822.616000",
        "184822.619000",
        "184822.622000",
        "184822.625000",
        "184822.628000",
        "184822.631000",
        "184822.634000",
        "184822.637000",
        "184822.639000",
        "184822.642000",
        "184822.645000",
        "184822.648000",
        "184822.651000",
        "184822.655000",
        "184822.658000",
        "184822.660000",
        "184822.663000",
        "184822.667000",
        "184822.670000",
        "184822.673000",
        "184822.676000",
        "184822.679000",
        "184842.605000",
        "184842.610000",
        "184842.614000",
        "184842.617000",
        "184842.620000",
        "184842.623000",
        "184842.626000",
        "184842.629000",
        "184842.631000",
        "184842.634000",
        "184842.637000",
        "184842.640000",
        "184842.643000",
        "184842.646000",
        "184842.649000",
        "184842.652000",
        "184842.655000",
        "184842.658000",
        "184842.661000",
        "184842.664000",
        "184842.667000",
        "184842.670000",
        "184842.673000",
        "184842.676000",
        "184842.679000",
        "184902.605000",
        "184902.610000",
        "184902.613000",
        "184902.616000",
        "184902.619000",
        "184902.622000",
        "184902.625000",
        "184902.628000",
        "184902.631000",
        "184902.634000",
        "184902.637000",
        "184902.640000",
        "184902.643000",
        "184902.646000",
        "184902.649000",
        "184902.652000",
        "184902.655000",
        "184902.658000",
        "184902.661000",
        "184902.664000",
        "184902.667000",
        "184902.670000",
        "184902.673000",
        "184902.676000",
        "184902.679000",
        "184922.606000",
        "184922.610000",
        "184922.613000",
        "184922.616000",
        "184922.619000",
        "184922.622000",
        "184922.625000",
        "184922.628000",
        "184922.631000",
        "184922.644000",
        "184922.647000",
        "184922.650000",
        "184922.653000",
        "184922.656000",
        "184922.659000",
        "184922.662000",
        "184922.665000",
        "184922.668000",
        "184922.671000",
        "184922.674000",
        "184922.677000",
        "184922.680000",
        "184922.683000",
        "184922.686000",
        "184922.689000",
        "184942.604000",
        "184942.608000",
        "184942.611000",
        "184942.614000",
        "184942.617000",
        "184942.621000",
        "184942.624000",
        "184942.627000",
        "184942.630000",
        "184942.633000",
        "184942.636000",
        "184942.639000",
        "184942.642000",
        "184942.645000",
        "184942.648000",
        "184942.651000",
        "184942.654000",
        "184942.656000",
        "184942.659000",
        "184942.663000",
        "184942.666000",
        "184942.669000",
        "184942.672000",
        "184942.674000",
        "184942.677000",
        "185002.604000",
        "185002.608000",
        "185002.612000",
        "185002.614000",
        "185002.617000",
        "185002.621000",
        "185002.623000",
        "185002.626000",
        "185002.629000",
        "185002.632000",
        "185002.635000",
        "185002.638000",
        "185002.641000",
        "185002.644000",
        "185002.647000",
        "185002.650000",
        "185002.653000",
        "185002.656000",
        "185002.659000",
        "185002.662000",
        "185002.665000",
        "185002.668000",
        "185002.671000",
        "185002.674000",
        "185002.677000",
        "185022.605000",
        "185022.610000",
        "185022.613000",
        "185022.616000",
        "185022.619000",
        "185022.622000",
        "185022.625000",
        "185022.628000",
        "185022.631000",
        "185022.634000",
        "185022.637000",
        "185022.640000",
        "185022.643000",
        "185022.646000",
        "185022.649000",
        "185022.652000",
        "185022.655000",
        "185022.658000",
        "185022.661000",
        "185022.664000",
        "185022.667000",
        "185022.670000",
        "185022.673000",
        "185022.676000",
        "185022.679000",
        "185042.605000",
        "185042.610000",
        "185042.613000",
        "185042.616000",
        "185042.619000",
        "185042.622000",
        "185042.625000",
        "185042.628000",
        "185042.631000",
        "185042.634000",
        "185042.637000",
        "185042.640000",
        "185042.643000",
        "185042.646000",
        "185042.649000",
        "185042.652000",
        "185042.655000",
        "185042.657000",
        "185042.660000",
        "185042.664000",
        "185042.667000",
        "185042.670000",
        "185042.672000",
        "185042.676000",
        "185042.679000",
        "185102.606000",
        "185102.610000",
        "185102.613000",
        "185102.616000",
        "185102.619000",
        "185102.622000",
        "185102.625000",
        "185102.628000",
        "185102.631000",
        "185102.634000",
        "185102.637000",
        "185102.640000",
        "185102.643000",
        "185102.646000",
        "185102.649000",
        "185102.652000",
        "185102.655000",
        "185102.658000",
        "185102.661000",
        "185102.665000",
        "185102.668000",
        "185102.671000",
        "185102.674000",
        "185102.677000",
        "185102.680000",
        "185122.605000",
        "185122.610000",
        "185122.613000",
        "185122.616000",
        "185122.619000",
        "185122.622000",
        "185122.625000",
        "185122.641000",
        "185122.644000",
        "185122.647000",
        "185122.650000",
        "185122.653000",
        "185122.656000",
        "185122.659000",
        "185122.662000",
        "185122.665000",
        "185122.668000",
        "185122.671000",
        "185122.674000",
        "185122.677000",
        "185122.680000",
        "185122.683000",
        "185122.685000",
        "185122.688000",
        "185122.692000",
        "185142.605000",
        "185142.610000",
        "185142.613000",
        "185142.616000",
        "185142.619000",
        "185142.622000",
        "185142.627000",
        "185142.630000",
        "185142.633000",
        "185142.636000",
        "185142.639000",
        "185142.642000",
        "185142.645000",
        "185142.648000",
        "185142.651000",
        "185142.654000",
        "185142.657000",
        "185142.660000",
        "185142.663000",
        "185142.666000",
        "185142.669000",
        "185142.672000",
        "185142.675000",
        "185142.678000",
        "185142.681000",
        "185202.604000",
        "185202.608000",
        "185202.612000",
        "185202.615000",
        "185202.618000",
        "185202.621000",
        "185202.623000",
        "185202.627000",
        "185202.630000",
        "185202.632000",
        "185202.635000",
        "185202.639000",
        "185202.641000",
        "185202.644000",
        "185202.647000",
        "185202.650000",
        "185202.653000",
        "185202.656000",
        "185202.659000",
        "185202.662000",
        "185202.665000",
        "185202.668000",
        "185202.671000",
        "185202.674000",
        "185202.677000",
        "185208.644000",
        "185208.647000",
        "185208.651000",
        "185208.654000",
        "185208.657000",
        "185208.660000",
        "185208.663000",
        "185208.666000"
      ],
      "InstanceNumber": [
        1,
        2,
        3,
        4,
        5,
        6,
        7,
        8,
        9,
        10,
        11,
        12,
        13,
        14,
        15,
        16,
        17,
        18,
        19,
        20,
        21,
        22,
        23,
        24,
        25,
        26,
        27,
        28,
        29,
        30,
        31,
        32,
        33,
        34,
        35,
        36,
        37,
        38,
        39,
        40,
        41,
        42,
        43,
        44,
        45,
        46,
        47,
        48,
        49,
        50,
        51,
        52,
        53,
        54,
        55,
        56,
        57,
        58,
        59,
        60,
        61,
        62,
        63,
        64,
        65,
        66,
        67,
        68,
        69,
        70,
        71,
        72,
        73,
        74,
        75,
        76,
        77,
        78,
        79,
        80,
        81,
        82,
        83,
        84,
        85,
        86,
        87,
        88,
        89,
        90,
        91,
        92,
        93,
        94,
        95,
        96,
        97,
        98,
        99,
        100,
        101,
        102,
        103,
        104,
        105,
        106,
        107,
        108,
        109,
        110,
        111,
        112,
        113,
        114,
        115,
        116,
        117,
        118,
        119,
        120,
        121,
        122,
        123,
        124,
        125,
        126,
        127,
        128,
        129,
        130,
        131,
        132,
        133,
        134,
        135,
        136,
        137,
        138,
        139,
        140,
        141,
        142,
        143,
        144,
        145,
        146,
        147,
        148,
        149,
        150,
        151,
        152,
        153,
        154,
        155,
        156,
        157,
        158,
        159,
        160,
        161,
        162,
        163,
        164,
        165,
        166,
        167,
        168,
        169,
        170,
        171,
        172,
        173,
        174,
        175,
        176,
        177,
        178,
        179,
        180,
        181,
        182,
        183,
        184,
        185,
        186,
        187,
        188,
        189,
        190,
        191,
        192,
        193,
        194,
        195,
        196,
        197,
        198,
        199,
        200,
        201,
        202,
        203,
        204,
        205,
        206,
        207,
        208,
        209,
        210,
        211,
        212,
        213,
        214,
        215,
        216,
        217,
        218,
        219,
        220,
        221,
        222,
        223,
        224,
        225,
        226,
        227,
        228,
        229,
        230,
        231,
        232,
        233,
        234,
        235,
        236,
        237,
        238,
        239,
        240,
        241,
        242,
        243,
        244,
        245,
        246,
        247,
        248,
        249,
        250,
        251,
        252,
        253,
        254,
        255,
        256,
        257,
        258,
        259,
        260,
        261,
        262,
        263,
        264,
        265,
        266,
        267,
        268,
        269,
        270,
        271,
        272,
        273,
        274,
        275,
        276,
        277,
        278,
        279,
        280,
        281,
        282,
        283,
        284,
        285,
        286,
        287,
        288,
        289,
        290,
        291,
        292,
        293,
        294,
        295,
        296,
        297,
        298,
        299,
        300,
        301,
        302,
        303,
        304,
        305,
        306,
        307,
        308,
        309,
        310,
        311,
        312,
        313,
        314,
        315,
        316,
        317,
        318,
        319,
        320,
        321,
        322,
        323,
        324,
        325,
        326,
        327,
        328,
        329,
        330,
        331,
        332,
        333,
        334,
        335,
        336,
        337,
        338,
        339,
        340,
        341,
        342,
        343,
        344,
        345,
        346,
        347,
        348,
        349,
        350,
        351,
        352,
        353,
        354,
        355,
        356,
        357,
        358,
        359,
        360,
        361,
        362,
        363,
        364,
        365,
        366,
        367,
        368,
        369,
        370,
        371,
        372,
        373,
        374,
        375,
        376,
        377,
        378,
        379,
        380,
        381,
        382,
        383,
        384,
        385,
        386,
        387,
        388,
        389,
        390,
        391,
        392,
        393,
        394,
        395,
        396,
        397,
        398,
        399,
        400,
        401,
        402,
        403,
        404,
        405,
        406,
        407,
        408,
        409,
        410,
        411,
        412,
        413,
        414,
        415,
        416,
        417,
        418,
        419,
        420,
        421,
        422,
        423,
        424,
        425,
        426,
        427,
        428,
        429,
        430,
        431,
        432,
        433,
        434,
        435,
        436,
        437,
        438,
        439,
        440,
        441,
        442,
        443,
        444,
        445,
        446,
        447,
        448,
        449,
        450,
        451,
        452,
        453,
        454,
        455,
        456,
        457,
        458,
        459,
        460,
        461,
        462,
        463,
        464,
        465,
        466,
        467,
        468,
        469,
        470,
        471,
        472,
        473,
        474,
        475,
        476,
        477,
        478,
        479,
        480,
        481,
        482,
        483,
        484,
        485,
        486,
        487,
        488,
        489,
        490,
        491,
        492,
        493,
        494,
        495,
        496,
        497,
        498,
        499,
        500,
        501,
        502,
        503,
        504,
        505,
        506,
        507,
        508,
        509,
        510,
        511,
        512,
        513,
        514,
        515,
        516,
        517,
        518,
        519,
        520,
        521,
        522,
        523,
        524,
        525,
        526,
        527,
        528,
        529,
        530,
        531,
        532,
        533,
        534,
        535,
        536,
        537,
        538,
        539,
        540,
        541,
        542,
        543,
        544,
        545,
        546,
        547,
        548,
        549,
        550,
        551,
        552,
        553,
        554,
        555,
        556,
        557,
        558,
        559,
        560,
        561,
        562,
        563
      ],
      "LargestImagePixelValue": [
        23092,
        21892,
        21304,
        20709,
        20545,
        20340,
        20378,
        20212,
        20175,
        20007,
        19961,
        19578,
        18367,
        18338,
        19053,
        19239,
        18990,
        19096,
        19310,
        19359,
        19904,
        19503,
        19543,
        20032,
        19877,
        19696,
        19638,
        19976,
        19982,
        20179,
        20209,
        20204,
        20190,
        20107,
        20085,
        19952,
        19899,
        20104,
        20149,
        20260,
        19753,
        20042,
        20076,
        20011,
        20020,
        19738,
        19876,
        19988,
        20063,
        20155,
        20010,
        20110,
        20124,
        20046,
        20091,
        19903,
        19944,
        19965,
        19579,
        19700,
        19987,
        19916,
        19718,
        19936,
        19726,
        19349,
        19427,
        19293,
        18968,
        19159,
        19575,
        19895,
        19684,
        19410,
        19553,
        19504,
        19310,
        18657,
        19066,
        19577,
        19535,
        19566,
        19780,
        19468,
        19482,
        19770,
        19648,
        19492,
        19479,
        19532,
        18184,
        18443,
        18234,
        19274,
        19377,
        18176,
        17953,
        18055,
        17998,
        17767,
        18407,
        18345,
        18381,
        18199,
        18194,
        18386,
        18932,
        18826,
        18946,
        18691,
        18727,
        18513,
        18509,
        18481,
        18548,
        18489,
        18559,
        18933,
        18814,
        19119,
        19109,
        18688,
        18439,
        17836,
        18263,
        19050,
        18799,
        18701,
        18750,
        18583,
        18410,
        18444,
        18342,
        18774,
        18882,
        18764,
        18986,
        19094,
        19231,
        19425,
        18893,
        19375,
        19361,
        19553,
        19296,
        19090,
        19070,
        19125,
        19188,
        18894,
        18968,
        18942,
        19027,
        18975,
        18909,
        18705,
        18665,
        18603,
        18488,
        18772,
        18969,
        18974,
        18949,
        19131,
        18933,
        18643,
        18867,
        18679,
        18898,
        19143,
        18893,
        18592,
        19031,
        19276,
        19142,
        19086,
        19013,
        18974,
        18944,
        19031,
        19287,
        19368,
        19020,
        19190,
        19173,
        19266,
        19390,
        19423,
        19163,
        19374,
        19451,
        19446,
        19187,
        18011,
        18542,
        18772,
        18721,
        18788,
        18638,
        18505,
        18466,
        18490,
        18287,
        18445,
        18749,
        18786,
        18807,
        18783,
        18956,
        18677,
        18503,
        18305,
        18700,
        18719,
        18718,
        18958,
        19028,
        19075,
        18936,
        18695,
        18807,
        18868,
        18626,
        18875,
        18862,
        19042,
        19045,
        19009,
        18853,
        18497,
        18735,
        18850,
        18927,
        19065,
        19223,
        18898,
        18809,
        19361,
        18956,
        18774,
        18536,
        18952,
        18730,
        18908,
        19039,
        18518,
        18425,
        18733,
        18710,
        18441,
        18415,
        18436,
        18694,
        18692,
        18800,
        18805,
        18922,
        18372,
        18407,
        18498,
        18606,
        18522,
        18675,
        18976,
        19353,
        19123,
        19314,
        19305,
        19085,
        19002,
        19092,
        19435,
        19661,
        19327,
        19437,
        19248,
        19161,
        19479,
        19263,
        19566,
        19454,
        19638,
        19665,
        19477,
        19450,
        19478,
        19376,
        19113,
        19506,
        19230,
        19281,
        19215,
        19466,
        19514,
        19565,
        19624,
        19425,
        19522,
        19183,
        18720,
        19000,
        18745,
        18768,
        19079,
        19237,
        19078,
        19401,
        19586,
        19427,
        19011,
        18713,
        18603,
        18761,
        18489,
        18537,
        18928,
        19159,
        19073,
        18889,
        18793,
        18890,
        18559,
        18803,
        18654,
        18692,
        18744,
        18536,
        18799,
        18619,
        18529,
        19589,
        19160,
        18487,
        18488,
        18375,
        18692,
        18592,
        18444,
        18666,
        19000,
        19237,
        19074,
        19136,
        19164,
        18768,
        18600,
        18388,
        18308,
        18822,
        19061,
        19171,
        19290,
        19204,
        19153,
        19243,
        19362,
        19133,
        19097,
        18936,
        18651,
        18983,
        18410,
        18312,
        18431,
        18514,
        18471,
        18891,
        18680,
        18674,
        18731,
        18789,
        18594,
        18286,
        18153,
        18466,
        18522,
        18724,
        18842,
        18944,
        18586,
        18564,
        18292,
        18173,
        18391,
        18326,
        18525,
        18758,
        19046,
        18824,
        19797,
        18876,
        18669,
        18470,
        18456,
        18495,
        18635,
        18703,
        18589,
        19055,
        19029,
        18652,
        19075,
        18843,
        18861,
        19483,
        19941,
        19768,
        19805,
        19499,
        19599,
        19650,
        19644,
        19442,
        19203,
        19117,
        18740,
        18837,
        19182,
        19658,
        19662,
        19860,
        19903,
        19436,
        19491,
        19178,
        19106,
        19237,
        19345,
        19533,
        19597,
        19428,
        19712,
        19784,
        19470,
        19164,
        18909,
        18783,
        18720,
        18909,
        19110,
        18847,
        20120,
        19845,
        19519,
        19304,
        19438,
        18905,
        18888,
        19037,
        19373,
        18883,
        19462,
        19856,
        19877,
        19918,
        19465,
        18529,
        18767,
        19057,
        18817,
        18947,
        18746,
        19356,
        19761,
        19986,
        19837,
        19545,
        19019,
        18921,
        19094,
        19124,
        19334,
        19413,
        19613,
        19457,
        19286,
        19190,
        19606,
        19092,
        19052,
        19045,
        19054,
        19175,
        20054,
        19933,
        19822,
        19378,
        18944,
        18585,
        18846,
        18857,
        18792,
        19228,
        19908,
        20028,
        19776,
        19490,
        18813,
        18701,
        18623,
        19112,
        19167,
        18333,
        19067,
        19846,
        19847,
        19597,
        19307,
        18689,
        18645,
        18518,
        18907,
        19107,
        18705,
        20106,
        20269,
        20147,
        19751,
        19143,
        18909,
        18801,
        18964,
        18616,
        18990,
        19205,
        19195,
        19660,
        19508,
        18953,
        19237,
        19766,
        19629,
        19051,
        18722,
        18462,
        18177,
        18219,
        18607,
        18471,
        18474,
        19374,
        19347,
        19318,
        19288,
        18682,
        18255,
        18066,
        18902,
        19000,
        19266,
        19130,
        19176,
        18815,
        18365,
        18627,
        18684,
        18690,
        18828,
        18927,
        19065,
        19099,
        18956,
        18783
      ],
      "TriggerTime": [
        10692.5,
        11492.5,
        12292.5,
        13092.5,
        13892.5,
        14692.5,
        15492.5,
        16292.5,
        17092.5,
        17892.5,
        18692.5,
        19492.5,
        20292.5,
        21092.5,
        21892.5,
        22692.5,
        23492.5,
        24292.5,
        25092.5,
        25892.5,
        26692.5,
        27492.5,
        28292.5,
        29092.5,
        29892.5,
        30692.5,
        31492.5,
        32292.5,
        33092.5,
        33892.5,
        34692.5,
        35492.5,
        36292.5,
        37092.5,
        37892.5,
        38692.5,
        39492.5,
        40292.5,
        41092.5,
        41892.5,
        42692.5,
        43492.5,
        44292.5,
        45092.5,
        45892.5,
        46692.5,
        47492.5,
        48292.5,
        49092.5,
        49892.5,
        50692.5,
        51492.5,
        52292.5,
        53092.5,
        53892.5,
        54692.5,
        55492.5,
        56292.5,
        57092.5,
        57892.5,
        58692.5,
        59492.5,
        60292.5,
        61092.5,
        61892.5,
        62692.5,
        63492.5,
        64292.5,
        65092.5,
        65892.5,
        66692.5,
        67492.5,
        68292.5,
        69092.5,
        69892.5,
        70692.5,
        71492.5,
        72292.5,
        73092.5,
        73892.5,
        74692.5,
        75492.5,
        76292.5,
        77092.5,
        77892.5,
        78692.5,
        79492.5,
        80292.5,
        81092.5,
        81892.5,
        82692.5,
        83492.5,
        84292.5,
        85092.5,
        85892.5,
        86692.5,
        87492.5,
        88292.5,
        89092.5,
        89892.5,
        90692.5,
        91492.5,
        92292.5,
        93092.5,
        93892.5,
        94692.5,
        95492.5,
        96292.5,
        97092.5,
        97892.5,
        98692.5,
        99492.5,
        100292.5,
        101092.5,
        101892.5,
        102692.5,
        103492.5,
        104292.5,
        105092.5,
        105892.5,
        106692.5,
        107492.5,
        108292.5,
        109092.5,
        109892.5,
        110692.5,
        111492.5,
        112292.5,
        113092.5,
        113892.5,
        114692.5,
        115492.5,
        116292.5,
        117092.5,
        117892.5,
        118692.5,
        119492.5,
        120292.5,
        121092.5,
        121892.5,
        122692.5,
        123492.5,
        124292.5,
        125092.5,
        125892.5,
        126692.5,
        127492.5,
        128292.5,
        129092.5,
        129892.5,
        130692.5,
        131492.5,
        132292.5,
        133092.5,
        133892.5,
        134692.5,
        135492.5,
        136292.5,
        137092.5,
        137892.5,
        138692.5,
        139492.5,
        140292.5,
        141092.5,
        141892.5,
        142692.5,
        143492.5,
        144292.5,
        145092.5,
        145892.5,
        146692.5,
        147492.5,
        148292.5,
        149092.5,
        149892.5,
        150692.5,
        151492.5,
        152292.5,
        153092.5,
        153892.5,
        154692.5,
        155492.5,
        156292.5,
        157092.5,
        157892.5,
        158692.5,
        159492.5,
        160292.5,
        161092.5,
        161892.5,
        162692.5,
        163492.5,
        164292.5,
        165092.5,
        165892.5,
        166692.5,
        167492.5,
        168292.5,
        169092.5,
        169892.5,
        170692.5,
        171492.5,
        172292.5,
        173092.5,
        173892.5,
        174692.5,
        175492.5,
        176292.5,
        177092.5,
        177892.5,
        178692.5,
        179492.5,
        180292.5,
        181092.5,
        181892.5,
        182692.5,
        183492.5,
        184292.5,
        185092.5,
        185892.5,
        186692.5,
        187492.5,
        188292.5,
        189092.5,
        189892.5,
        190692.5,
        191492.5,
        192292.5,
        193092.5,
        193892.5,
        194692.5,
        195492.5,
        196292.5,
        197092.5,
        197892.5,
        198692.5,
        199492.5,
        200292.5,
        201092.5,
        201892.5,
        202692.5,
        203492.5,
        204292.5,
        205092.5,
        205892.5,
        206692.5,
        207492.5,
        208292.5,
        209092.5,
        209892.5,
        210692.5,
        211492.5,
        212292.5,
        213092.5,
        213892.5,
        214692.5,
        215492.5,
        216292.5,
        217092.5,
        217892.5,
        218692.5,
        219492.5,
        220292.5,
        221092.5,
        221892.5,
        222692.5,
        223492.5,
        224292.5,
        225092.5,
        225892.5,
        226692.5,
        227492.5,
        228292.5,
        229092.5,
        229892.5,
        230692.5,
        231492.5,
        232292.5,
        233092.5,
        233892.5,
        234692.5,
        235492.5,
        236292.5,
        237092.5,
        237892.5,
        238692.5,
        239492.5,
        240292.5,
        241092.5,
        241892.5,
        242692.5,
        243492.5,
        244292.5,
        245092.5,
        245892.5,
        246692.5,
        247492.5,
        248292.5,
        249092.5,
        249892.5,
        250692.5,
        251492.5,
        252292.5,
        253092.5,
        253892.5,
        254692.5,
        255492.5,
        256292.5,
        257092.5,
        257892.5,
        258692.5,
        259492.5,
        260292.5,
        261092.5,
        261892.5,
        262692.5,
        263492.5,
        264292.5,
        265092.5,
        265892.5,
        266692.5,
        267492.5,
        268292.5,
        269092.5,
        269892.5,
        270692.5,
        271492.5,
        272292.5,
        273092.5,
        273892.5,
        274692.5,
        275492.5,
        276292.5,
        277092.5,
        277892.5,
        278692.5,
        279492.5,
        280292.5,
        281092.5,
        281892.5,
        282692.5,
        283492.5,
        284292.5,
        285092.5,
        285892.5,
        286692.5,
        287492.5,
        288292.5,
        289092.5,
        289892.5,
        290692.5,
        291492.5,
        292292.5,
        293092.5,
        293892.5,
        294692.5,
        295492.5,
        296292.5,
        297092.5,
        297892.5,
        298692.5,
        299492.5,
        300292.5,
        301092.5,
        301892.5,
        302692.5,
        303492.5,
        304292.5,
        305092.5,
        305892.5,
        306692.5,
        307492.5,
        308292.5,
        309092.5,
        309892.5,
        310692.5,
        311492.5,
        312292.5,
        313092.5,
        313892.5,
        314692.5,
        315492.5,
        316292.5,
        317092.5,
        317892.5,
        318692.5,
        319492.5,
        320292.5,
        321092.5,
        321892.5,
        322692.5,
        323492.5,
        324292.5,
        325092.5,
        325892.5,
        326692.5,
        327492.5,
        328292.5,
        329092.5,
        329892.5,
        330692.5,
        331492.5,
        332292.5,
        333092.5,
        333892.5,
        334692.5,
        335492.5,
        336292.5,
        337092.5,
        337892.5,
        338692.5,
        339492.5,
        340292.5,
        341092.5,
        341892.5,
        342692.5,
        343492.5,
        344292.5,
        345092.5,
        345892.5,
        346692.5,
        347492.5,
        348292.5,
        349092.5,
        349892.5,
        350692.5,
        351492.5,
        352292.5,
        353092.5,
        353892.5,
        354692.5,
        355492.5,
        356292.5,
        357092.5,
        357892.5,
        358692.5,
        359492.5,
        360292.5,
        361092.5,
        361892.5,
        362692.5,
        363492.5,
        364292.5,
        365092.5,
        365892.5,
        366692.5,
        367492.5,
        368292.5,
        369092.5,
        369892.5,
        370692.5,
        371492.5,
        372292.5,
        373092.5,
        373892.5,
        374692.5,
        375492.5,
        376292.5,
        377092.5,
        377892.5,
        378692.5,
        379492.5,
        380292.5,
        381092.5,
        381892.5,
        382692.5,
        383492.5,
        384292.5,
        385092.5,
        385892.5,
        386692.5,
        387492.5,
        388292.5,
        389092.5,
        389892.5,
        390692.5,
        391492.5,
        392292.5,
        393092.5,
        393892.5,
        394692.5,
        395492.5,
        396292.5,
        397092.5,
        397892.5,
        398692.5,
        399492.5,
        400292.5,
        401092.5,
        401892.5,
        402692.5,
        403492.5,
        404292.5,
        405092.5,
        405892.5,
        406692.5,
        407492.5,
        408292.5,
        409092.5,
        409892.5,
        410692.5,
        411492.5,
        412292.5,
        413092.5,
        413892.5,
        414692.5,
        415492.5,
        416292.5,
        417092.5,
        417892.5,
        418692.5,
        419492.5,
        420292.5,
        421092.5,
        421892.5,
        422692.5,
        423492.5,
        424292.5,
        425092.5,
        425892.5,
        426692.5,
        427492.5,
        428292.5,
        429092.5,
        429892.5,
        430692.5,
        431492.5,
        432292.5,
        433092.5,
        433892.5,
        434692.5,
        435492.5,
        436292.5,
        437092.5,
        437892.5,
        438692.5,
        439492.5,
        440292.5,
        441092.5,
        441892.5,
        442692.5,
        443492.5,
        444292.5,
        445092.5,
        445892.5,
        446692.5,
        447492.5,
        448292.5,
        449092.5,
        449892.5,
        450692.5,
        451492.5,
        452292.5,
        453092.5,
        453892.5,
        454692.5,
        455492.5,
        456292.5,
        457092.5,
        457892.5,
        458692.5,
        459492.5,
        460292.5
      ],
      "WindowCenter": [
        4584,
        4525,
        4494,
        4467,
        4453,
        4451,
        4451,
        4449,
        4451,
        4450,
        4437,
        4425,
        4418,
        4418,
        4438,
        4426,
        4425,
        4427,
        4438,
        4452,
        4464,
        4455,
        4455,
        4464,
        4439,
        4437,
        4426,
        4435,
        4436,
        4449,
        4451,
        4462,
        4452,
        4450,
        4449,
        4438,
        4438,
        4448,
        4452,
        4463,
        4453,
        4453,
        4450,
        4449,
        4448,
        4437,
        4436,
        4437,
        4449,
        4450,
        4450,
        4450,
        4448,
        4449,
        4449,
        4436,
        4436,
        4435,
        4439,
        4452,
        4451,
        4449,
        4451,
        4450,
        4448,
        4437,
        4448,
        4437,
        4439,
        4438,
        4451,
        4452,
        4462,
        4452,
        4450,
        4452,
        4441,
        4432,
        4443,
        4442,
        4440,
        4441,
        4452,
        4442,
        4440,
        4439,
        4438,
        4438,
        4438,
        4438,
        4407,
        4417,
        4372,
        4396,
        4439,
        4406,
        4404,
        4405,
        4407,
        4407,
        4418,
        4406,
        4403,
        4405,
        4406,
        4418,
        4431,
        4431,
        4431,
        4418,
        4414,
        4404,
        4402,
        4403,
        4415,
        4418,
        4418,
        4431,
        4433,
        4443,
        4431,
        4419,
        4418,
        4407,
        4406,
        4441,
        4443,
        4434,
        4446,
        4433,
        4431,
        4419,
        4418,
        4430,
        4431,
        4443,
        4434,
        4433,
        4430,
        4428,
        4417,
        4426,
        4438,
        4441,
        4431,
        4430,
        4428,
        4427,
        4427,
        4417,
        4429,
        4431,
        4433,
        4432,
        4430,
        4419,
        4416,
        4417,
        4419,
        4430,
        4442,
        4444,
        4432,
        4443,
        4432,
        4419,
        4418,
        4418,
        4416,
        4428,
        4429,
        4417,
        4428,
        4441,
        4441,
        4443,
        4444,
        4444,
        4443,
        4443,
        4445,
        4455,
        4445,
        4442,
        4431,
        4429,
        4440,
        4440,
        4442,
        4452,
        4442,
        4442,
        4442,
        4421,
        4429,
        4431,
        4441,
        4441,
        4429,
        4417,
        4413,
        4414,
        4415,
        4416,
        4427,
        4429,
        4431,
        4430,
        4426,
        4415,
        4415,
        4403,
        4416,
        4416,
        4429,
        4429,
        4429,
        4427,
        4414,
        4413,
        4413,
        4425,
        4416,
        4427,
        4438,
        4441,
        4441,
        4428,
        4427,
        4416,
        4427,
        4428,
        4430,
        4442,
        4453,
        4443,
        4440,
        4453,
        4431,
        4430,
        4429,
        4430,
        4429,
        4430,
        4428,
        4414,
        4413,
        4416,
        4416,
        4428,
        4431,
        4430,
        4431,
        4432,
        4442,
        4442,
        4442,
        4420,
        4429,
        4418,
        4428,
        4428,
        4428,
        4430,
        4430,
        4442,
        4443,
        4442,
        4442,
        4430,
        4441,
        4438,
        4440,
        4441,
        4454,
        4457,
        4458,
        4455,
        4442,
        4441,
        4441,
        4451,
        4440,
        4439,
        4438,
        4438,
        4428,
        4426,
        4437,
        4429,
        4439,
        4441,
        4441,
        4441,
        4440,
        4442,
        4452,
        4451,
        4439,
        4429,
        4427,
        4428,
        4430,
        4442,
        4443,
        4453,
        4455,
        4457,
        4454,
        4442,
        4430,
        4418,
        4416,
        4416,
        4417,
        4429,
        4440,
        4442,
        4432,
        4431,
        4431,
        4431,
        4429,
        4432,
        4432,
        4444,
        4435,
        4443,
        4431,
        4432,
        4468,
        4456,
        4434,
        4431,
        4419,
        4433,
        4445,
        4446,
        4448,
        4459,
        4458,
        4456,
        4445,
        4443,
        4431,
        4429,
        4419,
        4417,
        4429,
        4443,
        4456,
        4458,
        4456,
        4443,
        4439,
        4438,
        4426,
        4428,
        4429,
        4430,
        4427,
        4427,
        4419,
        4431,
        4444,
        4446,
        4457,
        4434,
        4432,
        4443,
        4442,
        4429,
        4418,
        4406,
        4418,
        4429,
        4442,
        4445,
        4458,
        4448,
        4447,
        4434,
        4422,
        4422,
        4421,
        4433,
        4443,
        4444,
        4447,
        4468,
        4448,
        4445,
        4447,
        4446,
        4449,
        4450,
        4447,
        4432,
        4444,
        4430,
        4430,
        4438,
        4427,
        4425,
        4450,
        4462,
        4477,
        4478,
        4467,
        4455,
        4455,
        4443,
        4442,
        4440,
        4440,
        4443,
        4459,
        4471,
        4469,
        4457,
        4455,
        4450,
        4428,
        4426,
        4415,
        4415,
        4425,
        4426,
        4427,
        4427,
        4428,
        4450,
        4451,
        4439,
        4440,
        4443,
        4458,
        4458,
        4459,
        4457,
        4447,
        4465,
        4454,
        4442,
        4441,
        4440,
        4427,
        4416,
        4428,
        4451,
        4456,
        4469,
        4482,
        4496,
        4483,
        4458,
        4430,
        4427,
        4428,
        4428,
        4429,
        4431,
        4442,
        4452,
        4451,
        4439,
        4426,
        4414,
        4414,
        4423,
        4423,
        4428,
        4438,
        4452,
        4451,
        4439,
        4440,
        4441,
        4439,
        4440,
        4441,
        4456,
        4469,
        4494,
        4485,
        4471,
        4455,
        4433,
        4431,
        4428,
        4429,
        4430,
        4429,
        4453,
        4454,
        4455,
        4454,
        4443,
        4431,
        4431,
        4442,
        4443,
        4433,
        4442,
        4453,
        4452,
        4441,
        4428,
        4415,
        4415,
        4414,
        4428,
        4441,
        4432,
        4466,
        4467,
        4468,
        4455,
        4441,
        4429,
        4417,
        4427,
        4418,
        4431,
        4441,
        4443,
        4443,
        4443,
        4432,
        4440,
        4452,
        4442,
        4443,
        4442,
        4431,
        4422,
        4422,
        4434,
        4446,
        4445,
        4469,
        4471,
        4471,
        4459,
        4447,
        4435,
        4421,
        4432,
        4442,
        4444,
        4457,
        4455,
        4446,
        4434,
        4432,
        4434,
        4435,
        4446,
        4446,
        4457,
        4457,
        4446,
        4447
      ],
      "WindowWidth": [
        10414,
        10278,
        10199,
        10142,
        10110,
        10101,
        10099,
        10093,
        10096,
        10091,
        10069,
        10041,
        10049,
        10048,
        10071,
        10051,
        10047,
        10053,
        10071,
        10097,
        10118,
        10113,
        10113,
        10121,
        10078,
        10067,
        10049,
        10059,
        10064,
        10089,
        10096,
        10114,
        10101,
        10096,
        10091,
        10077,
        10073,
        10088,
        10101,
        10120,
        10107,
        10103,
        10094,
        10087,
        10083,
        10068,
        10066,
        10067,
        10087,
        10092,
        10090,
        10092,
        10089,
        10089,
        10089,
        10068,
        10068,
        10065,
        10077,
        10099,
        10100,
        10095,
        10100,
        10096,
        10089,
        10074,
        10090,
        10075,
        10080,
        10077,
        10096,
        10103,
        10116,
        10102,
        10095,
        10100,
        10086,
        10076,
        10087,
        10084,
        10075,
        10082,
        10100,
        10083,
        10075,
        10071,
        10070,
        10068,
        10070,
        10069,
        10026,
        10039,
        9938,
        9984,
        10076,
        10028,
        10017,
        10020,
        10025,
        10027,
        10042,
        10022,
        10017,
        10021,
        10025,
        10048,
        10071,
        10073,
        10069,
        10046,
        10033,
        10016,
        10014,
        10018,
        10037,
        10049,
        10048,
        10071,
        10079,
        10093,
        10072,
        10051,
        10047,
        10031,
        10028,
        10084,
        10092,
        10085,
        10104,
        10080,
        10072,
        10052,
        10048,
        10066,
        10072,
        10093,
        10084,
        10079,
        10068,
        10061,
        10043,
        10056,
        10075,
        10084,
        10070,
        10066,
        10059,
        10054,
        10056,
        10044,
        10064,
        10072,
        10078,
        10075,
        10067,
        10049,
        10040,
        10043,
        10046,
        10064,
        10086,
        10091,
        10074,
        10088,
        10071,
        10051,
        10045,
        10045,
        10041,
        10060,
        10061,
        10041,
        10060,
        10084,
        10087,
        10092,
        10092,
        10092,
        10090,
        10088,
        10096,
        10111,
        10097,
        10087,
        10069,
        10060,
        10078,
        10080,
        10086,
        10100,
        10088,
        10088,
        10087,
        10057,
        10067,
        10073,
        10083,
        10081,
        10058,
        10038,
        10028,
        10028,
        10034,
        10037,
        10055,
        10062,
        10069,
        10064,
        10054,
        10033,
        10034,
        10014,
        10036,
        10041,
        10063,
        10063,
        10063,
        10054,
        10030,
        10024,
        10027,
        10049,
        10036,
        10054,
        10074,
        10081,
        10081,
        10061,
        10055,
        10038,
        10053,
        10058,
        10067,
        10088,
        10104,
        10090,
        10083,
        10104,
        10070,
        10065,
        10061,
        10063,
        10063,
        10064,
        10058,
        10031,
        10027,
        10037,
        10040,
        10058,
        10069,
        10064,
        10071,
        10073,
        10087,
        10087,
        10083,
        10052,
        10062,
        10046,
        10058,
        10061,
        10062,
        10067,
        10068,
        10088,
        10093,
        10089,
        10089,
        10070,
        10083,
        10074,
        10081,
        10086,
        10112,
        10122,
        10122,
        10115,
        10091,
        10088,
        10087,
        10100,
        10082,
        10077,
        10076,
        10077,
        10061,
        10056,
        10071,
        10064,
        10078,
        10085,
        10085,
        10085,
        10084,
        10088,
        10103,
        10099,
        10078,
        10061,
        10055,
        10059,
        10064,
        10088,
        10090,
        10106,
        10114,
        10119,
        10113,
        10089,
        10067,
        10045,
        10039,
        10040,
        10043,
        10063,
        10084,
        10089,
        10079,
        10077,
        10075,
        10072,
        10069,
        10077,
        10076,
        10096,
        10088,
        10094,
        10073,
        10075,
        10134,
        10114,
        10080,
        10069,
        10048,
        10073,
        10093,
        10099,
        10107,
        10124,
        10117,
        10116,
        10099,
        10090,
        10068,
        10064,
        10049,
        10040,
        10062,
        10090,
        10115,
        10121,
        10116,
        10090,
        10076,
        10069,
        10050,
        10056,
        10061,
        10064,
        10056,
        10056,
        10048,
        10070,
        10093,
        10099,
        10115,
        10075,
        10072,
        10087,
        10085,
        10062,
        10043,
        10025,
        10044,
        10064,
        10085,
        10097,
        10121,
        10109,
        10105,
        10082,
        10062,
        10062,
        10058,
        10075,
        10092,
        10095,
        10106,
        10138,
        10108,
        10100,
        10102,
        10098,
        10111,
        10113,
        10099,
        10068,
        10088,
        10064,
        10063,
        10071,
        10053,
        10044,
        10090,
        10112,
        10140,
        10145,
        10128,
        10109,
        10106,
        10091,
        10088,
        10078,
        10078,
        10091,
        10125,
        10141,
        10135,
        10112,
        10106,
        10090,
        10054,
        10048,
        10033,
        10033,
        10046,
        10049,
        10055,
        10054,
        10059,
        10094,
        10098,
        10077,
        10078,
        10090,
        10119,
        10123,
        10124,
        10119,
        10104,
        10120,
        10106,
        10086,
        10086,
        10082,
        10057,
        10040,
        10059,
        10098,
        10111,
        10137,
        10162,
        10189,
        10165,
        10118,
        10067,
        10056,
        10055,
        10058,
        10059,
        10066,
        10086,
        10100,
        10097,
        10077,
        10052,
        10031,
        10030,
        10039,
        10042,
        10057,
        10072,
        10098,
        10094,
        10072,
        10075,
        10082,
        10076,
        10077,
        10083,
        10114,
        10139,
        10182,
        10172,
        10145,
        10112,
        10075,
        10068,
        10060,
        10060,
        10064,
        10060,
        10100,
        10103,
        10107,
        10106,
        10088,
        10069,
        10068,
        10084,
        10085,
        10069,
        10080,
        10095,
        10094,
        10080,
        10054,
        10033,
        10032,
        10029,
        10055,
        10081,
        10071,
        10126,
        10131,
        10134,
        10110,
        10082,
        10061,
        10038,
        10052,
        10044,
        10065,
        10081,
        10089,
        10088,
        10090,
        10072,
        10079,
        10099,
        10088,
        10090,
        10089,
        10072,
        10061,
        10059,
        10078,
        10099,
        10098,
        10137,
        10145,
        10146,
        10126,
        10106,
        10083,
        10057,
        10075,
        10089,
        10095,
        10117,
        10113,
        10103,
        10078,
        10074,
        10078,
        10082,
        10099,
        10100,
        10116,
        10116,
        10099,
        10102
      ]
    },
