{
  "AcquisitionMatrixPE": 256,
  "AcquisitionNumber": 1,
  "AcquisitionTime": "09:52:59.920000",
  "BaseResolution": 256,
  "BodyPartExamined": "BRAIN",
  "CoilCombinationMethod": "Adaptive Combine",
  "ConsistencyInfo": "N4_VE11C_LATEST_20160120",
  "ConversionSoftware": "dcm2niix",
  "ConversionSoftwareVersion": "v1.0.20220720",
  "DeviceSerialNumber": "67026",
  "DwellTime": 2.8e-06,
  "EchoTime": 0.394,
  "EchoTrainLength": 254,
  "FlipAngle": 120,
  "HeudiconvVersion": "0.11.4",
  "ImageOrientationPatientDICOM": [
    -0.0498043,
    0.998705,
    0.0104003,
    -0.116994,
    0.00450782,
    -0.993122
  ],
  "ImageOrientationText": "Sag>Tra(6.7)>Cor(-2.9)",
  "ImageType": [
    "ORIGINAL",
    "PRIMARY",
    "M",
    "ND",
    "NORM"
  ],
  "ImagingFrequency": 123.227,
  "InPlanePhaseEncodingDirectionDICOM": "ROW",
  "InstitutionAddress": "13th St. 149,Charlestown,MA,US,02129",
  "InstitutionName": "MGH PrismaFit-Bay4",
  "InstitutionalDepartmentName": "Martinos Center",
  "InversionTime": 1.8,
  "MRAcquisitionType": "3D",
  "MagneticFieldStrength": 3,
  "Manufacturer": "Siemens",
  "ManufacturersModelName": "Prisma_fit",
  "MatrixCoilMode": "GRAPPA",
  "Modality": "MR",
  "NonlinearGradientCorrection": false,
  "ParallelReductionFactorInPlane": 2,
  "PartialFourier": 1,
  "PatientPosition": "HFS",
  "PercentPhaseFOV": 100,
  "PercentSampling": 100,
  "PhaseEncodingDirection": "i",
  "PhaseEncodingSteps": 209,
  "PhaseResolution": 1,
  "PixelBandwidth": 700,
  "ProcedureStepDescription": "INVESTIGATORS^Greve",
  "ProtocolName": "t2_flair_sag_p2_1mm_FS_ellip_pf78",
  "PulseSequenceDetails": "%SiemensSeq%\\tse_vfl",
  "ReceiveCoilActiveElements": "HEA;HEP",
  "ReceiveCoilName": "Head_32",
  "ReconMatrixPE": 256,
  "RefLinesPE": 24,
  "RepetitionTime": 5,
  "SAR": 0.111473,
  "ScanOptions": "IR\\PFP\\FS",
  "ScanningSequence": "SE\\IR",
  "SequenceName": "*spcir_284ns",
  "SequenceVariant": "SK\\SP\\MP",
  "SeriesDescription": "t2_flair_sag_p2_1mm_FS_ellip_pf78",
  "SeriesNumber": 54,
  "ShimSetting": [
    -1304,
    -10414,
    -10249,
    218,
    127,
    -50,
    -2,
    74
  ],
  "SliceThickness": 1.05,
  "SoftwareVersions": "syngo MR E11",
  "SpoilingState": true,
  "StationName": "BAY4OC",
  "TxRefAmp": 248.66,
  "dcmmeta_affine": [
    [
      1.0414772033691406,
      -0.04980425536632538,
      -0.11699413508176804,
      -78.61839294433594
    ],
    [
      0.053212422877550125,
      0.9987048506736755,
      0.004507823381572962,
      -86.50897979736328
    ],
    [
      0.12244901061058044,
      -0.010400320403277874,
      0.993122398853302,
      -164.73048400878906
    ],
    [
      0,
      0,
      0,
      1
    ]
  ],
  "dcmmeta_reorient_transform": [
    [
      0,
      0,
      -1,
      255
    ],
    [
      0,
      -1,
      0,
      255
    ],
    [
      -1,
      0,
      0,
      191
    ],
    [
      0,
      0,
      0,
      1
    ]
  ],
  "dcmmeta_shape": [
    192,
    256,
    256
  ],
  "dcmmeta_slice_dim": 0,
  "dcmmeta_version": 0.6
}
