{
  "AcquisitionMatrixPE": 256,
  "AcquisitionNumber": 1,
  "AcquisitionTime": "19:49:32.292500",
  "BaseResolution": 256,
  "BodyPartExamined": "BRAIN",
  "CoilCombinationMethod": "Adaptive Combine",
  "ConsistencyInfo": "N4_VE11C_LATEST_20160120",
  "ConversionSoftware": "dcm2niix",
  "ConversionSoftwareVersion": "v1.0.20220720",
  "DeviceSerialNumber": "67026",
  "DwellTime": 3e-06,
  "EchoTime": 0.564,
  "EchoTrainLength": 311,
  "FlipAngle": 120,
  "HeudiconvVersion": "0.11.4",
  "ImageOrientationPatientDICOM": [
    0.0108273,
    0.950321,
    -0.311084,
    0.0511903,
    -0.311221,
    -0.948958
  ],
  "ImageOrientationText": "Sag>Tra(-3.0)>Cor(-0.3)",
  "ImageType": [
    "ORIGINAL",
    "PRIMARY",
    "M",
    "ND",
    "NORM"
  ],
  "ImagingFrequency": 123.167,
  "InPlanePhaseEncodingDirectionDICOM": "ROW",
  "InstitutionAddress": "13th St. 149,Charlestown,MA,US,02129",
  "InstitutionName": "MGH PrismaFit-Bay4",
  "InstitutionalDepartmentName": "Martinos Center",
  "MRAcquisitionType": "3D",
  "MagneticFieldStrength": 3,
  "Manufacturer": "Siemens",
  "ManufacturersModelName": "Prisma_fit",
  "MatrixCoilMode": "GRAPPA",
  "Modality": "MR",
  "NonlinearGradientCorrection": false,
  "ParallelReductionFactorInPlane": 2,
  "PartialFourier": 1,
  "PatientPosition": "HFS",
  "PercentPhaseFOV": 100,
  "PercentSampling": 100,
  "PhaseEncodingDirection": "i",
  "PhaseEncodingSteps": 245,
  "PhaseResolution": 1,
  "PixelBandwidth": 650,
  "ProcedureStepDescription": "INVESTIGATORS^Greve",
  "ProtocolName": "T2w_SPC_vNav",
  "PulseSequenceDetails": "%CustomerSeq%\\tse_vfl_mgh_epinav_ABCD",
  "ReceiveCoilActiveElements": "HEA;HEP",
  "ReceiveCoilName": "Head_32",
  "ReconMatrixPE": 256,
  "RefLinesPE": 32,
  "RepetitionTime": 3.2,
  "SAR": 0.138785,
  "ScanOptions": "PFP",
  "ScanningSequence": "SE",
  "SequenceName": "spc_314ns",
  "SequenceVariant": "SK\\SP",
  "SeriesDescription": "T2w_SPC_vNav",
  "SeriesNumber": 17,
  "ShimSetting": [
    -1170,
    -10494,
    -10065,
    568,
    213,
    272,
    -34,
    -52
  ],
  "SliceThickness": 1,
  "SoftwareVersions": "syngo MR E11",
  "SpoilingState": true,
  "StationName": "BAY4OC",
  "TxRefAmp": 232.72,
  "WipMemBlock": "Prisma_epi_moco_navigator_ABCD_tse_vfl.prot",
  "dcmmeta_affine": [
    [
      0.9986302256584167,
      0.01082728523761034,
      0.0511903278529644,
      -90.92372131347656
    ],
    [
      0.005649857688695192,
      0.9503207206726074,
      -0.3112211525440216,
      -71.9947280883789
    ],
    [
      -0.052016910165548325,
      0.3110840618610382,
      0.9489578008651733,
      -124.90595245361328
    ],
    [
      0,
      0,
      0,
      1
    ]
  ],
  "dcmmeta_reorient_transform": [
    [
      0,
      0,
      -1,
      255
    ],
    [
      0,
      -1,
      0,
      255
    ],
    [
      -1,
      0,
      0,
      175
    ],
    [
      0,
      0,
      0,
      1
    ]
  ],
  "dcmmeta_shape": [
    176,
    256,
    256
  ],
  "dcmmeta_slice_dim": 0,
  "dcmmeta_version": 0.6
}
