{
  "AcquisitionMatrixPE": 256,
  "AcquisitionNumber": 1,
  "AcquisitionTime": "08:12:50.842500",
  "BaseResolution": 256,
  "BodyPartExamined": "BRAIN",
  "CoilCombinationMethod": "Adaptive Combine",
  "ConsistencyInfo": "N4_VE11C_LATEST_20160120",
  "ConversionSoftware": "dcm2niix",
  "ConversionSoftwareVersion": "v1.0.20220720",
  "DeviceSerialNumber": "67026",
  "DwellTime": 3e-06,
  "EchoTime": 0.00169,
  "FlipAngle": 7,
  "HeudiconvVersion": "0.11.4",
  "ImageOrientationPatientDICOM": [
    -0.00655225,
    0.952641,
    -0.304026,
    0.00900766,
    -0.303964,
    -0.952641
  ],
  "ImageOrientationText": "Sag>Cor(-0.5)>Tra(-0.4)",
  "ImageType": [
    "ORIGINAL",
    "PRIMARY",
    "OTHER",
    "ND",
    "NORM",
    "MEAN"
  ],
  "ImagingFrequency": 123.16,
  "InPlanePhaseEncodingDirectionDICOM": "ROW",
  "InstitutionAddress": "13th St. 149,Charlestown,MA,US,02129",
  "InstitutionName": "MGH PrismaFit-Bay4",
  "InstitutionalDepartmentName": "Martinos Center",
  "InversionTime": 1.25,
  "MRAcquisitionType": "3D",
  "MagneticFieldStrength": 3,
  "Manufacturer": "Siemens",
  "ManufacturersModelName": "Prisma_fit",
  "MatrixCoilMode": "GRAPPA",
  "Modality": "MR",
  "NonlinearGradientCorrection": false,
  "NumberOfAverages": 4,
  "ParallelReductionFactorInPlane": 2,
  "PartialFourier": 1,
  "PatientPosition": "HFS",
  "PercentPhaseFOV": 100,
  "PercentSampling": 100,
  "PhaseEncodingSteps": 255,
  "PhaseResolution": 1,
  "PixelBandwidth": 650,
  "ProcedureStepDescription": "INVESTIGATORS^Greve",
  "ProtocolName": "T1w_MPR_vNav_4e",
  "PulseSequenceDetails": "%CustomerSeq%\\tfl_mgh_epinav_ABCD",
  "ReceiveCoilActiveElements": "HEA;HEP",
  "ReceiveCoilName": "Head_32",
  "ReconMatrixPE": 256,
  "RefLinesPE": 32,
  "RepetitionTime": 2.53,
  "SAR": 0.0372125,
  "ScanOptions": "IR",
  "ScanningSequence": "GR\\IR",
  "SequenceName": "tfl3d4_16ns",
  "SequenceVariant": "SK\\SP\\MP",
  "SeriesDescription": "T1w_MPR_vNav_4e RMS",
  "SeriesNumber": 13,
  "ShimSetting": [
    -1202,
    -10537,
    -10199,
    191,
    133,
    11,
    64,
    -67
  ],
  "SliceThickness": 1,
  "SoftwareVersions": "syngo MR E11",
  "SpoilingState": true,
  "StationName": "BAY4OC",
  "TxRefAmp": 282.582,
  "WipMemBlock": "Prisma_epi_moco_navigator.prot",
  "dcmmeta_affine": [
    [
      0.9999379515647888,
      -0.006552254781126976,
      0.00900766346603632,
      -87.76664733886719
    ],
    [
      0.00898051355034113,
      0.9526410698890686,
      -0.3039644658565521,
      -45.17893600463867
    ],
    [
      -0.00658941688016057,
      0.3040264844894409,
      0.9526407718658447,
      -169.6351776123047
    ],
    [
      0,
      0,
      0,
      1
    ]
  ],
  "dcmmeta_reorient_transform": [
    [
      0,
      0,
      -1,
      255
    ],
    [
      0,
      -1,
      0,
      255
    ],
    [
      -1,
      0,
      0,
      175
    ],
    [
      0,
      0,
      0,
      1
    ]
  ],
  "dcmmeta_shape": [
    176,
    256,
    256
  ],
  "dcmmeta_slice_dim": 0,
  "dcmmeta_version": 0.6
}
