{
  "AcquisitionMatrixPE": 104,
  "AcquisitionNumber": 1,
  "AcquisitionTime": "08:21:18.967500",
  "BandwidthPerPixelPhaseEncode": 16.578,
  "BaseResolution": 104,
  "BodyPartExamined": "BRAIN",
  "CoilCombinationMethod": "Sum of Squares",
  "ConsistencyInfo": "N4_VE11C_LATEST_20160120",
  "ConversionSoftware": "dcm2niix",
  "ConversionSoftwareVersion": "v1.0.20220720",
  "DerivedVendorReportedEchoSpacing": 0.000580009,
  "DeviceSerialNumber": "67026",
  "DwellTime": 2.1e-06,
  "EchoTime": 0.066,
  "EchoTrainLength": 104,
  "EffectiveEchoSpacing": 0.000580009,
  "FlipAngle": 90,
  "HeudiconvVersion": "0.11.4",
  "ImageOrientationPatientDICOM": [
    0.999939,
    0.00870909,
    0.00677037,
    -0.00349044,
    0.832012,
    -0.554746
  ],
  "ImageOrientationText": "Tra>Cor(-33.7)>Sag(0.6)",
  "ImageType": [
    "ORIGINAL",
    "PRIMARY",
    "M",
    "ND",
    "MOSAIC"
  ],
  "ImagingFrequency": 123.16,
  "InPlanePhaseEncodingDirectionDICOM": "COL",
  "InstitutionAddress": "13th St. 149,Charlestown,MA,US,02129",
  "InstitutionName": "MGH PrismaFit-Bay4",
  "InstitutionalDepartmentName": "Martinos Center",
  "MRAcquisitionType": "2D",
  "MagneticFieldStrength": 3,
  "Manufacturer": "Siemens",
  "ManufacturersModelName": "Prisma_fit",
  "MatrixCoilMode": "SENSE",
  "Modality": "MR",
  "NonlinearGradientCorrection": false,
  "PartialFourier": 1,
  "PatientPosition": "HFS",
  "PercentPhaseFOV": 100,
  "PercentSampling": 100,
  "PhaseEncodingDirection": "j-",
  "PhaseEncodingSteps": 104,
  "PhaseResolution": 1,
  "PixelBandwidth": 2290,
  "ProcedureStepDescription": "INVESTIGATORS^Greve",
  "ProtocolName": "SpinEchoFieldMap_AP",
  "PulseSequenceDetails": "%CustomerSeq%\\hcp_mbep2d_se",
  "ReceiveCoilActiveElements": "HEA;HEP",
  "ReceiveCoilName": "Head_32",
  "ReconMatrixPE": 104,
  "RepetitionTime": 8,
  "SAR": 0.158637,
  "ScanOptions": "FS",
  "ScanningSequence": "EP",
  "SequenceName": "epse2d1_104",
  "SequenceVariant": "SK",
  "SeriesDescription": "SpinEchoFieldMap_AP",
  "SeriesNumber": 16,
  "ShimSetting": [
    -1197,
    -10499,
    -10153,
    399,
    153,
    210,
    -59,
    -31
  ],
  "SliceThickness": 2,
  "SliceTiming": [
    3.99,
    0,
    4.1,
    0.11,
    4.2125,
    0.2225,
    4.3225,
    0.3325,
    4.4325,
    0.4425,
    4.545,
    0.555,
    4.655,
    0.665,
    4.765,
    0.775,
    4.8775,
    0.8875,
    4.9875,
    0.9975,
    5.0975,
    1.1075,
    5.21,
    1.22,
    5.32,
    1.33,
    5.43,
    1.44,
    5.5425,
    1.5525,
    5.6525,
    1.6625,
    5.7625,
    1.7725,
    5.875,
    1.885,
    5.985,
    1.995,
    6.095,
    2.105,
    6.2075,
    2.2175,
    6.3175,
    2.3275,
    6.4275,
    2.4375,
    6.54,
    2.55,
    6.65,
    2.66,
    6.76,
    2.77,
    6.8725,
    2.8825,
    6.9825,
    2.9925,
    7.0925,
    3.1025,
    7.205,
    3.215,
    7.315,
    3.325,
    7.425,
    3.435,
    7.5375,
    3.5475,
    7.6475,
    3.6575,
    7.7575,
    3.7675,
    7.87,
    3.88
  ],
  "SoftwareVersions": "syngo MR E11",
  "SpacingBetweenSlices": 2,
  "StationName": "BAY4OC",
  "TotalReadoutTime": 0.0597409,
  "TxRefAmp": 282.582,
  "VendorReportedEchoSpacing": 0.00058,
  "WipMemBlock": "1af2dbc3-c7f3-4b76-b330-4a8643bc44c0||Sequence: ve11c/master r/5b0256d+; Dec  9 2016 09:59:18 by eja",
  "dcmmeta_affine": [
    [
      -1.9998782873153687,
      -0.006980878300964832,
      0.02092873491346836,
      104.10179901123047
    ],
    [
      -0.01741817407310009,
      1.6640244722366333,
      -1.1093778610229492,
      -36.58049392700195
    ],
    [
      0.01354074664413929,
      1.1094926595687866,
      1.6639840602874756,
      -98.75711059570312
    ],
    [
      0,
      0,
      0,
      1
    ]
  ],
  "dcmmeta_reorient_transform": [
    [
      0,
      -1,
      0,
      103
    ],
    [
      1,
      0,
      0,
      0
    ],
    [
      0,
      0,
      1,
      0
    ],
    [
      0,
      0,
      0,
      1
    ]
  ],
  "dcmmeta_shape": [
    104,
    104,
    72,
    3
  ],
  "dcmmeta_slice_dim": 2,
  "dcmmeta_version": 0.6,
  "time": {
    "samples": {
      "AcquisitionNumber": [
        1,
        2,
        3
      ],
      "AcquisitionTime": [
        "082118.967500",
        "082126.967500",
        "082134.967500"
      ],
      "ContentTime": [
        "082139.203000",
        "082139.207000",
        "082139.217000"
      ],
      "InstanceCreationTime": [
        "082139.203000",
        "082139.207000",
        "082139.217000"
      ],
      "InstanceNumber": [
        1,
        2,
        3
      ],
      "WindowCenter": [
        8996,
        9022,
        9021
      ],
      "WindowWidth": [
        19873,
        19949,
        19936
      ]
    },
    "slices": {}
  }
}
