{
  "AcquisitionMatrixPE": 104,
  "AcquisitionNumber": 1,
  "AcquisitionTime": "16:40:9.997500",
  "BandwidthPerPixelPhaseEncode": 16.578,
  "BaseResolution": 104,
  "BodyPartExamined": "BRAIN",
  "CoilCombinationMethod": "Sum of Squares",
  "ConsistencyInfo": "N4_VE11C_LATEST_20160120",
  "ConversionSoftware": "dcm2niix",
  "ConversionSoftwareVersion": "v1.0.20220720",
  "DerivedVendorReportedEchoSpacing": 0.000580009,
  "DeviceSerialNumber": "67026",
  "DwellTime": 2.1e-06,
  "EchoTime": 0.037,
  "EchoTrainLength": 104,
  "EffectiveEchoSpacing": 0.000580009,
  "FlipAngle": 52,
  "HeudiconvVersion": "0.11.4",
  "ImageComments": "Single-band reference",
  "ImageOrientationPatientDICOM": [
    0.999888,
    0.0129816,
    0.00748482,
    -0.0130892,
    0.999809,
    0.0145205
  ],
  "ImageOrientationText": "Tra>Cor(0.8)>Sag(0.4)",
  "ImageType": [
    "ORIGINAL",
    "PRIMARY",
    "M",
    "ND",
    "MOSAIC"
  ],
  "ImagingFrequency": 123.188,
  "InPlanePhaseEncodingDirectionDICOM": "COL",
  "InstitutionAddress": "13th St. 149,Charlestown,MA,US,02129",
  "InstitutionName": "Martinos Center Bay 4 Prisma",
  "InstitutionalDepartmentName": "Martinos Center",
  "MRAcquisitionType": "2D",
  "MagneticFieldStrength": 3,
  "Manufacturer": "Siemens",
  "ManufacturersModelName": "Prisma_fit",
  "MatrixCoilMode": "SENSE",
  "Modality": "MR",
  "NonlinearGradientCorrection": false,
  "PartialFourier": 1,
  "PatientPosition": "HFS",
  "PercentPhaseFOV": 100,
  "PercentSampling": 100,
  "PhaseEncodingDirection": "j-",
  "PhaseEncodingSteps": 104,
  "PhaseResolution": 1,
  "PixelBandwidth": 2290,
  "ProcedureStepDescription": "INVESTIGATORS^Greve",
  "ProtocolName": "rfMRI_REST_AP",
  "PulseSequenceDetails": "%CustomerSeq%\\hcp_mbep2d_bold",
  "ReceiveCoilActiveElements": "HEA;HEP",
  "ReceiveCoilName": "Head_32",
  "ReconMatrixPE": 104,
  "RepetitionTime": 0.8,
  "SAR": 0.0647789,
  "ScanOptions": "FS\\EXT",
  "ScanningSequence": "EP",
  "SequenceName": "epfid2d1_104",
  "SequenceVariant": "SK\\SS",
  "SeriesDescription": "rfMRI_REST_AP_SBRef",
  "SeriesNumber": 57,
  "ShimSetting": [
    -1201,
    -10606,
    -10170,
    583,
    188,
    -2,
    -52,
    43
  ],
  "SliceThickness": 2,
  "SliceTiming": [
    0,
    0.0875,
    0.1725,
    0.26,
    0.3475,
    0.4325,
    0.52,
    0.6075,
    0.6925,
    0.78,
    0.8675,
    0.9525,
    1.04,
    1.1275,
    1.2125,
    1.3,
    1.3875,
    1.4725,
    1.56,
    1.6475,
    1.7325,
    1.82,
    1.9075,
    1.9925,
    2.08,
    2.1675,
    2.2525,
    2.34,
    2.4275,
    2.5125,
    2.6,
    2.6875,
    2.7725,
    2.86,
    2.9475,
    3.0325,
    3.12,
    3.2075,
    3.2925,
    3.38,
    3.4675,
    3.5525,
    3.64,
    3.7275,
    3.8125,
    3.9,
    3.9875,
    4.0725,
    4.16,
    4.2475,
    4.3325,
    4.42,
    4.5075,
    4.5925,
    4.68,
    4.7675,
    4.8525,
    4.94,
    5.0275,
    5.1125,
    5.2,
    5.2875,
    5.3725,
    5.46,
    5.5475,
    5.6325,
    5.72,
    5.8075,
    5.8925,
    5.98,
    6.0675,
    6.1525
  ],
  "SoftwareVersions": "syngo MR E11",
  "SpacingBetweenSlices": 2,
  "StationName": "BAY4OC",
  "TaskName": "rest",
  "TotalReadoutTime": 0.0597409,
  "TxRefAmp": 218.44,
  "WipMemBlock": "deb18759-79af-408e-b4dd-48c4103abebc||Sequence: ve11c/master r/5b0256d+; Dec  9 2016 09:38:51 by eja",
  "dcmmeta_affine": [
    [
      -1.9997754096984863,
      -0.026178456842899323,
      0.014589772559702396,
      102.91737365722656
    ],
    [
      -0.025963112711906433,
      1.9996178150177002,
      0.029233768582344055,
      -72.84542846679688
    ],
    [
      0.014969632029533386,
      -0.029041089117527008,
      1.9997330904006958,
      -41.54536056518555
    ],
    [
      0,
      0,
      0,
      1
    ]
  ],
  "dcmmeta_reorient_transform": [
    [
      0,
      -1,
      0,
      103
    ],
    [
      1,
      0,
      0,
      0
    ],
    [
      0,
      0,
      1,
      0
    ],
    [
      0,
      0,
      0,
      1
    ]
  ],
  "dcmmeta_shape": [
    104,
    104,
    72
  ],
  "dcmmeta_slice_dim": 2,
  "dcmmeta_version": 0.6
}
