{
  "AcquisitionMatrixPE": 64,
  "AcquisitionNumber": 1,
  "AcquisitionTime": "19:01:12.252500",
  "BaseResolution": 64,
  "BodyPartExamined": "BRAIN",
  "CoilCombinationMethod": "Sum of Squares",
  "ConsistencyInfo": "N4_VE11C_LATEST_20160120",
  "ConversionSoftware": "dcm2niix",
  "ConversionSoftwareVersion": "v1.0.20220720",
  "DeviceSerialNumber": "67026",
  "DwellTime": 1.31e-05,
  "EchoNumber": 2,
  "EchoTime": 0.00738,
  "EchoTime1": 0.00492,
  "EchoTime2": 0.00738,
  "FlipAngle": 60,
  "HeudiconvVersion": "0.11.4",
  "ImageOrientationPatientDICOM": [
    0.999747,
    0.0218992,
    0.00513103,
    -0.016927,
    0.882763,
    -0.469514
  ],
  "ImageOrientationText": "Tra>Cor(-28.0)>Sag(0.8)",
  "ImageType": [
    "ORIGINAL",
    "PRIMARY",
    "P",
    "ND",
    "PHASE"
  ],
  "ImagingFrequency": 123.205,
  "InPlanePhaseEncodingDirectionDICOM": "ROW",
  "InstitutionAddress": "13th St. 149,Charlestown,MA,US,02129",
  "InstitutionName": "Martinos Center Bay 4 Prisma VE11C",
  "InstitutionalDepartmentName": "Martinos Center",
  "MRAcquisitionType": "2D",
  "MagneticFieldStrength": 3,
  "Manufacturer": "Siemens",
  "ManufacturersModelName": "Prisma_fit",
  "MatrixCoilMode": "SENSE",
  "Modality": "MR",
  "MultibandAccelerationFactor": 2,
  "NonlinearGradientCorrection": false,
  "PartialFourier": 1,
  "PatientPosition": "HFS",
  "PercentPhaseFOV": 100,
  "PercentSampling": 100,
  "PhaseEncodingDirection": "i",
  "PhaseEncodingSteps": 64,
  "PhaseResolution": 1,
  "PixelBandwidth": 595,
  "ProcedureStepDescription": "INVESTIGATORS^Greve",
  "ProtocolName": "gre_field_mapping_2mm",
  "PulseSequenceDetails": "%SiemensSeq%\\gre_field_mapping",
  "ReceiveCoilActiveElements": "HEA;HEP",
  "ReceiveCoilName": "Head_32",
  "ReconMatrixPE": 64,
  "RepetitionTime": 0.701,
  "SAR": 0.163217,
  "ScanningSequence": "GR",
  "SequenceName": "*fm2d2r",
  "SequenceVariant": "SP",
  "SeriesDescription": "gre_field_mapping_2mm",
  "SeriesNumber": 48,
  "ShimSetting": [
    -1207,
    -10500,
    -10179,
    414,
    240,
    204,
    -77,
    7
  ],
  "SliceThickness": 2,
  "SliceTiming": [
    0.34375,
    0,
    0.35938,
    0,
    0.35938,
    0.01562,
    0.375,
    0.03125,
    0.39062,
    0.03125,
    0.39062,
    0.04688,
    0.40625,
    0.04688,
    0.40625,
    0.0625,
    0.42188,
    0.07812,
    0.4375,
    0.07812,
    0.4375,
    0.09375,
    0.45312,
    0.09375,
    0.46875,
    0.10938,
    0.46875,
    0.125,
    0.48438,
    0.125,
    0.48438,
    0.14062,
    0.5,
    0.15625,
    0.51562,
    0.15625,
    0.51562,
    0.17188,
    0.53125,
    0.17188,
    0.53125,
    0.1875,
    0.54688,
    0.20312,
    0.5625,
    0.20312,
    0.5625,
    0.21875,
    0.57812,
    0.23438,
    0.59375,
    0.23438,
    0.59375,
    0.25,
    0.60938,
    0.25,
    0.60938,
    0.26562,
    0.625,
    0.28125,
    0.64062,
    0.28125,
    0.64062,
    0.29688,
    0.65625,
    0.3125,
    0.67188,
    0.3125,
    0.67188,
    0.32812,
    0.6875,
    0.34375
  ],
  "SoftwareVersions": "syngo MR E11",
  "SpacingBetweenSlices": 2,
  "StationName": "BAY4OC",
  "TxRefAmp": 268.641,
  "dcmmeta_affine": [
    [
      -2.9992411136627197,
      -0.05078108236193657,
      0.029622972011566162,
      95.84992218017578
    ],
    [
      -0.06569772958755493,
      2.6482882499694824,
      -0.9386177062988281,
      -30.549413681030273
    ],
    [
      0.015393096953630447,
      1.4085419178009033,
      1.7658195495605469,
      -107.66252899169922
    ],
    [
      0,
      0,
      0,
      1
    ]
  ],
  "dcmmeta_reorient_transform": [
    [
      0,
      -1,
      0,
      63
    ],
    [
      1,
      0,
      0,
      0
    ],
    [
      0,
      0,
      -1,
      71
    ],
    [
      0,
      0,
      0,
      1
    ]
  ],
  "dcmmeta_shape": [
    64,
    64,
    72
  ],
  "dcmmeta_slice_dim": 2,
  "dcmmeta_version": 0.6
}
