{
  "AcquisitionMatrixPE": 140,
  "AcquisitionNumber": 1,
  "AcquisitionTime": "09:09:8.262500",
  "BandwidthPerPixelPhaseEncode": 10.352,
  "BaseResolution": 140,
  "BodyPartExamined": "BRAIN",
  "CoilCombinationMethod": "Sum of Squares",
  "ConsistencyInfo": "N4_VE11C_LATEST_20160120",
  "ConversionSoftware": "dcm2niix",
  "ConversionSoftwareVersion": "v1.0.20220720",
  "DerivedVendorReportedEchoSpacing": 0.000689998,
  "DeviceSerialNumber": "67026",
  "DwellTime": 2.1e-06,
  "EchoTime": 0.0892,
  "EchoTrainLength": 105,
  "EffectiveEchoSpacing": 0.000689998,
  "FlipAngle": 78,
  "HeudiconvVersion": "0.11.4",
  "ImageComments": "Single-band reference SENSE1",
  "ImageOrientationPatientDICOM": [
    0.995046,
    0.0255536,
    -0.0960731,
    -0.0589424,
    0.929864,
    -0.363151
  ],
  "ImageOrientationText": "Tra>Cor(-21.6)>Sag(-4.6)",
  "ImageType": [
    "ORIGINAL",
    "PRIMARY",
    "M",
    "ND",
    "MOSAIC"
  ],
  "ImagingFrequency": 123.232,
  "InPlanePhaseEncodingDirectionDICOM": "COL",
  "InstitutionAddress": "13th St. 149,Charlestown,MA,US,02129",
  "InstitutionName": "MGH PrismaFit-Bay4",
  "InstitutionalDepartmentName": "Martinos Center",
  "MRAcquisitionType": "2D",
  "MagneticFieldStrength": 3,
  "Manufacturer": "Siemens",
  "ManufacturersModelName": "Prisma_fit",
  "MatrixCoilMode": "SENSE",
  "Modality": "MR",
  "NonlinearGradientCorrection": false,
  "PartialFourier": 0.75,
  "PatientPosition": "HFS",
  "PercentPhaseFOV": 100,
  "PercentSampling": 100,
  "PhaseEncodingDirection": "j-",
  "PhaseEncodingSteps": 105,
  "PhaseResolution": 1,
  "PixelBandwidth": 1700,
  "ProcedureStepDescription": "INVESTIGATORS^Greve",
  "ProtocolName": "dMRI_dir98_AP",
  "PulseSequenceDetails": "%CustomerSeq%\\hcp_mbep2d_diff",
  "ReceiveCoilActiveElements": "HEA;HEP",
  "ReceiveCoilName": "Head_32",
  "ReconMatrixPE": 140,
  "RepetitionTime": 3.23,
  "SAR": 0.177219,
  "ScanOptions": "PFP\\EXT",
  "ScanningSequence": "EP",
  "SequenceName": "epse2d1_140",
  "SequenceVariant": "SK\\SS",
  "SeriesDescription": "dMRI_dir98_AP_SBRef",
  "SeriesNumber": 41,
  "ShimSetting": [
    -1274,
    -10374,
    -10216,
    480,
    104,
    119,
    59,
    -21
  ],
  "SliceThickness": 1.5,
  "SliceTiming": [
    0,
    0.1375,
    0.2775,
    0.4175,
    0.5575,
    0.6975,
    0.835,
    0.975,
    1.115,
    1.255,
    1.395,
    1.535,
    1.6725,
    1.8125,
    1.9525,
    2.0925,
    2.2325,
    2.3725,
    2.51,
    2.65,
    2.79,
    2.93,
    3.07,
    3.2075,
    3.3475,
    3.4875,
    3.6275,
    3.7675,
    3.9075,
    4.045,
    4.185,
    4.325,
    4.465,
    4.605,
    4.745,
    4.8825,
    5.0225,
    5.1625,
    5.3025,
    5.4425,
    5.58,
    5.72,
    5.86,
    6,
    6.14,
    6.28,
    6.4175,
    6.5575,
    6.6975,
    6.8375,
    6.9775,
    7.1175,
    7.255,
    7.395,
    7.535,
    7.675,
    7.815,
    7.9525,
    8.0925,
    8.2325,
    8.3725,
    8.5125,
    8.6525,
    8.79,
    8.93,
    9.07,
    9.21,
    9.35,
    9.49,
    9.6275,
    9.7675,
    9.9075,
    10.0475,
    10.1875,
    10.325,
    10.465,
    10.605,
    10.745,
    10.885,
    11.025,
    11.1625,
    11.3025,
    11.4425,
    11.5825,
    11.7225,
    11.8625,
    12,
    12.14,
    12.28,
    12.42,
    12.56,
    12.6975
  ],
  "SoftwareVersions": "syngo MR E11",
  "SpacingBetweenSlices": 1.5,
  "StationName": "BAY4OC",
  "TotalReadoutTime": 0.0959097,
  "TxRefAmp": 285.736,
  "WipMemBlock": "f5a5f500-7abc-4b5a-96b1-65e168651b12||Sequence: ve11c/master r/5b0256d+; Dec  9 2016 09:48:43 by eja",
  "dcmmeta_affine": [
    [
      -1.4925693273544312,
      -0.08841355890035629,
      -0.12008271366357803,
      113.64362335205078
    ],
    [
      -0.03833037614822388,
      1.3947962522506714,
      -0.5505217909812927,
      -52.500423431396484
    ],
    [
      -0.14410968124866486,
      0.5447260737419128,
      1.390146017074585,
      -74.54774475097656
    ],
    [
      0,
      0,
      0,
      1
    ]
  ],
  "dcmmeta_reorient_transform": [
    [
      0,
      -1,
      0,
      139
    ],
    [
      1,
      0,
      0,
      0
    ],
    [
      0,
      0,
      1,
      0
    ],
    [
      0,
      0,
      0,
      1
    ]
  ],
  "dcmmeta_shape": [
    140,
    140,
    92
  ],
  "dcmmeta_slice_dim": 2,
  "dcmmeta_version": 0.6
}
