{
  "AcquisitionMatrixPE": 140,
  "AcquisitionNumber": 1,
  "AcquisitionTime": "10:04:11.770000",
  "BandwidthPerPixelPhaseEncode": 10.352,
  "BaseResolution": 140,
  "BodyPartExamined": "BRAIN",
  "CoilCombinationMethod": "Sum of Squares",
  "ConsistencyInfo": "N4_VE11C_LATEST_20160120",
  "ConversionSoftware": "dcm2niix",
  "ConversionSoftwareVersion": "v1.0.20220720",
  "DerivedVendorReportedEchoSpacing": 0.000689998,
  "DeviceSerialNumber": "67026",
  "DwellTime": 2.1e-06,
  "EchoTime": 0.0892,
  "EchoTrainLength": 105,
  "EffectiveEchoSpacing": 0.000689998,
  "FlipAngle": 78,
  "HeudiconvVersion": "0.11.4",
  "ImageComments": "Single-band reference SENSE1",
  "ImageOrientationPatientDICOM": [
    0.995463,
    0.013411,
    0.0942023,
    0.0105986,
    0.968229,
    -0.249839
  ],
  "ImageOrientationText": "Tra>Cor(-14.5)>Sag(5.4)",
  "ImageType": [
    "ORIGINAL",
    "PRIMARY",
    "M",
    "ND",
    "MOSAIC"
  ],
  "ImagingFrequency": 123.178,
  "InPlanePhaseEncodingDirectionDICOM": "COL",
  "InstitutionAddress": "13th St. 149,Charlestown,MA,US,02129",
  "InstitutionName": "Martinos Center Bay 4 Prisma",
  "InstitutionalDepartmentName": "Martinos Center",
  "MRAcquisitionType": "2D",
  "MagneticFieldStrength": 3,
  "Manufacturer": "Siemens",
  "ManufacturersModelName": "Prisma_fit",
  "MatrixCoilMode": "SENSE",
  "Modality": "MR",
  "NonlinearGradientCorrection": false,
  "PartialFourier": 0.75,
  "PatientPosition": "HFS",
  "PercentPhaseFOV": 100,
  "PercentSampling": 100,
  "PhaseEncodingDirection": "j-",
  "PhaseEncodingSteps": 105,
  "PhaseResolution": 1,
  "PixelBandwidth": 1700,
  "ProcedureStepDescription": "INVESTIGATORS^Greve",
  "ProtocolName": "dMRI_dir98_AP",
  "PulseSequenceDetails": "%CustomerSeq%\\hcp_mbep2d_diff",
  "ReceiveCoilActiveElements": "HEA;HEP",
  "ReceiveCoilName": "Head_32",
  "ReconMatrixPE": 140,
  "RepetitionTime": 3.23,
  "SAR": 0.149189,
  "ScanOptions": "PFP\\EXT",
  "ScanningSequence": "EP",
  "SequenceName": "epse2d1_140",
  "SequenceVariant": "SK\\SS",
  "SeriesDescription": "dMRI_dir98_AP_SBRef",
  "SeriesNumber": 36,
  "ShimSetting": [
    -1197,
    -10501,
    -10158,
    373,
    130,
    167,
    74,
    20
  ],
  "SliceThickness": 1.5,
  "SliceTiming": [
    0,
    0.14,
    0.28,
    0.42,
    0.5575,
    0.6975,
    0.8375,
    0.9775,
    1.1175,
    1.255,
    1.395,
    1.535,
    1.675,
    1.815,
    1.955,
    2.0925,
    2.2325,
    2.3725,
    2.5125,
    2.6525,
    2.7925,
    2.93,
    3.07,
    3.21,
    3.35,
    3.49,
    3.6275,
    3.7675,
    3.9075,
    4.0475,
    4.1875,
    4.3275,
    4.465,
    4.605,
    4.745,
    4.885,
    5.025,
    5.165,
    5.3025,
    5.4425,
    5.5825,
    5.7225,
    5.8625,
    6,
    6.14,
    6.28,
    6.42,
    6.56,
    6.7,
    6.8375,
    6.9775,
    7.1175,
    7.2575,
    7.3975,
    7.5375,
    7.675,
    7.815,
    7.955,
    8.095,
    8.235,
    8.3725,
    8.5125,
    8.6525,
    8.7925,
    8.9325,
    9.0725,
    9.21,
    9.35,
    9.49,
    9.63,
    9.77,
    9.91,
    10.0475,
    10.1875,
    10.3275,
    10.4675,
    10.6075,
    10.7475,
    10.885,
    11.025,
    11.165,
    11.305,
    11.445,
    11.5825,
    11.7225,
    11.8625,
    12.0025,
    12.1425,
    12.2825,
    12.42,
    12.56,
    12.7
  ],
  "SoftwareVersions": "syngo MR E11",
  "SpacingBetweenSlices": 1.5,
  "StationName": "BAY4OC",
  "TotalReadoutTime": 0.0959097,
  "TxRefAmp": 214.826,
  "WipMemBlock": "be32fb72-e9df-4024-8dd4-e100f1925542||Sequence: ve11c/master r/5b0256d+; Dec  9 2016 09:48:43 by eja",
  "dcmmeta_affine": [
    [
      -1.4931941032409668,
      0.015897860750555992,
      0.14183996617794037,
      107.15782165527344
    ],
    [
      -0.020116545259952545,
      1.4523439407348633,
      -0.37455636262893677,
      -66.90028381347656
    ],
    [
      0.14130337536334991,
      0.37475913763046265,
      1.4455410242080688,
      -84.6215591430664
    ],
    [
      0,
      0,
      0,
      1
    ]
  ],
  "dcmmeta_reorient_transform": [
    [
      0,
      -1,
      0,
      139
    ],
    [
      1,
      0,
      0,
      0
    ],
    [
      0,
      0,
      1,
      0
    ],
    [
      0,
      0,
      0,
      1
    ]
  ],
  "dcmmeta_shape": [
    140,
    140,
    92
  ],
  "dcmmeta_slice_dim": 2,
  "dcmmeta_version": 0.6
}
