{
  "AcquisitionMatrixPE": 104,
  "AcquisitionNumber": 1,
  "AcquisitionTime": "08:17:31.520000",
  "BandwidthPerPixelPhaseEncode": 16.578,
  "BaseResolution": 104,
  "BodyPartExamined": "BRAIN",
  "CoilCombinationMethod": "Sum of Squares",
  "ConsistencyInfo": "N4_VE11C_LATEST_20160120",
  "ConversionSoftware": "dcm2niix",
  "ConversionSoftwareVersion": "v1.0.20220720",
  "DerivedVendorReportedEchoSpacing": 0.000580009,
  "DeviceSerialNumber": "67026",
  "DwellTime": 2.1e-06,
  "EchoTime": 0.066,
  "EchoTrainLength": 104,
  "EffectiveEchoSpacing": 0.000580009,
  "FlipAngle": 90,
  "HeudiconvVersion": "0.11.4",
  "ImageOrientationPatientDICOM": [
    0.996902,
    -0.0687699,
    -0.0381675,
    0.0635932,
    0.990323,
    -0.123356
  ],
  "ImageOrientationText": "Tra>Cor(-6.9)>Sag(-2.7)",
  "ImageType": [
    "ORIGINAL",
    "PRIMARY",
    "M",
    "ND",
    "MOSAIC"
  ],
  "ImagingFrequency": 123.186,
  "InPlanePhaseEncodingDirectionDICOM": "COL",
  "InstitutionAddress": "13th St. 149,Charlestown,MA,US,02129",
  "InstitutionName": "Martinos Center Bay 4 Prisma",
  "InstitutionalDepartmentName": "Martinos Center",
  "MRAcquisitionType": "2D",
  "MagneticFieldStrength": 3,
  "Manufacturer": "Siemens",
  "ManufacturersModelName": "Prisma_fit",
  "MatrixCoilMode": "SENSE",
  "Modality": "MR",
  "NonlinearGradientCorrection": false,
  "PartialFourier": 1,
  "PatientPosition": "HFS",
  "PercentPhaseFOV": 100,
  "PercentSampling": 100,
  "PhaseEncodingDirection": "j-",
  "PhaseEncodingSteps": 104,
  "PhaseResolution": 1,
  "PixelBandwidth": 2290,
  "ProcedureStepDescription": "INVESTIGATORS^Greve",
  "ProtocolName": "SpinEchoFieldMap_AP",
  "PulseSequenceDetails": "%CustomerSeq%\\hcp_mbep2d_se",
  "ReceiveCoilActiveElements": "HEA;HEP",
  "ReceiveCoilName": "Head_32",
  "ReconMatrixPE": 104,
  "RepetitionTime": 8,
  "SAR": 0.141152,
  "ScanOptions": "FS",
  "ScanningSequence": "EP",
  "SequenceName": "epse2d1_104",
  "SequenceVariant": "SK",
  "SeriesDescription": "SpinEchoFieldMap_AP",
  "SeriesNumber": 16,
  "ShimSetting": [
    -1209,
    -10538,
    -10167,
    670,
    177,
    126,
    35,
    12
  ],
  "SliceThickness": 2,
  "SliceTiming": [
    3.99,
    0,
    4.1025,
    0.1125,
    4.2125,
    0.2225,
    4.3225,
    0.3325,
    4.435,
    0.445,
    4.545,
    0.555,
    4.655,
    0.665,
    4.7675,
    0.7775,
    4.8775,
    0.8875,
    4.9875,
    0.9975,
    5.1,
    1.11,
    5.21,
    1.22,
    5.32,
    1.33,
    5.4325,
    1.4425,
    5.5425,
    1.5525,
    5.6525,
    1.6625,
    5.765,
    1.775,
    5.875,
    1.885,
    5.985,
    1.995,
    6.0975,
    2.1075,
    6.2075,
    2.2175,
    6.3175,
    2.3275,
    6.43,
    2.44,
    6.54,
    2.55,
    6.65,
    2.66,
    6.7625,
    2.7725,
    6.8725,
    2.8825,
    6.9825,
    2.9925,
    7.095,
    3.105,
    7.205,
    3.215,
    7.315,
    3.325,
    7.4275,
    3.4375,
    7.5375,
    3.5475,
    7.6475,
    3.6575,
    7.76,
    3.77,
    7.87,
    3.88
  ],
  "SoftwareVersions": "syngo MR E11",
  "SpacingBetweenSlices": 2,
  "StationName": "BAY4OC",
  "TotalReadoutTime": 0.0597409,
  "TxRefAmp": 236.537,
  "VendorReportedEchoSpacing": 0.00058,
  "WipMemBlock": "008078ec-7eb2-4060-9b97-6dee259ef256||Sequence: ve11c/master r/5b0256d+; Dec  9 2016 09:59:18 by eja",
  "dcmmeta_affine": [
    [
      -1.9938043355941772,
      0.1271863728761673,
      -0.09256269037723541,
      98.90760803222656
    ],
    [
      0.13753977417945862,
      1.9806455373764038,
      -0.2410936951637268,
      -85.67591857910156
    ],
    [
      -0.07633502036333084,
      0.2467123568058014,
      1.983256459236145,
      -57.23796463012695
    ],
    [
      0,
      0,
      0,
      1
    ]
  ],
  "dcmmeta_reorient_transform": [
    [
      0,
      -1,
      0,
      103
    ],
    [
      1,
      0,
      0,
      0
    ],
    [
      0,
      0,
      1,
      0
    ],
    [
      0,
      0,
      0,
      1
    ]
  ],
  "dcmmeta_shape": [
    104,
    104,
    72,
    3
  ],
  "dcmmeta_slice_dim": 2,
  "dcmmeta_version": 0.6,
  "time": {
    "samples": {
      "AcquisitionNumber": [
        1,
        2,
        3
      ],
      "AcquisitionTime": [
        "081731.520000",
        "081739.520000",
        "081747.520000"
      ],
      "ContentTime": [
        "081751.999000",
        "081752.003000",
        "081752.006000"
      ],
      "InstanceCreationTime": [
        "081751.999000",
        "081752.003000",
        "081752.006000"
      ],
      "InstanceNumber": [
        1,
        2,
        3
      ],
      "WindowCenter": [
        7833,
        7832,
        7833
      ],
      "WindowWidth": [
        16989,
        16974,
        16978
      ]
    },
    "slices": {}
  }
}
