{
  "AcquisitionMatrixPE": 104,
  "AcquisitionNumber": 1,
  "AcquisitionTime": "08:29:5.550000",
  "BandwidthPerPixelPhaseEncode": 16.578,
  "BaseResolution": 104,
  "BodyPartExamined": "BRAIN",
  "CoilCombinationMethod": "Sum of Squares",
  "ConsistencyInfo": "N4_VE11C_LATEST_20160120",
  "ConversionSoftware": "dcm2niix",
  "ConversionSoftwareVersion": "v1.0.20220720",
  "DerivedVendorReportedEchoSpacing": 0.000580009,
  "DeviceSerialNumber": "67026",
  "DwellTime": 2.1e-06,
  "EchoTime": 0.066,
  "EchoTrainLength": 104,
  "EffectiveEchoSpacing": 0.000580009,
  "FlipAngle": 90,
  "HeudiconvVersion": "0.11.4",
  "ImageOrientationPatientDICOM": [
    0.995046,
    0.0255536,
    -0.0960731,
    -0.0589424,
    0.929864,
    -0.363151
  ],
  "ImageOrientationText": "Tra>Cor(-21.6)>Sag(-4.6)",
  "ImageType": [
    "ORIGINAL",
    "PRIMARY",
    "M",
    "ND",
    "MOSAIC"
  ],
  "ImagingFrequency": 123.232,
  "InPlanePhaseEncodingDirectionDICOM": "COL",
  "InstitutionAddress": "13th St. 149,Charlestown,MA,US,02129",
  "InstitutionName": "MGH PrismaFit-Bay4",
  "InstitutionalDepartmentName": "Martinos Center",
  "MRAcquisitionType": "2D",
  "MagneticFieldStrength": 3,
  "Manufacturer": "Siemens",
  "ManufacturersModelName": "Prisma_fit",
  "MatrixCoilMode": "SENSE",
  "Modality": "MR",
  "NonlinearGradientCorrection": false,
  "PartialFourier": 1,
  "PatientPosition": "HFS",
  "PercentPhaseFOV": 100,
  "PercentSampling": 100,
  "PhaseEncodingDirection": "j",
  "PhaseEncodingSteps": 104,
  "PhaseResolution": 1,
  "PixelBandwidth": 2290,
  "ProcedureStepDescription": "INVESTIGATORS^Greve",
  "ProtocolName": "SpinEchoFieldMap_PA",
  "PulseSequenceDetails": "%CustomerSeq%\\hcp_mbep2d_se",
  "ReceiveCoilActiveElements": "HEA;HEP",
  "ReceiveCoilName": "Head_32",
  "ReconMatrixPE": 104,
  "RepetitionTime": 8,
  "SAR": 0.168198,
  "ScanOptions": "FS",
  "ScanningSequence": "EP",
  "SequenceName": "epse2d1_104",
  "SequenceVariant": "SK",
  "SeriesDescription": "SpinEchoFieldMap_PA",
  "SeriesNumber": 17,
  "ShimSetting": [
    -1275,
    -10376,
    -10218,
    472,
    100,
    109,
    54,
    -22
  ],
  "SliceThickness": 2,
  "SliceTiming": [
    3.99,
    0,
    4.1,
    0.11,
    4.2125,
    0.2225,
    4.3225,
    0.3325,
    4.4325,
    0.4425,
    4.545,
    0.555,
    4.655,
    0.665,
    4.765,
    0.775,
    4.8775,
    0.8875,
    4.9875,
    0.9975,
    5.0975,
    1.1075,
    5.21,
    1.22,
    5.32,
    1.33,
    5.43,
    1.44,
    5.5425,
    1.5525,
    5.6525,
    1.6625,
    5.7625,
    1.7725,
    5.875,
    1.885,
    5.985,
    1.995,
    6.095,
    2.105,
    6.2075,
    2.2175,
    6.3175,
    2.3275,
    6.4275,
    2.4375,
    6.54,
    2.55,
    6.65,
    2.66,
    6.76,
    2.77,
    6.8725,
    2.8825,
    6.9825,
    2.9925,
    7.0925,
    3.1025,
    7.205,
    3.215,
    7.315,
    3.325,
    7.425,
    3.435,
    7.5375,
    3.5475,
    7.6475,
    3.6575,
    7.7575,
    3.7675,
    7.87,
    3.88
  ],
  "SoftwareVersions": "syngo MR E11",
  "SpacingBetweenSlices": 2,
  "StationName": "BAY4OC",
  "TotalReadoutTime": 0.0597409,
  "TxRefAmp": 285.736,
  "VendorReportedEchoSpacing": 0.00058,
  "WipMemBlock": "6afc2a67-f44f-4a4e-9c6b-08c7095fe230||Sequence: ve11c/master r/5b0256d+; Dec  9 2016 09:59:18 by eja",
  "dcmmeta_affine": [
    [
      -1.990092396736145,
      -0.11788474023342133,
      -0.16011029481887817,
      112.78031158447266
    ],
    [
      -0.051107168197631836,
      1.8597283363342285,
      -0.7340290546417236,
      -50.12189483642578
    ],
    [
      -0.19214622676372528,
      0.7263014316558838,
      1.8535280227661133,
      -76.64768981933594
    ],
    [
      0,
      0,
      0,
      1
    ]
  ],
  "dcmmeta_reorient_transform": [
    [
      0,
      -1,
      0,
      103
    ],
    [
      1,
      0,
      0,
      0
    ],
    [
      0,
      0,
      1,
      0
    ],
    [
      0,
      0,
      0,
      1
    ]
  ],
  "dcmmeta_shape": [
    104,
    104,
    72,
    3
  ],
  "dcmmeta_slice_dim": 2,
  "dcmmeta_version": 0.6,
  "time": {
    "samples": {
      "AcquisitionNumber": [
        1,
        2,
        3
      ],
      "AcquisitionTime": [
        "082905.550000",
        "082913.550000",
        "082921.550000"
      ],
      "ContentTime": [
        "082926.017000",
        "082926.021000",
        "082926.031000"
      ],
      "InstanceCreationTime": [
        "082926.017000",
        "082926.021000",
        "082926.031000"
      ],
      "InstanceNumber": [
        1,
        2,
        3
      ],
      "WindowCenter": [
        8081,
        8088,
        8084
      ],
      "WindowWidth": [
        17889,
        17936,
        17911
      ]
    },
    "slices": {}
  }
}
