{
  "AcquisitionMatrixPE": 256,
  "AcquisitionNumber": 1,
  "AcquisitionTime": "09:17:3.960000",
  "BaseResolution": 256,
  "BodyPartExamined": "BRAIN",
  "CoilCombinationMethod": "Adaptive Combine",
  "ConsistencyInfo": "N4_VE11C_LATEST_20160120",
  "ConversionSoftware": "dcm2niix",
  "ConversionSoftwareVersion": "v1.0.20220720",
  "DeviceSerialNumber": "67026",
  "DwellTime": 2.8e-06,
  "EchoTime": 0.394,
  "EchoTrainLength": 254,
  "FlipAngle": 120,
  "HeudiconvVersion": "0.11.4",
  "ImageOrientationPatientDICOM": [
    -0.0349364,
    0.99499,
    -0.0936718,
    -0.0932947,
    -0.0965667,
    -0.990945
  ],
  "ImageOrientationText": "Sag>Tra(5.5)>Cor(-1.5)",
  "ImageType": [
    "ORIGINAL",
    "PRIMARY",
    "M",
    "ND",
    "NORM"
  ],
  "ImagingFrequency": 123.232,
  "InPlanePhaseEncodingDirectionDICOM": "ROW",
  "InstitutionAddress": "13th St. 149,Charlestown,MA,US,02129",
  "InstitutionName": "MGH PrismaFit-Bay4",
  "InstitutionalDepartmentName": "Martinos Center",
  "InversionTime": 1.8,
  "MRAcquisitionType": "3D",
  "MagneticFieldStrength": 3,
  "Manufacturer": "Siemens",
  "ManufacturersModelName": "Prisma_fit",
  "MatrixCoilMode": "GRAPPA",
  "Modality": "MR",
  "NonlinearGradientCorrection": false,
  "ParallelReductionFactorInPlane": 2,
  "PartialFourier": 1,
  "PatientPosition": "HFS",
  "PercentPhaseFOV": 100,
  "PercentSampling": 100,
  "PhaseEncodingDirection": "i",
  "PhaseEncodingSteps": 209,
  "PhaseResolution": 1,
  "PixelBandwidth": 700,
  "ProcedureStepDescription": "INVESTIGATORS^Greve",
  "ProtocolName": "t2_flair_sag_p2_1mm_FS_ellip_pf78",
  "PulseSequenceDetails": "%SiemensSeq%\\tse_vfl",
  "ReceiveCoilActiveElements": "HEA;HEP",
  "ReceiveCoilName": "Head_32",
  "ReconMatrixPE": 256,
  "RefLinesPE": 24,
  "RepetitionTime": 5,
  "SAR": 0.12213,
  "ScanOptions": "IR\\PFP\\FS",
  "ScanningSequence": "SE\\IR",
  "SequenceName": "*spcir_284ns",
  "SequenceVariant": "SK\\SP\\MP",
  "SeriesDescription": "t2_flair_sag_p2_1mm_FS_ellip_pf78",
  "SeriesNumber": 47,
  "ShimSetting": [
    -1277,
    -10398,
    -10254,
    314,
    122,
    8,
    124,
    -26
  ],
  "SliceThickness": 1.05,
  "SoftwareVersions": "syngo MR E11",
  "SpoilingState": true,
  "StationName": "BAY4OC",
  "TxRefAmp": 285.736,
  "dcmmeta_affine": [
    [
      1.0447766780853271,
      -0.034936368465423584,
      -0.0932946503162384,
      -83.23125457763672
    ],
    [
      0.027174971997737885,
      0.9949899911880493,
      -0.09656672179698944,
      -77.31258392333984
    ],
    [
      0.10101098567247391,
      0.09367179125547409,
      0.990944504737854,
      -164.9927520751953
    ],
    [
      0,
      0,
      0,
      1
    ]
  ],
  "dcmmeta_reorient_transform": [
    [
      0,
      0,
      -1,
      255
    ],
    [
      0,
      -1,
      0,
      255
    ],
    [
      -1,
      0,
      0,
      191
    ],
    [
      0,
      0,
      0,
      1
    ]
  ],
  "dcmmeta_shape": [
    192,
    256,
    256
  ],
  "dcmmeta_slice_dim": 0,
  "dcmmeta_version": 0.6
}
