{
  "AcquisitionMatrixPE": 140,
  "AcquisitionNumber": 1,
  "AcquisitionTime": "10:04:27.920000",
  "BandwidthPerPixelPhaseEncode": 10.352,
  "BaseResolution": 140,
  "BodyPartExamined": "BRAIN",
  "CoilCombinationMethod": "Sum of Squares",
  "ConsistencyInfo": "N4_VE11C_LATEST_20160120",
  "ConversionSoftware": "dcm2niix",
  "ConversionSoftwareVersion": "v1.0.20220720",
  "DerivedVendorReportedEchoSpacing": 0.000689998,
  "DeviceSerialNumber": "67026",
  "DiffusionScheme": "Monopolar",
  "DwellTime": 2.1e-06,
  "EchoTime": 0.0892,
  "EchoTrainLength": 105,
  "EffectiveEchoSpacing": 0.000689998,
  "FlipAngle": 78,
  "HeudiconvVersion": "0.11.4",
  "ImageComments": "Unaliased MB4/PE3/LB SENSE1",
  "ImageOrientationPatientDICOM": [
    0.995463,
    0.013411,
    0.0942023,
    0.0105986,
    0.968229,
    -0.249839
  ],
  "ImageOrientationText": "Tra>Cor(-14.5)>Sag(5.4)",
  "ImageType": [
    "ORIGINAL",
    "PRIMARY",
    "DIFFUSION",
    "NONE",
    "MB",
    "ND",
    "MOSAIC"
  ],
  "ImagingFrequency": 123.178,
  "InPlanePhaseEncodingDirectionDICOM": "COL",
  "InstitutionAddress": "13th St. 149,Charlestown,MA,US,02129",
  "InstitutionName": "Martinos Center Bay 4 Prisma",
  "InstitutionalDepartmentName": "Martinos Center",
  "MRAcquisitionType": "2D",
  "MagneticFieldStrength": 3,
  "Manufacturer": "Siemens",
  "ManufacturersModelName": "Prisma_fit",
  "MatrixCoilMode": "SENSE",
  "Modality": "MR",
  "MultibandAccelerationFactor": 4,
  "NonlinearGradientCorrection": false,
  "PartialFourier": 0.75,
  "PatientPosition": "HFS",
  "PercentPhaseFOV": 100,
  "PercentSampling": 100,
  "PhaseEncodingDirection": "j-",
  "PhaseEncodingSteps": 105,
  "PhaseResolution": 1,
  "PixelBandwidth": 1700,
  "ProcedureStepDescription": "INVESTIGATORS^Greve",
  "ProtocolName": "dMRI_dir98_AP",
  "PulseSequenceDetails": "%CustomerSeq%\\hcp_mbep2d_diff",
  "ReceiveCoilActiveElements": "HEA;HEP",
  "ReceiveCoilName": "Head_32",
  "ReconMatrixPE": 140,
  "RepetitionTime": 3.23,
  "SAR": 0.149189,
  "ScanOptions": "PFP\\EXT",
  "ScanningSequence": "EP",
  "SequenceName": "ep_b5#1",
  "SequenceVariant": "SK\\SS",
  "SeriesDescription": "dMRI_dir98_AP",
  "SeriesNumber": 37,
  "ShimSetting": [
    -1197,
    -10501,
    -10158,
    373,
    130,
    167,
    74,
    20
  ],
  "SliceThickness": 1.5,
  "SliceTiming": [
    0,
    1.675,
    0.14,
    1.815,
    0.28,
    1.955,
    0.42,
    2.0925,
    0.5575,
    2.2325,
    0.6975,
    2.3725,
    0.8375,
    2.5125,
    0.9775,
    2.6525,
    1.1175,
    2.7925,
    1.255,
    2.93,
    1.395,
    3.07,
    1.535,
    0,
    1.675,
    0.14,
    1.815,
    0.28,
    1.955,
    0.42,
    2.0925,
    0.5575,
    2.2325,
    0.6975,
    2.3725,
    0.8375,
    2.5125,
    0.9775,
    2.6525,
    1.1175,
    2.7925,
    1.255,
    2.93,
    1.395,
    3.07,
    1.535,
    0,
    1.675,
    0.14,
    1.815,
    0.28,
    1.955,
    0.42,
    2.0925,
    0.5575,
    2.2325,
    0.6975,
    2.3725,
    0.8375,
    2.5125,
    0.9775,
    2.6525,
    1.1175,
    2.7925,
    1.255,
    2.93,
    1.395,
    3.07,
    1.535,
    0,
    1.675,
    0.14,
    1.815,
    0.28,
    1.955,
    0.42,
    2.0925,
    0.5575,
    2.2325,
    0.6975,
    2.3725,
    0.8375,
    2.5125,
    0.9775,
    2.6525,
    1.1175,
    2.7925,
    1.255,
    2.93,
    1.395,
    3.07,
    1.535
  ],
  "SoftwareVersions": "syngo MR E11",
  "SpacingBetweenSlices": 1.5,
  "StationName": "BAY4OC",
  "TotalReadoutTime": 0.0959097,
  "TxRefAmp": 214.826,
  "WipMemBlock": "be32fb72-e9df-4024-8dd4-e100f1925542||Sequence: ve11c/master r/5b0256d+; Dec  9 2016 09:48:43 by eja",
  "dcmmeta_affine": [
    [
      -1.4931941032409668,
      0.015897860750555992,
      0.14183996617794037,
      107.15782165527344
    ],
    [
      -0.020116545259952545,
      1.4523439407348633,
      -0.37455636262893677,
      -66.90028381347656
    ],
    [
      0.14130337536334991,
      0.37475913763046265,
      1.4455410242080688,
      -84.6215591430664
    ],
    [
      0,
      0,
      0,
      1
    ]
  ],
  "dcmmeta_reorient_transform": [
    [
      0,
      -1,
      0,
      139
    ],
    [
      1,
      0,
      0,
      0
    ],
    [
      0,
      0,
      1,
      0
    ],
    [
      0,
      0,
      0,
      1
    ]
  ],
  "dcmmeta_shape": [
    140,
    140,
    92,
    99
  ],
  "dcmmeta_slice_dim": 2,
  "dcmmeta_version": 0.6,
  "time": {
    "samples": {
      "AcquisitionNumber": [
        1,
        2,
        3,
        4,
        5,
        6,
        7,
        8,
        9,
        10,
        11,
        12,
        13,
        14,
        15,
        16,
        17,
        18,
        19,
        20,
        21,
        22,
        23,
        24,
        25,
        26,
        27,
        28,
        29,
        30,
        31,
        32,
        33,
        34,
        35,
        36,
        37,
        38,
        39,
        40,
        41,
        42,
        43,
        44,
        45,
        46,
        47,
        48,
        49,
        50,
        51,
        52,
        53,
        54,
        55,
        56,
        57,
        58,
        59,
        60,
        61,
        62,
        63,
        64,
        65,
        66,
        67,
        68,
        69,
        70,
        71,
        72,
        73,
        74,
        75,
        76,
        77,
        78,
        79,
        80,
        81,
        82,
        83,
        84,
        85,
        86,
        87,
        88,
        89,
        90,
        91,
        92,
        93,
        94,
        95,
        96,
        97,
        98,
        99
      ],
      "AcquisitionTime": [
        "100427.920000",
        "100431.150000",
        "100434.380000",
        "100437.610000",
        "100440.840000",
        "100444.070000",
        "100447.300000",
        "100450.530000",
        "100453.760000",
        "100456.990000",
        "100500.220000",
        "100503.450000",
        "100506.680000",
        "100509.910000",
        "100513.140000",
        "100516.370000",
        "100519.600000",
        "100522.830000",
        "100526.060000",
        "100529.290000",
        "100532.520000",
        "100535.750000",
        "100538.980000",
        "100542.210000",
        "100545.440000",
        "100548.670000",
        "100551.900000",
        "100555.130000",
        "100558.360000",
        "100601.590000",
        "100604.820000",
        "100608.050000",
        "100611.280000",
        "100614.510000",
        "100617.740000",
        "100620.970000",
        "100624.200000",
        "100627.430000",
        "100630.660000",
        "100633.890000",
        "100637.120000",
        "100640.350000",
        "100643.580000",
        "100646.810000",
        "100650.040000",
        "100653.270000",
        "100656.500000",
        "100659.730000",
        "100702.960000",
        "100706.190000",
        "100709.420000",
        "100712.650000",
        "100715.880000",
        "100719.110000",
        "100722.340000",
        "100725.570000",
        "100728.800000",
        "100732.030000",
        "100735.260000",
        "100738.490000",
        "100741.720000",
        "100744.950000",
        "100748.180000",
        "100751.410000",
        "100754.640000",
        "100757.870000",
        "100801.100000",
        "100804.330000",
        "100807.560000",
        "100810.790000",
        "100814.020000",
        "100817.250000",
        "100820.480000",
        "100823.710000",
        "100826.940000",
        "100830.170000",
        "100833.400000",
        "100836.630000",
        "100839.860000",
        "100843.090000",
        "100846.320000",
        "100849.550000",
        "100852.780000",
        "100856.010000",
        "100859.240000",
        "100902.470000",
        "100905.700000",
        "100908.930000",
        "100912.160000",
        "100915.390000",
        "100918.620000",
        "100921.850000",
        "100925.080000",
        "100928.310000",
        "100931.540000",
        "100934.770000",
        "100938.000000",
        "100941.230000",
        "100944.460000"
      ],
      "ContentTime": [
        "100542.365000",
        "100542.378000",
        "100542.384000",
        "100542.388000",
        "100542.391000",
        "100542.395000",
        "100542.403000",
        "100542.407000",
        "100542.415000",
        "100542.419000",
        "100542.422000",
        "100542.425000",
        "100542.429000",
        "100542.432000",
        "100542.435000",
        "100542.439000",
        "100542.442000",
        "100542.446000",
        "100542.449000",
        "100542.452000",
        "100542.456000",
        "100542.459000",
        "100642.321000",
        "100642.325000",
        "100642.328000",
        "100642.332000",
        "100642.336000",
        "100642.339000",
        "100642.342000",
        "100642.345000",
        "100642.349000",
        "100642.352000",
        "100642.355000",
        "100642.359000",
        "100642.362000",
        "100642.365000",
        "100642.369000",
        "100642.372000",
        "100642.381000",
        "100642.385000",
        "100642.388000",
        "100802.321000",
        "100802.325000",
        "100802.328000",
        "100802.332000",
        "100802.335000",
        "100802.338000",
        "100802.341000",
        "100802.345000",
        "100802.348000",
        "100802.359000",
        "100802.362000",
        "100802.366000",
        "100802.369000",
        "100802.372000",
        "100802.376000",
        "100802.379000",
        "100802.382000",
        "100802.386000",
        "100802.397000",
        "100802.400000",
        "100802.403000",
        "100802.406000",
        "100802.410000",
        "100802.413000",
        "100802.417000",
        "100922.321000",
        "100922.325000",
        "100922.329000",
        "100922.332000",
        "100922.335000",
        "100922.339000",
        "100922.342000",
        "100922.345000",
        "100922.349000",
        "100922.355000",
        "100922.359000",
        "100922.362000",
        "100922.365000",
        "100922.369000",
        "100922.373000",
        "100922.376000",
        "100922.380000",
        "100922.383000",
        "100922.387000",
        "100922.390000",
        "100922.408000",
        "100922.412000",
        "100922.415000",
        "100922.418000",
        "100948.510000",
        "100948.514000",
        "100948.518000",
        "100948.521000",
        "100948.525000",
        "100948.529000",
        "100948.532000",
        "100948.536000",
        "100948.539000"
      ],
      "InstanceCreationTime": [
        "100542.365000",
        "100542.378000",
        "100542.384000",
        "100542.388000",
        "100542.391000",
        "100542.395000",
        "100542.403000",
        "100542.407000",
        "100542.415000",
        "100542.419000",
        "100542.422000",
        "100542.425000",
        "100542.429000",
        "100542.432000",
        "100542.435000",
        "100542.439000",
        "100542.442000",
        "100542.446000",
        "100542.449000",
        "100542.452000",
        "100542.456000",
        "100542.459000",
        "100642.321000",
        "100642.325000",
        "100642.328000",
        "100642.332000",
        "100642.336000",
        "100642.339000",
        "100642.342000",
        "100642.345000",
        "100642.349000",
        "100642.352000",
        "100642.355000",
        "100642.359000",
        "100642.362000",
        "100642.365000",
        "100642.369000",
        "100642.372000",
        "100642.381000",
        "100642.385000",
        "100642.388000",
        "100802.321000",
        "100802.325000",
        "100802.328000",
        "100802.332000",
        "100802.335000",
        "100802.338000",
        "100802.341000",
        "100802.345000",
        "100802.348000",
        "100802.359000",
        "100802.362000",
        "100802.366000",
        "100802.369000",
        "100802.372000",
        "100802.376000",
        "100802.379000",
        "100802.382000",
        "100802.386000",
        "100802.397000",
        "100802.400000",
        "100802.403000",
        "100802.406000",
        "100802.410000",
        "100802.413000",
        "100802.417000",
        "100922.321000",
        "100922.325000",
        "100922.329000",
        "100922.332000",
        "100922.335000",
        "100922.339000",
        "100922.342000",
        "100922.345000",
        "100922.349000",
        "100922.355000",
        "100922.359000",
        "100922.362000",
        "100922.365000",
        "100922.369000",
        "100922.373000",
        "100922.376000",
        "100922.380000",
        "100922.383000",
        "100922.387000",
        "100922.390000",
        "100922.408000",
        "100922.412000",
        "100922.415000",
        "100922.418000",
        "100948.510000",
        "100948.514000",
        "100948.518000",
        "100948.521000",
        "100948.525000",
        "100948.529000",
        "100948.532000",
        "100948.536000",
        "100948.539000"
      ],
      "InstanceNumber": [
        1,
        2,
        3,
        4,
        5,
        6,
        7,
        8,
        9,
        10,
        11,
        12,
        13,
        14,
        15,
        16,
        17,
        18,
        19,
        20,
        21,
        22,
        23,
        24,
        25,
        26,
        27,
        28,
        29,
        30,
        31,
        32,
        33,
        34,
        35,
        36,
        37,
        38,
        39,
        40,
        41,
        42,
        43,
        44,
        45,
        46,
        47,
        48,
        49,
        50,
        51,
        52,
        53,
        54,
        55,
        56,
        57,
        58,
        59,
        60,
        61,
        62,
        63,
        64,
        65,
        66,
        67,
        68,
        69,
        70,
        71,
        72,
        73,
        74,
        75,
        76,
        77,
        78,
        79,
        80,
        81,
        82,
        83,
        84,
        85,
        86,
        87,
        88,
        89,
        90,
        91,
        92,
        93,
        94,
        95,
        96,
        97,
        98,
        99
      ],
      "LargestImagePixelValue": [
        41709,
        40798,
        5499,
        2435,
        6363,
        2728,
        6005,
        2394,
        5457,
        2595,
        5909,
        2536,
        6015,
        2754,
        5387,
        2843,
        5560,
        37385,
        2601,
        5491,
        2447,
        5351,
        2657,
        5473,
        2367,
        5770,
        2544,
        6068,
        2485,
        5606,
        2381,
        5857,
        2784,
        41758,
        6392,
        2491,
        5268,
        2617,
        5800,
        2461,
        6236,
        2603,
        5902,
        2499,
        5321,
        2564,
        5914,
        2871,
        6110,
        40761,
        3127,
        5368,
        2318,
        5901,
        2583,
        5278,
        2504,
        6088,
        2462,
        5513,
        2784,
        5683,
        2575,
        5699,
        2824,
        39690,
        6261,
        2627,
        5243,
        2446,
        6565,
        2952,
        5451,
        2756,
        6162,
        2194,
        5337,
        2432,
        5323,
        2307,
        5622,
        37809,
        2658,
        6087,
        2334,
        6039,
        2615,
        5135,
        2385,
        5689,
        2613,
        6130,
        2218,
        5710,
        2948,
        5653,
        2453,
        5735,
        2539
      ],
      "SequenceName": [
        "ep_b5#1",
        "ep_b5#1",
        "ep_b1490#2",
        "ep_b2990#3",
        "ep_b1495#4",
        "ep_b3005#5",
        "ep_b1500#6",
        "ep_b2990#7",
        "ep_b1500#8",
        "ep_b3005#9",
        "ep_b1490#10",
        "ep_b2995#11",
        "ep_b1490#12",
        "ep_b2990#13",
        "ep_b1500#14",
        "ep_b2985#15",
        "ep_b1505#16",
        "ep_b5#17",
        "ep_b3005#18",
        "ep_b1490#19",
        "ep_b2995#20",
        "ep_b1500#21",
        "ep_b3000#22",
        "ep_b1500#23",
        "ep_b3005#24",
        "ep_b1490#25",
        "ep_b2980#26",
        "ep_b1505#27",
        "ep_b2990#28",
        "ep_b1500#29",
        "ep_b3000#30",
        "ep_b1490#31",
        "ep_b3005#32",
        "ep_b5#33",
        "ep_b1505#34",
        "ep_b3000#35",
        "ep_b1490#36",
        "ep_b2980#37",
        "ep_b1495#38",
        "ep_b2995#39",
        "ep_b1505#40",
        "ep_b2995#41",
        "ep_b1505#42",
        "ep_b2990#43",
        "ep_b1495#44",
        "ep_b3000#45",
        "ep_b1495#46",
        "ep_b3000#47",
        "ep_b1485#48",
        "ep_b5#49",
        "ep_b3005#50",
        "ep_b1500#51",
        "ep_b2990#52",
        "ep_b1505#53",
        "ep_b2995#54",
        "ep_b1490#55",
        "ep_b2985#56",
        "ep_b1490#57",
        "ep_b2995#58",
        "ep_b1500#59",
        "ep_b3000#60",
        "ep_b1500#61",
        "ep_b2985#62",
        "ep_b1500#63",
        "ep_b2990#64",
        "ep_b5#65",
        "ep_b1505#66",
        "ep_b3005#67",
        "ep_b1495#68",
        "ep_b3000#69",
        "ep_b1505#70",
        "ep_b3010#71",
        "ep_b1500#72",
        "ep_b3005#73",
        "ep_b1490#74",
        "ep_b2995#75",
        "ep_b1495#76",
        "ep_b2995#77",
        "ep_b1500#78",
        "ep_b3000#79",
        "ep_b1490#80",
        "ep_b5#81",
        "ep_b2985#82",
        "ep_b1500#83",
        "ep_b2985#84",
        "ep_b1490#85",
        "ep_b2995#86",
        "ep_b1495#87",
        "ep_b2995#88",
        "ep_b1490#89",
        "ep_b2980#90",
        "ep_b1500#91",
        "ep_b3000#92",
        "ep_b1490#93",
        "ep_b3005#94",
        "ep_b1495#95",
        "ep_b2990#96",
        "ep_b1500#97",
        "ep_b3000#98"
      ],
      "TriggerTime": [
        18775,
        22005,
        25235,
        28465,
        31695,
        34925,
        38155,
        41385,
        44615,
        47845,
        51075,
        54305,
        57535,
        60765,
        63995,
        67225,
        70455,
        73685,
        76915,
        80145,
        83375,
        86605,
        89835,
        93065,
        96295,
        99525,
        102755,
        105985,
        109215,
        112445,
        115675,
        118905,
        122135,
        125365,
        128595,
        131825,
        135055,
        138285,
        141515,
        144745,
        147975,
        151205,
        154435,
        157665,
        160895,
        164125,
        167355,
        170585,
        173815,
        177045,
        180275,
        183505,
        186735,
        189965,
        193195,
        196425,
        199655,
        202885,
        206115,
        209345,
        212575,
        215805,
        219035,
        222265,
        225495,
        228725,
        231955,
        235185,
        238415,
        241645,
        244875,
        248105,
        251335,
        254565,
        257795,
        261025,
        264255,
        267485,
        270715,
        273945,
        277175,
        280405,
        283635,
        286865,
        290095,
        293325,
        296555,
        299785,
        303015,
        306245,
        309475,
        312705,
        315935,
        319165,
        322395,
        325625,
        328855,
        332085,
        335315
      ],
      "WindowCenter": [
        4401,
        4399,
        1455,
        850,
        1494,
        885,
        1480,
        824,
        1456,
        844,
        1453,
        865,
        1495,
        895,
        1454,
        878,
        1453,
        4285,
        863,
        1472,
        849,
        1465,
        865,
        1453,
        841,
        1451,
        846,
        1466,
        865,
        1468,
        824,
        1469,
        874,
        4416,
        1466,
        847,
        1426,
        858,
        1450,
        870,
        1478,
        846,
        1451,
        863,
        1456,
        847,
        1451,
        880,
        1481,
        4385,
        899,
        1466,
        830,
        1451,
        867,
        1454,
        866,
        1482,
        845,
        1468,
        872,
        1449,
        845,
        1494,
        890,
        4346,
        1463,
        867,
        1456,
        851,
        1478,
        876,
        1465,
        856,
        1450,
        841,
        1470,
        868,
        1468,
        823,
        1452,
        4297,
        862,
        1466,
        821,
        1479,
        866,
        1440,
        824,
        1450,
        859,
        1467,
        828,
        1494,
        876,
        1465,
        853,
        1451,
        860
      ],
      "WindowWidth": [
        9945,
        9974,
        3738,
        2326,
        3814,
        2400,
        3790,
        2265,
        3744,
        2306,
        3732,
        2362,
        3820,
        2436,
        3740,
        2394,
        3736,
        9777,
        2353,
        3781,
        2324,
        3755,
        2362,
        3732,
        2311,
        3726,
        2311,
        3755,
        2363,
        3769,
        2264,
        3769,
        2378,
        9999,
        3755,
        2317,
        3680,
        2337,
        3725,
        2381,
        3778,
        2312,
        3730,
        2354,
        3743,
        2316,
        3725,
        2401,
        3787,
        9949,
        2430,
        3761,
        2289,
        3728,
        2371,
        3739,
        2366,
        3795,
        2311,
        3765,
        2371,
        3722,
        2309,
        3821,
        2420,
        9858,
        3747,
        2368,
        3743,
        2333,
        3777,
        2383,
        3758,
        2330,
        3721,
        2311,
        3771,
        2375,
        3766,
        2264,
        3732,
        9796,
        2349,
        3758,
        2257,
        3783,
        2365,
        3707,
        2267,
        3722,
        2341,
        3759,
        2281,
        3817,
        2386,
        3758,
        2336,
        3726,
        2345
      ]
    },
