{
  "AcquisitionMatrixPE": 240,
  "AcquisitionNumber": 1,
  "AcquisitionTime": "08:58:34.340000",
  "BaseResolution": 256,
  "BodyPartExamined": "BRAIN",
  "CoilCombinationMethod": "Adaptive Combine",
  "ConsistencyInfo": "N4_VE11C_LATEST_20160120",
  "ConversionSoftware": "dcm2niix",
  "ConversionSoftwareVersion": "v1.0.20220720",
  "DeviceSerialNumber": "67026",
  "DwellTime": 8.2e-06,
  "EchoTime": 0.00298,
  "HeudiconvVersion": "0.11.4",
  "ImageOrientationPatientDICOM": [
    -0.00835156,
    0.986452,
    0.16384,
    0.00417407,
    0.163879,
    -0.986472
  ],
  "ImageOrientationText": "Sag>Cor(-0.4)>Tra(-0.3)",
  "ImageType": [
    "DERIVED",
    "PRIMARY",
    "T1 MAP",
    "ND"
  ],
  "ImagingFrequency": 123.23,
  "InPlanePhaseEncodingDirectionDICOM": "ROW",
  "InstitutionAddress": "13th St. 149,Charlestown,MA,US,02129",
  "InstitutionName": "Martinos Center Bay 4 Prisma",
  "InstitutionalDepartmentName": "Martinos Center",
  "MRAcquisitionType": "3D",
  "MagneticFieldStrength": 3,
  "Manufacturer": "Siemens",
  "ManufacturersModelName": "Prisma_fit",
  "MatrixCoilMode": "GRAPPA",
  "Modality": "MR",
  "NonlinearGradientCorrection": false,
  "ParallelReductionFactorInPlane": 3,
  "PartialFourier": 1,
  "PatientPosition": "HFS",
  "PercentPhaseFOV": 93.75,
  "PercentSampling": 100,
  "PhaseEncodingSteps": 238,
  "PhaseResolution": 1,
  "PixelBandwidth": 240,
  "ProcedureStepDescription": "INVESTIGATORS^Greve",
  "ProtocolName": "t1_mp2rage_sag_p3_iso_TI_0700-2500",
  "PulseSequenceDetails": "%SiemensSeq%\\tfl",
  "RawImage": false,
  "ReceiveCoilActiveElements": "HEA;HEP",
  "ReceiveCoilName": "Head_32",
  "ReconMatrixPE": 240,
  "RefLinesPE": 32,
  "RepetitionTime": 5,
  "SAR": 0.0215303,
  "ScanOptions": "IR",
  "ScanningSequence": "GR\\IR",
  "SequenceName": "*tfl3d1_16ns",
  "SequenceVariant": "SK\\SP\\MP",
  "SeriesDescription": "t1_mp2rage_sag_p3_iso_TI_0700-2500_T1_Images",
  "SeriesNumber": 29,
  "ShimSetting": [
    -1260,
    -10448,
    -10248,
    273,
    82,
    -137,
    99,
    -32
  ],
  "SliceThickness": 1,
  "SoftwareVersions": "syngo MR E11",
  "SpoilingState": true,
  "StationName": "BAY4OC",
  "TxRefAmp": 253.459,
  "dcmmeta_affine": [
    [
      0.9999564290046692,
      -0.00835155975073576,
      0.0041740695014595985,
      -83.697265625
    ],
    [
      0.007554697338491678,
      0.9864515662193298,
      0.1638786941766739,
      -129.06866455078125
    ],
    [
      -0.005486160051077604,
      -0.16384001076221466,
      0.9864716529846191,
      -115.7297134399414
    ],
    [
      0,
      0,
      0,
      1
    ]
  ],
  "dcmmeta_reorient_transform": [
    [
      0,
      0,
      -1,
      255
    ],
    [
      0,
      -1,
      0,
      239
    ],
    [
      -1,
      0,
      0,
      175
    ],
    [
      0,
      0,
      0,
      1
    ]
  ],
  "dcmmeta_shape": [
    176,
    240,
    256
  ],
  "dcmmeta_slice_dim": 0,
  "dcmmeta_version": 0.6
}
