{
  "AccelFact3D": 2,
  "AcquisitionMatrixPE": 256,
  "AcquisitionNumber": 1,
  "AcquisitionTime": "15:50:50.622500",
  "BaseResolution": 256,
  "BodyPartExamined": "BRAIN",
  "CoilCombinationMethod": "Sum of Squares",
  "ConsistencyInfo": "N4_VE11C_LATEST_20160120",
  "ConversionSoftware": "dcm2niix",
  "ConversionSoftwareVersion": "v1.0.20220720",
  "DeviceSerialNumber": "67026",
  "DwellTime": 3e-06,
  "EchoTime": 0.00184,
  "EchoTrainLength": 12,
  "FlipAngle": 15,
  "HeudiconvVersion": "0.11.4",
  "ImageOrientationPatientDICOM": [
    -0.0145542,
    0.969209,
    0.245808,
    0.00403222,
    0.245889,
    -0.96929
  ],
  "ImageOrientationText": "Sag>Cor(-0.8)>Tra(-0.4)",
  "ImageType": [
    "DERIVED",
    "PRIMARY",
    "T2",
    "STAR MAP",
    "ND",
    "NORM"
  ],
  "ImagingFrequency": 123.188,
  "InPlanePhaseEncodingDirectionDICOM": "ROW",
  "InstitutionAddress": "13th St. 149,Charlestown,MA,US,02129",
  "InstitutionName": "Martinos Center Bay 4 Prisma",
  "InstitutionalDepartmentName": "Martinos Center",
  "MRAcquisitionType": "3D",
  "MagneticFieldStrength": 3,
  "Manufacturer": "Siemens",
  "ManufacturersModelName": "Prisma_fit",
  "MatrixCoilMode": "GRAPPA",
  "Modality": "MR",
  "NonlinearGradientCorrection": false,
  "ParallelReductionFactorInPlane": 4,
  "PartialFourier": 1,
  "PatientPosition": "HFS",
  "PercentPhaseFOV": 100,
  "PercentSampling": 100,
  "PhaseEncodingDirection": "i",
  "PhaseEncodingSteps": 255,
  "PhaseResolution": 1,
  "PixelBandwidth": 650,
  "ProcedureStepDescription": "INVESTIGATORS^Greve",
  "ProtocolName": "gre3D_1iso_PAT2x2_12e",
  "PulseSequenceDetails": "%SiemensSeq%\\gre",
  "RawImage": false,
  "ReceiveCoilActiveElements": "HEA;HEP",
  "ReceiveCoilName": "Head_32",
  "ReconMatrixPE": 256,
  "RefLinesPE": 32,
  "RepetitionTime": 0.043,
  "SAR": 0.0170699,
  "ScanningSequence": "GR",
  "SequenceName": "*fl3d12_ns",
  "SequenceVariant": "SP",
  "SeriesDescription": "T2Star_Images",
  "SeriesNumber": 40,
  "ShimSetting": [
    -1208,
    -10639,
    -10252,
    307,
    186,
    -45,
    -32,
    33
  ],
  "SliceThickness": 1,
  "SoftwareVersions": "syngo MR E11",
  "StationName": "BAY4OC",
  "TxRefAmp": 218.44,
  "dcmmeta_affine": [
    [
      0.9998859763145447,
      -0.014554242603480816,
      0.004032224882394075,
      -88.29109954833984
    ],
    [
      0.013116122223436832,
      0.9692092537879944,
      0.24588900804519653,
      -130.3998565673828
    ],
    [
      -0.007486797869205475,
      -0.24580806493759155,
      0.9692896008491516,
      -102.35743713378906
    ],
    [
      0,
      0,
      0,
      1
    ]
  ],
  "dcmmeta_reorient_transform": [
    [
      0,
      0,
      -1,
      255
    ],
    [
      0,
      -1,
      0,
      255
    ],
    [
      -1,
      0,
      0,
      175
    ],
    [
      0,
      0,
      0,
      1
    ]
  ],
  "dcmmeta_shape": [
    176,
    256,
    256
  ],
  "dcmmeta_slice_dim": 0,
  "dcmmeta_version": 0.6
}
