{
  "AcquisitionMatrixPE": 64,
  "AcquisitionNumber": 1,
  "AcquisitionTime": "08:19:40.410000",
  "BaseResolution": 64,
  "BodyPartExamined": "BRAIN",
  "CoilCombinationMethod": "Sum of Squares",
  "ConsistencyInfo": "N4_VE11C_LATEST_20160120",
  "ConversionSoftware": "dcm2niix",
  "ConversionSoftwareVersion": "v1.0.20220720",
  "DeviceSerialNumber": "67026",
  "DwellTime": 1.31e-05,
  "EchoNumber": 2,
  "EchoTime": 0.00738,
  "EchoTime1": 0.00492,
  "EchoTime2": 0.00738,
  "FlipAngle": 60,
  "HeudiconvVersion": "0.11.4",
  "ImageOrientationPatientDICOM": [
    0.999932,
    0.00838058,
    0.0081279,
    -0.00366496,
    0.886342,
    -0.463017
  ],
  "ImageOrientationText": "Tra>Cor(-27.6)>Sag(0.6)",
  "ImageType": [
    "ORIGINAL",
    "PRIMARY",
    "P",
    "ND",
    "PHASE"
  ],
  "ImagingFrequency": 123.221,
  "InPlanePhaseEncodingDirectionDICOM": "ROW",
  "InstitutionAddress": "13th St. 149,Charlestown,MA,US,02129",
  "InstitutionName": "Martinos Center Bay 4 Prisma",
  "InstitutionalDepartmentName": "Martinos Center",
  "MRAcquisitionType": "2D",
  "MagneticFieldStrength": 3,
  "Manufacturer": "Siemens",
  "ManufacturersModelName": "Prisma_fit",
  "MatrixCoilMode": "SENSE",
  "Modality": "MR",
  "NonlinearGradientCorrection": false,
  "PartialFourier": 1,
  "PatientPosition": "HFS",
  "PercentPhaseFOV": 100,
  "PercentSampling": 100,
  "PhaseEncodingDirection": "i",
  "PhaseEncodingSteps": 64,
  "PhaseResolution": 1,
  "PixelBandwidth": 595,
  "ProcedureStepDescription": "INVESTIGATORS^Greve",
  "ProtocolName": "gre_field_mapping_2mm",
  "PulseSequenceDetails": "%SiemensSeq%\\gre_field_mapping",
  "ReceiveCoilActiveElements": "HEA;HEP",
  "ReceiveCoilName": "Head_32",
  "ReconMatrixPE": 64,
  "RepetitionTime": 0.701,
  "SAR": 0.146862,
  "ScanningSequence": "GR",
  "SequenceName": "*fm2d2r",
  "SequenceVariant": "SP",
  "SeriesDescription": "gre_field_mapping_2mm",
  "SeriesNumber": 15,
  "ShimSetting": [
    -1277,
    -10353,
    -10244,
    323,
    35,
    80,
    -163,
    0
  ],
  "SliceThickness": 2,
  "SliceTiming": [
    0.34375,
    0,
    0.35938,
    0.00781,
    0.36719,
    0.01562,
    0.375,
    0.02344,
    0.38281,
    0.03125,
    0.39844,
    0.04688,
    0.40625,
    0.05469,
    0.41406,
    0.0625,
    0.42188,
    0.07812,
    0.4375,
    0.08594,
    0.44531,
    0.09375,
    0.45312,
    0.10156,
    0.46094,
    0.10938,
    0.46875,
    0.125,
    0.48438,
    0.13281,
    0.49219,
    0.14062,
    0.5,
    0.15625,
    0.51562,
    0.16406,
    0.52344,
    0.17188,
    0.53125,
    0.17969,
    0.53906,
    0.1875,
    0.54688,
    0.20312,
    0.5625,
    0.21094,
    0.57031,
    0.21875,
    0.57812,
    0.22656,
    0.59375,
    0.24219,
    0.60156,
    0.25,
    0.60938,
    0.25781,
    0.61719,
    0.27344,
    0.63281,
    0.28125,
    0.64062,
    0.28906,
    0.64844,
    0.29688,
    0.65625,
    0.30469,
    0.66406,
    0.32031,
    0.67969,
    0.32812,
    0.6875,
    0.33594
  ],
  "SoftwareVersions": "syngo MR E11",
  "SpacingBetweenSlices": 2,
  "StationName": "BAY4OC",
  "TxRefAmp": 272.6,
  "dcmmeta_affine": [
    [
      -2.999795436859131,
      -0.010994873009622097,
      0.022168874740600586,
      96.15620422363281
    ],
    [
      -0.025141749531030655,
      2.6590259075164795,
      -0.9259109497070312,
      -34.47526931762695
    ],
    [
      0.02438371069729328,
      1.389050006866455,
      1.7726249694824219,
      -124.19818115234375
    ],
    [
      0,
      0,
      0,
      1
    ]
  ],
  "dcmmeta_reorient_transform": [
    [
      0,
      -1,
      0,
      63
    ],
    [
      1,
      0,
      0,
      0
    ],
    [
      0,
      0,
      -1,
      71
    ],
    [
      0,
      0,
      0,
      1
    ]
  ],
  "dcmmeta_shape": [
    64,
    64,
    72
  ],
  "dcmmeta_slice_dim": 2,
  "dcmmeta_version": 0.6
}
