{
  "AcquisitionMatrixPE": 64,
  "AcquisitionNumber": 1,
  "AcquisitionTime": "08:15:21.190000",
  "BaseResolution": 64,
  "BodyPartExamined": "BRAIN",
  "CoilCombinationMethod": "Sum of Squares",
  "ConsistencyInfo": "N4_VE11C_LATEST_20160120",
  "ConversionSoftware": "dcm2niix",
  "ConversionSoftwareVersion": "v1.0.20220720",
  "DeviceSerialNumber": "67026",
  "DwellTime": 1.31e-05,
  "EchoNumber": 2,
  "EchoTime": 0.00738,
  "EchoTime1": 0.00492,
  "EchoTime2": 0.00738,
  "FlipAngle": 60,
  "HeudiconvVersion": "0.11.4",
  "ImageOrientationPatientDICOM": [
    0.996891,
    -0.0689428,
    -0.038146,
    0.0637672,
    0.990311,
    -0.123363
  ],
  "ImageOrientationText": "Tra>Cor(-6.9)>Sag(-2.7)",
  "ImageType": [
    "ORIGINAL",
    "PRIMARY",
    "P",
    "ND",
    "PHASE"
  ],
  "ImagingFrequency": 123.186,
  "InPlanePhaseEncodingDirectionDICOM": "ROW",
  "InstitutionAddress": "13th St. 149,Charlestown,MA,US,02129",
  "InstitutionName": "Martinos Center Bay 4 Prisma",
  "InstitutionalDepartmentName": "Martinos Center",
  "MRAcquisitionType": "2D",
  "MagneticFieldStrength": 3,
  "Manufacturer": "Siemens",
  "ManufacturersModelName": "Prisma_fit",
  "MatrixCoilMode": "SENSE",
  "Modality": "MR",
  "NonlinearGradientCorrection": false,
  "PartialFourier": 1,
  "PatientPosition": "HFS",
  "PercentPhaseFOV": 100,
  "PercentSampling": 100,
  "PhaseEncodingDirection": "i",
  "PhaseEncodingSteps": 64,
  "PhaseResolution": 1,
  "PixelBandwidth": 595,
  "ProcedureStepDescription": "INVESTIGATORS^Greve",
  "ProtocolName": "gre_field_mapping_2mm",
  "PulseSequenceDetails": "%SiemensSeq%\\gre_field_mapping",
  "ReceiveCoilActiveElements": "HEA;HEP",
  "ReceiveCoilName": "Head_32",
  "ReconMatrixPE": 64,
  "RepetitionTime": 0.701,
  "SAR": 0.121881,
  "ScanningSequence": "GR",
  "SequenceName": "*fm2d2r",
  "SequenceVariant": "SP",
  "SeriesDescription": "gre_field_mapping_2mm",
  "SeriesNumber": 15,
  "ShimSetting": [
    -1208,
    -10543,
    -10170,
    654,
    176,
    123,
    16,
    6
  ],
  "SliceThickness": 2,
  "SliceTiming": [
    0.35156,
    0,
    0.35938,
    0.00781,
    0.375,
    0.02344,
    0.38281,
    0.03125,
    0.39062,
    0.03906,
    0.39844,
    0.05469,
    0.41406,
    0.0625,
    0.42188,
    0.07031,
    0.42969,
    0.07812,
    0.44531,
    0.08594,
    0.44531,
    0.10156,
    0.46094,
    0.10938,
    0.46875,
    0.11719,
    0.47656,
    0.13281,
    0.49219,
    0.14062,
    0.5,
    0.14844,
    0.50781,
    0.15625,
    0.51562,
    0.17188,
    0.53125,
    0.17969,
    0.53906,
    0.1875,
    0.54688,
    0.19531,
    0.55469,
    0.20312,
    0.57031,
    0.21875,
    0.57812,
    0.22656,
    0.58594,
    0.23438,
    0.59375,
    0.25,
    0.60938,
    0.25781,
    0.61719,
    0.26562,
    0.625,
    0.27344,
    0.63281,
    0.28125,
    0.64062,
    0.29688,
    0.65625,
    0.30469,
    0.66406,
    0.3125,
    0.67188,
    0.32031,
    0.6875,
    0.33594,
    0.69531,
    0.34375
  ],
  "SoftwareVersions": "syngo MR E11",
  "SpacingBetweenSlices": 2,
  "StationName": "BAY4OC",
  "TxRefAmp": 236.537,
  "dcmmeta_affine": [
    [
      -2.990673065185547,
      0.191301628947258,
      -0.09256267547607422,
      91.48747253417969
    ],
    [
      0.2068282961845398,
      2.9709322452545166,
      -0.24109363555908203,
      -76.22833251953125
    ],
    [
      -0.11443793773651123,
      0.37008851766586304,
      1.9832611083984375,
      -56.436119079589844
    ],
    [
      0,
      0,
      0,
      1
    ]
  ],
  "dcmmeta_reorient_transform": [
    [
      0,
      -1,
      0,
      63
    ],
    [
      1,
      0,
      0,
      0
    ],
    [
      0,
      0,
      -1,
      71
    ],
    [
      0,
      0,
      0,
      1
    ]
  ],
  "dcmmeta_shape": [
    64,
    64,
    72
  ],
  "dcmmeta_slice_dim": 2,
  "dcmmeta_version": 0.6
}
