{
  "AccelFact3D": 2,
  "AcquisitionMatrixPE": 256,
  "AcquisitionNumber": 1,
  "AcquisitionTime": "08:40:6.480000",
  "BaseResolution": 256,
  "BodyPartExamined": "BRAIN",
  "CoilCombinationMethod": "Sum of Squares",
  "ConsistencyInfo": "N4_VE11C_LATEST_20160120",
  "ConversionSoftware": "dcm2niix",
  "ConversionSoftwareVersion": "v1.0.20220720",
  "DeviceSerialNumber": "67026",
  "DwellTime": 3e-06,
  "EchoTime": 0.00184,
  "EchoTrainLength": 12,
  "FlipAngle": 15,
  "HeudiconvVersion": "0.11.4",
  "ImageOrientationPatientDICOM": [
    -0.0136201,
    0.987968,
    -0.154057,
    0.0660349,
    -0.152847,
    -0.986041
  ],
  "ImageOrientationText": "Sag>Tra(-3.6)>Cor(-1.4)",
  "ImageType": [
    "DERIVED",
    "PRIMARY",
    "T2",
    "STAR MAP",
    "ND",
    "NORM"
  ],
  "ImagingFrequency": 123.161,
  "InPlanePhaseEncodingDirectionDICOM": "ROW",
  "InstitutionAddress": "13th St. 149,Charlestown,MA,US,02129",
  "InstitutionName": "Martinos Center Bay 4 Prisma",
  "InstitutionalDepartmentName": "Martinos Center",
  "MRAcquisitionType": "3D",
  "MagneticFieldStrength": 3,
  "Manufacturer": "Siemens",
  "ManufacturersModelName": "Prisma_fit",
  "MatrixCoilMode": "GRAPPA",
  "Modality": "MR",
  "NonlinearGradientCorrection": false,
  "ParallelReductionFactorInPlane": 4,
  "PartialFourier": 1,
  "PatientPosition": "HFS",
  "PercentPhaseFOV": 100,
  "PercentSampling": 100,
  "PhaseEncodingDirection": "i",
  "PhaseEncodingSteps": 255,
  "PhaseResolution": 1,
  "PixelBandwidth": 650,
  "ProcedureStepDescription": "INVESTIGATORS^Greve",
  "ProtocolName": "gre3D_1iso_PAT2x2_12e",
  "PulseSequenceDetails": "%SiemensSeq%\\gre",
  "RawImage": false,
  "ReceiveCoilActiveElements": "HEA;HEP",
  "ReceiveCoilName": "Head_32",
  "ReconMatrixPE": 256,
  "RefLinesPE": 32,
  "RepetitionTime": 0.043,
  "SAR": 0.0201753,
  "ScanningSequence": "GR",
  "SequenceName": "*fl3d12_ns",
  "SequenceVariant": "SP",
  "SeriesDescription": "T2Star_Images",
  "SeriesNumber": 46,
  "ShimSetting": [
    -1178,
    -10518,
    -10126,
    246,
    161,
    -62,
    -56,
    -67
  ],
  "SliceThickness": 1,
  "SoftwareVersions": "syngo MR E11",
  "StationName": "BAY4OC",
  "TxRefAmp": 269.398,
  "dcmmeta_affine": [
    [
      0.9977243542671204,
      -0.013620112091302872,
      0.06603486090898514,
      -95.26053619384766
    ],
    [
      0.023603148758411407,
      0.9879680275917053,
      -0.1528465449810028,
      -67.19168853759766
    ],
    [
      -0.0631585419178009,
      0.1540573537349701,
      0.986041247844696,
      -176.69290161132812
    ],
    [
      0,
      0,
      0,
      1
    ]
  ],
  "dcmmeta_reorient_transform": [
    [
      0,
      0,
      -1,
      255
    ],
    [
      0,
      -1,
      0,
      255
    ],
    [
      -1,
      0,
      0,
      175
    ],
    [
      0,
      0,
      0,
      1
    ]
  ],
  "dcmmeta_shape": [
    176,
    256,
    256
  ],
  "dcmmeta_slice_dim": 0,
  "dcmmeta_version": 0.6
}
