{
  "AcquisitionMatrixPE": 64,
  "AcquisitionNumber": 1,
  "AcquisitionTime": "08:33:55.690000",
  "BaseResolution": 64,
  "BodyPartExamined": "BRAIN",
  "CoilCombinationMethod": "Sum of Squares",
  "ConsistencyInfo": "N4_VE11C_LATEST_20160120",
  "ConversionSoftware": "dcm2niix",
  "ConversionSoftwareVersion": "v1.0.20220720",
  "DeviceSerialNumber": "67026",
  "DwellTime": 1.31e-05,
  "EchoNumber": 1,
  "EchoTime": 0.00492,
  "FlipAngle": 60,
  "HeudiconvVersion": "0.11.4",
  "ImageOrientationPatientDICOM": [
    0.997394,
    -0.0537004,
    0.0481916,
    0.0695696,
    0.892871,
    -0.444905
  ],
  "ImageOrientationText": "Tra>Cor(-26.6)>Sag(1.1)",
  "ImageType": [
    "ORIGINAL",
    "PRIMARY",
    "M",
    "ND"
  ],
  "ImagingFrequency": 123.182,
  "InPlanePhaseEncodingDirectionDICOM": "ROW",
  "InstitutionAddress": "13th St. 149,Charlestown,MA,US,02129",
  "InstitutionName": "Martinos Center Bay 4 Prisma",
  "InstitutionalDepartmentName": "Martinos Center",
  "MRAcquisitionType": "2D",
  "MagneticFieldStrength": 3,
  "Manufacturer": "Siemens",
  "ManufacturersModelName": "Prisma_fit",
  "MatrixCoilMode": "SENSE",
  "Modality": "MR",
  "NonlinearGradientCorrection": false,
  "PartialFourier": 1,
  "PatientPosition": "HFS",
  "PercentPhaseFOV": 100,
  "PercentSampling": 100,
  "PhaseEncodingDirection": "i",
  "PhaseEncodingSteps": 64,
  "PhaseResolution": 1,
  "PixelBandwidth": 595,
  "ProcedureStepDescription": "INVESTIGATORS^Greve",
  "ProtocolName": "gre_field_mapping_2mm",
  "PulseSequenceDetails": "%SiemensSeq%\\gre_field_mapping",
  "ReceiveCoilActiveElements": "HEA;HEP",
  "ReceiveCoilName": "Head_32",
  "ReconMatrixPE": 64,
  "RepetitionTime": 0.701,
  "SAR": 0.128305,
  "ScanningSequence": "GR",
  "SequenceName": "*fm2d2r",
  "SequenceVariant": "SP",
  "SeriesDescription": "gre_field_mapping_2mm",
  "SeriesNumber": 34,
  "ShimSetting": [
    -1203,
    -10502,
    -10208,
    400,
    185,
    36,
    -111,
    -55
  ],
  "SliceThickness": 2,
  "SliceTiming": [
    0.34375,
    0,
    0.35938,
    0.00781,
    0.36719,
    0.01562,
    0.375,
    0.02344,
    0.38281,
    0.03906,
    0.39844,
    0.04688,
    0.40625,
    0.05469,
    0.41406,
    0.0625,
    0.42188,
    0.07031,
    0.4375,
    0.08594,
    0.44531,
    0.09375,
    0.45312,
    0.10156,
    0.46094,
    0.11719,
    0.47656,
    0.125,
    0.48438,
    0.13281,
    0.49219,
    0.14062,
    0.5,
    0.14844,
    0.50781,
    0.16406,
    0.52344,
    0.17188,
    0.53125,
    0.17969,
    0.53906,
    0.1875,
    0.55469,
    0.20312,
    0.5625,
    0.21094,
    0.57031,
    0.21875,
    0.57812,
    0.23438,
    0.59375,
    0.24219,
    0.60156,
    0.25,
    0.60938,
    0.25781,
    0.61719,
    0.26562,
    0.625,
    0.28125,
    0.64062,
    0.28906,
    0.64844,
    0.29688,
    0.65625,
    0.3125,
    0.67188,
    0.32031,
    0.67969,
    0.32812,
    0.6875,
    0.33594
  ],
  "SoftwareVersions": "syngo MR E11",
  "SpacingBetweenSlices": 2,
  "StationName": "BAY4OC",
  "TxRefAmp": 237.135
}
