{
  "AcquisitionMatrixPE": 256,
  "AcquisitionNumber": 1,
  "AcquisitionTime": "08:19:1.222500",
  "BaseResolution": 256,
  "BodyPartExamined": "BRAIN",
  "CoilCombinationMethod": "Adaptive Combine",
  "ConsistencyInfo": "N4_VE11C_LATEST_20160120",
  "ConversionSoftware": "dcm2niix",
  "ConversionSoftwareVersion": "v1.0.20220720",
  "DeviceSerialNumber": "67026",
  "DwellTime": 3e-06,
  "EchoTime": 0.564,
  "EchoTrainLength": 311,
  "FlipAngle": 120,
  "HeudiconvVersion": "0.11.4",
  "ImageOrientationPatientDICOM": [
    -0.0274156,
    0.997287,
    0.0683168,
    -0.148457,
    0.0635226,
    -0.986877
  ],
  "ImageOrientationText": "Sag>Tra(8.4)>Cor(-2.1)",
  "ImageType": [
    "ORIGINAL",
    "PRIMARY",
    "M",
    "ND",
    "NORM"
  ],
  "ImagingFrequency": 123.172,
  "InPlanePhaseEncodingDirectionDICOM": "ROW",
  "InstitutionAddress": "13th St. 149,Charlestown,MA,US,02129",
  "InstitutionName": "Martinos Center Bay 4 Prisma",
  "InstitutionalDepartmentName": "Martinos Center",
  "MRAcquisitionType": "3D",
  "MagneticFieldStrength": 3,
  "Manufacturer": "Siemens",
  "ManufacturersModelName": "Prisma_fit",
  "MatrixCoilMode": "GRAPPA",
  "Modality": "MR",
  "NonlinearGradientCorrection": false,
  "ParallelReductionFactorInPlane": 2,
  "PartialFourier": 1,
  "PatientPosition": "HFS",
  "PercentPhaseFOV": 100,
  "PercentSampling": 100,
  "PhaseEncodingDirection": "i",
  "PhaseEncodingSteps": 245,
  "PhaseResolution": 1,
  "PixelBandwidth": 650,
  "ProcedureStepDescription": "INVESTIGATORS^Greve",
  "ProtocolName": "T2w_SPC_vNav",
  "PulseSequenceDetails": "%CustomerSeq%\\tse_vfl_mgh_epinav_ABCD",
  "ReceiveCoilActiveElements": "HEA;HEP",
  "ReceiveCoilName": "Head_32",
  "ReconMatrixPE": 256,
  "RefLinesPE": 32,
  "RepetitionTime": 3.2,
  "SAR": 0.140111,
  "ScanOptions": "PFP",
  "ScanningSequence": "SE",
  "SequenceName": "spc_314ns",
  "SequenceVariant": "SK\\SP",
  "SeriesDescription": "T2w_SPC_vNav",
  "SeriesNumber": 17,
  "ShimSetting": [
    -1227,
    -10527,
    -10171,
    406,
    122,
    115,
    -61,
    69
  ],
  "SliceThickness": 1,
  "SoftwareVersions": "syngo MR E11",
  "SpoilingState": true,
  "StationName": "BAY4OC",
  "TxRefAmp": 232.876,
  "WipMemBlock": "Prisma_epi_moco_navigator_ABCD_tse_vfl.prot",
  "dcmmeta_affine": [
    [
      0.9885387420654297,
      -0.02741558477282524,
      -0.1484573632478714,
      -65.1807861328125
    ],
    [
      0.037197936326265335,
      0.9972869157791138,
      0.0635225921869278,
      -111.6796646118164
    ],
    [
      0.14631307125091553,
      -0.06831684708595276,
      0.9868765473365784,
      -150.95025634765625
    ],
    [
      0,
      0,
      0,
      1
    ]
  ],
  "dcmmeta_reorient_transform": [
    [
      0,
      0,
      -1,
      255
    ],
    [
      0,
      -1,
      0,
      255
    ],
    [
      -1,
      0,
      0,
      175
    ],
    [
      0,
      0,
      0,
      1
    ]
  ],
  "dcmmeta_shape": [
    176,
    256,
    256
  ],
  "dcmmeta_slice_dim": 0,
  "dcmmeta_version": 0.6
}
