{
  "AcquisitionMatrixPE": 140,
  "AcquisitionNumber": 1,
  "AcquisitionTime": "16:48:17.175000",
  "BandwidthPerPixelPhaseEncode": 10.352,
  "BaseResolution": 140,
  "BodyPartExamined": "BRAIN",
  "CoilCombinationMethod": "Sum of Squares",
  "ConsistencyInfo": "N4_VE11C_LATEST_20160120",
  "ConversionSoftware": "dcm2niix",
  "ConversionSoftwareVersion": "v1.0.20220720",
  "DerivedVendorReportedEchoSpacing": 0.000689998,
  "DeviceSerialNumber": "67026",
  "DwellTime": 2.1e-06,
  "EchoTime": 0.0892,
  "EchoTrainLength": 105,
  "EffectiveEchoSpacing": 0.000689998,
  "FlipAngle": 78,
  "HeudiconvVersion": "0.11.4",
  "ImageComments": "Single-band reference SENSE1",
  "ImageOrientationPatientDICOM": [
    0.993609,
    -0.0897113,
    0.0685119,
    0.101628,
    0.975114,
    -0.197041
  ],
  "ImageOrientationText": "Tra>Cor(-11.7)>Sag(2.8)",
  "ImageType": [
    "ORIGINAL",
    "PRIMARY",
    "M",
    "ND",
    "MOSAIC"
  ],
  "ImagingFrequency": 123.189,
  "InPlanePhaseEncodingDirectionDICOM": "COL",
  "InstitutionAddress": "13th St. 149,Charlestown,MA,US,02129",
  "InstitutionName": "Martinos Center Bay 4 Prisma",
  "InstitutionalDepartmentName": "Martinos Center",
  "MRAcquisitionType": "2D",
  "MagneticFieldStrength": 3,
  "Manufacturer": "Siemens",
  "ManufacturersModelName": "Prisma_fit",
  "MatrixCoilMode": "SENSE",
  "Modality": "MR",
  "NonlinearGradientCorrection": false,
  "PartialFourier": 0.75,
  "PatientPosition": "HFS",
  "PercentPhaseFOV": 100,
  "PercentSampling": 100,
  "PhaseEncodingDirection": "j-",
  "PhaseEncodingSteps": 105,
  "PhaseResolution": 1,
  "PixelBandwidth": 1700,
  "ProcedureStepDescription": "INVESTIGATORS^Greve",
  "ProtocolName": "dMRI_dir98_AP",
  "PulseSequenceDetails": "%CustomerSeq%\\hcp_mbep2d_diff",
  "ReceiveCoilActiveElements": "HEA;HEP",
  "ReceiveCoilName": "Head_32",
  "ReconMatrixPE": 140,
  "RepetitionTime": 3.23,
  "SAR": 0.162429,
  "ScanOptions": "PFP\\EXT",
  "ScanningSequence": "EP",
  "SequenceName": "epse2d1_140",
  "SequenceVariant": "SK\\SS",
  "SeriesDescription": "dMRI_dir98_AP_SBRef",
  "SeriesNumber": 41,
  "ShimSetting": [
    -1188,
    -10552,
    -10158,
    644,
    329,
    96,
    -20,
    -68
  ],
  "SliceThickness": 1.5,
  "SliceTiming": [
    0,
    0.1375,
    0.2775,
    0.4175,
    0.5575,
    0.6975,
    0.8375,
    0.975,
    1.115,
    1.255,
    1.395,
    1.535,
    1.6725,
    1.8125,
    1.9525,
    2.0925,
    2.2325,
    2.3725,
    2.51,
    2.65,
    2.79,
    2.93,
    3.07,
    3.21,
    3.3475,
    3.4875,
    3.6275,
    3.7675,
    3.9075,
    4.045,
    4.185,
    4.325,
    4.465,
    4.605,
    4.745,
    4.8825,
    5.0225,
    5.1625,
    5.3025,
    5.4425,
    5.5825,
    5.72,
    5.86,
    6,
    6.14,
    6.28,
    6.4175,
    6.5575,
    6.6975,
    6.8375,
    6.9775,
    7.1175,
    7.255,
    7.395,
    7.535,
    7.675,
    7.815,
    7.955,
    8.0925,
    8.2325,
    8.3725,
    8.5125,
    8.6525,
    8.79,
    8.93,
    9.07,
    9.21,
    9.35,
    9.49,
    9.6275,
    9.7675,
    9.9075,
    10.0475,
    10.1875,
    10.3275,
    10.465,
    10.605,
    10.745,
    10.885,
    11.025,
    11.165,
    11.3025,
    11.4425,
    11.5825,
    11.7225,
    11.8625,
    12,
    12.14,
    12.28,
    12.42,
    12.56,
    12.7
  ],
  "SoftwareVersions": "syngo MR E11",
  "SpacingBetweenSlices": 1.5,
  "StationName": "BAY4OC",
  "TotalReadoutTime": 0.0959097,
  "TxRefAmp": 220.836,
  "WipMemBlock": "20d7f097-0e73-431d-941e-193f89df3046||Sequence: ve11c/master r/5b0256d+; Dec  9 2016 09:48:43 by eja",
  "dcmmeta_affine": [
    [
      -1.4904128313064575,
      0.15244191884994507,
      0.07369505614042282,
      105.46304321289062
    ],
    [
      0.13456697762012482,
      1.4626703262329102,
      -0.30411699414253235,
      -86.66279602050781
    ],
    [
      0.10276783257722855,
      0.2955619692802429,
      1.4669976234436035,
      -82.87870788574219
    ],
    [
      0,
      0,
      0,
      1
    ]
  ],
  "dcmmeta_reorient_transform": [
    [
      0,
      -1,
      0,
      139
    ],
    [
      1,
      0,
      0,
      0
    ],
    [
      0,
      0,
      1,
      0
    ],
    [
      0,
      0,
      0,
      1
    ]
  ],
  "dcmmeta_shape": [
    140,
    140,
    92
  ],
  "dcmmeta_slice_dim": 2,
  "dcmmeta_version": 0.6
}
