{
  "AcquisitionMatrixPE": 140,
  "AcquisitionNumber": 1,
  "AcquisitionTime": "16:17:25.892500",
  "BandwidthPerPixelPhaseEncode": 10.352,
  "BaseResolution": 140,
  "BodyPartExamined": "BRAIN",
  "CoilCombinationMethod": "Sum of Squares",
  "ConsistencyInfo": "N4_VE11C_LATEST_20160120",
  "ConversionSoftware": "dcm2niix",
  "ConversionSoftwareVersion": "v1.0.20220720",
  "DerivedVendorReportedEchoSpacing": 0.000689998,
  "DeviceSerialNumber": "67026",
  "DiffusionScheme": "Monopolar",
  "DwellTime": 2.1e-06,
  "EchoTime": 0.0892,
  "EchoTrainLength": 105,
  "EffectiveEchoSpacing": 0.000689998,
  "FlipAngle": 78,
  "HeudiconvVersion": "0.11.4",
  "ImageComments": "Unaliased MB4/PE3/LB SENSE1",
  "ImageOrientationPatientDICOM": [
    0.994066,
    0.0431454,
    -0.0998515,
    -0.0806791,
    0.908154,
    -0.410788
  ],
  "ImageOrientationText": "Tra>Cor(-24.7)>Sag(-4.2)",
  "ImageType": [
    "ORIGINAL",
    "PRIMARY",
    "DIFFUSION",
    "NONE",
    "MB",
    "ND",
    "MOSAIC"
  ],
  "ImagingFrequency": 123.163,
  "InPlanePhaseEncodingDirectionDICOM": "COL",
  "InstitutionAddress": "13th St. 149,Charlestown,MA,US,02129",
  "InstitutionName": "MGH PrismaFit-Bay4",
  "InstitutionalDepartmentName": "Martinos Center",
  "MRAcquisitionType": "2D",
  "MagneticFieldStrength": 3,
  "Manufacturer": "Siemens",
  "ManufacturersModelName": "Prisma_fit",
  "MatrixCoilMode": "SENSE",
  "Modality": "MR",
  "MultibandAccelerationFactor": 4,
  "NonlinearGradientCorrection": false,
  "PartialFourier": 0.75,
  "PatientPosition": "HFS",
  "PercentPhaseFOV": 100,
  "PercentSampling": 100,
  "PhaseEncodingDirection": "j-",
  "PhaseEncodingSteps": 105,
  "PhaseResolution": 1,
  "PixelBandwidth": 1700,
  "ProcedureStepDescription": "INVESTIGATORS^Greve",
  "ProtocolName": "dMRI_dir98_AP",
  "PulseSequenceDetails": "%CustomerSeq%\\hcp_mbep2d_diff",
  "ReceiveCoilActiveElements": "HEA;HEP",
  "ReceiveCoilName": "Head_32",
  "ReconMatrixPE": 140,
  "RepetitionTime": 3.23,
  "SAR": 0.217195,
  "ScanOptions": "PFP\\EXT",
  "ScanningSequence": "EP",
  "SequenceName": "ep_b5#1",
  "SequenceVariant": "SK\\SS",
  "SeriesDescription": "dMRI_dir98_AP",
  "SeriesNumber": 43,
  "ShimSetting": [
    -1260,
    -10513,
    -10149,
    284,
    186,
    102,
    -40,
    12
  ],
  "SliceThickness": 1.5,
  "SliceTiming": [
    0,
    1.675,
    0.14,
    1.815,
    0.28,
    1.955,
    0.42,
    2.095,
    0.56,
    2.235,
    0.7,
    2.3725,
    0.8375,
    2.5125,
    0.9775,
    2.6525,
    1.1175,
    2.7925,
    1.2575,
    2.9325,
    1.3975,
    3.0725,
    1.535,
    0,
    1.675,
    0.14,
    1.815,
    0.28,
    1.955,
    0.42,
    2.095,
    0.56,
    2.235,
    0.7,
    2.3725,
    0.8375,
    2.5125,
    0.9775,
    2.6525,
    1.1175,
    2.7925,
    1.2575,
    2.9325,
    1.3975,
    3.0725,
    1.535,
    0,
    1.675,
    0.14,
    1.815,
    0.28,
    1.955,
    0.42,
    2.095,
    0.56,
    2.235,
    0.7,
    2.3725,
    0.8375,
    2.5125,
    0.9775,
    2.6525,
    1.1175,
    2.7925,
    1.2575,
    2.9325,
    1.3975,
    3.0725,
    1.535,
    0,
    1.675,
    0.14,
    1.815,
    0.28,
    1.955,
    0.42,
    2.095,
    0.56,
    2.235,
    0.7,
    2.3725,
    0.8375,
    2.5125,
    0.9775,
    2.6525,
    1.1175,
    2.7925,
    1.2575,
    2.9325,
    1.3975,
    3.0725,
    1.535
  ],
  "SoftwareVersions": "syngo MR E11",
  "SpacingBetweenSlices": 1.5,
  "StationName": "BAY4OC",
  "TotalReadoutTime": 0.0959097,
  "TxRefAmp": 289.44,
  "WipMemBlock": "ac3faab4-bd54-4b04-99d0-10409f7c2811||Sequence: ve11c/master r/5b0256d+; Dec  9 2016 09:48:43 by eja",
  "dcmmeta_affine": [
    [
      -1.4910997152328491,
      -0.12101871520280838,
      -0.10943547636270523,
      113.964111328125
    ],
    [
      -0.06471802294254303,
      1.3622313737869263,
      -0.6246097087860107,
      -53.5867805480957
    ],
    [
      -0.14977726340293884,
      0.6161819100379944,
      1.3593699932098389,
      -82.89715576171875
    ],
    [
      0,
      0,
      0,
      1
    ]
  ],
  "dcmmeta_reorient_transform": [
    [
      0,
      -1,
      0,
      139
    ],
    [
      1,
      0,
      0,
      0
    ],
    [
      0,
      0,
      1,
      0
    ],
    [
      0,
      0,
      0,
      1
    ]
  ],
  "dcmmeta_shape": [
    140,
    140,
    92,
    99
  ],
  "dcmmeta_slice_dim": 2,
  "dcmmeta_version": 0.6,
  "time": {
    "samples": {
      "AcquisitionNumber": [
        1,
        2,
        3,
        4,
        5,
        6,
        7,
        8,
        9,
        10,
        11,
        12,
        13,
        14,
        15,
        16,
        17,
        18,
        19,
        20,
        21,
        22,
        23,
        24,
        25,
        26,
        27,
        28,
        29,
        30,
        31,
        32,
        33,
        34,
        35,
        36,
        37,
        38,
        39,
        40,
        41,
        42,
        43,
        44,
        45,
        46,
        47,
        48,
        49,
        50,
        51,
        52,
        53,
        54,
        55,
        56,
        57,
        58,
        59,
        60,
        61,
        62,
        63,
        64,
        65,
        66,
        67,
        68,
        69,
        70,
        71,
        72,
        73,
        74,
        75,
        76,
        77,
        78,
        79,
        80,
        81,
        82,
        83,
        84,
        85,
        86,
        87,
        88,
        89,
        90,
        91,
        92,
        93,
        94,
        95,
        96,
        97,
        98,
        99
      ],
      "AcquisitionTime": [
        "161725.892500",
        "161729.122500",
        "161732.352500",
        "161735.582500",
        "161738.812500",
        "161742.042500",
        "161745.272500",
        "161748.502500",
        "161751.732500",
        "161754.962500",
        "161758.192500",
        "161801.422500",
        "161804.652500",
        "161807.882500",
        "161811.112500",
        "161814.342500",
        "161817.572500",
        "161820.802500",
        "161824.032500",
        "161827.262500",
        "161830.492500",
        "161833.722500",
        "161836.952500",
        "161840.182500",
        "161843.412500",
        "161846.642500",
        "161849.872500",
        "161853.102500",
        "161856.332500",
        "161859.562500",
        "161902.792500",
        "161906.022500",
        "161909.252500",
        "161912.482500",
        "161915.712500",
        "161918.942500",
        "161922.172500",
        "161925.402500",
        "161928.632500",
        "161931.862500",
        "161935.092500",
        "161938.322500",
        "161941.552500",
        "161944.782500",
        "161948.012500",
        "161951.242500",
        "161954.472500",
        "161957.702500",
        "162000.932500",
        "162004.162500",
        "162007.392500",
        "162010.622500",
        "162013.852500",
        "162017.082500",
        "162020.312500",
        "162023.542500",
        "162026.772500",
        "162030.002500",
        "162033.232500",
        "162036.462500",
        "162039.692500",
        "162042.922500",
        "162046.152500",
        "162049.382500",
        "162052.612500",
        "162055.842500",
        "162059.072500",
        "162102.302500",
        "162105.532500",
        "162108.762500",
        "162111.992500",
        "162115.222500",
        "162118.452500",
        "162121.682500",
        "162124.912500",
        "162128.142500",
        "162131.372500",
        "162134.602500",
        "162137.832500",
        "162141.062500",
        "162144.292500",
        "162147.522500",
        "162150.752500",
        "162153.982500",
        "162157.212500",
        "162200.442500",
        "162203.672500",
        "162206.902500",
        "162210.132500",
        "162213.362500",
        "162216.592500",
        "162219.822500",
        "162223.052500",
        "162226.282500",
        "162229.512500",
        "162232.742500",
        "162235.972500",
        "162239.202500",
        "162242.432500"
      ],
      "ContentTime": [
        "162019.117000",
        "162019.121000",
        "162019.124000",
        "162019.127000",
        "162019.140000",
        "162019.143000",
        "162019.147000",
        "162019.150000",
        "162019.153000",
        "162019.157000",
        "162019.160000",
        "162019.163000",
        "162019.167000",
        "162019.170000",
        "162019.174000",
        "162019.177000",
        "162019.185000",
        "162019.188000",
        "162019.192000",
        "162019.195000",
        "162019.198000",
        "162039.078000",
        "162039.081000",
        "162039.085000",
        "162039.088000",
        "162039.092000",
        "162039.095000",
        "162039.099000",
        "162039.102000",
        "162039.105000",
        "162039.109000",
        "162039.112000",
        "162039.116000",
        "162039.119000",
        "162039.122000",
        "162039.126000",
        "162039.129000",
        "162039.132000",
        "162039.136000",
        "162039.139000",
        "162039.143000",
        "162039.146000",
        "162059.077000",
        "162059.081000",
        "162059.084000",
        "162059.088000",
        "162059.091000",
        "162059.094000",
        "162059.098000",
        "162059.101000",
        "162059.105000",
        "162059.108000",
        "162059.112000",
        "162059.117000",
        "162059.120000",
        "162059.124000",
        "162059.127000",
        "162059.131000",
        "162059.134000",
        "162059.137000",
        "162059.141000",
        "162059.144000",
        "162059.147000",
        "162059.151000",
        "162219.077000",
        "162219.081000",
        "162219.085000",
        "162219.088000",
        "162219.091000",
        "162219.095000",
        "162219.098000",
        "162219.102000",
        "162219.105000",
        "162219.108000",
        "162219.112000",
        "162219.115000",
        "162219.118000",
        "162219.122000",
        "162219.130000",
        "162219.134000",
        "162219.137000",
        "162219.141000",
        "162219.157000",
        "162219.160000",
        "162219.164000",
        "162219.167000",
        "162219.170000",
        "162219.174000",
        "162219.177000",
        "162250.332000",
        "162250.336000",
        "162250.339000",
        "162250.345000",
        "162250.349000",
        "162250.352000",
        "162250.356000",
        "162250.359000",
        "162250.363000",
        "162250.369000"
      ],
      "InstanceCreationTime": [
        "162019.117000",
        "162019.121000",
        "162019.124000",
        "162019.127000",
        "162019.140000",
        "162019.143000",
        "162019.147000",
        "162019.150000",
        "162019.153000",
        "162019.157000",
        "162019.160000",
        "162019.163000",
        "162019.167000",
        "162019.170000",
        "162019.174000",
        "162019.177000",
        "162019.185000",
        "162019.188000",
        "162019.192000",
        "162019.195000",
        "162019.198000",
        "162039.078000",
        "162039.081000",
        "162039.085000",
        "162039.088000",
        "162039.092000",
        "162039.095000",
        "162039.099000",
        "162039.102000",
        "162039.105000",
        "162039.109000",
        "162039.112000",
        "162039.116000",
        "162039.119000",
        "162039.122000",
        "162039.126000",
        "162039.129000",
        "162039.132000",
        "162039.136000",
        "162039.139000",
        "162039.143000",
        "162039.146000",
        "162059.077000",
        "162059.081000",
        "162059.084000",
        "162059.088000",
        "162059.091000",
        "162059.094000",
        "162059.098000",
        "162059.101000",
        "162059.105000",
        "162059.108000",
        "162059.112000",
        "162059.117000",
        "162059.120000",
        "162059.124000",
        "162059.127000",
        "162059.131000",
        "162059.134000",
        "162059.137000",
        "162059.141000",
        "162059.144000",
        "162059.147000",
        "162059.151000",
        "162219.077000",
        "162219.081000",
        "162219.085000",
        "162219.088000",
        "162219.091000",
        "162219.095000",
        "162219.098000",
        "162219.102000",
        "162219.105000",
        "162219.108000",
        "162219.112000",
        "162219.115000",
        "162219.118000",
        "162219.122000",
        "162219.130000",
        "162219.134000",
        "162219.137000",
        "162219.141000",
        "162219.157000",
        "162219.160000",
        "162219.164000",
        "162219.167000",
        "162219.170000",
        "162219.174000",
        "162219.177000",
        "162250.332000",
        "162250.336000",
        "162250.339000",
        "162250.345000",
        "162250.349000",
        "162250.352000",
        "162250.356000",
        "162250.359000",
        "162250.363000",
        "162250.369000"
      ],
      "InstanceNumber": [
        1,
        2,
        3,
        4,
        5,
        6,
        7,
        8,
        9,
        10,
        11,
        12,
        13,
        14,
        15,
        16,
        17,
        18,
        19,
        20,
        21,
        22,
        23,
        24,
        25,
        26,
        27,
        28,
        29,
        30,
        31,
        32,
        33,
        34,
        35,
        36,
        37,
        38,
        39,
        40,
        41,
        42,
        43,
        44,
        45,
        46,
        47,
        48,
        49,
        50,
        51,
        52,
        53,
        54,
        55,
        56,
        57,
        58,
        59,
        60,
        61,
        62,
        63,
        64,
        65,
        66,
        67,
        68,
        69,
        70,
        71,
        72,
        73,
        74,
        75,
        76,
        77,
        78,
        79,
        80,
        81,
        82,
        83,
        84,
        85,
        86,
        87,
        88,
        89,
        90,
        91,
        92,
        93,
        94,
        95,
        96,
        97,
        98,
        99
      ],
      "LargestImagePixelValue": [
        46310,
        48399,
        5001,
        3377,
        5072,
        3124,
        4957,
        3420,
        4831,
        2945,
        5126,
        3143,
        4856,
        3021,
        5161,
        2884,
        4886,
        48735,
        2927,
        4823,
        2831,
        4426,
        3050,
        4687,
        3068,
        4828,
        3203,
        5523,
        3008,
        4491,
        3070,
        4687,
        3096,
        51103,
        5505,
        3150,
        5005,
        3585,
        4514,
        3057,
        4849,
        3192,
        4841,
        3532,
        4776,
        3408,
        4381,
        3583,
        4868,
        51221,
        3448,
        4687,
        3404,
        5825,
        3637,
        4541,
        3552,
        4777,
        3827,
        4960,
        4154,
        4937,
        3853,
        4586,
        3869,
        49814,
        4968,
        4113,
        4709,
        3613,
        4954,
        3915,
        4767,
        4305,
        4951,
        4302,
        4434,
        4148,
        4150,
        3898,
        4451,
        49146,
        4078,
        4698,
        4313,
        4967,
        4158,
        4419,
        4354,
        4596,
        4045,
        4869,
        4060,
        4790,
        4344,
        4420,
        4323,
        4995,
        4019
      ],
      "SequenceName": [
        "ep_b5#1",
        "ep_b5#1",
        "ep_b1490#2",
        "ep_b2990#3",
        "ep_b1495#4",
        "ep_b3005#5",
        "ep_b1505#6",
        "ep_b2985#7",
        "ep_b1495#8",
        "ep_b3005#9",
        "ep_b1490#10",
        "ep_b2995#11",
        "ep_b1490#12",
        "ep_b2990#13",
        "ep_b1500#14",
        "ep_b2985#15",
        "ep_b1500#16",
        "ep_b5#17",
        "ep_b3005#18",
        "ep_b1490#19",
        "ep_b3000#20",
        "ep_b1495#21",
        "ep_b3000#22",
        "ep_b1495#23",
        "ep_b3000#24",
        "ep_b1490#25",
        "ep_b2980#26",
        "ep_b1505#27",
        "ep_b2995#28",
        "ep_b1495#29",
        "ep_b3005#30",
        "ep_b1490#31",
        "ep_b3000#32",
        "ep_b5#33",
        "ep_b1505#34",
        "ep_b3000#35",
        "ep_b1490#36",
        "ep_b2980#37",
        "ep_b1495#38",
        "ep_b2995#39",
        "ep_b1500#40",
        "ep_b2995#41",
        "ep_b1505#42",
        "ep_b2990#43",
        "ep_b1495#44",
        "ep_b3000#45",
        "ep_b1495#46",
        "ep_b3000#47",
        "ep_b1490#48",
        "ep_b5#49",
        "ep_b3005#50",
        "ep_b1495#51",
        "ep_b2990#52",
        "ep_b1505#53",
        "ep_b2995#54",
        "ep_b1490#55",
        "ep_b2990#56",
        "ep_b1490#57",
        "ep_b3000#58",
        "ep_b1500#59",
        "ep_b3000#60",
        "ep_b1505#61",
        "ep_b2985#62",
        "ep_b1500#63",
        "ep_b2990#64",
        "ep_b5#65",
        "ep_b1505#66",
        "ep_b3005#67",
        "ep_b1495#68",
        "ep_b3000#69",
        "ep_b1505#70",
        "ep_b3005#71",
        "ep_b1500#72",
        "ep_b3005#73",
        "ep_b1490#74",
        "ep_b2995#75",
        "ep_b1490#76",
        "ep_b2995#77",
        "ep_b1500#78",
        "ep_b3000#79",
        "ep_b1490#80",
        "ep_b5#81",
        "ep_b2990#82",
        "ep_b1500#83",
        "ep_b2985#84",
        "ep_b1495#85",
        "ep_b2995#86",
        "ep_b1495#87",
        "ep_b2990#88",
        "ep_b1490#89",
        "ep_b2980#90",
        "ep_b1495#91",
        "ep_b3000#92",
        "ep_b1495#93",
        "ep_b3005#94",
        "ep_b1500#95",
        "ep_b2990#96",
        "ep_b1500#97",
        "ep_b3000#98"
      ],
      "TriggerTime": [
        18775,
        22005,
        25235,
        28465,
        31695,
        34925,
        38155,
        41385,
        44615,
        47845,
        51075,
        54305,
        57535,
        60765,
        63995,
        67225,
        70455,
        73685,
        76915,
        80145,
        83375,
        86605,
        89835,
        93065,
        96295,
        99525,
        102755,
        105985,
        109215,
        112445,
        115675,
        118905,
        122135,
        125365,
        128595,
        131825,
        135055,
        138285,
        141515,
        144745,
        147975,
        151205,
        154435,
        157665,
        160895,
        164125,
        167355,
        170585,
        173815,
        177045,
        180275,
        183505,
        186735,
        189965,
        193195,
        196425,
        199655,
        202885,
        206115,
        209345,
        212575,
        215805,
        219035,
        222265,
        225495,
        228725,
        231955,
        235185,
        238415,
        241645,
        244875,
        248105,
        251335,
        254565,
        257795,
        261025,
        264255,
        267485,
        270715,
        273945,
        277175,
        280405,
        283635,
        286865,
        290095,
        293325,
        296555,
        299785,
        303015,
        306245,
        309475,
        312705,
        315935,
        319165,
        322395,
        325625,
        328855,
        332085,
        335315
      ],
      "WindowCenter": [
        5923,
        6085,
        1361,
        828,
        1365,
        821,
        1321,
        833,
        1336,
        789,
        1348,
        809,
        1351,
        801,
        1345,
        800,
        1321,
        6069,
        796,
        1349,
        776,
        1308,
        810,
        1334,
        822,
        1319,
        804,
        1358,
        796,
        1308,
        806,
        1336,
        810,
        6142,
        1357,
        804,
        1344,
        831,
        1294,
        808,
        1322,
        801,
        1305,
        832,
        1335,
        812,
        1306,
        835,
        1335,
        6154,
        821,
        1333,
        833,
        1353,
        831,
        1305,
        834,
        1334,
        825,
        1343,
        841,
        1316,
        841,
        1308,
        846,
        6083,
        1331,
        857,
        1330,
        812,
        1319,
        847,
        1318,
        838,
        1318,
        856,
        1320,
        859,
        1295,
        827,
        1290,
        6060,
        854,
        1318,
        836,
        1346,
        857,
        1305,
        863,
        1292,
        856,
        1320,
        854,
        1334,
        868,
        1291,
        869,
        1329,
        856
      ],
      "WindowWidth": [
        12950,
        13239,
        3555,
        2254,
        3574,
        2243,
        3480,
        2268,
        3510,
        2162,
        3529,
        2217,
        3544,
        2202,
        3524,
        2198,
        3480,
        13199,
        2182,
        3535,
        2130,
        3452,
        2221,
        3499,
        2248,
        3470,
        2200,
        3547,
        2184,
        3451,
        2204,
        3509,
        2219,
        13270,
        3542,
        2199,
        3514,
        2264,
        3421,
        2212,
        3482,
        2190,
        3442,
        2267,
        3506,
        2212,
        3444,
        2278,
        3507,
        13285,
        2242,
        3499,
        2270,
        3530,
        2265,
        3440,
        2276,
        3502,
        2244,
        3512,
        2286,
        3462,
        2284,
        3456,
        2301,
        13174,
        3493,
        2324,
        3487,
        2212,
        3470,
        2305,
        3469,
        2274,
        3468,
        2322,
        3473,
        2332,
        3426,
        2249,
        3409,
        13151,
        2313,
        3465,
        2266,
        3525,
        2324,
        3439,
        2330,
        3415,
        2319,
        3473,
        2314,
        3508,
        2347,
        3413,
        2352,
        3486,
        2320
      ]
    },
