{
  "AcquisitionMatrixPE": 140,
  "AcquisitionNumber": 1,
  "AcquisitionTime": "15:48:5.365000",
  "BandwidthPerPixelPhaseEncode": 10.352,
  "BaseResolution": 140,
  "BodyPartExamined": "BRAIN",
  "CoilCombinationMethod": "Sum of Squares",
  "ConsistencyInfo": "N4_VE11C_LATEST_20160120",
  "ConversionSoftware": "dcm2niix",
  "ConversionSoftwareVersion": "v1.0.20220720",
  "DerivedVendorReportedEchoSpacing": 0.000689998,
  "DeviceSerialNumber": "67026",
  "DiffusionScheme": "Monopolar",
  "DwellTime": 2.1e-06,
  "EchoTime": 0.0892,
  "EchoTrainLength": 105,
  "EffectiveEchoSpacing": 0.000689998,
  "FlipAngle": 78,
  "HeudiconvVersion": "0.11.4",
  "ImageComments": "Unaliased MB4/PE3/LB SENSE1",
  "ImageOrientationPatientDICOM": [
    0.99981,
    -0.0120536,
    0.0153069,
    0.0191974,
    0.743543,
    -0.668412
  ],
  "ImageOrientationText": "Tra>Cor(-42.0)>Sag(0.2)",
  "ImageType": [
    "ORIGINAL",
    "PRIMARY",
    "DIFFUSION",
    "NONE",
    "MB",
    "ND",
    "MOSAIC"
  ],
  "ImagingFrequency": 123.231,
  "InPlanePhaseEncodingDirectionDICOM": "COL",
  "InstitutionAddress": "13th St. 149,Charlestown,MA,US,02129",
  "InstitutionName": "MGH PrismaFit-Bay4",
  "InstitutionalDepartmentName": "Martinos Center",
  "MRAcquisitionType": "2D",
  "MagneticFieldStrength": 3,
  "Manufacturer": "Siemens",
  "ManufacturersModelName": "Prisma_fit",
  "MatrixCoilMode": "SENSE",
  "Modality": "MR",
  "MultibandAccelerationFactor": 4,
  "NonlinearGradientCorrection": false,
  "PartialFourier": 0.75,
  "PatientPosition": "HFS",
  "PercentPhaseFOV": 100,
  "PercentSampling": 100,
  "PhaseEncodingDirection": "j-",
  "PhaseEncodingSteps": 105,
  "PhaseResolution": 1,
  "PixelBandwidth": 1700,
  "ProcedureStepDescription": "INVESTIGATORS^Greve",
  "ProtocolName": "dMRI_dir98_AP",
  "PulseSequenceDetails": "%CustomerSeq%\\hcp_mbep2d_diff",
  "ReceiveCoilActiveElements": "HEA;HEP",
  "ReceiveCoilName": "Head_32",
  "ReconMatrixPE": 140,
  "RepetitionTime": 3.23,
  "SAR": 0.142517,
  "ScanOptions": "PFP\\EXT",
  "ScanningSequence": "EP",
  "SequenceName": "ep_b5#1",
  "SequenceVariant": "SK\\SS",
  "SeriesDescription": "dMRI_dir98_AP",
  "SeriesNumber": 38,
  "ShimSetting": [
    -1239,
    -10291,
    -10310,
    445,
    121,
    30,
    -195,
    4
  ],
  "SliceThickness": 1.5,
  "SliceTiming": [
    0,
    1.675,
    0.14,
    1.815,
    0.28,
    1.955,
    0.42,
    2.095,
    0.56,
    2.235,
    0.7,
    2.3725,
    0.8375,
    2.5125,
    0.9775,
    2.6525,
    1.1175,
    2.7925,
    1.2575,
    2.9325,
    1.3975,
    3.0725,
    1.535,
    0,
    1.675,
    0.14,
    1.815,
    0.28,
    1.955,
    0.42,
    2.095,
    0.56,
    2.235,
    0.7,
    2.3725,
    0.8375,
    2.5125,
    0.9775,
    2.6525,
    1.1175,
    2.7925,
    1.2575,
    2.9325,
    1.3975,
    3.0725,
    1.535,
    0,
    1.675,
    0.14,
    1.815,
    0.28,
    1.955,
    0.42,
    2.095,
    0.56,
    2.235,
    0.7,
    2.3725,
    0.8375,
    2.5125,
    0.9775,
    2.6525,
    1.1175,
    2.7925,
    1.2575,
    2.9325,
    1.3975,
    3.0725,
    1.535,
    0,
    1.675,
    0.14,
    1.815,
    0.28,
    1.955,
    0.42,
    2.095,
    0.56,
    2.235,
    0.7,
    2.3725,
    0.8375,
    2.5125,
    0.9775,
    2.6525,
    1.1175,
    2.7925,
    1.2575,
    2.9325,
    1.3975,
    3.0725,
    1.535
  ],
  "SoftwareVersions": "syngo MR E11",
  "SpacingBetweenSlices": 1.5,
  "StationName": "BAY4OC",
  "TotalReadoutTime": 0.0959097,
  "TxRefAmp": 245.204,
  "WipMemBlock": "b2e379c7-0c6c-4ba0-8165-47588fac6269||Sequence: ve11c/master r/5b0256d+; Dec  9 2016 09:48:43 by eja",
  "dcmmeta_affine": [
    [
      -1.4997153282165527,
      0.028796030208468437,
      0.004986782092601061,
      106.48670959472656
    ],
    [
      0.018080469220876694,
      1.1153149604797363,
      -1.00286865234375,
      -41.50933837890625
    ],
    [
      0.02296031266450882,
      1.0026181936264038,
      1.115450382232666,
      -121.85576629638672
    ],
    [
      0,
      0,
      0,
      1
    ]
  ],
  "dcmmeta_reorient_transform": [
    [
      0,
      -1,
      0,
      139
    ],
    [
      1,
      0,
      0,
      0
    ],
    [
      0,
      0,
      1,
      0
    ],
    [
      0,
      0,
      0,
      1
    ]
  ],
  "dcmmeta_shape": [
    140,
    140,
    92,
    99
  ],
  "dcmmeta_slice_dim": 2,
  "dcmmeta_version": 0.6,
  "time": {
    "samples": {
      "AcquisitionNumber": [
        1,
        2,
        3,
        4,
        5,
        6,
        7,
        8,
        9,
        10,
        11,
        12,
        13,
        14,
        15,
        16,
        17,
        18,
        19,
        20,
        21,
        22,
        23,
        24,
        25,
        26,
        27,
        28,
        29,
        30,
        31,
        32,
        33,
        34,
        35,
        36,
        37,
        38,
        39,
        40,
        41,
        42,
        43,
        44,
        45,
        46,
        47,
        48,
        49,
        50,
        51,
        52,
        53,
        54,
        55,
        56,
        57,
        58,
        59,
        60,
        61,
        62,
        63,
        64,
        65,
        66,
        67,
        68,
        69,
        70,
        71,
        72,
        73,
        74,
        75,
        76,
        77,
        78,
        79,
        80,
        81,
        82,
        83,
        84,
        85,
        86,
        87,
        88,
        89,
        90,
        91,
        92,
        93,
        94,
        95,
        96,
        97,
        98,
        99
      ],
      "AcquisitionTime": [
        "154805.365000",
        "154808.595000",
        "154811.825000",
        "154815.055000",
        "154818.285000",
        "154821.515000",
        "154824.745000",
        "154827.975000",
        "154831.205000",
        "154834.435000",
        "154837.665000",
        "154840.895000",
        "154844.125000",
        "154847.355000",
        "154850.585000",
        "154853.815000",
        "154857.045000",
        "154900.275000",
        "154903.505000",
        "154906.735000",
        "154909.965000",
        "154913.195000",
        "154916.425000",
        "154919.655000",
        "154922.885000",
        "154926.115000",
        "154929.345000",
        "154932.575000",
        "154935.805000",
        "154939.035000",
        "154942.265000",
        "154945.495000",
        "154948.725000",
        "154951.955000",
        "154955.185000",
        "154958.415000",
        "155001.645000",
        "155004.875000",
        "155008.105000",
        "155011.335000",
        "155014.565000",
        "155017.795000",
        "155021.025000",
        "155024.255000",
        "155027.485000",
        "155030.715000",
        "155033.945000",
        "155037.175000",
        "155040.405000",
        "155043.635000",
        "155046.865000",
        "155050.095000",
        "155053.325000",
        "155056.555000",
        "155059.785000",
        "155103.015000",
        "155106.245000",
        "155109.475000",
        "155112.705000",
        "155115.935000",
        "155119.165000",
        "155122.395000",
        "155125.625000",
        "155128.855000",
        "155132.085000",
        "155135.315000",
        "155138.545000",
        "155141.775000",
        "155145.005000",
        "155148.235000",
        "155151.465000",
        "155154.695000",
        "155157.925000",
        "155201.155000",
        "155204.385000",
        "155207.615000",
        "155210.845000",
        "155214.075000",
        "155217.305000",
        "155220.535000",
        "155223.765000",
        "155226.995000",
        "155230.225000",
        "155233.455000",
        "155236.685000",
        "155239.915000",
        "155243.145000",
        "155246.375000",
        "155249.605000",
        "155252.835000",
        "155256.065000",
        "155259.295000",
        "155302.525000",
        "155305.755000",
        "155308.985000",
        "155312.215000",
        "155315.445000",
        "155318.675000",
        "155321.905000"
      ],
      "ContentTime": [
        "154915.597000",
        "154915.601000",
        "154915.605000",
        "154915.608000",
        "154915.611000",
        "154915.618000",
        "154915.621000",
        "154915.624000",
        "154915.628000",
        "154915.631000",
        "154915.634000",
        "154915.647000",
        "154915.650000",
        "154915.654000",
        "154915.657000",
        "154915.660000",
        "154915.663000",
        "154915.667000",
        "154915.670000",
        "154915.673000",
        "154915.677000",
        "155035.560000",
        "155035.564000",
        "155035.573000",
        "155035.576000",
        "155035.580000",
        "155035.583000",
        "155035.586000",
        "155035.590000",
        "155035.593000",
        "155035.596000",
        "155035.600000",
        "155035.603000",
        "155035.606000",
        "155035.609000",
        "155035.613000",
        "155035.616000",
        "155035.619000",
        "155035.623000",
        "155035.626000",
        "155035.629000",
        "155035.636000",
        "155035.640000",
        "155035.643000",
        "155035.646000",
        "155035.650000",
        "155155.560000",
        "155155.564000",
        "155155.567000",
        "155155.571000",
        "155155.574000",
        "155155.577000",
        "155155.580000",
        "155155.584000",
        "155155.593000",
        "155155.597000",
        "155155.600000",
        "155155.603000",
        "155155.606000",
        "155155.610000",
        "155155.613000",
        "155155.616000",
        "155155.620000",
        "155155.623000",
        "155155.626000",
        "155155.629000",
        "155155.633000",
        "155155.636000",
        "155155.639000",
        "155155.643000",
        "155155.646000",
        "155315.560000",
        "155315.564000",
        "155315.579000",
        "155315.582000",
        "155315.586000",
        "155315.589000",
        "155315.592000",
        "155315.596000",
        "155315.599000",
        "155315.602000",
        "155315.606000",
        "155315.609000",
        "155315.613000",
        "155315.616000",
        "155315.619000",
        "155315.623000",
        "155315.626000",
        "155315.629000",
        "155315.633000",
        "155315.636000",
        "155315.639000",
        "155315.642000",
        "155315.646000",
        "155315.649000",
        "155325.756000",
        "155325.762000",
        "155325.765000",
        "155325.768000"
      ],
      "InstanceCreationTime": [
        "154915.597000",
        "154915.601000",
        "154915.605000",
        "154915.608000",
        "154915.611000",
        "154915.618000",
        "154915.621000",
        "154915.624000",
        "154915.628000",
        "154915.631000",
        "154915.634000",
        "154915.647000",
        "154915.650000",
        "154915.654000",
        "154915.657000",
        "154915.660000",
        "154915.663000",
        "154915.667000",
        "154915.670000",
        "154915.673000",
        "154915.677000",
        "155035.560000",
        "155035.564000",
        "155035.573000",
        "155035.576000",
        "155035.580000",
        "155035.583000",
        "155035.586000",
        "155035.590000",
        "155035.593000",
        "155035.596000",
        "155035.600000",
        "155035.603000",
        "155035.606000",
        "155035.609000",
        "155035.613000",
        "155035.616000",
        "155035.619000",
        "155035.623000",
        "155035.626000",
        "155035.629000",
        "155035.636000",
        "155035.640000",
        "155035.643000",
        "155035.646000",
        "155035.650000",
        "155155.560000",
        "155155.564000",
        "155155.567000",
        "155155.571000",
        "155155.574000",
        "155155.577000",
        "155155.580000",
        "155155.584000",
        "155155.593000",
        "155155.597000",
        "155155.600000",
        "155155.603000",
        "155155.606000",
        "155155.610000",
        "155155.613000",
        "155155.616000",
        "155155.620000",
        "155155.623000",
        "155155.626000",
        "155155.629000",
        "155155.633000",
        "155155.636000",
        "155155.639000",
        "155155.643000",
        "155155.646000",
        "155315.560000",
        "155315.564000",
        "155315.579000",
        "155315.582000",
        "155315.586000",
        "155315.589000",
        "155315.592000",
        "155315.596000",
        "155315.599000",
        "155315.602000",
        "155315.606000",
        "155315.609000",
        "155315.613000",
        "155315.616000",
        "155315.619000",
        "155315.623000",
        "155315.626000",
        "155315.629000",
        "155315.633000",
        "155315.636000",
        "155315.639000",
        "155315.642000",
        "155315.646000",
        "155315.649000",
        "155325.756000",
        "155325.762000",
        "155325.765000",
        "155325.768000"
      ],
      "InstanceNumber": [
        1,
        2,
        3,
        4,
        5,
        6,
        7,
        8,
        9,
        10,
        11,
        12,
        13,
        14,
        15,
        16,
        17,
        18,
        19,
        20,
        21,
        22,
        23,
        24,
        25,
        26,
        27,
        28,
        29,
        30,
        31,
        32,
        33,
        34,
        35,
        36,
        37,
        38,
        39,
        40,
        41,
        42,
        43,
        44,
        45,
        46,
        47,
        48,
        49,
        50,
        51,
        52,
        53,
        54,
        55,
        56,
        57,
        58,
        59,
        60,
        61,
        62,
        63,
        64,
        65,
        66,
        67,
        68,
        69,
        70,
        71,
        72,
        73,
        74,
        75,
        76,
        77,
        78,
        79,
        80,
        81,
        82,
        83,
        84,
        85,
        86,
        87,
        88,
        89,
        90,
        91,
        92,
        93,
        94,
        95,
        96,
        97,
        98,
        99
      ],
      "LargestImagePixelValue": [
        22809,
        25338,
        5749,
        2456,
        6024,
        2785,
        6016,
        3253,
        5816,
        2975,
        6223,
        2245,
        6383,
        2660,
        5687,
        3339,
        6014,
        25621,
        2700,
        6541,
        2558,
        5854,
        2618,
        6081,
        2479,
        6033,
        2780,
        5855,
        2896,
        5364,
        3574,
        5961,
        2367,
        24506,
        5711,
        2709,
        6033,
        3093,
        5438,
        2701,
        5704,
        2252,
        6538,
        2703,
        6200,
        2722,
        5677,
        3577,
        6303,
        22410,
        2562,
        5619,
        2455,
        5736,
        2924,
        6011,
        2615,
        6300,
        2904,
        5461,
        3094,
        6042,
        2845,
        6012,
        2524,
        21299,
        6217,
        2448,
        5522,
        2687,
        6272,
        2752,
        5944,
        2810,
        6304,
        2458,
        6771,
        2157,
        5939,
        2725,
        5957,
        25835,
        2542,
        6666,
        2380,
        6458,
        2907,
        6112,
        2158,
        6104,
        3039,
        5992,
        2177,
        6185,
        3310,
        6165,
        2732,
        5991,
        2515
      ],
      "SequenceName": [
        "ep_b5#1",
        "ep_b5#1",
        "ep_b1490#2",
        "ep_b2985#3",
        "ep_b1495#4",
        "ep_b3005#5",
        "ep_b1505#6",
        "ep_b2985#7",
        "ep_b1500#8",
        "ep_b3010#9",
        "ep_b1490#10",
        "ep_b2990#11",
        "ep_b1495#12",
        "ep_b2990#13",
        "ep_b1500#14",
        "ep_b2985#15",
        "ep_b1505#16",
        "ep_b5#17",
        "ep_b3005#18",
        "ep_b1495#19",
        "ep_b3000#20",
        "ep_b1495#21",
        "ep_b2995#22",
        "ep_b1495#23",
        "ep_b3000#24",
        "ep_b1490#25",
        "ep_b2980#26",
        "ep_b1505#27",
        "ep_b2990#28",
        "ep_b1495#29",
        "ep_b3005#30",
        "ep_b1490#31",
        "ep_b3000#32",
        "ep_b5#33",
        "ep_b1505#34",
        "ep_b3000#35",
        "ep_b1490#36",
        "ep_b2985#37",
        "ep_b1495#38",
        "ep_b3000#39",
        "ep_b1500#40",
        "ep_b2990#41",
        "ep_b1505#42",
        "ep_b2990#43",
        "ep_b1495#44",
        "ep_b3005#45",
        "ep_b1495#46",
        "ep_b3000#47",
        "ep_b1490#48",
        "ep_b5#49",
        "ep_b3005#50",
        "ep_b1495#51",
        "ep_b2995#52",
        "ep_b1505#53",
        "ep_b2995#54",
        "ep_b1490#55",
        "ep_b2995#56",
        "ep_b1490#57",
        "ep_b3000#58",
        "ep_b1500#59",
        "ep_b3000#60",
        "ep_b1505#61",
        "ep_b2985#62",
        "ep_b1505#63",
        "ep_b2995#64",
        "ep_b5#65",
        "ep_b1505#66",
        "ep_b3000#67",
        "ep_b1495#68",
        "ep_b3005#69",
        "ep_b1505#70",
        "ep_b3005#71",
        "ep_b1500#72",
        "ep_b3005#73",
        "ep_b1490#74",
        "ep_b2990#75",
        "ep_b1495#76",
        "ep_b2990#77",
        "ep_b1500#78",
        "ep_b3000#79",
        "ep_b1490#80",
        "ep_b5#81",
        "ep_b2990#82",
        "ep_b1500#83",
        "ep_b2980#84",
        "ep_b1495#85",
        "ep_b2995#86",
        "ep_b1495#87",
        "ep_b2990#88",
        "ep_b1490#89",
        "ep_b2980#90",
        "ep_b1495#91",
        "ep_b2995#92",
        "ep_b1495#93",
        "ep_b3005#94",
        "ep_b1500#95",
        "ep_b2990#96",
        "ep_b1500#97",
        "ep_b2995#98"
      ],
      "TriggerTime": [
        18780,
        22010,
        25240,
        28470,
        31700,
        34930,
        38160,
        41390,
        44620,
        47850,
        51080,
        54310,
        57540,
        60770,
        64000,
        67230,
        70460,
        73690,
        76920,
        80150,
        83380,
        86610,
        89840,
        93070,
        96300,
        99530,
        102760,
        105990,
        109220,
        112450,
        115680,
        118910,
        122140,
        125370,
        128600,
        131830,
        135060,
        138290,
        141520,
        144750,
        147980,
        151210,
        154440,
        157670,
        160900,
        164130,
        167360,
        170590,
        173820,
        177050,
        180280,
        183510,
        186740,
        189970,
        193200,
        196430,
        199660,
        202890,
        206120,
        209350,
        212580,
        215810,
        219040,
        222270,
        225500,
        228730,
        231960,
        235190,
        238420,
        241650,
        244880,
        248110,
        251340,
        254570,
        257800,
        261030,
        264260,
        267490,
        270720,
        273950,
        277180,
        280410,
        283640,
        286870,
        290100,
        293330,
        296560,
        299790,
        303020,
        306250,
        309480,
        312710,
        315940,
        319170,
        322400,
        325630,
        328860,
        332090,
        335320
      ],
      "WindowCenter": [
        4236,
        4330,
        1409,
        789,
        1423,
        821,
        1387,
        837,
        1410,
        817,
        1422,
        787,
        1435,
        814,
        1391,
        852,
        1406,
        4320,
        811,
        1435,
        785,
        1405,
        813,
        1424,
        814,
        1406,
        822,
        1410,
        841,
        1395,
        847,
        1424,
        787,
        4303,
        1410,
        793,
        1408,
        832,
        1378,
        789,
        1422,
        768,
        1402,
        810,
        1423,
        798,
        1408,
        866,
        1422,
        4258,
        809,
        1407,
        794,
        1405,
        828,
        1406,
        812,
        1420,
        800,
        1411,
        832,
        1403,
        819,
        1387,
        796,
        4222,
        1406,
        814,
        1410,
        784,
        1419,
        824,
        1391,
        817,
        1420,
        812,
        1421,
        786,
        1421,
        804,
        1401,
        4295,
        793,
        1419,
        779,
        1419,
        828,
        1408,
        767,
        1419,
        820,
        1422,
        782,
        1419,
        837,
        1387,
        828,
        1419,
        811
      ],
      "WindowWidth": [
        9959,
        10120,
        3661,
        2159,
        3692,
        2239,
        3603,
        2282,
        3661,
        2226,
        3684,
        2167,
        3716,
        2231,
        3617,
        2317,
        3647,
        10084,
        2219,
        3714,
        2146,
        3649,
        2229,
        3692,
        2232,
        3647,
        2243,
        3665,
        2294,
        3632,
        2301,
        3691,
        2164,
        10071,
        3663,
        2172,
        3656,
        2261,
        3591,
        2160,
        3688,
        2115,
        3636,
        2219,
        3687,
        2175,
        3656,
        2351,
        3686,
        9989,
        2213,
        3654,
        2178,
        3645,
        2264,
        3648,
        2224,
        3682,
        2184,
        3664,
        2264,
        3640,
        2232,
        3606,
        2183,
        9924,
        3651,
        2232,
        3664,
        2140,
        3677,
        2250,
        3618,
        2228,
        3677,
        2226,
        3682,
        2164,
        3686,
        2199,
        3631,
        10030,
        2173,
        3672,
        2137,
        3680,
        2265,
        3655,
        2111,
        3674,
        2237,
        3684,
        2147,
        3679,
        2280,
        3604,
        2263,
        3673,
        2221
      ]
    },
