{
  "AcquisitionMatrixPE": 140,
  "AcquisitionNumber": 1,
  "AcquisitionTime": "09:22:16.347500",
  "BandwidthPerPixelPhaseEncode": 10.352,
  "BaseResolution": 140,
  "BodyPartExamined": "BRAIN",
  "CoilCombinationMethod": "Sum of Squares",
  "ConsistencyInfo": "N4_VE11C_LATEST_20160120",
  "ConversionSoftware": "dcm2niix",
  "ConversionSoftwareVersion": "v1.0.20220720",
  "DerivedVendorReportedEchoSpacing": 0.000689998,
  "DeviceSerialNumber": "67026",
  "DiffusionScheme": "Monopolar",
  "DwellTime": 2.1e-06,
  "EchoTime": 0.0892,
  "EchoTrainLength": 105,
  "EffectiveEchoSpacing": 0.000689998,
  "FlipAngle": 78,
  "HeudiconvVersion": "0.11.4",
  "ImageComments": "Unaliased MB4/PE3/LB SENSE1",
  "ImageOrientationPatientDICOM": [
    0.999959,
    0.0071368,
    0.00553427,
    -0.00645754,
    0.993425,
    -0.114304
  ],
  "ImageOrientationText": "Tra>Cor(-6.6)>Sag(0.4)",
  "ImageType": [
    "ORIGINAL",
    "PRIMARY",
    "DIFFUSION",
    "NONE",
    "MB",
    "ND",
    "MOSAIC"
  ],
  "ImagingFrequency": 123.23,
  "InPlanePhaseEncodingDirectionDICOM": "COL",
  "InstitutionAddress": "13th St. 149,Charlestown,MA,US,02129",
  "InstitutionName": "Martinos Center Bay 4 Prisma",
  "InstitutionalDepartmentName": "Martinos Center",
  "MRAcquisitionType": "2D",
  "MagneticFieldStrength": 3,
  "Manufacturer": "Siemens",
  "ManufacturersModelName": "Prisma_fit",
  "MatrixCoilMode": "SENSE",
  "Modality": "MR",
  "MultibandAccelerationFactor": 4,
  "NonlinearGradientCorrection": false,
  "PartialFourier": 0.75,
  "PatientPosition": "HFS",
  "PercentPhaseFOV": 100,
  "PercentSampling": 100,
  "PhaseEncodingDirection": "j-",
  "PhaseEncodingSteps": 105,
  "PhaseResolution": 1,
  "PixelBandwidth": 1700,
  "ProcedureStepDescription": "INVESTIGATORS^Greve",
  "ProtocolName": "dMRI_dir98_AP",
  "PulseSequenceDetails": "%CustomerSeq%\\hcp_mbep2d_diff",
  "ReceiveCoilActiveElements": "HEA;HEP",
  "ReceiveCoilName": "Head_32",
  "ReconMatrixPE": 140,
  "RepetitionTime": 3.23,
  "SAR": 0.175492,
  "ScanOptions": "PFP\\EXT",
  "ScanningSequence": "EP",
  "SequenceName": "ep_b5#1",
  "SequenceVariant": "SK\\SS",
  "SeriesDescription": "dMRI_dir98_AP",
  "SeriesNumber": 44,
  "ShimSetting": [
    -1257,
    -10410,
    -10173,
    493,
    97,
    53,
    9,
    -15
  ],
  "SliceThickness": 1.5,
  "SliceTiming": [
    0,
    1.675,
    0.14,
    1.8125,
    0.2775,
    1.9525,
    0.4175,
    2.0925,
    0.5575,
    2.2325,
    0.6975,
    2.3725,
    0.8375,
    2.5125,
    0.975,
    2.65,
    1.115,
    2.79,
    1.255,
    2.93,
    1.395,
    3.07,
    1.535,
    0,
    1.675,
    0.14,
    1.8125,
    0.2775,
    1.9525,
    0.4175,
    2.0925,
    0.5575,
    2.2325,
    0.6975,
    2.3725,
    0.8375,
    2.5125,
    0.975,
    2.65,
    1.115,
    2.79,
    1.255,
    2.93,
    1.395,
    3.07,
    1.535,
    0,
    1.675,
    0.14,
    1.8125,
    0.2775,
    1.9525,
    0.4175,
    2.0925,
    0.5575,
    2.2325,
    0.6975,
    2.3725,
    0.8375,
    2.5125,
    0.975,
    2.65,
    1.115,
    2.79,
    1.255,
    2.93,
    1.395,
    3.07,
    1.535,
    0,
    1.675,
    0.14,
    1.8125,
    0.2775,
    1.9525,
    0.4175,
    2.0925,
    0.5575,
    2.2325,
    0.6975,
    2.3725,
    0.8375,
    2.5125,
    0.975,
    2.65,
    1.115,
    2.79,
    1.255,
    2.93,
    1.395,
    3.07,
    1.535
  ],
  "SoftwareVersions": "syngo MR E11",
  "SpacingBetweenSlices": 1.5,
  "StationName": "BAY4OC",
  "TotalReadoutTime": 0.0959097,
  "TxRefAmp": 253.459,
  "WipMemBlock": "bab28554-6ddd-4a42-85d0-28f29f7a4a08||Sequence: ve11c/master r/5b0256d+; Dec  9 2016 09:48:43 by eja",
  "dcmmeta_affine": [
    [
      -1.4999388456344604,
      -0.009686317294836044,
      0.009470474906265736,
      108.88563537597656
    ],
    [
      -0.010705196298658848,
      1.4901372194290161,
      -0.17139562964439392,
      -98.3040542602539
    ],
    [
      0.008301409892737865,
      0.1714562177658081,
      1.4901455640792847,
      -51.84672164916992
    ],
    [
      0,
      0,
      0,
      1
    ]
  ],
  "dcmmeta_reorient_transform": [
    [
      0,
      -1,
      0,
      139
    ],
    [
      1,
      0,
      0,
      0
    ],
    [
      0,
      0,
      1,
      0
    ],
    [
      0,
      0,
      0,
      1
    ]
  ],
  "dcmmeta_shape": [
    140,
    140,
    92,
    99
  ],
  "dcmmeta_slice_dim": 2,
  "dcmmeta_version": 0.6,
  "time": {
    "samples": {
      "AcquisitionNumber": [
        1,
        2,
        3,
        4,
        5,
        6,
        7,
        8,
        9,
        10,
        11,
        12,
        13,
        14,
        15,
        16,
        17,
        18,
        19,
        20,
        21,
        22,
        23,
        24,
        25,
        26,
        27,
        28,
        29,
        30,
        31,
        32,
        33,
        34,
        35,
        36,
        37,
        38,
        39,
        40,
        41,
        42,
        43,
        44,
        45,
        46,
        47,
        48,
        49,
        50,
        51,
        52,
        53,
        54,
        55,
        56,
        57,
        58,
        59,
        60,
        61,
        62,
        63,
        64,
        65,
        66,
        67,
        68,
        69,
        70,
        71,
        72,
        73,
        74,
        75,
        76,
        77,
        78,
        79,
        80,
        81,
        82,
        83,
        84,
        85,
        86,
        87,
        88,
        89,
        90,
        91,
        92,
        93,
        94,
        95,
        96,
        97,
        98,
        99
      ],
      "AcquisitionTime": [
        "092216.347500",
        "092219.577500",
        "092222.807500",
        "092226.037500",
        "092229.267500",
        "092232.497500",
        "092235.727500",
        "092238.957500",
        "092242.187500",
        "092245.417500",
        "092248.647500",
        "092251.877500",
        "092255.107500",
        "092258.337500",
        "092301.567500",
        "092304.797500",
        "092308.027500",
        "092311.257500",
        "092314.487500",
        "092317.717500",
        "092320.947500",
        "092324.177500",
        "092327.407500",
        "092330.637500",
        "092333.867500",
        "092337.097500",
        "092340.327500",
        "092343.557500",
        "092346.787500",
        "092350.017500",
        "092353.247500",
        "092356.477500",
        "092359.707500",
        "092402.937500",
        "092406.167500",
        "092409.397500",
        "092412.627500",
        "092415.857500",
        "092419.087500",
        "092422.317500",
        "092425.547500",
        "092428.777500",
        "092432.007500",
        "092435.237500",
        "092438.467500",
        "092441.697500",
        "092444.927500",
        "092448.157500",
        "092451.387500",
        "092454.617500",
        "092457.847500",
        "092501.077500",
        "092504.307500",
        "092507.537500",
        "092510.767500",
        "092513.997500",
        "092517.227500",
        "092520.457500",
        "092523.687500",
        "092526.917500",
        "092530.147500",
        "092533.377500",
        "092536.607500",
        "092539.837500",
        "092543.067500",
        "092546.297500",
        "092549.527500",
        "092552.757500",
        "092555.987500",
        "092559.217500",
        "092602.447500",
        "092605.677500",
        "092608.907500",
        "092612.137500",
        "092615.367500",
        "092618.597500",
        "092621.827500",
        "092625.057500",
        "092628.287500",
        "092631.517500",
        "092634.747500",
        "092637.977500",
        "092641.207500",
        "092644.437500",
        "092647.667500",
        "092650.897500",
        "092654.127500",
        "092657.357500",
        "092700.587500",
        "092703.817500",
        "092707.047500",
        "092710.277500",
        "092713.507500",
        "092716.737500",
        "092719.967500",
        "092723.197500",
        "092726.427500",
        "092729.657500",
        "092732.887500"
      ],
      "ContentTime": [
        "092338.437000",
        "092338.448000",
        "092338.452000",
        "092338.455000",
        "092338.458000",
        "092338.462000",
        "092338.465000",
        "092338.469000",
        "092338.472000",
        "092338.475000",
        "092338.479000",
        "092338.482000",
        "092338.485000",
        "092338.489000",
        "092338.492000",
        "092338.504000",
        "092338.507000",
        "092338.511000",
        "092338.514000",
        "092338.518000",
        "092338.521000",
        "092338.524000",
        "092338.528000",
        "092338.531000",
        "092338.534000",
        "092458.390000",
        "092458.394000",
        "092458.397000",
        "092458.401000",
        "092458.404000",
        "092458.407000",
        "092458.411000",
        "092458.414000",
        "092458.418000",
        "092458.421000",
        "092458.424000",
        "092458.428000",
        "092458.431000",
        "092458.434000",
        "092458.438000",
        "092458.441000",
        "092458.445000",
        "092458.448000",
        "092458.456000",
        "092458.459000",
        "092458.463000",
        "092458.466000",
        "092458.469000",
        "092458.473000",
        "092618.390000",
        "092618.398000",
        "092618.402000",
        "092618.405000",
        "092618.409000",
        "092618.412000",
        "092618.415000",
        "092618.419000",
        "092618.422000",
        "092618.425000",
        "092618.429000",
        "092618.432000",
        "092618.435000",
        "092618.439000",
        "092618.442000",
        "092618.445000",
        "092618.449000",
        "092618.452000",
        "092618.456000",
        "092618.459000",
        "092618.462000",
        "092618.466000",
        "092618.469000",
        "092618.472000",
        "092618.475000",
        "092736.865000",
        "092736.875000",
        "092736.879000",
        "092736.882000",
        "092736.885000",
        "092736.889000",
        "092736.892000",
        "092736.895000",
        "092736.899000",
        "092736.902000",
        "092736.905000",
        "092736.909000",
        "092736.912000",
        "092736.916000",
        "092736.919000",
        "092736.922000",
        "092736.926000",
        "092736.939000",
        "092736.943000",
        "092736.947000",
        "092736.950000",
        "092736.954000",
        "092736.957000",
        "092736.960000",
        "092736.964000"
      ],
      "InstanceCreationTime": [
        "092338.437000",
        "092338.448000",
        "092338.452000",
        "092338.455000",
        "092338.458000",
        "092338.462000",
        "092338.465000",
        "092338.469000",
        "092338.472000",
        "092338.475000",
        "092338.479000",
        "092338.482000",
        "092338.485000",
        "092338.489000",
        "092338.492000",
        "092338.504000",
        "092338.507000",
        "092338.511000",
        "092338.514000",
        "092338.518000",
        "092338.521000",
        "092338.524000",
        "092338.528000",
        "092338.531000",
        "092338.534000",
        "092458.390000",
        "092458.394000",
        "092458.397000",
        "092458.401000",
        "092458.404000",
        "092458.407000",
        "092458.411000",
        "092458.414000",
        "092458.418000",
        "092458.421000",
        "092458.424000",
        "092458.428000",
        "092458.431000",
        "092458.434000",
        "092458.438000",
        "092458.441000",
        "092458.445000",
        "092458.448000",
        "092458.456000",
        "092458.459000",
        "092458.463000",
        "092458.466000",
        "092458.469000",
        "092458.473000",
        "092618.390000",
        "092618.398000",
        "092618.402000",
        "092618.405000",
        "092618.409000",
        "092618.412000",
        "092618.415000",
        "092618.419000",
        "092618.422000",
        "092618.425000",
        "092618.429000",
        "092618.432000",
        "092618.435000",
        "092618.439000",
        "092618.442000",
        "092618.445000",
        "092618.449000",
        "092618.452000",
        "092618.456000",
        "092618.459000",
        "092618.462000",
        "092618.466000",
        "092618.469000",
        "092618.472000",
        "092618.475000",
        "092736.865000",
        "092736.875000",
        "092736.879000",
        "092736.882000",
        "092736.885000",
        "092736.889000",
        "092736.892000",
        "092736.895000",
        "092736.899000",
        "092736.902000",
        "092736.905000",
        "092736.909000",
        "092736.912000",
        "092736.916000",
        "092736.919000",
        "092736.922000",
        "092736.926000",
        "092736.939000",
        "092736.943000",
        "092736.947000",
        "092736.950000",
        "092736.954000",
        "092736.957000",
        "092736.960000",
        "092736.964000"
      ],
      "InstanceNumber": [
        1,
        2,
        3,
        4,
        5,
        6,
        7,
        8,
        9,
        10,
        11,
        12,
        13,
        14,
        15,
        16,
        17,
        18,
        19,
        20,
        21,
        22,
        23,
        24,
        25,
        26,
        27,
        28,
        29,
        30,
        31,
        32,
        33,
        34,
        35,
        36,
        37,
        38,
        39,
        40,
        41,
        42,
        43,
        44,
        45,
        46,
        47,
        48,
        49,
        50,
        51,
        52,
        53,
        54,
        55,
        56,
        57,
        58,
        59,
        60,
        61,
        62,
        63,
        64,
        65,
        66,
        67,
        68,
        69,
        70,
        71,
        72,
        73,
        74,
        75,
        76,
        77,
        78,
        79,
        80,
        81,
        82,
        83,
        84,
        85,
        86,
        87,
        88,
        89,
        90,
        91,
        92,
        93,
        94,
        95,
        96,
        97,
        98,
        99
      ],
      "LargestImagePixelValue": [
        32575,
        31744,
        5995,
        2809,
        6174,
        2687,
        5634,
        2629,
        6507,
        2741,
        6146,
        3002,
        6155,
        3053,
        5649,
        2970,
        5713,
        31617,
        2988,
        5949,
        2625,
        5466,
        3036,
        6094,
        2555,
        5809,
        2757,
        5958,
        2932,
        5314,
        2770,
        6136,
        2718,
        31497,
        6223,
        2809,
        5673,
        2860,
        5211,
        2557,
        5702,
        3264,
        5870,
        2855,
        6209,
        2840,
        5844,
        3304,
        6183,
        29557,
        2629,
        5541,
        2818,
        5911,
        2997,
        5883,
        2562,
        6132,
        2681,
        5800,
        2845,
        5780,
        3257,
        5756,
        2828,
        28789,
        6310,
        2942,
        5979,
        2651,
        5858,
        3147,
        5966,
        2783,
        5834,
        3289,
        5777,
        2986,
        6184,
        2709,
        5626,
        29778,
        3181,
        6093,
        2856,
        6157,
        3156,
        5933,
        2720,
        5896,
        3019,
        6053,
        2780,
        5596,
        3248,
        6056,
        2943,
        5935,
        2705
      ],
      "SequenceName": [
        "ep_b5#1",
        "ep_b5#1",
        "ep_b1490#2",
        "ep_b2990#3",
        "ep_b1495#4",
        "ep_b3005#5",
        "ep_b1500#6",
        "ep_b2990#7",
        "ep_b1495#8",
        "ep_b3005#9",
        "ep_b1490#10",
        "ep_b3000#11",
        "ep_b1490#12",
        "ep_b2985#13",
        "ep_b1500#14",
        "ep_b2985#15",
        "ep_b1500#16",
        "ep_b5#17",
        "ep_b3005#18",
        "ep_b1490#19",
        "ep_b2995#20",
        "ep_b1500#21",
        "ep_b3000#22",
        "ep_b1495#23",
        "ep_b3005#24",
        "ep_b1490#25",
        "ep_b2985#26",
        "ep_b1505#27",
        "ep_b2995#28",
        "ep_b1500#29",
        "ep_b3000#30",
        "ep_b1490#31",
        "ep_b3005#32",
        "ep_b5#33",
        "ep_b1505#34",
        "ep_b3000#35",
        "ep_b1490#36",
        "ep_b2980#37",
        "ep_b1495#38",
        "ep_b2995#39",
        "ep_b1505#40",
        "ep_b3000#41",
        "ep_b1500#42",
        "ep_b2985#43",
        "ep_b1495#44",
        "ep_b3000#45",
        "ep_b1495#46",
        "ep_b3000#47",
        "ep_b1485#48",
        "ep_b5#49",
        "ep_b3005#50",
        "ep_b1500#51",
        "ep_b2990#52",
        "ep_b1505#53",
        "ep_b2995#54",
        "ep_b1495#55",
        "ep_b2985#56",
        "ep_b1490#57",
        "ep_b2995#58",
        "ep_b1500#59",
        "ep_b3000#60",
        "ep_b1500#61",
        "ep_b2985#62",
        "ep_b1495#63",
        "ep_b2985#64",
        "ep_b5#65",
        "ep_b1505#66",
        "ep_b3005#67",
        "ep_b1495#68",
        "ep_b3000#69",
        "ep_b1505#70",
        "ep_b3010#71",
        "ep_b1495#72",
        "ep_b3005#73",
        "ep_b1490#74",
        "ep_b2995#75",
        "ep_b1490#76",
        "ep_b3000#77",
        "ep_b1505#78",
        "ep_b3000#79",
        "ep_b1495#80",
        "ep_b5#81",
        "ep_b2985#82",
        "ep_b1500#83",
        "ep_b2985#84",
        "ep_b1490#85",
        "ep_b2995#86",
        "ep_b1495#87",
        "ep_b2995#88",
        "ep_b1490#89",
        "ep_b2980#90",
        "ep_b1500#91",
        "ep_b3000#92",
        "ep_b1490#93",
        "ep_b3005#94",
        "ep_b1495#95",
        "ep_b2990#96",
        "ep_b1500#97",
        "ep_b3005#98"
      ],
      "TriggerTime": [
        18775,
        22005,
        25235,
        28465,
        31695,
        34925,
        38155,
        41385,
        44615,
        47845,
        51075,
        54305,
        57535,
        60765,
        63995,
        67225,
        70455,
        73685,
        76915,
        80145,
        83375,
        86605,
        89835,
        93065,
        96295,
        99525,
        102755,
        105985,
        109215,
        112445,
        115675,
        118905,
        122135,
        125365,
        128595,
        131825,
        135055,
        138285,
        141515,
        144745,
        147975,
        151205,
        154435,
        157665,
        160895,
        164125,
        167355,
        170585,
        173815,
        177045,
        180275,
        183505,
        186735,
        189965,
        193195,
        196425,
        199655,
        202885,
        206115,
        209345,
        212575,
        215805,
        219035,
        222265,
        225495,
        228725,
        231955,
        235185,
        238415,
        241645,
        244875,
        248105,
        251335,
        254565,
        257795,
        261025,
        264255,
        267485,
        270715,
        273945,
        277175,
        280405,
        283635,
        286865,
        290095,
        293325,
        296555,
        299785,
        303015,
        306245,
        309475,
        312705,
        315935,
        319165,
        322395,
        325625,
        328855,
        332085,
        335315
      ],
      "WindowCenter": [
        4835,
        4863,
        1705,
        980,
        1748,
        935,
        1703,
        953,
        1732,
        937,
        1705,
        986,
        1748,
        1006,
        1690,
        981,
        1675,
        4838,
        958,
        1734,
        938,
        1722,
        985,
        1720,
        945,
        1691,
        959,
        1704,
        982,
        1708,
        957,
        1735,
        955,
        4849,
        1691,
        962,
        1693,
        957,
        1695,
        956,
        1722,
        1004,
        1674,
        979,
        1720,
        955,
        1721,
        1002,
        1722,
        4807,
        934,
        1723,
        980,
        1660,
        995,
        1707,
        959,
        1719,
        930,
        1708,
        957,
        1674,
        982,
        1731,
        984,
        4787,
        1686,
        963,
        1719,
        938,
        1706,
        991,
        1730,
        936,
        1693,
        1006,
        1706,
        986,
        1721,
        937,
        1706,
        4831,
        986,
        1704,
        963,
        1734,
        1002,
        1717,
        984,
        1691,
        959,
        1721,
        983,
        1725,
        983,
        1701,
        982,
        1673,
        941
      ],
      "WindowWidth": [
        10824,
        10893,
        4301,
        2672,
        4395,
        2561,
        4297,
        2606,
        4353,
        2549,
        4302,
        2696,
        4397,
        2727,
        4270,
        2673,
        4237,
        10840,
        2606,
        4363,
        2573,
        4347,
        2689,
        4332,
        2602,
        4280,
        2611,
        4298,
        2677,
        4319,
        2603,
        4367,
        2618,
        10860,
        4272,
        2623,
        4282,
        2602,
        4294,
        2622,
        4346,
        2721,
        4237,
        2666,
        4332,
        2596,
        4339,
        2712,
        4342,
        10795,
        2557,
        4354,
        2670,
        4206,
        2704,
        4313,
        2631,
        4334,
        2544,
        4312,
        2606,
        4233,
        2657,
        4354,
        2685,
        10761,
        4254,
        2625,
        4333,
        2573,
        4307,
        2691,
        4351,
        2544,
        4285,
        2725,
        4305,
        2695,
        4342,
        2567,
        4309,
        10842,
        2670,
        4296,
        2627,
        4366,
        2714,
        4325,
        2687,
        4280,
        2612,
        4338,
        2681,
        4359,
        2661,
        4286,
        2678,
        4228,
        2583
      ]
    },
