{
  "AcquisitionMatrixPE": 140,
  "AcquisitionNumber": 1,
  "AcquisitionTime": "18:52:32.082500",
  "BandwidthPerPixelPhaseEncode": 10.352,
  "BaseResolution": 140,
  "BodyPartExamined": "BRAIN",
  "CoilCombinationMethod": "Sum of Squares",
  "ConsistencyInfo": "N4_VE11C_LATEST_20160120",
  "ConversionSoftware": "dcm2niix",
  "ConversionSoftwareVersion": "v1.0.20220720",
  "DerivedVendorReportedEchoSpacing": 0.000689998,
  "DeviceSerialNumber": "67026",
  "DwellTime": 2.1e-06,
  "EchoTime": 0.0892,
  "EchoTrainLength": 105,
  "EffectiveEchoSpacing": 0.000689998,
  "FlipAngle": 78,
  "HeudiconvVersion": "0.11.4",
  "ImageComments": "Single-band reference SENSE1",
  "ImageOrientationPatientDICOM": [
    0.999747,
    0.0218993,
    0.00513104,
    -0.016927,
    0.882763,
    -0.469514
  ],
  "ImageOrientationText": "Tra>Cor(-28.0)>Sag(0.8)",
  "ImageType": [
    "ORIGINAL",
    "PRIMARY",
    "M",
    "ND",
    "MOSAIC"
  ],
  "ImagingFrequency": 123.205,
  "InPlanePhaseEncodingDirectionDICOM": "COL",
  "InstitutionAddress": "13th St. 149,Charlestown,MA,US,02129",
  "InstitutionName": "Martinos Center Bay 4 Prisma VE11C",
  "InstitutionalDepartmentName": "Martinos Center",
  "MRAcquisitionType": "2D",
  "MagneticFieldStrength": 3,
  "Manufacturer": "Siemens",
  "ManufacturersModelName": "Prisma_fit",
  "MatrixCoilMode": "SENSE",
  "Modality": "MR",
  "NonlinearGradientCorrection": false,
  "PartialFourier": 0.75,
  "PatientPosition": "HFS",
  "PercentPhaseFOV": 100,
  "PercentSampling": 100,
  "PhaseEncodingDirection": "j-",
  "PhaseEncodingSteps": 105,
  "PhaseResolution": 1,
  "PixelBandwidth": 1700,
  "ProcedureStepDescription": "INVESTIGATORS^Greve",
  "ProtocolName": "dMRI_dir98_AP_Blue_Umbrella",
  "PulseSequenceDetails": "%CustomerSeq%\\hcp_mbep2d_diff",
  "ReceiveCoilActiveElements": "HEA;HEP",
  "ReceiveCoilName": "Head_32",
  "ReconMatrixPE": 140,
  "RepetitionTime": 3.23,
  "SAR": 0.199162,
  "ScanOptions": "PFP\\EXT",
  "ScanningSequence": "EP",
  "SequenceName": "epse2d1_140",
  "SequenceVariant": "SK\\SS",
  "SeriesDescription": "dMRI_dir98_AP_Blue_Umbrella_SBRef",
  "SeriesNumber": 43,
  "ShimSetting": [
    -1207,
    -10500,
    -10179,
    414,
    240,
    204,
    -77,
    7
  ],
  "SliceThickness": 1.5,
  "SliceTiming": [
    0,
    0.14,
    0.28,
    0.42,
    0.5575,
    0.6975,
    0.8375,
    0.9775,
    1.1175,
    1.2575,
    1.395,
    1.535,
    1.675,
    1.815,
    1.955,
    2.0925,
    2.2325,
    2.3725,
    2.5125,
    2.6525,
    2.7925,
    2.93,
    3.07,
    3.21,
    3.35,
    3.49,
    3.63,
    3.7675,
    3.9075,
    4.0475,
    4.1875,
    4.3275,
    4.465,
    4.605,
    4.745,
    4.885,
    5.025,
    5.165,
    5.3025,
    5.4425,
    5.5825,
    5.7225,
    5.8625,
    6.0025,
    6.14,
    6.28,
    6.42,
    6.56,
    6.7,
    6.8375,
    6.9775,
    7.1175,
    7.2575,
    7.3975,
    7.5375,
    7.675,
    7.815,
    7.955,
    8.095,
    8.235,
    8.375,
    8.5125,
    8.6525,
    8.7925,
    8.9325,
    9.0725,
    9.21,
    9.35,
    9.49,
    9.63,
    9.77,
    9.91,
    10.0475,
    10.1875,
    10.3275,
    10.4675,
    10.6075,
    10.7475,
    10.885,
    11.025,
    11.165,
    11.305,
    11.445,
    11.5825,
    11.7225,
    11.8625,
    12.0025,
    12.1425,
    12.2825,
    12.42,
    12.56,
    12.7
  ],
  "SoftwareVersions": "syngo MR E11",
  "SpacingBetweenSlices": 1.5,
  "StationName": "BAY4OC",
  "TotalReadoutTime": 0.0959097,
  "TxRefAmp": 268.641,
  "WipMemBlock": "c6355621-1fca-4e03-b85d-4dda58474172||Sequence: ve11c/master r/5b0256d+; Dec  9 2016 09:48:43 by eja",
  "dcmmeta_affine": [
    [
      -1.4996205568313599,
      -0.025390546768903732,
      0.022217242047190666,
      105.06611633300781
    ],
    [
      -0.03284887596964836,
      1.3241441249847412,
      -0.7039625644683838,
      -40.91199493408203
    ],
    [
      0.00769655779004097,
      0.7042710185050964,
      1.3243651390075684,
      -110.21065521240234
    ],
    [
      0,
      0,
      0,
      1
    ]
  ],
  "dcmmeta_reorient_transform": [
    [
      0,
      -1,
      0,
      139
    ],
    [
      1,
      0,
      0,
      0
    ],
    [
      0,
      0,
      1,
      0
    ],
    [
      0,
      0,
      0,
      1
    ]
  ],
  "dcmmeta_shape": [
    140,
    140,
    92
  ],
  "dcmmeta_slice_dim": 2,
  "dcmmeta_version": 0.6
}
