{
  "AcquisitionMatrixPE": 140,
  "AcquisitionNumber": 1,
  "AcquisitionTime": "08:48:50.207500",
  "BandwidthPerPixelPhaseEncode": 10.352,
  "BaseResolution": 140,
  "BodyPartExamined": "BRAIN",
  "CoilCombinationMethod": "Sum of Squares",
  "ConsistencyInfo": "N4_VE11C_LATEST_20160120",
  "ConversionSoftware": "dcm2niix",
  "ConversionSoftwareVersion": "v1.0.20220720",
  "DerivedVendorReportedEchoSpacing": 0.000689998,
  "DeviceSerialNumber": "67026",
  "DwellTime": 2.1e-06,
  "EchoTime": 0.0892,
  "EchoTrainLength": 105,
  "EffectiveEchoSpacing": 0.000689998,
  "FlipAngle": 78,
  "HeudiconvVersion": "0.11.4",
  "ImageComments": "Single-band reference SENSE1",
  "ImageOrientationPatientDICOM": [
    0.997723,
    0.0233407,
    0.06328,
    0.00539822,
    0.90757,
    -0.419867
  ],
  "ImageOrientationText": "Tra>Cor(-24.8)>Sag(3.9)",
  "ImageType": [
    "ORIGINAL",
    "PRIMARY",
    "M",
    "ND",
    "MOSAIC"
  ],
  "ImagingFrequency": 123.161,
  "InPlanePhaseEncodingDirectionDICOM": "COL",
  "InstitutionAddress": "13th St. 149,Charlestown,MA,US,02129",
  "InstitutionName": "Martinos Center Bay 4 Prisma",
  "InstitutionalDepartmentName": "Martinos Center",
  "MRAcquisitionType": "2D",
  "MagneticFieldStrength": 3,
  "Manufacturer": "Siemens",
  "ManufacturersModelName": "Prisma_fit",
  "MatrixCoilMode": "SENSE",
  "Modality": "MR",
  "NonlinearGradientCorrection": false,
  "PartialFourier": 0.75,
  "PatientPosition": "HFS",
  "PercentPhaseFOV": 100,
  "PercentSampling": 100,
  "PhaseEncodingDirection": "j-",
  "PhaseEncodingSteps": 105,
  "PhaseResolution": 1,
  "PixelBandwidth": 1700,
  "ProcedureStepDescription": "INVESTIGATORS^Greve",
  "ProtocolName": "dMRI_dir98_AP",
  "PulseSequenceDetails": "%CustomerSeq%\\hcp_mbep2d_diff",
  "ReceiveCoilActiveElements": "HEA;HEP",
  "ReceiveCoilName": "Head_32",
  "ReconMatrixPE": 140,
  "RepetitionTime": 3.23,
  "SAR": 0.18014,
  "ScanOptions": "PFP\\EXT",
  "ScanningSequence": "EP",
  "SequenceName": "epse2d1_140",
  "SequenceVariant": "SK\\SS",
  "SeriesDescription": "dMRI_dir98_AP_SBRef",
  "SeriesNumber": 47,
  "ShimSetting": [
    -1179,
    -10510,
    -10115,
    358,
    201,
    47,
    -98,
    -40
  ],
  "SliceThickness": 1.5,
  "SliceTiming": [
    0,
    0.14,
    0.2775,
    0.4175,
    0.5575,
    0.6975,
    0.8375,
    0.9775,
    1.115,
    1.255,
    1.395,
    1.535,
    1.675,
    1.8125,
    1.9525,
    2.0925,
    2.2325,
    2.3725,
    2.5125,
    2.65,
    2.79,
    2.93,
    3.07,
    3.21,
    3.35,
    3.4875,
    3.6275,
    3.7675,
    3.9075,
    4.0475,
    4.185,
    4.325,
    4.465,
    4.605,
    4.745,
    4.885,
    5.0225,
    5.1625,
    5.3025,
    5.4425,
    5.5825,
    5.7225,
    5.86,
    6,
    6.14,
    6.28,
    6.42,
    6.5575,
    6.6975,
    6.8375,
    6.9775,
    7.1175,
    7.2575,
    7.395,
    7.535,
    7.675,
    7.815,
    7.955,
    8.095,
    8.2325,
    8.3725,
    8.5125,
    8.6525,
    8.7925,
    8.93,
    9.07,
    9.21,
    9.35,
    9.49,
    9.63,
    9.7675,
    9.9075,
    10.0475,
    10.1875,
    10.3275,
    10.4675,
    10.605,
    10.745,
    10.885,
    11.025,
    11.165,
    11.3025,
    11.4425,
    11.5825,
    11.7225,
    11.8625,
    12.0025,
    12.14,
    12.28,
    12.42,
    12.56,
    12.7
  ],
  "SoftwareVersions": "syngo MR E11",
  "SpacingBetweenSlices": 1.5,
  "StationName": "BAY4OC",
  "TotalReadoutTime": 0.0959097,
  "TxRefAmp": 269.398,
  "WipMemBlock": "a7fea047-8106-41eb-b2cf-53655423e9cc||Sequence: ve11c/master r/5b0256d+; Dec  9 2016 09:48:43 by eja",
  "dcmmeta_affine": [
    [
      -1.4965842962265015,
      0.008097327314317226,
      0.10084647685289383,
      100.96034240722656
    ],
    [
      -0.03501099348068237,
      1.3613542318344116,
      -0.6288790106773376,
      -47.19672393798828
    ],
    [
      0.09492000937461853,
      0.6298007369041443,
      1.3580652475357056,
      -116.90320587158203
    ],
    [
      0,
      0,
      0,
      1
    ]
  ],
  "dcmmeta_reorient_transform": [
    [
      0,
      -1,
      0,
      139
    ],
    [
      1,
      0,
      0,
      0
    ],
    [
      0,
      0,
      1,
      0
    ],
    [
      0,
      0,
      0,
      1
    ]
  ],
  "dcmmeta_shape": [
    140,
    140,
    92
  ],
  "dcmmeta_slice_dim": 2,
  "dcmmeta_version": 0.6
}
