{
  "AcquisitionMatrixPE": 256,
  "AcquisitionNumber": 1,
  "AcquisitionTime": "15:54:23.180000",
  "BaseResolution": 256,
  "BodyPartExamined": "BRAIN",
  "CoilCombinationMethod": "Adaptive Combine",
  "ConsistencyInfo": "N4_VE11C_LATEST_20160120",
  "ConversionSoftware": "dcm2niix",
  "ConversionSoftwareVersion": "v1.0.20220720",
  "DeviceSerialNumber": "67026",
  "DwellTime": 3e-06,
  "EchoNumber": 2,
  "EchoTime": 0.00355,
  "FlipAngle": 7,
  "HeudiconvVersion": "0.11.4",
  "ImageOrientationPatientDICOM": [
    0.0820728,
    0.991174,
    0.10411,
    0.0771728,
    0.0978283,
    -0.992207
  ],
  "ImageOrientationText": "Sag>Cor(5.1)>Tra(-3.9)",
  "ImageType": [
    "ORIGINAL",
    "PRIMARY",
    "M",
    "ND",
    "NORM"
  ],
  "ImagingFrequency": 123.189,
  "InPlanePhaseEncodingDirectionDICOM": "ROW",
  "InstitutionAddress": "13th St. 149,Charlestown,MA,US,02129",
  "InstitutionName": "Martinos Center Bay 4 Prisma",
  "InstitutionalDepartmentName": "Martinos Center",
  "InversionTime": 1.25,
  "MRAcquisitionType": "3D",
  "MagneticFieldStrength": 3,
  "Manufacturer": "Siemens",
  "ManufacturersModelName": "Prisma_fit",
  "MatrixCoilMode": "GRAPPA",
  "Modality": "MR",
  "NonlinearGradientCorrection": false,
  "ParallelReductionFactorInPlane": 2,
  "PartialFourier": 1,
  "PatientPosition": "HFS",
  "PercentPhaseFOV": 100,
  "PercentSampling": 100,
  "PhaseEncodingSteps": 255,
  "PhaseResolution": 1,
  "PixelBandwidth": 650,
  "ProcedureStepDescription": "INVESTIGATORS^Greve",
  "ProtocolName": "T1w_MPR_vNav_4e",
  "PulseSequenceDetails": "%CustomerSeq%\\tfl_mgh_epinav_ABCD",
  "ReceiveCoilActiveElements": "HEA;HEP",
  "ReceiveCoilName": "Head_32",
  "ReconMatrixPE": 256,
  "RefLinesPE": 32,
  "RepetitionTime": 2.53,
  "SAR": 0.0361626,
  "ScanOptions": "IR",
  "ScanningSequence": "GR\\IR",
  "SequenceName": "tfl3d4_16ns",
  "SequenceVariant": "SK\\SP\\MP",
  "SeriesDescription": "T1w_MPR_vNav_4e",
  "SeriesNumber": 10,
  "ShimSetting": [
    -1184,
    -10570,
    -10196,
    451,
    283,
    -38,
    1,
    -79
  ],
  "SliceThickness": 1,
  "SoftwareVersions": "syngo MR E11",
  "SpoilingState": true,
  "StationName": "BAY4OC",
  "TxRefAmp": 220.836,
  "WipMemBlock": "Prisma_epi_moco_navigator.prot"
}
