{
  "AcquisitionMatrixPE": 256,
  "AcquisitionNumber": 1,
  "AcquisitionTime": "18:11:6.192500",
  "BaseResolution": 256,
  "BodyPartExamined": "BRAIN",
  "CoilCombinationMethod": "Adaptive Combine",
  "ConsistencyInfo": "N4_VE11C_LATEST_20160120",
  "ConversionSoftware": "dcm2niix",
  "ConversionSoftwareVersion": "v1.0.20220720",
  "DeviceSerialNumber": "67026",
  "DwellTime": 3e-06,
  "EchoTime": 0.00169,
  "FlipAngle": 7,
  "HeudiconvVersion": "0.11.4",
  "ImageOrientationPatientDICOM": [
    -0.0407274,
    0.996076,
    0.0785741,
    -0.0801972,
    0.0751268,
    -0.993944
  ],
  "ImageOrientationText": "Sag>Tra(4.4)>Cor(-2.7)",
  "ImageType": [
    "ORIGINAL",
    "PRIMARY",
    "OTHER",
    "ND",
    "NORM",
    "MEAN"
  ],
  "ImagingFrequency": 123.2,
  "InPlanePhaseEncodingDirectionDICOM": "ROW",
  "InstitutionAddress": "13th St. 149,Charlestown,MA,US,02129",
  "InstitutionName": "MGH PrismaFit-Bay4",
  "InstitutionalDepartmentName": "Martinos Center",
  "InversionTime": 1.25,
  "MRAcquisitionType": "3D",
  "MagneticFieldStrength": 3,
  "Manufacturer": "Siemens",
  "ManufacturersModelName": "Prisma_fit",
  "MatrixCoilMode": "GRAPPA",
  "Modality": "MR",
  "NonlinearGradientCorrection": false,
  "NumberOfAverages": 4,
  "ParallelReductionFactorInPlane": 2,
  "PartialFourier": 1,
  "PatientPosition": "HFS",
  "PercentPhaseFOV": 100,
  "PercentSampling": 100,
  "PhaseEncodingSteps": 255,
  "PhaseResolution": 1,
  "PixelBandwidth": 650,
  "ProcedureStepDescription": "INVESTIGATORS^Greve",
  "ProtocolName": "T1w_MPR_vNav_4e",
  "PulseSequenceDetails": "%CustomerSeq%\\tfl_mgh_epinav_ABCD",
  "ReceiveCoilActiveElements": "HEA;HEP",
  "ReceiveCoilName": "Head_32",
  "ReconMatrixPE": 256,
  "RefLinesPE": 32,
  "RepetitionTime": 2.53,
  "SAR": 0.0353416,
  "ScanOptions": "IR",
  "ScanningSequence": "GR\\IR",
  "SequenceName": "tfl3d4_16ns",
  "SequenceVariant": "SK\\SP\\MP",
  "SeriesDescription": "T1w_MPR_vNav_4e RMS",
  "SeriesNumber": 13,
  "ShimSetting": [
    -1234,
    -10553,
    -10133,
    449,
    104,
    -28,
    -65,
    -13
  ],
  "SliceThickness": 1,
  "SoftwareVersions": "syngo MR E11",
  "SpoilingState": true,
  "StationName": "BAY4OC",
  "TxRefAmp": 241.375,
  "WipMemBlock": "Prisma_epi_moco_navigator.prot",
  "dcmmeta_affine": [
    [
      0.9959466457366943,
      -0.04072742536664009,
      -0.08019715547561646,
      -69.0218734741211
    ],
    [
      0.04678219556808472,
      0.9960759878158569,
      0.07512684911489487,
      -113.65694427490234
    ],
    [
      0.07682273536920547,
      -0.07857413589954376,
      0.9939438700675964,
      -156.6177978515625
    ],
    [
      0,
      0,
      0,
      1
    ]
  ],
  "dcmmeta_reorient_transform": [
    [
      0,
      0,
      -1,
      255
    ],
    [
      0,
      -1,
      0,
      255
    ],
    [
      -1,
      0,
      0,
      175
    ],
    [
      0,
      0,
      0,
      1
    ]
  ],
  "dcmmeta_shape": [
    176,
    256,
    256
  ],
  "dcmmeta_slice_dim": 0,
  "dcmmeta_version": 0.6
}
