{
  "AcquisitionMatrixPE": 104,
  "AcquisitionNumber": 1,
  "AcquisitionTime": "19:55:53.735000",
  "BandwidthPerPixelPhaseEncode": 16.578,
  "BaseResolution": 104,
  "BodyPartExamined": "BRAIN",
  "CoilCombinationMethod": "Sum of Squares",
  "ConsistencyInfo": "N4_VE11C_LATEST_20160120",
  "ConversionSoftware": "dcm2niix",
  "ConversionSoftwareVersion": "v1.0.20220720",
  "DerivedVendorReportedEchoSpacing": 0.000580009,
  "DeviceSerialNumber": "67026",
  "DwellTime": 2.1e-06,
  "EchoTime": 0.037,
  "EchoTrainLength": 104,
  "EffectiveEchoSpacing": 0.000580009,
  "FlipAngle": 52,
  "HeudiconvVersion": "0.11.4",
  "ImageComments": "Unaliased MB8/PE3/LB",
  "ImageOrientationPatientDICOM": [
    0.99863,
    0.00566451,
    0.0520121,
    0.0108067,
    0.950352,
    -0.310988
  ],
  "ImageOrientationText": "Tra>Cor(-18.2)>Sag(2.9)",
  "ImageType": [
    "ORIGINAL",
    "PRIMARY",
    "M",
    "MB",
    "ND",
    "MOSAIC"
  ],
  "ImagingFrequency": 123.167,
  "InPlanePhaseEncodingDirectionDICOM": "COL",
  "InstitutionAddress": "13th St. 149,Charlestown,MA,US,02129",
  "InstitutionName": "MGH PrismaFit-Bay4",
  "InstitutionalDepartmentName": "Martinos Center",
  "MRAcquisitionType": "2D",
  "MagneticFieldStrength": 3,
  "Manufacturer": "Siemens",
  "ManufacturersModelName": "Prisma_fit",
  "MatrixCoilMode": "SENSE",
  "Modality": "MR",
  "MultibandAccelerationFactor": 8,
  "NonlinearGradientCorrection": false,
  "PartialFourier": 1,
  "PatientPosition": "HFS",
  "PercentPhaseFOV": 100,
  "PercentSampling": 100,
  "PhaseEncodingDirection": "j-",
  "PhaseEncodingSteps": 104,
  "PhaseResolution": 1,
  "PixelBandwidth": 2290,
  "ProcedureStepDescription": "INVESTIGATORS^Greve",
  "ProtocolName": "rfMRI_REST_AP",
  "PulseSequenceDetails": "%CustomerSeq%\\hcp_mbep2d_bold",
  "ReceiveCoilActiveElements": "HEA;HEP",
  "ReceiveCoilName": "Head_32",
  "ReconMatrixPE": 104,
  "RepetitionTime": 0.8,
  "SAR": 0.0697221,
  "ScanOptions": "FS\\EXT",
  "ScanningSequence": "EP",
  "SequenceName": "epfid2d1_104",
  "SequenceVariant": "SK\\SS",
  "SeriesDescription": "rfMRI_REST_AP",
  "SeriesNumber": 21,
  "ShimSetting": [
    -1170,
    -10494,
    -10065,
    568,
    213,
    272,
    -34,
    -52
  ],
  "SliceThickness": 2,
  "SliceTiming": [
    0,
    0.435,
    0.0875,
    0.52,
    0.175,
    0.6075,
    0.26,
    0.695,
    0.3475,
    0,
    0.435,
    0.0875,
    0.52,
    0.175,
    0.6075,
    0.26,
    0.695,
    0.3475,
    0,
    0.435,
    0.0875,
    0.52,
    0.175,
    0.6075,
    0.26,
    0.695,
    0.3475,
    0,
    0.435,
    0.0875,
    0.52,
    0.175,
    0.6075,
    0.26,
    0.695,
    0.3475,
    0,
    0.435,
    0.0875,
    0.52,
    0.175,
    0.6075,
    0.26,
    0.695,
    0.3475,
    0,
    0.435,
    0.0875,
    0.52,
    0.175,
    0.6075,
    0.26,
    0.695,
    0.3475,
    0,
    0.435,
    0.0875,
    0.52,
    0.175,
    0.6075,
    0.26,
    0.695,
    0.3475,
    0,
    0.435,
    0.0875,
    0.52,
    0.175,
    0.6075,
    0.26,
    0.695,
    0.3475
  ],
  "SoftwareVersions": "syngo MR E11",
  "SpacingBetweenSlices": 2,
  "StationName": "BAY4OC",
  "TaskName": "rest",
  "TotalReadoutTime": 0.0597409,
  "TxRefAmp": 232.72,
  "WipMemBlock": "8d0983dd-dd79-4e97-a0eb-4d4c1ddf2e8f||Sequence: ve11c/master r/5b0256d+; Dec  9 2016 09:38:51 by eja",
  "dcmmeta_affine": [
    [
      -1.9972608089447021,
      0.02161332033574581,
      0.10238281637430191,
      103.7641830444336
    ],
    [
      -0.011329017579555511,
      1.9007047414779663,
      -0.6222484111785889,
      -64.39566802978516
    ],
    [
      0.10402417927980423,
      0.6219761371612549,
      1.8979791402816772,
      -67.95167541503906
    ],
    [
      0,
      0,
      0,
      1
    ]
  ],
  "dcmmeta_reorient_transform": [
    [
      0,
      -1,
      0,
      103
    ],
    [
      1,
      0,
      0,
      0
    ],
    [
      0,
      0,
      1,
      0
    ],
    [
      0,
      0,
      0,
      1
    ]
  ],
  "dcmmeta_shape": [
    104,
    104,
    72,
    563
  ],
  "dcmmeta_slice_dim": 2,
  "dcmmeta_version": 0.6,
  "time": {
    "samples": {
      "AcquisitionNumber": [
        1,
        2,
        3,
        4,
        5,
        6,
        7,
        8,
        9,
        10,
        11,
        12,
        13,
        14,
        15,
        16,
        17,
        18,
        19,
        20,
        21,
        22,
        23,
        24,
        25,
        26,
        27,
        28,
        29,
        30,
        31,
        32,
        33,
        34,
        35,
        36,
        37,
        38,
        39,
        40,
        41,
        42,
        43,
        44,
        45,
        46,
        47,
        48,
        49,
        50,
        51,
        52,
        53,
        54,
        55,
        56,
        57,
        58,
        59,
        60,
        61,
        62,
        63,
        64,
        65,
        66,
        67,
        68,
        69,
        70,
        71,
        72,
        73,
        74,
        75,
        76,
        77,
        78,
        79,
        80,
        81,
        82,
        83,
        84,
        85,
        86,
        87,
        88,
        89,
        90,
        91,
        92,
        93,
        94,
        95,
        96,
        97,
        98,
        99,
        100,
        101,
        102,
        103,
        104,
        105,
        106,
        107,
        108,
        109,
        110,
        111,
        112,
        113,
        114,
        115,
        116,
        117,
        118,
        119,
        120,
        121,
        122,
        123,
        124,
        125,
        126,
        127,
        128,
        129,
        130,
        131,
        132,
        133,
        134,
        135,
        136,
        137,
        138,
        139,
        140,
        141,
        142,
        143,
        144,
        145,
        146,
        147,
        148,
        149,
        150,
        151,
        152,
        153,
        154,
        155,
        156,
        157,
        158,
        159,
        160,
        161,
        162,
        163,
        164,
        165,
        166,
        167,
        168,
        169,
        170,
        171,
        172,
        173,
        174,
        175,
        176,
        177,
        178,
        179,
        180,
        181,
        182,
        183,
        184,
        185,
        186,
        187,
        188,
        189,
        190,
        191,
        192,
        193,
        194,
        195,
        196,
        197,
        198,
        199,
        200,
        201,
        202,
        203,
        204,
        205,
        206,
        207,
        208,
        209,
        210,
        211,
        212,
        213,
        214,
        215,
        216,
        217,
        218,
        219,
        220,
        221,
        222,
        223,
        224,
        225,
        226,
        227,
        228,
        229,
        230,
        231,
        232,
        233,
        234,
        235,
        236,
        237,
        238,
        239,
        240,
        241,
        242,
        243,
        244,
        245,
        246,
        247,
        248,
        249,
        250,
        251,
        252,
        253,
        254,
        255,
        256,
        257,
        258,
        259,
        260,
        261,
        262,
        263,
        264,
        265,
        266,
        267,
        268,
        269,
        270,
        271,
        272,
        273,
        274,
        275,
        276,
        277,
        278,
        279,
        280,
        281,
        282,
        283,
        284,
        285,
        286,
        287,
        288,
        289,
        290,
        291,
        292,
        293,
        294,
        295,
        296,
        297,
        298,
        299,
        300,
        301,
        302,
        303,
        304,
        305,
        306,
        307,
        308,
        309,
        310,
        311,
        312,
        313,
        314,
        315,
        316,
        317,
        318,
        319,
        320,
        321,
        322,
        323,
        324,
        325,
        326,
        327,
        328,
        329,
        330,
        331,
        332,
        333,
        334,
        335,
        336,
        337,
        338,
        339,
        340,
        341,
        342,
        343,
        344,
        345,
        346,
        347,
        348,
        349,
        350,
        351,
        352,
        353,
        354,
        355,
        356,
        357,
        358,
        359,
        360,
        361,
        362,
        363,
        364,
        365,
        366,
        367,
        368,
        369,
        370,
        371,
        372,
        373,
        374,
        375,
        376,
        377,
        378,
        379,
        380,
        381,
        382,
        383,
        384,
        385,
        386,
        387,
        388,
        389,
        390,
        391,
        392,
        393,
        394,
        395,
        396,
        397,
        398,
        399,
        400,
        401,
        402,
        403,
        404,
        405,
        406,
        407,
        408,
        409,
        410,
        411,
        412,
        413,
        414,
        415,
        416,
        417,
        418,
        419,
        420,
        421,
        422,
        423,
        424,
        425,
        426,
        427,
        428,
        429,
        430,
        431,
        432,
        433,
        434,
        435,
        436,
        437,
        438,
        439,
        440,
        441,
        442,
        443,
        444,
        445,
        446,
        447,
        448,
        449,
        450,
        451,
        452,
        453,
        454,
        455,
        456,
        457,
        458,
        459,
        460,
        461,
        462,
        463,
        464,
        465,
        466,
        467,
        468,
        469,
        470,
        471,
        472,
        473,
        474,
        475,
        476,
        477,
        478,
        479,
        480,
        481,
        482,
        483,
        484,
        485,
        486,
        487,
        488,
        489,
        490,
        491,
        492,
        493,
        494,
        495,
        496,
        497,
        498,
        499,
        500,
        501,
        502,
        503,
        504,
        505,
        506,
        507,
        508,
        509,
        510,
        511,
        512,
        513,
        514,
        515,
        516,
        517,
        518,
        519,
        520,
        521,
        522,
        523,
        524,
        525,
        526,
        527,
        528,
        529,
        530,
        531,
        532,
        533,
        534,
        535,
        536,
        537,
        538,
        539,
        540,
        541,
        542,
        543,
        544,
        545,
        546,
        547,
        548,
        549,
        550,
        551,
        552,
        553,
        554,
        555,
        556,
        557,
        558,
        559,
        560,
        561,
        562,
        563
      ],
      "AcquisitionTime": [
        "195553.735000",
        "195554.535000",
        "195555.335000",
        "195556.135000",
        "195556.935000",
        "195557.735000",
        "195558.535000",
        "195559.335000",
        "195600.135000",
        "195600.935000",
        "195601.735000",
        "195602.535000",
        "195603.335000",
        "195604.135000",
        "195604.935000",
        "195605.735000",
        "195606.535000",
        "195607.335000",
        "195608.135000",
        "195608.935000",
        "195609.735000",
        "195610.535000",
        "195611.335000",
        "195612.135000",
        "195612.935000",
        "195613.735000",
        "195614.535000",
        "195615.335000",
        "195616.135000",
        "195616.935000",
        "195617.735000",
        "195618.535000",
        "195619.335000",
        "195620.135000",
        "195620.935000",
        "195621.735000",
        "195622.535000",
        "195623.335000",
        "195624.135000",
        "195624.935000",
        "195625.735000",
        "195626.535000",
        "195627.335000",
        "195628.135000",
        "195628.935000",
        "195629.735000",
        "195630.535000",
        "195631.335000",
        "195632.135000",
        "195632.935000",
        "195633.735000",
        "195634.535000",
        "195635.335000",
        "195636.135000",
        "195636.935000",
        "195637.735000",
        "195638.535000",
        "195639.335000",
        "195640.135000",
        "195640.935000",
        "195641.735000",
        "195642.535000",
        "195643.335000",
        "195644.135000",
        "195644.935000",
        "195645.735000",
        "195646.535000",
        "195647.335000",
        "195648.135000",
        "195648.935000",
        "195649.735000",
        "195650.535000",
        "195651.335000",
        "195652.135000",
        "195652.935000",
        "195653.735000",
        "195654.535000",
        "195655.335000",
        "195656.135000",
        "195656.935000",
        "195657.735000",
        "195658.535000",
        "195659.335000",
        "195700.135000",
        "195700.935000",
        "195701.735000",
        "195702.535000",
        "195703.335000",
        "195704.135000",
        "195704.935000",
        "195705.735000",
        "195706.535000",
        "195707.335000",
        "195708.135000",
        "195708.935000",
        "195709.735000",
        "195710.535000",
        "195711.335000",
        "195712.135000",
        "195712.935000",
        "195713.735000",
        "195714.535000",
        "195715.335000",
        "195716.135000",
        "195716.935000",
        "195717.735000",
        "195718.535000",
        "195719.335000",
        "195720.135000",
        "195720.935000",
        "195721.735000",
        "195722.535000",
        "195723.335000",
        "195724.135000",
        "195724.935000",
        "195725.735000",
        "195726.535000",
        "195727.335000",
        "195728.135000",
        "195728.935000",
        "195729.735000",
        "195730.535000",
        "195731.335000",
        "195732.135000",
        "195732.935000",
        "195733.735000",
        "195734.535000",
        "195735.335000",
        "195736.135000",
        "195736.935000",
        "195737.735000",
        "195738.535000",
        "195739.335000",
        "195740.135000",
        "195740.935000",
        "195741.735000",
        "195742.535000",
        "195743.335000",
        "195744.135000",
        "195744.935000",
        "195745.735000",
        "195746.535000",
        "195747.335000",
        "195748.135000",
        "195748.935000",
        "195749.735000",
        "195750.535000",
        "195751.335000",
        "195752.135000",
        "195752.935000",
        "195753.735000",
        "195754.535000",
        "195755.335000",
        "195756.135000",
        "195756.935000",
        "195757.735000",
        "195758.535000",
        "195759.335000",
        "195800.135000",
        "195800.935000",
        "195801.735000",
        "195802.535000",
        "195803.335000",
        "195804.135000",
        "195804.935000",
        "195805.735000",
        "195806.535000",
        "195807.335000",
        "195808.135000",
        "195808.935000",
        "195809.735000",
        "195810.535000",
        "195811.335000",
        "195812.135000",
        "195812.935000",
        "195813.735000",
        "195814.535000",
        "195815.335000",
        "195816.135000",
        "195816.935000",
        "195817.735000",
        "195818.535000",
        "195819.335000",
        "195820.135000",
        "195820.935000",
        "195821.735000",
        "195822.535000",
        "195823.335000",
        "195824.135000",
        "195824.935000",
        "195825.735000",
        "195826.535000",
        "195827.335000",
        "195828.135000",
        "195828.935000",
        "195829.735000",
        "195830.535000",
        "195831.335000",
        "195832.135000",
        "195832.935000",
        "195833.735000",
        "195834.535000",
        "195835.335000",
        "195836.135000",
        "195836.935000",
        "195837.735000",
        "195838.535000",
        "195839.335000",
        "195840.135000",
        "195840.935000",
        "195841.735000",
        "195842.535000",
        "195843.335000",
        "195844.135000",
        "195844.935000",
        "195845.735000",
        "195846.535000",
        "195847.335000",
        "195848.135000",
        "195848.935000",
        "195849.735000",
        "195850.535000",
        "195851.335000",
        "195852.135000",
        "195852.935000",
        "195853.735000",
        "195854.535000",
        "195855.335000",
        "195856.135000",
        "195856.935000",
        "195857.735000",
        "195858.535000",
        "195859.335000",
        "195900.135000",
        "195900.935000",
        "195901.735000",
        "195902.535000",
        "195903.335000",
        "195904.135000",
        "195904.935000",
        "195905.735000",
        "195906.535000",
        "195907.335000",
        "195908.135000",
        "195908.935000",
        "195909.735000",
        "195910.535000",
        "195911.335000",
        "195912.135000",
        "195912.935000",
        "195913.735000",
        "195914.535000",
        "195915.335000",
        "195916.135000",
        "195916.935000",
        "195917.735000",
        "195918.535000",
        "195919.335000",
        "195920.135000",
        "195920.935000",
        "195921.735000",
        "195922.535000",
        "195923.335000",
        "195924.135000",
        "195924.935000",
        "195925.735000",
        "195926.535000",
        "195927.335000",
        "195928.135000",
        "195928.935000",
        "195929.735000",
        "195930.535000",
        "195931.335000",
        "195932.135000",
        "195932.935000",
        "195933.735000",
        "195934.535000",
        "195935.335000",
        "195936.135000",
        "195936.935000",
        "195937.735000",
        "195938.535000",
        "195939.335000",
        "195940.135000",
        "195940.935000",
        "195941.735000",
        "195942.535000",
        "195943.335000",
        "195944.135000",
        "195944.935000",
        "195945.735000",
        "195946.535000",
        "195947.335000",
        "195948.135000",
        "195948.935000",
        "195949.735000",
        "195950.535000",
        "195951.335000",
        "195952.135000",
        "195952.935000",
        "195953.735000",
        "195954.535000",
        "195955.335000",
        "195956.135000",
        "195956.935000",
        "195957.735000",
        "195958.535000",
        "195959.335000",
        "200000.135000",
        "200000.935000",
        "200001.735000",
        "200002.535000",
        "200003.335000",
        "200004.135000",
        "200004.935000",
        "200005.735000",
        "200006.535000",
        "200007.335000",
        "200008.135000",
        "200008.935000",
        "200009.735000",
        "200010.535000",
        "200011.335000",
        "200012.135000",
        "200012.935000",
        "200013.735000",
        "200014.535000",
        "200015.335000",
        "200016.135000",
        "200016.935000",
        "200017.735000",
        "200018.535000",
        "200019.335000",
        "200020.135000",
        "200020.935000",
        "200021.735000",
        "200022.535000",
        "200023.335000",
        "200024.135000",
        "200024.935000",
        "200025.735000",
        "200026.535000",
        "200027.335000",
        "200028.135000",
        "200028.935000",
        "200029.735000",
        "200030.535000",
        "200031.335000",
        "200032.135000",
        "200032.935000",
        "200033.735000",
        "200034.535000",
        "200035.335000",
        "200036.135000",
        "200036.935000",
        "200037.735000",
        "200038.535000",
        "200039.335000",
        "200040.135000",
        "200040.935000",
        "200041.735000",
        "200042.535000",
        "200043.335000",
        "200044.135000",
        "200044.935000",
        "200045.735000",
        "200046.535000",
        "200047.335000",
        "200048.135000",
        "200048.935000",
        "200049.735000",
        "200050.535000",
        "200051.335000",
        "200052.135000",
        "200052.935000",
        "200053.735000",
        "200054.535000",
        "200055.335000",
        "200056.135000",
        "200056.935000",
        "200057.735000",
        "200058.535000",
        "200059.335000",
        "200100.135000",
        "200100.935000",
        "200101.735000",
        "200102.535000",
        "200103.335000",
        "200104.135000",
        "200104.935000",
        "200105.735000",
        "200106.535000",
        "200107.335000",
        "200108.135000",
        "200108.935000",
        "200109.735000",
        "200110.535000",
        "200111.335000",
        "200112.135000",
        "200112.935000",
        "200113.735000",
        "200114.535000",
        "200115.335000",
        "200116.135000",
        "200116.935000",
        "200117.735000",
        "200118.535000",
        "200119.335000",
        "200120.135000",
        "200120.935000",
        "200121.735000",
        "200122.535000",
        "200123.335000",
        "200124.135000",
        "200124.935000",
        "200125.735000",
        "200126.535000",
        "200127.335000",
        "200128.135000",
        "200128.935000",
        "200129.735000",
        "200130.535000",
        "200131.335000",
        "200132.135000",
        "200132.935000",
        "200133.735000",
        "200134.535000",
        "200135.335000",
        "200136.135000",
        "200136.935000",
        "200137.735000",
        "200138.535000",
        "200139.335000",
        "200140.135000",
        "200140.935000",
        "200141.735000",
        "200142.535000",
        "200143.335000",
        "200144.135000",
        "200144.935000",
        "200145.735000",
        "200146.535000",
        "200147.335000",
        "200148.135000",
        "200148.935000",
        "200149.735000",
        "200150.535000",
        "200151.335000",
        "200152.135000",
        "200152.935000",
        "200153.735000",
        "200154.535000",
        "200155.335000",
        "200156.135000",
        "200156.935000",
        "200157.735000",
        "200158.535000",
        "200159.335000",
        "200200.135000",
        "200200.935000",
        "200201.735000",
        "200202.535000",
        "200203.335000",
        "200204.135000",
        "200204.935000",
        "200205.735000",
        "200206.535000",
        "200207.335000",
        "200208.135000",
        "200208.935000",
        "200209.735000",
        "200210.535000",
        "200211.335000",
        "200212.135000",
        "200212.935000",
        "200213.735000",
        "200214.535000",
        "200215.335000",
        "200216.135000",
        "200216.935000",
        "200217.735000",
        "200218.535000",
        "200219.335000",
        "200220.135000",
        "200220.935000",
        "200221.735000",
        "200222.535000",
        "200223.335000",
        "200224.135000",
        "200224.935000",
        "200225.735000",
        "200226.535000",
        "200227.335000",
        "200228.135000",
        "200228.935000",
        "200229.735000",
        "200230.535000",
        "200231.335000",
        "200232.135000",
        "200232.935000",
        "200233.735000",
        "200234.535000",
        "200235.335000",
        "200236.135000",
        "200236.935000",
        "200237.735000",
        "200238.535000",
        "200239.335000",
        "200240.135000",
        "200240.935000",
        "200241.735000",
        "200242.535000",
        "200243.335000",
        "200244.135000",
        "200244.935000",
        "200245.735000",
        "200246.535000",
        "200247.335000",
        "200248.135000",
        "200248.935000",
        "200249.735000",
        "200250.535000",
        "200251.335000",
        "200252.135000",
        "200252.935000",
        "200253.735000",
        "200254.535000",
        "200255.335000",
        "200256.135000",
        "200256.935000",
        "200257.735000",
        "200258.535000",
        "200259.335000",
        "200300.135000",
        "200300.935000",
        "200301.735000",
        "200302.535000",
        "200303.335000",
        "200304.135000",
        "200304.935000",
        "200305.735000",
        "200306.535000",
        "200307.335000",
        "200308.135000",
        "200308.935000",
        "200309.735000",
        "200310.535000",
        "200311.335000",
        "200312.135000",
        "200312.935000",
        "200313.735000",
        "200314.535000",
        "200315.335000",
        "200316.135000",
        "200316.935000",
        "200317.735000",
        "200318.535000",
        "200319.335000",
        "200320.135000",
        "200320.935000",
        "200321.735000",
        "200322.535000",
        "200323.335000"
      ],
      "ContentTime": [
        "155636.934000",
        "155636.937000",
        "155636.941000",
        "155636.944000",
        "155636.947000",
        "155636.950000",
        "155636.953000",
        "155636.956000",
        "155636.959000",
        "155636.962000",
        "155636.972000",
        "155636.975000",
        "155636.978000",
        "155636.981000",
        "155636.984000",
        "155636.987000",
        "155636.990000",
        "155636.993000",
        "155636.996000",
        "155636.998000",
        "155637.002000",
        "155637.005000",
        "155637.008000",
        "155637.011000",
        "155637.014000",
        "155637.017000",
        "155637.020000",
        "155637.023000",
        "155637.025000",
        "155637.028000",
        "155637.031000",
        "155637.034000",
        "155637.037000",
        "155637.040000",
        "155637.043000",
        "155637.046000",
        "155637.048000",
        "155637.051000",
        "155656.865000",
        "155656.868000",
        "155656.871000",
        "155656.874000",
        "155656.877000",
        "155656.880000",
        "155656.883000",
        "155656.886000",
        "155656.889000",
        "155656.891000",
        "155656.901000",
        "155656.904000",
        "155656.907000",
        "155656.910000",
        "155656.913000",
        "155656.916000",
        "155656.919000",
        "155656.922000",
        "155656.924000",
        "155656.927000",
        "155656.930000",
        "155656.933000",
        "155656.936000",
        "155656.939000",
        "155656.942000",
        "155656.945000",
        "155656.948000",
        "155656.952000",
        "155656.955000",
        "155656.958000",
        "155656.961000",
        "155656.964000",
        "155656.967000",
        "155656.970000",
        "155656.973000",
        "155656.976000",
        "155656.979000",
        "155656.982000",
        "155656.984000",
        "155656.987000",
        "155716.865000",
        "155716.868000",
        "155716.871000",
        "155716.874000",
        "155716.877000",
        "155716.881000",
        "155716.884000",
        "155716.886000",
        "155716.889000",
        "155716.892000",
        "155716.895000",
        "155716.898000",
        "155716.901000",
        "155716.904000",
        "155716.907000",
        "155716.909000",
        "155716.912000",
        "155716.915000",
        "155716.918000",
        "155716.921000",
        "155716.924000",
        "155716.927000",
        "155716.930000",
        "155716.933000",
        "155716.935000",
        "155736.866000",
        "155736.869000",
        "155736.872000",
        "155736.875000",
        "155736.878000",
        "155736.881000",
        "155736.884000",
        "155736.887000",
        "155736.889000",
        "155736.892000",
        "155736.895000",
        "155736.898000",
        "155736.901000",
        "155736.904000",
        "155736.907000",
        "155736.910000",
        "155736.913000",
        "155736.927000",
        "155736.930000",
        "155736.933000",
        "155736.936000",
        "155736.939000",
        "155736.941000",
        "155736.944000",
        "155736.947000",
        "155756.865000",
        "155756.868000",
        "155756.871000",
        "155756.874000",
        "155756.877000",
        "155756.880000",
        "155756.883000",
        "155756.892000",
        "155756.895000",
        "155756.898000",
        "155756.901000",
        "155756.904000",
        "155756.907000",
        "155756.910000",
        "155756.913000",
        "155756.916000",
        "155756.919000",
        "155756.922000",
        "155756.925000",
        "155756.928000",
        "155756.931000",
        "155756.934000",
        "155756.937000",
        "155756.940000",
        "155756.943000",
        "155816.865000",
        "155816.868000",
        "155816.871000",
        "155816.874000",
        "155816.877000",
        "155816.880000",
        "155816.883000",
        "155816.886000",
        "155816.889000",
        "155816.892000",
        "155816.895000",
        "155816.897000",
        "155816.900000",
        "155816.903000",
        "155816.906000",
        "155816.909000",
        "155816.912000",
        "155816.915000",
        "155816.918000",
        "155816.921000",
        "155816.924000",
        "155816.927000",
        "155816.930000",
        "155816.932000",
        "155816.935000",
        "155836.865000",
        "155836.868000",
        "155836.872000",
        "155836.875000",
        "155836.878000",
        "155836.880000",
        "155836.884000",
        "155836.887000",
        "155836.890000",
        "155836.893000",
        "155836.896000",
        "155836.899000",
        "155836.902000",
        "155836.905000",
        "155836.908000",
        "155836.910000",
        "155836.913000",
        "155836.916000",
        "155836.919000",
        "155836.922000",
        "155836.925000",
        "155836.928000",
        "155836.931000",
        "155836.934000",
        "155836.937000",
        "155856.865000",
        "155856.868000",
        "155856.871000",
        "155856.874000",
        "155856.877000",
        "155856.880000",
        "155856.883000",
        "155856.886000",
        "155856.888000",
        "155856.891000",
        "155856.894000",
        "155856.898000",
        "155856.901000",
        "155856.903000",
        "155856.906000",
        "155856.909000",
        "155856.912000",
        "155856.915000",
        "155856.918000",
        "155856.921000",
        "155856.924000",
        "155856.927000",
        "155856.930000",
        "155856.933000",
        "155856.936000",
        "155916.865000",
        "155916.868000",
        "155916.871000",
        "155916.874000",
        "155916.877000",
        "155916.881000",
        "155916.884000",
        "155916.887000",
        "155916.890000",
        "155916.893000",
        "155916.895000",
        "155916.898000",
        "155916.901000",
        "155916.904000",
        "155916.907000",
        "155916.910000",
        "155916.913000",
        "155916.926000",
        "155916.928000",
        "155916.931000",
        "155916.934000",
        "155916.937000",
        "155916.940000",
        "155916.943000",
        "155916.946000",
        "155936.865000",
        "155936.868000",
        "155936.871000",
        "155936.874000",
        "155936.877000",
        "155936.880000",
        "155936.883000",
        "155936.886000",
        "155936.889000",
        "155936.892000",
        "155936.895000",
        "155936.897000",
        "155936.900000",
        "155936.903000",
        "155936.907000",
        "155936.910000",
        "155936.913000",
        "155936.916000",
        "155936.919000",
        "155936.922000",
        "155936.924000",
        "155936.927000",
        "155936.930000",
        "155936.933000",
        "155936.936000",
        "155956.866000",
        "155956.869000",
        "155956.872000",
        "155956.875000",
        "155956.894000",
        "155956.897000",
        "155956.900000",
        "155956.903000",
        "155956.906000",
        "155956.909000",
        "155956.912000",
        "155956.915000",
        "155956.917000",
        "155956.920000",
        "155956.923000",
        "155956.926000",
        "155956.929000",
        "155956.932000",
        "155956.935000",
        "155956.938000",
        "155956.941000",
        "155956.944000",
        "155956.947000",
        "155956.950000",
        "155956.952000",
        "160016.865000",
        "160016.868000",
        "160016.871000",
        "160016.874000",
        "160016.877000",
        "160016.880000",
        "160016.883000",
        "160016.886000",
        "160016.889000",
        "160016.892000",
        "160016.894000",
        "160016.897000",
        "160016.900000",
        "160016.903000",
        "160016.906000",
        "160016.909000",
        "160016.912000",
        "160016.915000",
        "160016.918000",
        "160016.921000",
        "160016.923000",
        "160016.926000",
        "160016.929000",
        "160016.932000",
        "160016.935000",
        "160036.865000",
        "160036.869000",
        "160036.872000",
        "160036.875000",
        "160036.879000",
        "160036.883000",
        "160036.887000",
        "160036.890000",
        "160036.893000",
        "160036.899000",
        "160036.902000",
        "160036.934000",
        "160036.937000",
        "160036.941000",
        "160036.944000",
        "160036.947000",
        "160036.951000",
        "160036.954000",
        "160036.957000",
        "160036.960000",
        "160036.963000",
        "160036.966000",
        "160036.969000",
        "160036.972000",
        "160036.976000",
        "160056.865000",
        "160056.868000",
        "160056.871000",
        "160056.874000",
        "160056.877000",
        "160056.880000",
        "160056.883000",
        "160056.886000",
        "160056.889000",
        "160056.892000",
        "160056.896000",
        "160056.899000",
        "160056.902000",
        "160056.905000",
        "160056.908000",
        "160056.911000",
        "160056.914000",
        "160056.917000",
        "160056.920000",
        "160056.923000",
        "160056.926000",
        "160056.929000",
        "160056.932000",
        "160056.935000",
        "160056.937000",
        "160116.865000",
        "160116.868000",
        "160116.871000",
        "160116.874000",
        "160116.877000",
        "160116.880000",
        "160116.884000",
        "160116.887000",
        "160116.890000",
        "160116.892000",
        "160116.895000",
        "160116.898000",
        "160116.901000",
        "160116.904000",
        "160116.907000",
        "160116.910000",
        "160116.913000",
        "160116.916000",
        "160116.919000",
        "160116.922000",
        "160116.926000",
        "160116.929000",
        "160116.932000",
        "160116.935000",
        "160116.937000",
        "160136.866000",
        "160136.870000",
        "160136.872000",
        "160136.876000",
        "160136.879000",
        "160136.881000",
        "160136.884000",
        "160136.887000",
        "160136.890000",
        "160136.893000",
        "160136.896000",
        "160136.899000",
        "160136.902000",
        "160136.905000",
        "160136.908000",
        "160136.910000",
        "160136.913000",
        "160136.916000",
        "160136.919000",
        "160136.922000",
        "160136.925000",
        "160136.928000",
        "160136.931000",
        "160136.934000",
        "160136.937000",
        "160156.865000",
        "160156.868000",
        "160156.871000",
        "160156.874000",
        "160156.877000",
        "160156.880000",
        "160156.883000",
        "160156.886000",
        "160156.889000",
        "160156.892000",
        "160156.895000",
        "160156.897000",
        "160156.900000",
        "160156.919000",
        "160156.922000",
        "160156.925000",
        "160156.928000",
        "160156.931000",
        "160156.934000",
        "160156.936000",
        "160156.939000",
        "160156.942000",
        "160156.945000",
        "160156.948000",
        "160156.951000",
        "160216.866000",
        "160216.869000",
        "160216.872000",
        "160216.875000",
        "160216.878000",
        "160216.881000",
        "160216.884000",
        "160216.887000",
        "160216.890000",
        "160216.893000",
        "160216.895000",
        "160216.898000",
        "160216.901000",
        "160216.905000",
        "160216.908000",
        "160216.911000",
        "160216.914000",
        "160216.917000",
        "160216.920000",
        "160216.923000",
        "160216.926000",
        "160216.929000",
        "160216.931000",
        "160216.934000",
        "160216.937000",
        "160236.865000",
        "160236.868000",
        "160236.872000",
        "160236.874000",
        "160236.877000",
        "160236.880000",
        "160236.883000",
        "160236.886000",
        "160236.889000",
        "160236.892000",
        "160236.895000",
        "160236.898000",
        "160236.900000",
        "160236.903000",
        "160236.907000",
        "160236.910000",
        "160236.913000",
        "160236.916000",
        "160236.919000",
        "160236.922000",
        "160236.924000",
        "160236.927000",
        "160236.930000",
        "160236.933000",
        "160236.936000",
        "160256.865000",
        "160256.868000",
        "160256.871000",
        "160256.874000",
        "160256.877000",
        "160256.880000",
        "160256.884000",
        "160256.887000",
        "160256.890000",
        "160256.893000",
        "160256.895000",
        "160256.898000",
        "160256.901000",
        "160256.904000",
        "160256.907000",
        "160256.910000",
        "160256.913000",
        "160256.916000",
        "160256.919000",
        "160256.922000",
        "160256.924000",
        "160256.927000",
        "160256.930000",
        "160256.933000",
        "160256.936000",
        "160316.865000",
        "160316.868000",
        "160316.871000",
        "160316.874000",
        "160316.877000",
        "160316.880000",
        "160316.884000",
        "160316.887000",
        "160316.890000",
        "160316.893000",
        "160316.896000",
        "160316.898000",
        "160316.901000",
        "160316.904000",
        "160316.907000",
        "160316.910000",
        "160316.913000",
        "160316.916000",
        "160316.919000",
        "160316.922000",
        "160316.925000",
        "160316.928000",
        "160316.931000",
        "160316.934000",
        "160316.937000",
        "160324.573000",
        "160324.577000",
        "160324.581000",
        "160324.584000",
        "160324.587000",
        "160324.590000",
        "160324.594000",
        "160324.597000",
        "160324.600000",
        "160324.604000"
      ],
      "InstanceCreationTime": [
        "155636.934000",
        "155636.937000",
        "155636.941000",
        "155636.944000",
        "155636.947000",
        "155636.950000",
        "155636.953000",
        "155636.956000",
        "155636.959000",
        "155636.962000",
        "155636.972000",
        "155636.975000",
        "155636.978000",
        "155636.981000",
        "155636.984000",
        "155636.987000",
        "155636.990000",
        "155636.993000",
        "155636.996000",
        "155636.998000",
        "155637.002000",
        "155637.005000",
        "155637.008000",
        "155637.011000",
        "155637.014000",
        "155637.017000",
        "155637.020000",
        "155637.023000",
        "155637.025000",
        "155637.028000",
        "155637.031000",
        "155637.034000",
        "155637.037000",
        "155637.040000",
        "155637.043000",
        "155637.046000",
        "155637.048000",
        "155637.051000",
        "155656.865000",
        "155656.868000",
        "155656.871000",
        "155656.874000",
        "155656.877000",
        "155656.880000",
        "155656.883000",
        "155656.886000",
        "155656.889000",
        "155656.891000",
        "155656.901000",
        "155656.904000",
        "155656.907000",
        "155656.910000",
        "155656.913000",
        "155656.916000",
        "155656.919000",
        "155656.922000",
        "155656.924000",
        "155656.927000",
        "155656.930000",
        "155656.933000",
        "155656.936000",
        "155656.939000",
        "155656.942000",
        "155656.945000",
        "155656.948000",
        "155656.952000",
        "155656.955000",
        "155656.958000",
        "155656.961000",
        "155656.964000",
        "155656.967000",
        "155656.970000",
        "155656.973000",
        "155656.976000",
        "155656.979000",
        "155656.982000",
        "155656.984000",
        "155656.987000",
        "155716.865000",
        "155716.868000",
        "155716.871000",
        "155716.874000",
        "155716.877000",
        "155716.881000",
        "155716.884000",
        "155716.886000",
        "155716.889000",
        "155716.892000",
        "155716.895000",
        "155716.898000",
        "155716.901000",
        "155716.904000",
        "155716.907000",
        "155716.909000",
        "155716.912000",
        "155716.915000",
        "155716.918000",
        "155716.921000",
        "155716.924000",
        "155716.927000",
        "155716.930000",
        "155716.933000",
        "155716.935000",
        "155736.866000",
        "155736.869000",
        "155736.872000",
        "155736.875000",
        "155736.878000",
        "155736.881000",
        "155736.884000",
        "155736.887000",
        "155736.889000",
        "155736.892000",
        "155736.895000",
        "155736.898000",
        "155736.901000",
        "155736.904000",
        "155736.907000",
        "155736.910000",
        "155736.913000",
        "155736.927000",
        "155736.930000",
        "155736.933000",
        "155736.936000",
        "155736.939000",
        "155736.941000",
        "155736.944000",
        "155736.947000",
        "155756.865000",
        "155756.868000",
        "155756.871000",
        "155756.874000",
        "155756.877000",
        "155756.880000",
        "155756.883000",
        "155756.892000",
        "155756.895000",
        "155756.898000",
        "155756.901000",
        "155756.904000",
        "155756.907000",
        "155756.910000",
        "155756.913000",
        "155756.916000",
        "155756.919000",
        "155756.922000",
        "155756.925000",
        "155756.928000",
        "155756.931000",
        "155756.934000",
        "155756.937000",
        "155756.940000",
        "155756.943000",
        "155816.865000",
        "155816.868000",
        "155816.871000",
        "155816.874000",
        "155816.877000",
        "155816.880000",
        "155816.883000",
        "155816.886000",
        "155816.889000",
        "155816.892000",
        "155816.895000",
        "155816.897000",
        "155816.900000",
        "155816.903000",
        "155816.906000",
        "155816.909000",
        "155816.912000",
        "155816.915000",
        "155816.918000",
        "155816.921000",
        "155816.924000",
        "155816.927000",
        "155816.930000",
        "155816.932000",
        "155816.935000",
        "155836.865000",
        "155836.868000",
        "155836.872000",
        "155836.875000",
        "155836.878000",
        "155836.880000",
        "155836.884000",
        "155836.887000",
        "155836.890000",
        "155836.893000",
        "155836.896000",
        "155836.899000",
        "155836.902000",
        "155836.905000",
        "155836.908000",
        "155836.910000",
        "155836.913000",
        "155836.916000",
        "155836.919000",
        "155836.922000",
        "155836.925000",
        "155836.928000",
        "155836.931000",
        "155836.934000",
        "155836.937000",
        "155856.865000",
        "155856.868000",
        "155856.871000",
        "155856.874000",
        "155856.877000",
        "155856.880000",
        "155856.883000",
        "155856.886000",
        "155856.888000",
        "155856.891000",
        "155856.894000",
        "155856.898000",
        "155856.901000",
        "155856.903000",
        "155856.906000",
        "155856.909000",
        "155856.912000",
        "155856.915000",
        "155856.918000",
        "155856.921000",
        "155856.924000",
        "155856.927000",
        "155856.930000",
        "155856.933000",
        "155856.936000",
        "155916.865000",
        "155916.868000",
        "155916.871000",
        "155916.874000",
        "155916.877000",
        "155916.881000",
        "155916.884000",
        "155916.887000",
        "155916.890000",
        "155916.893000",
        "155916.895000",
        "155916.898000",
        "155916.901000",
        "155916.904000",
        "155916.907000",
        "155916.910000",
        "155916.913000",
        "155916.926000",
        "155916.928000",
        "155916.931000",
        "155916.934000",
        "155916.937000",
        "155916.940000",
        "155916.943000",
        "155916.946000",
        "155936.865000",
        "155936.868000",
        "155936.871000",
        "155936.874000",
        "155936.877000",
        "155936.880000",
        "155936.883000",
        "155936.886000",
        "155936.889000",
        "155936.892000",
        "155936.895000",
        "155936.897000",
        "155936.900000",
        "155936.903000",
        "155936.907000",
        "155936.910000",
        "155936.913000",
        "155936.916000",
        "155936.919000",
        "155936.922000",
        "155936.924000",
        "155936.927000",
        "155936.930000",
        "155936.933000",
        "155936.936000",
        "155956.866000",
        "155956.869000",
        "155956.872000",
        "155956.875000",
        "155956.894000",
        "155956.897000",
        "155956.900000",
        "155956.903000",
        "155956.906000",
        "155956.909000",
        "155956.912000",
        "155956.915000",
        "155956.917000",
        "155956.920000",
        "155956.923000",
        "155956.926000",
        "155956.929000",
        "155956.932000",
        "155956.935000",
        "155956.938000",
        "155956.941000",
        "155956.944000",
        "155956.947000",
        "155956.950000",
        "155956.952000",
        "160016.865000",
        "160016.868000",
        "160016.871000",
        "160016.874000",
        "160016.877000",
        "160016.880000",
        "160016.883000",
        "160016.886000",
        "160016.889000",
        "160016.892000",
        "160016.894000",
        "160016.897000",
        "160016.900000",
        "160016.903000",
        "160016.906000",
        "160016.909000",
        "160016.912000",
        "160016.915000",
        "160016.918000",
        "160016.921000",
        "160016.923000",
        "160016.926000",
        "160016.929000",
        "160016.932000",
        "160016.935000",
        "160036.865000",
        "160036.869000",
        "160036.872000",
        "160036.875000",
        "160036.879000",
        "160036.883000",
        "160036.887000",
        "160036.890000",
        "160036.893000",
        "160036.899000",
        "160036.902000",
        "160036.934000",
        "160036.937000",
        "160036.941000",
        "160036.944000",
        "160036.947000",
        "160036.951000",
        "160036.954000",
        "160036.957000",
        "160036.960000",
        "160036.963000",
        "160036.966000",
        "160036.969000",
        "160036.972000",
        "160036.976000",
        "160056.865000",
        "160056.868000",
        "160056.871000",
        "160056.874000",
        "160056.877000",
        "160056.880000",
        "160056.883000",
        "160056.886000",
        "160056.889000",
        "160056.892000",
        "160056.896000",
        "160056.899000",
        "160056.902000",
        "160056.905000",
        "160056.908000",
        "160056.911000",
        "160056.914000",
        "160056.917000",
        "160056.920000",
        "160056.923000",
        "160056.926000",
        "160056.929000",
        "160056.932000",
        "160056.935000",
        "160056.937000",
        "160116.865000",
        "160116.868000",
        "160116.871000",
        "160116.874000",
        "160116.877000",
        "160116.880000",
        "160116.884000",
        "160116.887000",
        "160116.890000",
        "160116.892000",
        "160116.895000",
        "160116.898000",
        "160116.901000",
        "160116.904000",
        "160116.907000",
        "160116.910000",
        "160116.913000",
        "160116.916000",
        "160116.919000",
        "160116.922000",
        "160116.926000",
        "160116.929000",
        "160116.932000",
        "160116.935000",
        "160116.937000",
        "160136.866000",
        "160136.870000",
        "160136.872000",
        "160136.876000",
        "160136.879000",
        "160136.881000",
        "160136.884000",
        "160136.887000",
        "160136.890000",
        "160136.893000",
        "160136.896000",
        "160136.899000",
        "160136.902000",
        "160136.905000",
        "160136.908000",
        "160136.910000",
        "160136.913000",
        "160136.916000",
        "160136.919000",
        "160136.922000",
        "160136.925000",
        "160136.928000",
        "160136.931000",
        "160136.934000",
        "160136.937000",
        "160156.865000",
        "160156.868000",
        "160156.871000",
        "160156.874000",
        "160156.877000",
        "160156.880000",
        "160156.883000",
        "160156.886000",
        "160156.889000",
        "160156.892000",
        "160156.895000",
        "160156.897000",
        "160156.900000",
        "160156.919000",
        "160156.922000",
        "160156.925000",
        "160156.928000",
        "160156.931000",
        "160156.934000",
        "160156.936000",
        "160156.939000",
        "160156.942000",
        "160156.945000",
        "160156.948000",
        "160156.951000",
        "160216.866000",
        "160216.869000",
        "160216.872000",
        "160216.875000",
        "160216.878000",
        "160216.881000",
        "160216.884000",
        "160216.887000",
        "160216.890000",
        "160216.893000",
        "160216.895000",
        "160216.898000",
        "160216.901000",
        "160216.905000",
        "160216.908000",
        "160216.911000",
        "160216.914000",
        "160216.917000",
        "160216.920000",
        "160216.923000",
        "160216.926000",
        "160216.929000",
        "160216.931000",
        "160216.934000",
        "160216.937000",
        "160236.865000",
        "160236.868000",
        "160236.872000",
        "160236.874000",
        "160236.877000",
        "160236.880000",
        "160236.883000",
        "160236.886000",
        "160236.889000",
        "160236.892000",
        "160236.895000",
        "160236.898000",
        "160236.900000",
        "160236.903000",
        "160236.907000",
        "160236.910000",
        "160236.913000",
        "160236.916000",
        "160236.919000",
        "160236.922000",
        "160236.924000",
        "160236.927000",
        "160236.930000",
        "160236.933000",
        "160236.936000",
        "160256.865000",
        "160256.868000",
        "160256.871000",
        "160256.874000",
        "160256.877000",
        "160256.880000",
        "160256.884000",
        "160256.887000",
        "160256.890000",
        "160256.893000",
        "160256.895000",
        "160256.898000",
        "160256.901000",
        "160256.904000",
        "160256.907000",
        "160256.910000",
        "160256.913000",
        "160256.916000",
        "160256.919000",
        "160256.922000",
        "160256.924000",
        "160256.927000",
        "160256.930000",
        "160256.933000",
        "160256.936000",
        "160316.865000",
        "160316.868000",
        "160316.871000",
        "160316.874000",
        "160316.877000",
        "160316.880000",
        "160316.884000",
        "160316.887000",
        "160316.890000",
        "160316.893000",
        "160316.896000",
        "160316.898000",
        "160316.901000",
        "160316.904000",
        "160316.907000",
        "160316.910000",
        "160316.913000",
        "160316.916000",
        "160316.919000",
        "160316.922000",
        "160316.925000",
        "160316.928000",
        "160316.931000",
        "160316.934000",
        "160316.937000",
        "160324.573000",
        "160324.577000",
        "160324.581000",
        "160324.584000",
        "160324.587000",
        "160324.590000",
        "160324.594000",
        "160324.597000",
        "160324.600000",
        "160324.604000"
      ],
      "InstanceNumber": [
        1,
        2,
        3,
        4,
        5,
        6,
        7,
        8,
        9,
        10,
        11,
        12,
        13,
        14,
        15,
        16,
        17,
        18,
        19,
        20,
        21,
        22,
        23,
        24,
        25,
        26,
        27,
        28,
        29,
        30,
        31,
        32,
        33,
        34,
        35,
        36,
        37,
        38,
        39,
        40,
        41,
        42,
        43,
        44,
        45,
        46,
        47,
        48,
        49,
        50,
        51,
        52,
        53,
        54,
        55,
        56,
        57,
        58,
        59,
        60,
        61,
        62,
        63,
        64,
        65,
        66,
        67,
        68,
        69,
        70,
        71,
        72,
        73,
        74,
        75,
        76,
        77,
        78,
        79,
        80,
        81,
        82,
        83,
        84,
        85,
        86,
        87,
        88,
        89,
        90,
        91,
        92,
        93,
        94,
        95,
        96,
        97,
        98,
        99,
        100,
        101,
        102,
        103,
        104,
        105,
        106,
        107,
        108,
        109,
        110,
        111,
        112,
        113,
        114,
        115,
        116,
        117,
        118,
        119,
        120,
        121,
        122,
        123,
        124,
        125,
        126,
        127,
        128,
        129,
        130,
        131,
        132,
        133,
        134,
        135,
        136,
        137,
        138,
        139,
        140,
        141,
        142,
        143,
        144,
        145,
        146,
        147,
        148,
        149,
        150,
        151,
        152,
        153,
        154,
        155,
        156,
        157,
        158,
        159,
        160,
        161,
        162,
        163,
        164,
        165,
        166,
        167,
        168,
        169,
        170,
        171,
        172,
        173,
        174,
        175,
        176,
        177,
        178,
        179,
        180,
        181,
        182,
        183,
        184,
        185,
        186,
        187,
        188,
        189,
        190,
        191,
        192,
        193,
        194,
        195,
        196,
        197,
        198,
        199,
        200,
        201,
        202,
        203,
        204,
        205,
        206,
        207,
        208,
        209,
        210,
        211,
        212,
        213,
        214,
        215,
        216,
        217,
        218,
        219,
        220,
        221,
        222,
        223,
        224,
        225,
        226,
        227,
        228,
        229,
        230,
        231,
        232,
        233,
        234,
        235,
        236,
        237,
        238,
        239,
        240,
        241,
        242,
        243,
        244,
        245,
        246,
        247,
        248,
        249,
        250,
        251,
        252,
        253,
        254,
        255,
        256,
        257,
        258,
        259,
        260,
        261,
        262,
        263,
        264,
        265,
        266,
        267,
        268,
        269,
        270,
        271,
        272,
        273,
        274,
        275,
        276,
        277,
        278,
        279,
        280,
        281,
        282,
        283,
        284,
        285,
        286,
        287,
        288,
        289,
        290,
        291,
        292,
        293,
        294,
        295,
        296,
        297,
        298,
        299,
        300,
        301,
        302,
        303,
        304,
        305,
        306,
        307,
        308,
        309,
        310,
        311,
        312,
        313,
        314,
        315,
        316,
        317,
        318,
        319,
        320,
        321,
        322,
        323,
        324,
        325,
        326,
        327,
        328,
        329,
        330,
        331,
        332,
        333,
        334,
        335,
        336,
        337,
        338,
        339,
        340,
        341,
        342,
        343,
        344,
        345,
        346,
        347,
        348,
        349,
        350,
        351,
        352,
        353,
        354,
        355,
        356,
        357,
        358,
        359,
        360,
        361,
        362,
        363,
        364,
        365,
        366,
        367,
        368,
        369,
        370,
        371,
        372,
        373,
        374,
        375,
        376,
        377,
        378,
        379,
        380,
        381,
        382,
        383,
        384,
        385,
        386,
        387,
        388,
        389,
        390,
        391,
        392,
        393,
        394,
        395,
        396,
        397,
        398,
        399,
        400,
        401,
        402,
        403,
        404,
        405,
        406,
        407,
        408,
        409,
        410,
        411,
        412,
        413,
        414,
        415,
        416,
        417,
        418,
        419,
        420,
        421,
        422,
        423,
        424,
        425,
        426,
        427,
        428,
        429,
        430,
        431,
        432,
        433,
        434,
        435,
        436,
        437,
        438,
        439,
        440,
        441,
        442,
        443,
        444,
        445,
        446,
        447,
        448,
        449,
        450,
        451,
        452,
        453,
        454,
        455,
        456,
        457,
        458,
        459,
        460,
        461,
        462,
        463,
        464,
        465,
        466,
        467,
        468,
        469,
        470,
        471,
        472,
        473,
        474,
        475,
        476,
        477,
        478,
        479,
        480,
        481,
        482,
        483,
        484,
        485,
        486,
        487,
        488,
        489,
        490,
        491,
        492,
        493,
        494,
        495,
        496,
        497,
        498,
        499,
        500,
        501,
        502,
        503,
        504,
        505,
        506,
        507,
        508,
        509,
        510,
        511,
        512,
        513,
        514,
        515,
        516,
        517,
        518,
        519,
        520,
        521,
        522,
        523,
        524,
        525,
        526,
        527,
        528,
        529,
        530,
        531,
        532,
        533,
        534,
        535,
        536,
        537,
        538,
        539,
        540,
        541,
        542,
        543,
        544,
        545,
        546,
        547,
        548,
        549,
        550,
        551,
        552,
        553,
        554,
        555,
        556,
        557,
        558,
        559,
        560,
        561,
        562,
        563
      ],
      "LargestImagePixelValue": [
        16510,
        15871,
        15482,
        15259,
        15147,
        14899,
        14969,
        14943,
        14860,
        14619,
        14663,
        14691,
        14524,
        14649,
        14801,
        14653,
        14774,
        14709,
        14644,
        14618,
        14634,
        14544,
        14381,
        14298,
        14457,
        14588,
        14584,
        14618,
        14504,
        14365,
        14492,
        14632,
        14647,
        14631,
        14481,
        14445,
        14380,
        14415,
        14500,
        14404,
        14343,
        14253,
        14417,
        14565,
        14580,
        14590,
        14417,
        14615,
        14507,
        14131,
        14164,
        14062,
        14236,
        14174,
        14439,
        14318,
        14283,
        14215,
        14410,
        14274,
        14257,
        14256,
        14320,
        14286,
        14185,
        14133,
        14121,
        14123,
        14130,
        14142,
        14052,
        14102,
        14290,
        14165,
        14291,
        14251,
        14314,
        14470,
        14311,
        14482,
        14503,
        14427,
        14595,
        14446,
        14533,
        14624,
        14351,
        14553,
        14354,
        14388,
        14329,
        14345,
        14331,
        14219,
        14110,
        14175,
        14136,
        14137,
        13965,
        13922,
        13968,
        13993,
        14033,
        14013,
        14051,
        13985,
        14135,
        14343,
        14094,
        14134,
        13968,
        14328,
        14212,
        14255,
        14358,
        14256,
        14207,
        14174,
        14123,
        13995,
        13837,
        13955,
        13979,
        14032,
        14130,
        14302,
        14269,
        14133,
        14348,
        14366,
        14557,
        14393,
        13909,
        14254,
        14180,
        14144,
        14222,
        14195,
        14301,
        14187,
        13950,
        13937,
        13988,
        13897,
        13844,
        13788,
        13757,
        13795,
        13779,
        13837,
        13758,
        13719,
        13639,
        13833,
        13904,
        13791,
        13749,
        13998,
        13955,
        13996,
        14000,
        14301,
        14039,
        14272,
        14449,
        14326,
        14439,
        14589,
        14277,
        14331,
        14387,
        14303,
        14321,
        14320,
        14255,
        14321,
        14267,
        14129,
        14372,
        14365,
        14471,
        14431,
        14340,
        13963,
        14004,
        13865,
        13687,
        13853,
        13917,
        13785,
        13857,
        13833,
        13832,
        13899,
        13964,
        14028,
        13888,
        13885,
        14087,
        13926,
        14107,
        14006,
        14066,
        13991,
        13852,
        13944,
        13999,
        13791,
        13859,
        13798,
        13816,
        13888,
        13830,
        13802,
        13896,
        14150,
        14020,
        14095,
        13949,
        14208,
        13978,
        14003,
        13963,
        13860,
        13885,
        13851,
        13885,
        13989,
        13961,
        13962,
        13959,
        13869,
        13882,
        13777,
        13816,
        13891,
        13964,
        14054,
        14110,
        13823,
        13666,
        13756,
        13909,
        13942,
        13657,
        13678,
        13580,
        13896,
        14007,
        14073,
        13923,
        13918,
        13866,
        14083,
        13884,
        14123,
        13971,
        13750,
        13867,
        13795,
        13831,
        13887,
        13796,
        13854,
        13942,
        13754,
        13851,
        13914,
        14004,
        14062,
        13941,
        13999,
        14100,
        14181,
        14217,
        14049,
        13999,
        13819,
        13854,
        14023,
        13892,
        13730,
        13784,
        13964,
        14044,
        14102,
        13955,
        13865,
        13826,
        13988,
        13992,
        13781,
        13730,
        13672,
        13919,
        14042,
        13798,
        13783,
        13868,
        13922,
        13794,
        13908,
        14189,
        14026,
        14288,
        14359,
        14488,
        14617,
        14275,
        14339,
        14522,
        14025,
        14105,
        13840,
        13832,
        13874,
        13764,
        13809,
        13875,
        13854,
        13851,
        13925,
        13926,
        13961,
        13981,
        13934,
        13888,
        13961,
        14061,
        13870,
        13866,
        13927,
        13848,
        13552,
        13630,
        13700,
        13799,
        13811,
        13781,
        13661,
        13789,
        13794,
        13765,
        13852,
        13722,
        13736,
        13848,
        13756,
        14017,
        13805,
        13857,
        13996,
        14215,
        14009,
        14046,
        14078,
        14153,
        14206,
        14082,
        13947,
        14154,
        14047,
        14201,
        14191,
        14013,
        13911,
        13770,
        13638,
        13637,
        13753,
        13809,
        13834,
        13846,
        13656,
        13793,
        13812,
        13806,
        13825,
        13806,
        13862,
        13821,
        13693,
        14038,
        13897,
        13759,
        13799,
        13789,
        13974,
        13837,
        13809,
        13752,
        13712,
        13737,
        13861,
        13770,
        13653,
        13785,
        13715,
        13883,
        13822,
        13828,
        13767,
        13746,
        13723,
        13935,
        13704,
        13611,
        13676,
        13847,
        13901,
        13925,
        13943,
        13965,
        13790,
        13969,
        13919,
        14006,
        14052,
        13993,
        14055,
        13970,
        13968,
        13854,
        13749,
        14020,
        13874,
        13934,
        13980,
        13893,
        13888,
        13972,
        13893,
        14056,
        13897,
        13862,
        13897,
        13882,
        13980,
        13866,
        13824,
        14001,
        14079,
        14034,
        14143,
        13933,
        14025,
        14060,
        13954,
        14137,
        14017,
        13884,
        13994,
        14168,
        14099,
        13999,
        14191,
        13915,
        14179,
        13929,
        13973,
        13976,
        13889,
        13739,
        13867,
        13972,
        13824,
        13890,
        13809,
        13840,
        13679,
        13740,
        13917,
        13636,
        13706,
        13927,
        13863,
        13861,
        13888,
        13828,
        13867,
        14031,
        13871,
        13957,
        13863,
        13874,
        13803,
        13841,
        13738,
        13752,
        13801,
        13684,
        13617,
        13887,
        13813,
        13978,
        13878,
        14037,
        13896,
        14027,
        13879,
        13811,
        13671,
        13753,
        13671,
        13767,
        13516,
        13651,
        13712,
        13749,
        13643,
        13852,
        13690,
        13698,
        13589,
        13788,
        13760,
        13798,
        13937,
        13940,
        14042,
        14014,
        13912,
        14013,
        13819,
        14092,
        14009,
        14194,
        14153,
        14059,
        13933,
        14018,
        14014,
        14023,
        13893,
        13793,
        13633,
        13470,
        13579,
        13655,
        13590,
        13774,
        13752,
        13867,
        13803,
        13875,
        13905,
        14002,
        14092,
        13940,
        13838,
        13932,
        13813,
        13917,
        13768,
        13732,
        13694,
        13676,
        13685,
        13752,
        13744,
        13908,
        13853,
        13875
      ],
      "TriggerTime": [
        10692.5,
        11492.5,
        12292.5,
        13092.5,
        13892.5,
        14692.5,
        15492.5,
        16292.5,
        17092.5,
        17892.5,
        18692.5,
        19492.5,
        20292.5,
        21092.5,
        21892.5,
        22692.5,
        23492.5,
        24292.5,
        25092.5,
        25892.5,
        26692.5,
        27492.5,
        28292.5,
        29092.5,
        29892.5,
        30692.5,
        31492.5,
        32292.5,
        33092.5,
        33892.5,
        34692.5,
        35492.5,
        36292.5,
        37092.5,
        37892.5,
        38692.5,
        39492.5,
        40292.5,
        41092.5,
        41892.5,
        42692.5,
        43492.5,
        44292.5,
        45092.5,
        45892.5,
        46692.5,
        47492.5,
        48292.5,
        49092.5,
        49892.5,
        50692.5,
        51492.5,
        52292.5,
        53092.5,
        53892.5,
        54692.5,
        55492.5,
        56292.5,
        57092.5,
        57892.5,
        58692.5,
        59492.5,
        60292.5,
        61092.5,
        61892.5,
        62692.5,
        63492.5,
        64292.5,
        65092.5,
        65892.5,
        66692.5,
        67492.5,
        68292.5,
        69092.5,
        69892.5,
        70692.5,
        71492.5,
        72292.5,
        73092.5,
        73892.5,
        74692.5,
        75492.5,
        76292.5,
        77092.5,
        77892.5,
        78692.5,
        79492.5,
        80292.5,
        81092.5,
        81892.5,
        82692.5,
        83492.5,
        84292.5,
        85092.5,
        85892.5,
        86692.5,
        87492.5,
        88292.5,
        89092.5,
        89892.5,
        90692.5,
        91492.5,
        92292.5,
        93092.5,
        93892.5,
        94692.5,
        95492.5,
        96292.5,
        97092.5,
        97892.5,
        98692.5,
        99492.5,
        100292.5,
        101092.5,
        101892.5,
        102692.5,
        103492.5,
        104292.5,
        105092.5,
        105892.5,
        106692.5,
        107492.5,
        108292.5,
        109092.5,
        109892.5,
        110692.5,
        111492.5,
        112292.5,
        113092.5,
        113892.5,
        114692.5,
        115492.5,
        116292.5,
        117092.5,
        117892.5,
        118692.5,
        119492.5,
        120292.5,
        121092.5,
        121892.5,
        122692.5,
        123492.5,
        124292.5,
        125092.5,
        125892.5,
        126692.5,
        127492.5,
        128292.5,
        129092.5,
        129892.5,
        130692.5,
        131492.5,
        132292.5,
        133092.5,
        133892.5,
        134692.5,
        135492.5,
        136292.5,
        137092.5,
        137892.5,
        138692.5,
        139492.5,
        140292.5,
        141092.5,
        141892.5,
        142692.5,
        143492.5,
        144292.5,
        145092.5,
        145892.5,
        146692.5,
        147492.5,
        148292.5,
        149092.5,
        149892.5,
        150692.5,
        151492.5,
        152292.5,
        153092.5,
        153892.5,
        154692.5,
        155492.5,
        156292.5,
        157092.5,
        157892.5,
        158692.5,
        159492.5,
        160292.5,
        161092.5,
        161892.5,
        162692.5,
        163492.5,
        164292.5,
        165092.5,
        165892.5,
        166692.5,
        167492.5,
        168292.5,
        169092.5,
        169892.5,
        170692.5,
        171492.5,
        172292.5,
        173092.5,
        173892.5,
        174692.5,
        175492.5,
        176292.5,
        177092.5,
        177892.5,
        178692.5,
        179492.5,
        180292.5,
        181092.5,
        181892.5,
        182692.5,
        183492.5,
        184292.5,
        185092.5,
        185892.5,
        186692.5,
        187492.5,
        188292.5,
        189092.5,
        189892.5,
        190692.5,
        191492.5,
        192292.5,
        193092.5,
        193892.5,
        194692.5,
        195492.5,
        196292.5,
        197092.5,
        197892.5,
        198692.5,
        199492.5,
        200292.5,
        201092.5,
        201892.5,
        202692.5,
        203492.5,
        204292.5,
        205092.5,
        205892.5,
        206692.5,
        207492.5,
        208292.5,
        209092.5,
        209892.5,
        210692.5,
        211492.5,
        212292.5,
        213092.5,
        213892.5,
        214692.5,
        215492.5,
        216292.5,
        217092.5,
        217892.5,
        218692.5,
        219492.5,
        220292.5,
        221092.5,
        221892.5,
        222692.5,
        223492.5,
        224292.5,
        225092.5,
        225892.5,
        226692.5,
        227492.5,
        228292.5,
        229092.5,
        229892.5,
        230692.5,
        231492.5,
        232292.5,
        233092.5,
        233892.5,
        234692.5,
        235492.5,
        236292.5,
        237092.5,
        237892.5,
        238692.5,
        239492.5,
        240292.5,
        241092.5,
        241892.5,
        242692.5,
        243492.5,
        244292.5,
        245092.5,
        245892.5,
        246692.5,
        247492.5,
        248292.5,
        249092.5,
        249892.5,
        250692.5,
        251492.5,
        252292.5,
        253092.5,
        253892.5,
        254692.5,
        255492.5,
        256292.5,
        257092.5,
        257892.5,
        258692.5,
        259492.5,
        260292.5,
        261092.5,
        261892.5,
        262692.5,
        263492.5,
        264292.5,
        265092.5,
        265892.5,
        266692.5,
        267492.5,
        268292.5,
        269092.5,
        269892.5,
        270692.5,
        271492.5,
        272292.5,
        273092.5,
        273892.5,
        274692.5,
        275492.5,
        276292.5,
        277092.5,
        277892.5,
        278692.5,
        279492.5,
        280292.5,
        281092.5,
        281892.5,
        282692.5,
        283492.5,
        284292.5,
        285092.5,
        285892.5,
        286692.5,
        287492.5,
        288292.5,
        289092.5,
        289892.5,
        290692.5,
        291492.5,
        292292.5,
        293092.5,
        293892.5,
        294692.5,
        295492.5,
        296292.5,
        297092.5,
        297892.5,
        298692.5,
        299492.5,
        300292.5,
        301092.5,
        301892.5,
        302692.5,
        303492.5,
        304292.5,
        305092.5,
        305892.5,
        306692.5,
        307492.5,
        308292.5,
        309092.5,
        309892.5,
        310692.5,
        311492.5,
        312292.5,
        313092.5,
        313892.5,
        314692.5,
        315492.5,
        316292.5,
        317092.5,
        317892.5,
        318692.5,
        319492.5,
        320292.5,
        321092.5,
        321892.5,
        322692.5,
        323492.5,
        324292.5,
        325092.5,
        325892.5,
        326692.5,
        327492.5,
        328292.5,
        329092.5,
        329892.5,
        330692.5,
        331492.5,
        332292.5,
        333092.5,
        333892.5,
        334692.5,
        335492.5,
        336292.5,
        337092.5,
        337892.5,
        338692.5,
        339492.5,
        340292.5,
        341092.5,
        341892.5,
        342692.5,
        343492.5,
        344292.5,
        345092.5,
        345892.5,
        346692.5,
        347492.5,
        348292.5,
        349092.5,
        349892.5,
        350692.5,
        351492.5,
        352292.5,
        353092.5,
        353892.5,
        354692.5,
        355492.5,
        356292.5,
        357092.5,
        357892.5,
        358692.5,
        359492.5,
        360292.5,
        361092.5,
        361892.5,
        362692.5,
        363492.5,
        364292.5,
        365092.5,
        365892.5,
        366692.5,
        367492.5,
        368292.5,
        369092.5,
        369892.5,
        370692.5,
        371492.5,
        372292.5,
        373092.5,
        373892.5,
        374692.5,
        375492.5,
        376292.5,
        377092.5,
        377892.5,
        378692.5,
        379492.5,
        380292.5,
        381092.5,
        381892.5,
        382692.5,
        383492.5,
        384292.5,
        385092.5,
        385892.5,
        386692.5,
        387492.5,
        388292.5,
        389092.5,
        389892.5,
        390692.5,
        391492.5,
        392292.5,
        393092.5,
        393892.5,
        394692.5,
        395492.5,
        396292.5,
        397092.5,
        397892.5,
        398692.5,
        399492.5,
        400292.5,
        401092.5,
        401892.5,
        402692.5,
        403492.5,
        404292.5,
        405092.5,
        405892.5,
        406692.5,
        407492.5,
        408292.5,
        409092.5,
        409892.5,
        410692.5,
        411492.5,
        412292.5,
        413092.5,
        413892.5,
        414692.5,
        415492.5,
        416292.5,
        417092.5,
        417892.5,
        418692.5,
        419492.5,
        420292.5,
        421092.5,
        421892.5,
        422692.5,
        423492.5,
        424292.5,
        425092.5,
        425892.5,
        426692.5,
        427492.5,
        428292.5,
        429092.5,
        429892.5,
        430692.5,
        431492.5,
        432292.5,
        433092.5,
        433892.5,
        434692.5,
        435492.5,
        436292.5,
        437092.5,
        437892.5,
        438692.5,
        439492.5,
        440292.5,
        441092.5,
        441892.5,
        442692.5,
        443492.5,
        444292.5,
        445092.5,
        445892.5,
        446692.5,
        447492.5,
        448292.5,
        449092.5,
        449892.5,
        450692.5,
        451492.5,
        452292.5,
        453092.5,
        453892.5,
        454692.5,
        455492.5,
        456292.5,
        457092.5,
        457892.5,
        458692.5,
        459492.5,
        460292.5
      ],
      "WindowCenter": [
        4388,
        4339,
        4311,
        4295,
        4280,
        4290,
        4288,
        4288,
        4277,
        4278,
        4263,
        4275,
        4252,
        4263,
        4260,
        4260,
        4261,
        4260,
        4252,
        4251,
        4250,
        4249,
        4251,
        4249,
        4252,
        4260,
        4260,
        4264,
        4263,
        4263,
        4263,
        4277,
        4278,
        4275,
        4265,
        4256,
        4255,
        4253,
        4254,
        4248,
        4250,
        4240,
        4250,
        4261,
        4263,
        4275,
        4278,
        4278,
        4267,
        4254,
        4255,
        4253,
        4240,
        4242,
        4249,
        4248,
        4252,
        4230,
        4238,
        4239,
        4248,
        4252,
        4250,
        4247,
        4250,
        4253,
        4252,
        4256,
        4266,
        4266,
        4279,
        4266,
        4276,
        4261,
        4266,
        4264,
        4265,
        4262,
        4263,
        4252,
        4252,
        4235,
        4250,
        4226,
        4225,
        4226,
        4211,
        4210,
        4199,
        4195,
        4193,
        4206,
        4209,
        4208,
        4211,
        4212,
        4212,
        4223,
        4227,
        4235,
        4237,
        4238,
        4239,
        4251,
        4253,
        4254,
        4254,
        4264,
        4251,
        4252,
        4255,
        4262,
        4252,
        4262,
        4265,
        4250,
        4243,
        4241,
        4228,
        4217,
        4200,
        4212,
        4214,
        4214,
        4212,
        4222,
        4235,
        4225,
        4236,
        4238,
        4240,
        4250,
        4238,
        4249,
        4240,
        4241,
        4241,
        4242,
        4252,
        4241,
        4241,
        4238,
        4226,
        4227,
        4216,
        4214,
        4227,
        4216,
        4217,
        4216,
        4227,
        4226,
        4226,
        4230,
        4232,
        4242,
        4243,
        4254,
        4255,
        4267,
        4267,
        4278,
        4277,
        4279,
        4280,
        4279,
        4269,
        4276,
        4261,
        4251,
        4252,
        4249,
        4238,
        4234,
        4233,
        4235,
        4236,
        4224,
        4223,
        4235,
        4236,
        4246,
        4239,
        4227,
        4214,
        4200,
        4199,
        4198,
        4202,
        4201,
        4201,
        4212,
        4212,
        4215,
        4224,
        4225,
        4226,
        4226,
        4228,
        4227,
        4226,
        4236,
        4240,
        4240,
        4242,
        4240,
        4231,
        4230,
        4227,
        4227,
        4217,
        4218,
        4226,
        4226,
        4228,
        4240,
        4243,
        4240,
        4241,
        4240,
        4229,
        4227,
        4226,
        4217,
        4215,
        4227,
        4228,
        4239,
        4240,
        4239,
        4238,
        4217,
        4208,
        4203,
        4202,
        4200,
        4201,
        4197,
        4199,
        4189,
        4187,
        4190,
        4201,
        4201,
        4201,
        4215,
        4203,
        4214,
        4230,
        4228,
        4238,
        4231,
        4230,
        4241,
        4228,
        4225,
        4228,
        4216,
        4216,
        4215,
        4216,
        4217,
        4216,
        4227,
        4227,
        4229,
        4229,
        4240,
        4238,
        4238,
        4239,
        4250,
        4254,
        4255,
        4245,
        4243,
        4228,
        4216,
        4215,
        4214,
        4215,
        4203,
        4202,
        4213,
        4201,
        4201,
        4201,
        4199,
        4202,
        4202,
        4210,
        4201,
        4211,
        4214,
        4214,
        4225,
        4226,
        4230,
        4228,
        4243,
        4243,
        4243,
        4256,
        4258,
        4267,
        4265,
        4268,
        4278,
        4254,
        4254,
        4253,
        4245,
        4241,
        4233,
        4229,
        4231,
        4243,
        4241,
        4243,
        4234,
        4231,
        4243,
        4253,
        4253,
        4245,
        4245,
        4230,
        4230,
        4228,
        4215,
        4206,
        4214,
        4204,
        4193,
        4202,
        4213,
        4214,
        4215,
        4214,
        4229,
        4229,
        4243,
        4242,
        4242,
        4243,
        4242,
        4246,
        4254,
        4257,
        4258,
        4260,
        4269,
        4266,
        4260,
        4259,
        4255,
        4243,
        4243,
        4242,
        4242,
        4241,
        4233,
        4228,
        4215,
        4212,
        4193,
        4191,
        4186,
        4188,
        4188,
        4189,
        4189,
        4187,
        4200,
        4203,
        4215,
        4212,
        4214,
        4215,
        4214,
        4215,
        4213,
        4225,
        4214,
        4202,
        4201,
        4201,
        4199,
        4189,
        4177,
        4176,
        4186,
        4187,
        4188,
        4186,
        4187,
        4202,
        4214,
        4215,
        4217,
        4216,
        4215,
        4204,
        4205,
        4215,
        4201,
        4202,
        4201,
        4203,
        4202,
        4213,
        4216,
        4227,
        4229,
        4241,
        4230,
        4245,
        4243,
        4241,
        4243,
        4229,
        4243,
        4229,
        4231,
        4242,
        4230,
        4244,
        4245,
        4245,
        4245,
        4255,
        4246,
        4255,
        4258,
        4245,
        4246,
        4254,
        4255,
        4245,
        4245,
        4252,
        4244,
        4245,
        4243,
        4245,
        4244,
        4252,
        4255,
        4257,
        4257,
        4256,
        4270,
        4269,
        4267,
        4257,
        4255,
        4247,
        4255,
        4246,
        4242,
        4241,
        4231,
        4231,
        4221,
        4230,
        4217,
        4218,
        4217,
        4230,
        4227,
        4228,
        4230,
        4231,
        4231,
        4240,
        4218,
        4218,
        4216,
        4213,
        4216,
        4229,
        4217,
        4224,
        4206,
        4205,
        4207,
        4204,
        4203,
        4204,
        4201,
        4205,
        4204,
        4206,
        4215,
        4224,
        4218,
        4215,
        4217,
        4217,
        4202,
        4203,
        4202,
        4193,
        4202,
        4203,
        4192,
        4215,
        4213,
        4212,
        4219,
        4218,
        4230,
        4228,
        4220,
        4244,
        4243,
        4246,
        4257,
        4255,
        4257,
        4255,
        4259,
        4267,
        4260,
        4280,
        4282,
        4270,
        4270,
        4258,
        4247,
        4245,
        4230,
        4217,
        4204,
        4204,
        4200,
        4194,
        4191,
        4201,
        4195,
        4204,
        4218,
        4208,
        4204,
        4206,
        4216,
        4218,
        4215,
        4216,
        4191,
        4204,
        4178,
        4179,
        4178,
        4174,
        4176,
        4176,
        4178,
        4189,
        4189,
        4189,
        4199,
        4200
      ],
      "WindowWidth": [
        10088,
        9963,
        9890,
        9846,
        9809,
        9816,
        9808,
        9805,
        9789,
        9786,
        9761,
        9778,
        9742,
        9755,
        9749,
        9746,
        9750,
        9746,
        9738,
        9736,
        9733,
        9732,
        9736,
        9732,
        9740,
        9748,
        9749,
        9760,
        9760,
        9762,
        9763,
        9782,
        9786,
        9781,
        9767,
        9754,
        9750,
        9743,
        9747,
        9731,
        9734,
        9720,
        9732,
        9749,
        9759,
        9779,
        9788,
        9788,
        9773,
        9751,
        9750,
        9744,
        9723,
        9725,
        9734,
        9730,
        9739,
        9706,
        9714,
        9717,
        9726,
        9737,
        9732,
        9726,
        9734,
        9743,
        9741,
        9753,
        9766,
        9767,
        9790,
        9771,
        9783,
        9758,
        9769,
        9761,
        9763,
        9757,
        9758,
        9741,
        9739,
        9708,
        9732,
        9692,
        9688,
        9688,
        9662,
        9658,
        9642,
        9629,
        9625,
        9645,
        9653,
        9654,
        9660,
        9664,
        9668,
        9685,
        9697,
        9707,
        9714,
        9714,
        9718,
        9738,
        9744,
        9748,
        9749,
        9763,
        9742,
        9743,
        9751,
        9757,
        9743,
        9755,
        9764,
        9737,
        9732,
        9723,
        9700,
        9680,
        9648,
        9666,
        9670,
        9670,
        9668,
        9682,
        9701,
        9692,
        9709,
        9713,
        9719,
        9732,
        9715,
        9731,
        9720,
        9724,
        9724,
        9726,
        9740,
        9726,
        9724,
        9715,
        9695,
        9696,
        9679,
        9676,
        9695,
        9681,
        9683,
        9681,
        9697,
        9696,
        9696,
        9708,
        9713,
        9727,
        9733,
        9751,
        9752,
        9772,
        9773,
        9788,
        9789,
        9794,
        9797,
        9795,
        9778,
        9782,
        9755,
        9740,
        9739,
        9729,
        9711,
        9701,
        9699,
        9702,
        9703,
        9686,
        9683,
        9699,
        9706,
        9718,
        9714,
        9695,
        9672,
        9648,
        9644,
        9640,
        9650,
        9648,
        9649,
        9665,
        9667,
        9675,
        9685,
        9688,
        9693,
        9692,
        9697,
        9697,
        9695,
        9708,
        9720,
        9720,
        9726,
        9721,
        9707,
        9705,
        9696,
        9697,
        9684,
        9684,
        9693,
        9693,
        9700,
        9719,
        9726,
        9720,
        9724,
        9720,
        9702,
        9695,
        9691,
        9682,
        9677,
        9696,
        9702,
        9717,
        9723,
        9720,
        9717,
        9685,
        9672,
        9655,
        9649,
        9645,
        9645,
        9638,
        9641,
        9627,
        9623,
        9629,
        9649,
        9649,
        9650,
        9674,
        9658,
        9676,
        9703,
        9700,
        9715,
        9712,
        9709,
        9724,
        9702,
        9692,
        9698,
        9679,
        9679,
        9678,
        9678,
        9682,
        9680,
        9698,
        9699,
        9704,
        9705,
        9720,
        9716,
        9714,
        9718,
        9734,
        9745,
        9751,
        9736,
        9726,
        9698,
        9679,
        9676,
        9672,
        9673,
        9655,
        9653,
        9667,
        9650,
        9646,
        9646,
        9641,
        9649,
        9650,
        9660,
        9649,
        9664,
        9672,
        9674,
        9690,
        9693,
        9705,
        9702,
        9728,
        9729,
        9732,
        9752,
        9760,
        9772,
        9768,
        9776,
        9787,
        9754,
        9749,
        9747,
        9735,
        9725,
        9716,
        9706,
        9712,
        9731,
        9726,
        9732,
        9721,
        9712,
        9730,
        9745,
        9744,
        9736,
        9734,
        9706,
        9706,
        9698,
        9676,
        9662,
        9669,
        9653,
        9638,
        9652,
        9669,
        9673,
        9675,
        9675,
        9702,
        9702,
        9728,
        9727,
        9727,
        9729,
        9727,
        9738,
        9751,
        9758,
        9761,
        9769,
        9778,
        9773,
        9769,
        9763,
        9751,
        9731,
        9732,
        9731,
        9728,
        9723,
        9714,
        9698,
        9676,
        9666,
        9638,
        9632,
        9619,
        9624,
        9623,
        9626,
        9625,
        9620,
        9643,
        9653,
        9674,
        9668,
        9671,
        9674,
        9673,
        9673,
        9670,
        9688,
        9672,
        9654,
        9650,
        9649,
        9642,
        9627,
        9608,
        9604,
        9619,
        9621,
        9626,
        9620,
        9622,
        9650,
        9669,
        9674,
        9679,
        9678,
        9675,
        9657,
        9660,
        9671,
        9648,
        9649,
        9649,
        9653,
        9652,
        9669,
        9676,
        9694,
        9703,
        9724,
        9709,
        9736,
        9728,
        9724,
        9729,
        9707,
        9727,
        9705,
        9710,
        9726,
        9711,
        9734,
        9737,
        9737,
        9737,
        9753,
        9741,
        9752,
        9762,
        9741,
        9741,
        9751,
        9753,
        9740,
        9738,
        9743,
        9734,
        9735,
        9730,
        9735,
        9733,
        9743,
        9751,
        9758,
        9760,
        9758,
        9782,
        9779,
        9775,
        9761,
        9753,
        9743,
        9751,
        9740,
        9726,
        9723,
        9709,
        9709,
        9694,
        9702,
        9683,
        9685,
        9684,
        9705,
        9698,
        9702,
        9707,
        9708,
        9707,
        9718,
        9685,
        9683,
        9680,
        9673,
        9682,
        9703,
        9684,
        9690,
        9666,
        9661,
        9666,
        9656,
        9652,
        9655,
        9650,
        9658,
        9657,
        9664,
        9678,
        9687,
        9685,
        9678,
        9682,
        9680,
        9654,
        9653,
        9649,
        9638,
        9653,
        9654,
        9639,
        9675,
        9671,
        9670,
        9688,
        9688,
        9706,
        9702,
        9696,
        9735,
        9734,
        9741,
        9756,
        9753,
        9759,
        9757,
        9768,
        9776,
        9768,
        9799,
        9803,
        9787,
        9784,
        9765,
        9743,
        9734,
        9705,
        9680,
        9659,
        9655,
        9643,
        9639,
        9633,
        9647,
        9643,
        9658,
        9683,
        9670,
        9661,
        9667,
        9679,
        9683,
        9677,
        9675,
        9634,
        9653,
        9612,
        9613,
        9609,
        9598,
        9603,
        9603,
        9608,
        9624,
        9627,
        9626,
        9641,
        9644
      ]
    },
