{
  "AcquisitionMatrixPE": 256,
  "AcquisitionNumber": 1,
  "AcquisitionTime": "16:04:46.377500",
  "BaseResolution": 256,
  "BodyPartExamined": "BRAIN",
  "CoilCombinationMethod": "Adaptive Combine",
  "ConsistencyInfo": "N4_VE11C_LATEST_20160120",
  "ConversionSoftware": "dcm2niix",
  "ConversionSoftwareVersion": "v1.0.20220720",
  "DeviceSerialNumber": "67026",
  "DwellTime": 3e-06,
  "EchoTime": 0.564,
  "EchoTrainLength": 311,
  "FlipAngle": 120,
  "HeudiconvVersion": "0.11.4",
  "ImageOrientationPatientDICOM": [
    -0.0577564,
    0.987743,
    -0.145007,
    -0.0924619,
    -0.149918,
    -0.984365
  ],
  "ImageOrientationText": "Sag>Tra(5.7)>Cor(-2.5)",
  "ImageType": [
    "ORIGINAL",
    "PRIMARY",
    "M",
    "ND",
    "NORM"
  ],
  "ImagingFrequency": 123.163,
  "InPlanePhaseEncodingDirectionDICOM": "ROW",
  "InstitutionAddress": "13th St. 149,Charlestown,MA,US,02129",
  "InstitutionName": "MGH PrismaFit-Bay4",
  "InstitutionalDepartmentName": "Martinos Center",
  "MRAcquisitionType": "3D",
  "MagneticFieldStrength": 3,
  "Manufacturer": "Siemens",
  "ManufacturersModelName": "Prisma_fit",
  "MatrixCoilMode": "GRAPPA",
  "Modality": "MR",
  "NonlinearGradientCorrection": false,
  "ParallelReductionFactorInPlane": 2,
  "PartialFourier": 1,
  "PatientPosition": "HFS",
  "PercentPhaseFOV": 100,
  "PercentSampling": 100,
  "PhaseEncodingDirection": "i",
  "PhaseEncodingSteps": 245,
  "PhaseResolution": 1,
  "PixelBandwidth": 650,
  "ProcedureStepDescription": "INVESTIGATORS^Greve",
  "ProtocolName": "T2w_SPC_vNav",
  "PulseSequenceDetails": "%CustomerSeq%\\tse_vfl_mgh_epinav_ABCD",
  "ReceiveCoilActiveElements": "HEA;HEP",
  "ReceiveCoilName": "Head_32",
  "ReconMatrixPE": 256,
  "RefLinesPE": 32,
  "RepetitionTime": 3.2,
  "SAR": 0.183619,
  "ScanOptions": "PFP",
  "ScanningSequence": "SE",
  "SequenceName": "spc_314ns",
  "SequenceVariant": "SK\\SP",
  "SeriesDescription": "T2w_SPC_vNav",
  "SeriesNumber": 37,
  "ShimSetting": [
    -1266,
    -10531,
    -10178,
    151,
    204,
    3,
    26,
    4
  ],
  "SliceThickness": 1,
  "SoftwareVersions": "syngo MR E11",
  "SpoilingState": true,
  "StationName": "BAY4OC",
  "TxRefAmp": 289.44,
  "WipMemBlock": "Prisma_epi_moco_navigator_ABCD_tse_vfl.prot",
  "dcmmeta_affine": [
    [
      0.9940397143363953,
      -0.05775637924671173,
      -0.09246189147233963,
      -69.46988677978516
    ],
    [
      0.04344572871923447,
      0.9877434372901917,
      -0.14991800487041473,
      -77.59490203857422
    ],
    [
      0.09998735040426254,
      0.14500738680362701,
      0.9843654632568359,
      -173.7289276123047
    ],
    [
      0,
      0,
      0,
      1
    ]
  ],
  "dcmmeta_reorient_transform": [
    [
      0,
      0,
      -1,
      255
    ],
    [
      0,
      -1,
      0,
      255
    ],
    [
      -1,
      0,
      0,
      175
    ],
    [
      0,
      0,
      0,
      1
    ]
  ],
  "dcmmeta_shape": [
    176,
    256,
    256
  ],
  "dcmmeta_slice_dim": 0,
  "dcmmeta_version": 0.6
}
