{
  "AcquisitionMatrixPE": 140,
  "AcquisitionNumber": 1,
  "AcquisitionTime": "19:25:22.472500",
  "BandwidthPerPixelPhaseEncode": 10.352,
  "BaseResolution": 140,
  "BodyPartExamined": "BRAIN",
  "CoilCombinationMethod": "Sum of Squares",
  "ConsistencyInfo": "N4_VE11C_LATEST_20160120",
  "ConversionSoftware": "dcm2niix",
  "ConversionSoftwareVersion": "v1.0.20220720",
  "DerivedVendorReportedEchoSpacing": 0.000689998,
  "DeviceSerialNumber": "67026",
  "DiffusionScheme": "Monopolar",
  "DwellTime": 2.1e-06,
  "EchoTime": 0.0892,
  "EchoTrainLength": 105,
  "EffectiveEchoSpacing": 0.000689998,
  "FlipAngle": 78,
  "HeudiconvVersion": "0.11.4",
  "ImageComments": "Unaliased MB4/PE3/LB SENSE1",
  "ImageOrientationPatientDICOM": [
    0.995948,
    0.0467682,
    -0.0768195,
    -0.0628342,
    0.972954,
    -0.22229
  ],
  "ImageOrientationText": "Tra>Cor(-13.1)>Sag(-3.7)",
  "ImageType": [
    "ORIGINAL",
    "PRIMARY",
    "DIFFUSION",
    "NONE",
    "MB",
    "ND",
    "MOSAIC"
  ],
  "ImagingFrequency": 123.2,
  "InPlanePhaseEncodingDirectionDICOM": "COL",
  "InstitutionAddress": "13th St. 149,Charlestown,MA,US,02129",
  "InstitutionName": "MGH PrismaFit-Bay4",
  "InstitutionalDepartmentName": "Martinos Center",
  "MRAcquisitionType": "2D",
  "MagneticFieldStrength": 3,
  "Manufacturer": "Siemens",
  "ManufacturersModelName": "Prisma_fit",
  "MatrixCoilMode": "SENSE",
  "Modality": "MR",
  "MultibandAccelerationFactor": 4,
  "NonlinearGradientCorrection": false,
  "PartialFourier": 0.75,
  "PatientPosition": "HFS",
  "PercentPhaseFOV": 100,
  "PercentSampling": 100,
  "PhaseEncodingDirection": "j-",
  "PhaseEncodingSteps": 105,
  "PhaseResolution": 1,
  "PixelBandwidth": 1700,
  "ProcedureStepDescription": "INVESTIGATORS^Greve",
  "ProtocolName": "dMRI_dir98_AP_Blue_Umbrella",
  "PulseSequenceDetails": "%CustomerSeq%\\hcp_mbep2d_diff",
  "ReceiveCoilActiveElements": "HEA;HEP",
  "ReceiveCoilName": "Head_32",
  "ReconMatrixPE": 140,
  "RepetitionTime": 3.23,
  "SAR": 0.158741,
  "ScanOptions": "PFP\\EXT",
  "ScanningSequence": "EP",
  "SequenceName": "ep_b5#1",
  "SequenceVariant": "SK\\SS",
  "SeriesDescription": "dMRI_dir98_AP_Blue_Umbrella",
  "SeriesNumber": 44,
  "ShimSetting": [
    -1235,
    -10534,
    -10113,
    656,
    69,
    82,
    -107,
    -22
  ],
  "SliceThickness": 1.5,
  "SliceTiming": [
    0,
    1.675,
    0.14,
    1.815,
    0.28,
    1.955,
    0.42,
    2.095,
    0.5575,
    2.2325,
    0.6975,
    2.3725,
    0.8375,
    2.5125,
    0.9775,
    2.6525,
    1.1175,
    2.7925,
    1.2575,
    2.93,
    1.395,
    3.07,
    1.535,
    0,
    1.675,
    0.14,
    1.815,
    0.28,
    1.955,
    0.42,
    2.095,
    0.5575,
    2.2325,
    0.6975,
    2.3725,
    0.8375,
    2.5125,
    0.9775,
    2.6525,
    1.1175,
    2.7925,
    1.2575,
    2.93,
    1.395,
    3.07,
    1.535,
    0,
    1.675,
    0.14,
    1.815,
    0.28,
    1.955,
    0.42,
    2.095,
    0.5575,
    2.2325,
    0.6975,
    2.3725,
    0.8375,
    2.5125,
    0.9775,
    2.6525,
    1.1175,
    2.7925,
    1.2575,
    2.93,
    1.395,
    3.07,
    1.535,
    0,
    1.675,
    0.14,
    1.815,
    0.28,
    1.955,
    0.42,
    2.095,
    0.5575,
    2.2325,
    0.6975,
    2.3725,
    0.8375,
    2.5125,
    0.9775,
    2.6525,
    1.1175,
    2.7925,
    1.2575,
    2.93,
    1.395,
    3.07,
    1.535
  ],
  "SoftwareVersions": "syngo MR E11",
  "SpacingBetweenSlices": 1.5,
  "StationName": "BAY4OC",
  "TotalReadoutTime": 0.0959097,
  "TxRefAmp": 241.375,
  "WipMemBlock": "c4943827-eb4f-472e-8c28-d204d3893dc3||Sequence: ve11c/master r/5b0256d+; Dec  9 2016 09:48:43 by eja",
  "dcmmeta_affine": [
    [
      -1.4939212799072266,
      -0.09425128251314163,
      -0.0965186133980751,
      115.31295013427734
    ],
    [
      -0.07015233486890793,
      1.4594305753707886,
      -0.33932456374168396,
      -57.040122985839844
    ],
    [
      -0.11522932350635529,
      0.3334354758262634,
      1.457924246788025,
      -75.10274505615234
    ],
    [
      0,
      0,
      0,
      1
    ]
  ],
  "dcmmeta_reorient_transform": [
    [
      0,
      -1,
      0,
      139
    ],
    [
      1,
      0,
      0,
      0
    ],
    [
      0,
      0,
      1,
      0
    ],
    [
      0,
      0,
      0,
      1
    ]
  ],
  "dcmmeta_shape": [
    140,
    140,
    92,
    99
  ],
  "dcmmeta_slice_dim": 2,
  "dcmmeta_version": 0.6,
  "time": {
    "samples": {
      "AcquisitionNumber": [
        1,
        2,
        3,
        4,
        5,
        6,
        7,
        8,
        9,
        10,
        11,
        12,
        13,
        14,
        15,
        16,
        17,
        18,
        19,
        20,
        21,
        22,
        23,
        24,
        25,
        26,
        27,
        28,
        29,
        30,
        31,
        32,
        33,
        34,
        35,
        36,
        37,
        38,
        39,
        40,
        41,
        42,
        43,
        44,
        45,
        46,
        47,
        48,
        49,
        50,
        51,
        52,
        53,
        54,
        55,
        56,
        57,
        58,
        59,
        60,
        61,
        62,
        63,
        64,
        65,
        66,
        67,
        68,
        69,
        70,
        71,
        72,
        73,
        74,
        75,
        76,
        77,
        78,
        79,
        80,
        81,
        82,
        83,
        84,
        85,
        86,
        87,
        88,
        89,
        90,
        91,
        92,
        93,
        94,
        95,
        96,
        97,
        98,
        99
      ],
      "AcquisitionTime": [
        "192522.472500",
        "192525.702500",
        "192528.932500",
        "192532.162500",
        "192535.392500",
        "192538.622500",
        "192541.852500",
        "192545.082500",
        "192548.312500",
        "192551.542500",
        "192554.772500",
        "192558.002500",
        "192601.232500",
        "192604.462500",
        "192607.692500",
        "192610.922500",
        "192614.152500",
        "192617.382500",
        "192620.612500",
        "192623.842500",
        "192627.072500",
        "192630.302500",
        "192633.532500",
        "192636.762500",
        "192639.992500",
        "192643.222500",
        "192646.452500",
        "192649.682500",
        "192652.912500",
        "192656.142500",
        "192659.372500",
        "192702.602500",
        "192705.832500",
        "192709.062500",
        "192712.292500",
        "192715.522500",
        "192718.752500",
        "192721.982500",
        "192725.212500",
        "192728.442500",
        "192731.672500",
        "192734.902500",
        "192738.132500",
        "192741.362500",
        "192744.592500",
        "192747.822500",
        "192751.052500",
        "192754.282500",
        "192757.512500",
        "192800.742500",
        "192803.972500",
        "192807.202500",
        "192810.432500",
        "192813.662500",
        "192816.892500",
        "192820.122500",
        "192823.352500",
        "192826.582500",
        "192829.812500",
        "192833.042500",
        "192836.272500",
        "192839.502500",
        "192842.732500",
        "192845.962500",
        "192849.192500",
        "192852.422500",
        "192855.652500",
        "192858.882500",
        "192902.112500",
        "192905.342500",
        "192908.572500",
        "192911.802500",
        "192915.032500",
        "192918.262500",
        "192921.492500",
        "192924.722500",
        "192927.952500",
        "192931.182500",
        "192934.412500",
        "192937.642500",
        "192940.872500",
        "192944.102500",
        "192947.332500",
        "192950.562500",
        "192953.792500",
        "192957.022500",
        "193000.252500",
        "193003.482500",
        "193006.712500",
        "193009.942500",
        "193013.172500",
        "193016.402500",
        "193019.632500",
        "193022.862500",
        "193026.092500",
        "193029.322500",
        "193032.552500",
        "193035.782500",
        "193039.012500"
      ],
      "ContentTime": [
        "192643.809000",
        "192643.813000",
        "192643.818000",
        "192643.829000",
        "192643.836000",
        "192643.839000",
        "192643.842000",
        "192643.846000",
        "192643.849000",
        "192643.853000",
        "192643.856000",
        "192643.860000",
        "192643.864000",
        "192643.868000",
        "192643.871000",
        "192643.875000",
        "192643.885000",
        "192643.889000",
        "192643.892000",
        "192643.902000",
        "192643.906000",
        "192643.909000",
        "192743.776000",
        "192743.780000",
        "192743.784000",
        "192743.787000",
        "192743.790000",
        "192743.794000",
        "192743.797000",
        "192743.801000",
        "192743.809000",
        "192743.812000",
        "192743.816000",
        "192743.819000",
        "192743.823000",
        "192743.826000",
        "192743.830000",
        "192743.833000",
        "192743.836000",
        "192743.840000",
        "192743.843000",
        "192743.847000",
        "192743.850000",
        "192903.777000",
        "192903.790000",
        "192903.794000",
        "192903.797000",
        "192903.801000",
        "192903.805000",
        "192903.808000",
        "192903.811000",
        "192903.815000",
        "192903.818000",
        "192903.822000",
        "192903.825000",
        "192903.829000",
        "192903.832000",
        "192903.836000",
        "192903.844000",
        "192903.848000",
        "192903.851000",
        "192903.855000",
        "192903.858000",
        "192903.862000",
        "192903.865000",
        "192903.869000",
        "192903.872000",
        "192903.876000",
        "193023.777000",
        "193023.781000",
        "193023.797000",
        "193023.800000",
        "193023.804000",
        "193023.807000",
        "193023.811000",
        "193023.814000",
        "193023.818000",
        "193023.821000",
        "193023.825000",
        "193023.828000",
        "193023.831000",
        "193023.835000",
        "193023.838000",
        "193023.842000",
        "193023.845000",
        "193023.848000",
        "193023.852000",
        "193023.864000",
        "193023.868000",
        "193023.871000",
        "193023.875000",
        "193023.892000",
        "193023.895000",
        "193043.061000",
        "193043.065000",
        "193043.069000",
        "193043.072000",
        "193043.076000",
        "193043.079000"
      ],
      "InstanceCreationTime": [
        "192643.809000",
        "192643.813000",
        "192643.818000",
        "192643.829000",
        "192643.836000",
        "192643.839000",
        "192643.842000",
        "192643.846000",
        "192643.849000",
        "192643.853000",
        "192643.856000",
        "192643.860000",
        "192643.864000",
        "192643.868000",
        "192643.871000",
        "192643.875000",
        "192643.885000",
        "192643.889000",
        "192643.892000",
        "192643.902000",
        "192643.906000",
        "192643.909000",
        "192743.776000",
        "192743.780000",
        "192743.784000",
        "192743.787000",
        "192743.790000",
        "192743.794000",
        "192743.797000",
        "192743.801000",
        "192743.809000",
        "192743.812000",
        "192743.816000",
        "192743.819000",
        "192743.823000",
        "192743.826000",
        "192743.830000",
        "192743.833000",
        "192743.836000",
        "192743.840000",
        "192743.843000",
        "192743.847000",
        "192743.850000",
        "192903.777000",
        "192903.790000",
        "192903.794000",
        "192903.797000",
        "192903.801000",
        "192903.805000",
        "192903.808000",
        "192903.811000",
        "192903.815000",
        "192903.818000",
        "192903.822000",
        "192903.825000",
        "192903.829000",
        "192903.832000",
        "192903.836000",
        "192903.844000",
        "192903.848000",
        "192903.851000",
        "192903.855000",
        "192903.858000",
        "192903.862000",
        "192903.865000",
        "192903.869000",
        "192903.872000",
        "192903.876000",
        "193023.777000",
        "193023.781000",
        "193023.797000",
        "193023.800000",
        "193023.804000",
        "193023.807000",
        "193023.811000",
        "193023.814000",
        "193023.818000",
        "193023.821000",
        "193023.825000",
        "193023.828000",
        "193023.831000",
        "193023.835000",
        "193023.838000",
        "193023.842000",
        "193023.845000",
        "193023.848000",
        "193023.852000",
        "193023.864000",
        "193023.868000",
        "193023.871000",
        "193023.875000",
        "193023.892000",
        "193023.895000",
        "193043.061000",
        "193043.065000",
        "193043.069000",
        "193043.072000",
        "193043.076000",
        "193043.079000"
      ],
      "InstanceNumber": [
        1,
        2,
        3,
        4,
        5,
        6,
        7,
        8,
        9,
        10,
        11,
        12,
        13,
        14,
        15,
        16,
        17,
        18,
        19,
        20,
        21,
        22,
        23,
        24,
        25,
        26,
        27,
        28,
        29,
        30,
        31,
        32,
        33,
        34,
        35,
        36,
        37,
        38,
        39,
        40,
        41,
        42,
        43,
        44,
        45,
        46,
        47,
        48,
        49,
        50,
        51,
        52,
        53,
        54,
        55,
        56,
        57,
        58,
        59,
        60,
        61,
        62,
        63,
        64,
        65,
        66,
        67,
        68,
        69,
        70,
        71,
        72,
        73,
        74,
        75,
        76,
        77,
        78,
        79,
        80,
        81,
        82,
        83,
        84,
        85,
        86,
        87,
        88,
        89,
        90,
        91,
        92,
        93,
        94,
        95,
        96,
        97,
        98,
        99
      ],
      "LargestImagePixelValue": [
        37598,
        37265,
        4358,
        1822,
        4935,
        2211,
        4914,
        1744,
        4748,
        1770,
        4940,
        1981,
        4684,
        2205,
        4492,
        3255,
        4831,
        43837,
        1887,
        4530,
        1898,
        4488,
        2649,
        4219,
        2109,
        4213,
        1870,
        4834,
        2116,
        4535,
        1993,
        4627,
        2105,
        43772,
        4301,
        2006,
        4121,
        1896,
        4169,
        2113,
        4848,
        1967,
        5051,
        1975,
        4284,
        1983,
        4478,
        2357,
        4704,
        43691,
        2721,
        4219,
        2118,
        4534,
        2217,
        4400,
        2186,
        4595,
        1883,
        4597,
        2450,
        4765,
        2010,
        4682,
        2151,
        43161,
        4501,
        2085,
        4434,
        2091,
        4475,
        3104,
        4509,
        2175,
        4475,
        2169,
        4331,
        1903,
        4258,
        1983,
        4052,
        46017,
        2007,
        4810,
        1983,
        4505,
        1892,
        3894,
        1877,
        4388,
        2150,
        4347,
        1826,
        4713,
        2309,
        4652,
        2285,
        4657,
        2155
      ],
      "SequenceName": [
        "ep_b5#1",
        "ep_b5#1",
        "ep_b1490#2",
        "ep_b2990#3",
        "ep_b1495#4",
        "ep_b3005#5",
        "ep_b1500#6",
        "ep_b2985#7",
        "ep_b1495#8",
        "ep_b3005#9",
        "ep_b1490#10",
        "ep_b2995#11",
        "ep_b1490#12",
        "ep_b2985#13",
        "ep_b1500#14",
        "ep_b2985#15",
        "ep_b1500#16",
        "ep_b5#17",
        "ep_b3005#18",
        "ep_b1490#19",
        "ep_b2995#20",
        "ep_b1500#21",
        "ep_b3000#22",
        "ep_b1495#23",
        "ep_b3005#24",
        "ep_b1490#25",
        "ep_b2985#26",
        "ep_b1505#27",
        "ep_b2995#28",
        "ep_b1500#29",
        "ep_b3000#30",
        "ep_b1490#31",
        "ep_b3005#32",
        "ep_b5#33",
        "ep_b1505#34",
        "ep_b3000#35",
        "ep_b1490#36",
        "ep_b2980#37",
        "ep_b1495#38",
        "ep_b2995#39",
        "ep_b1505#40",
        "ep_b2995#41",
        "ep_b1505#42",
        "ep_b2985#43",
        "ep_b1495#44",
        "ep_b3000#45",
        "ep_b1495#46",
        "ep_b3000#47",
        "ep_b1490#48",
        "ep_b5#49",
        "ep_b3005#50",
        "ep_b1500#51",
        "ep_b2990#52",
        "ep_b1505#53",
        "ep_b2995#54",
        "ep_b1495#55",
        "ep_b2985#56",
        "ep_b1490#57",
        "ep_b3000#58",
        "ep_b1500#59",
        "ep_b3000#60",
        "ep_b1500#61",
        "ep_b2985#62",
        "ep_b1500#63",
        "ep_b2990#64",
        "ep_b5#65",
        "ep_b1505#66",
        "ep_b3005#67",
        "ep_b1495#68",
        "ep_b3000#69",
        "ep_b1505#70",
        "ep_b3010#71",
        "ep_b1500#72",
        "ep_b3005#73",
        "ep_b1490#74",
        "ep_b2995#75",
        "ep_b1490#76",
        "ep_b3000#77",
        "ep_b1505#78",
        "ep_b3000#79",
        "ep_b1490#80",
        "ep_b5#81",
        "ep_b2985#82",
        "ep_b1500#83",
        "ep_b2985#84",
        "ep_b1490#85",
        "ep_b2995#86",
        "ep_b1495#87",
        "ep_b2995#88",
        "ep_b1490#89",
        "ep_b2980#90",
        "ep_b1500#91",
        "ep_b3000#92",
        "ep_b1490#93",
        "ep_b3005#94",
        "ep_b1495#95",
        "ep_b2990#96",
        "ep_b1500#97",
        "ep_b3000#98"
      ],
      "TriggerTime": [
        18780,
        22010,
        25240,
        28470,
        31700,
        34930,
        38160,
        41390,
        44620,
        47850,
        51080,
        54310,
        57540,
        60770,
        64000,
        67230,
        70460,
        73690,
        76920,
        80150,
        83380,
        86610,
        89840,
        93070,
        96300,
        99530,
        102760,
        105990,
        109220,
        112450,
        115680,
        118910,
        122140,
        125370,
        128600,
        131830,
        135060,
        138290,
        141520,
        144750,
        147980,
        151210,
        154440,
        157670,
        160900,
        164130,
        167360,
        170590,
        173820,
        177050,
        180280,
        183510,
        186740,
        189970,
        193200,
        196430,
        199660,
        202890,
        206120,
        209350,
        212580,
        215810,
        219040,
        222270,
        225500,
        228730,
        231960,
        235190,
        238420,
        241650,
        244880,
        248110,
        251340,
        254570,
        257800,
        261030,
        264260,
        267490,
        270720,
        273950,
        277180,
        280410,
        283640,
        286870,
        290100,
        293330,
        296560,
        299790,
        303020,
        306250,
        309480,
        312710,
        315940,
        319170,
        322400,
        325630,
        328860,
        332090,
        335320
      ],
      "WindowCenter": [
        3812,
        3854,
        1186,
        578,
        1214,
        605,
        1210,
        563,
        1198,
        571,
        1194,
        578,
        1225,
        606,
        1195,
        713,
        1195,
        4134,
        576,
        1200,
        575,
        1183,
        642,
        1158,
        605,
        1167,
        576,
        1207,
        604,
        1197,
        573,
        1186,
        603,
        4133,
        1176,
        576,
        1158,
        573,
        1171,
        608,
        1211,
        574,
        1207,
        581,
        1175,
        572,
        1181,
        605,
        1198,
        4131,
        675,
        1175,
        607,
        1185,
        606,
        1195,
        605,
        1213,
        571,
        1185,
        633,
        1194,
        573,
        1224,
        605,
        4118,
        1194,
        603,
        1196,
        603,
        1195,
        725,
        1195,
        593,
        1179,
        601,
        1196,
        579,
        1184,
        570,
        1179,
        4223,
        576,
        1204,
        569,
        1210,
        576,
        1155,
        574,
        1178,
        608,
        1194,
        576,
        1235,
        611,
        1218,
        612,
        1204,
        612
      ],
      "WindowWidth": [
        8572,
        8672,
        3110,
        1576,
        3170,
        1657,
        3162,
        1530,
        3134,
        1555,
        3124,
        1581,
        3196,
        1667,
        3130,
        1949,
        3129,
        9044,
        1573,
        3146,
        1570,
        3103,
        1765,
        3053,
        1659,
        3067,
        1583,
        3154,
        1659,
        3134,
        1564,
        3113,
        1654,
        9033,
        3094,
        1572,
        3052,
        1561,
        3080,
        1672,
        3161,
        1566,
        3150,
        1589,
        3093,
        1562,
        3098,
        1661,
        3135,
        9027,
        1847,
        3090,
        1666,
        3108,
        1662,
        3126,
        1663,
        3173,
        1557,
        3109,
        1739,
        3126,
        1561,
        3192,
        1665,
        9051,
        3129,
        1656,
        3132,
        1656,
        3128,
        1980,
        3131,
        1624,
        3096,
        1651,
        3132,
        1583,
        3108,
        1559,
        3096,
        9172,
        1577,
        3147,
        1557,
        3167,
        1582,
        3048,
        1571,
        3090,
        1670,
        3130,
        1580,
        3216,
        1681,
        3177,
        1685,
        3146,
        1686
      ]
    },
