{
  "AcquisitionMatrixPE": 140,
  "AcquisitionNumber": 1,
  "AcquisitionTime": "08:29:12.340000",
  "BandwidthPerPixelPhaseEncode": 10.352,
  "BaseResolution": 140,
  "BodyPartExamined": "BRAIN",
  "CoilCombinationMethod": "Sum of Squares",
  "ConsistencyInfo": "N4_VE11C_LATEST_20160120",
  "ConversionSoftware": "dcm2niix",
  "ConversionSoftwareVersion": "v1.0.20220720",
  "DerivedVendorReportedEchoSpacing": 0.000689998,
  "DeviceSerialNumber": "67026",
  "DiffusionScheme": "Monopolar",
  "DwellTime": 2.1e-06,
  "EchoTime": 0.0892,
  "EchoTrainLength": 105,
  "EffectiveEchoSpacing": 0.000689998,
  "FlipAngle": 78,
  "HeudiconvVersion": "0.11.4",
  "ImageComments": "Unaliased MB4/PE3/LB SENSE1",
  "ImageOrientationPatientDICOM": [
    0.999355,
    0.0114768,
    0.0340303,
    0.00209304,
    0.92734,
    -0.374214
  ],
  "ImageOrientationText": "Tra>Cor(-22.0)>Sag(2.1)",
  "ImageType": [
    "ORIGINAL",
    "PRIMARY",
    "DIFFUSION",
    "NONE",
    "MB",
    "ND",
    "MOSAIC"
  ],
  "ImagingFrequency": 123.175,
  "InPlanePhaseEncodingDirectionDICOM": "COL",
  "InstitutionAddress": "13th St. 149,Charlestown,MA,US,02129",
  "InstitutionName": "Martinos Center Bay 4 Prisma",
  "InstitutionalDepartmentName": "Martinos Center",
  "MRAcquisitionType": "2D",
  "MagneticFieldStrength": 3,
  "Manufacturer": "Siemens",
  "ManufacturersModelName": "Prisma_fit",
  "MatrixCoilMode": "SENSE",
  "Modality": "MR",
  "MultibandAccelerationFactor": 4,
  "NonlinearGradientCorrection": false,
  "PartialFourier": 0.75,
  "PatientPosition": "HFS",
  "PercentPhaseFOV": 100,
  "PercentSampling": 100,
  "PhaseEncodingDirection": "j-",
  "PhaseEncodingSteps": 105,
  "PhaseResolution": 1,
  "PixelBandwidth": 1700,
  "ProcedureStepDescription": "INVESTIGATORS^Greve",
  "ProtocolName": "dMRI_dir98_AP",
  "PulseSequenceDetails": "%CustomerSeq%\\hcp_mbep2d_diff",
  "ReceiveCoilActiveElements": "HEA;HEP",
  "ReceiveCoilName": "Head_32",
  "ReconMatrixPE": 140,
  "RepetitionTime": 3.23,
  "SAR": 0.162102,
  "ScanOptions": "PFP\\EXT",
  "ScanningSequence": "EP",
  "SequenceName": "ep_b5#1",
  "SequenceVariant": "SK\\SS",
  "SeriesDescription": "dMRI_dir98_AP",
  "SeriesNumber": 37,
  "ShimSetting": [
    -1208,
    -10517,
    -10200,
    332,
    161,
    20,
    -64,
    -5
  ],
  "SliceThickness": 1.5,
  "SliceTiming": [
    0,
    1.675,
    0.14,
    1.815,
    0.28,
    1.955,
    0.42,
    2.095,
    0.56,
    2.2325,
    0.6975,
    2.3725,
    0.8375,
    2.5125,
    0.9775,
    2.6525,
    1.1175,
    2.7925,
    1.2575,
    2.9325,
    1.3975,
    3.07,
    1.535,
    0,
    1.675,
    0.14,
    1.815,
    0.28,
    1.955,
    0.42,
    2.095,
    0.56,
    2.2325,
    0.6975,
    2.3725,
    0.8375,
    2.5125,
    0.9775,
    2.6525,
    1.1175,
    2.7925,
    1.2575,
    2.9325,
    1.3975,
    3.07,
    1.535,
    0,
    1.675,
    0.14,
    1.815,
    0.28,
    1.955,
    0.42,
    2.095,
    0.56,
    2.2325,
    0.6975,
    2.3725,
    0.8375,
    2.5125,
    0.9775,
    2.6525,
    1.1175,
    2.7925,
    1.2575,
    2.9325,
    1.3975,
    3.07,
    1.535,
    0,
    1.675,
    0.14,
    1.815,
    0.28,
    1.955,
    0.42,
    2.095,
    0.56,
    2.2325,
    0.6975,
    2.3725,
    0.8375,
    2.5125,
    0.9775,
    2.6525,
    1.1175,
    2.7925,
    1.2575,
    2.9325,
    1.3975,
    3.07,
    1.535
  ],
  "SoftwareVersions": "syngo MR E11",
  "SpacingBetweenSlices": 1.5,
  "StationName": "BAY4OC",
  "TotalReadoutTime": 0.0959097,
  "TxRefAmp": 228.201,
  "WipMemBlock": "497ccc0c-9438-4158-bf02-3cac2a40b042||Sequence: ve11c/master r/5b0256d+; Dec  9 2016 09:48:43 by eja",
  "dcmmeta_affine": [
    [
      -1.4990323781967163,
      0.0031395647674798965,
      0.05377868190407753,
      103.67606353759766
    ],
    [
      -0.017215225845575333,
      1.3910102844238281,
      -0.5610651969909668,
      -50.62753677368164
    ],
    [
      0.05104546248912811,
      0.5613204836845398,
      1.3900768756866455,
      -105.32486724853516
    ],
    [
      0,
      0,
      0,
      1
    ]
  ],
  "dcmmeta_reorient_transform": [
    [
      0,
      -1,
      0,
      139
    ],
    [
      1,
      0,
      0,
      0
    ],
    [
      0,
      0,
      1,
      0
    ],
    [
      0,
      0,
      0,
      1
    ]
  ],
  "dcmmeta_shape": [
    140,
    140,
    92,
    99
  ],
  "dcmmeta_slice_dim": 2,
  "dcmmeta_version": 0.6,
  "time": {
    "samples": {
      "AcquisitionNumber": [
        1,
        2,
        3,
        4,
        5,
        6,
        7,
        8,
        9,
        10,
        11,
        12,
        13,
        14,
        15,
        16,
        17,
        18,
        19,
        20,
        21,
        22,
        23,
        24,
        25,
        26,
        27,
        28,
        29,
        30,
        31,
        32,
        33,
        34,
        35,
        36,
        37,
        38,
        39,
        40,
        41,
        42,
        43,
        44,
        45,
        46,
        47,
        48,
        49,
        50,
        51,
        52,
        53,
        54,
        55,
        56,
        57,
        58,
        59,
        60,
        61,
        62,
        63,
        64,
        65,
        66,
        67,
        68,
        69,
        70,
        71,
        72,
        73,
        74,
        75,
        76,
        77,
        78,
        79,
        80,
        81,
        82,
        83,
        84,
        85,
        86,
        87,
        88,
        89,
        90,
        91,
        92,
        93,
        94,
        95,
        96,
        97,
        98,
        99
      ],
      "AcquisitionTime": [
        "082912.340000",
        "082915.570000",
        "082918.800000",
        "082922.030000",
        "082925.260000",
        "082928.490000",
        "082931.720000",
        "082934.950000",
        "082938.180000",
        "082941.410000",
        "082944.640000",
        "082947.870000",
        "082951.100000",
        "082954.330000",
        "082957.560000",
        "083000.790000",
        "083004.020000",
        "083007.250000",
        "083010.480000",
        "083013.710000",
        "083016.940000",
        "083020.170000",
        "083023.400000",
        "083026.630000",
        "083029.860000",
        "083033.090000",
        "083036.320000",
        "083039.550000",
        "083042.780000",
        "083046.010000",
        "083049.240000",
        "083052.470000",
        "083055.700000",
        "083058.930000",
        "083102.160000",
        "083105.390000",
        "083108.620000",
        "083111.850000",
        "083115.080000",
        "083118.310000",
        "083121.540000",
        "083124.770000",
        "083128.000000",
        "083131.230000",
        "083134.460000",
        "083137.690000",
        "083140.920000",
        "083144.150000",
        "083147.380000",
        "083150.610000",
        "083153.840000",
        "083157.070000",
        "083200.300000",
        "083203.530000",
        "083206.760000",
        "083209.990000",
        "083213.220000",
        "083216.450000",
        "083219.680000",
        "083222.910000",
        "083226.140000",
        "083229.370000",
        "083232.600000",
        "083235.830000",
        "083239.060000",
        "083242.290000",
        "083245.520000",
        "083248.750000",
        "083251.980000",
        "083255.210000",
        "083258.440000",
        "083301.670000",
        "083304.900000",
        "083308.130000",
        "083311.360000",
        "083314.590000",
        "083317.820000",
        "083321.050000",
        "083324.280000",
        "083327.510000",
        "083330.740000",
        "083333.970000",
        "083337.200000",
        "083340.430000",
        "083343.660000",
        "083346.890000",
        "083350.120000",
        "083353.350000",
        "083356.580000",
        "083359.810000",
        "083403.040000",
        "083406.270000",
        "083409.500000",
        "083412.730000",
        "083415.960000",
        "083419.190000",
        "083422.420000",
        "083425.650000",
        "083428.880000"
      ],
      "ContentTime": [
        "083035.711000",
        "083035.716000",
        "083035.729000",
        "083035.741000",
        "083035.745000",
        "083035.748000",
        "083035.752000",
        "083035.755000",
        "083035.759000",
        "083035.762000",
        "083035.765000",
        "083035.769000",
        "083035.772000",
        "083035.776000",
        "083035.779000",
        "083035.783000",
        "083035.786000",
        "083035.790000",
        "083035.793000",
        "083035.796000",
        "083035.800000",
        "083035.803000",
        "083035.807000",
        "083035.810000",
        "083035.813000",
        "083155.653000",
        "083155.657000",
        "083155.660000",
        "083155.664000",
        "083155.667000",
        "083155.671000",
        "083155.674000",
        "083155.677000",
        "083155.681000",
        "083155.684000",
        "083155.688000",
        "083155.700000",
        "083155.704000",
        "083155.707000",
        "083155.710000",
        "083155.713000",
        "083155.717000",
        "083155.720000",
        "083155.724000",
        "083155.727000",
        "083155.730000",
        "083155.734000",
        "083155.737000",
        "083155.740000",
        "083155.744000",
        "083315.653000",
        "083315.667000",
        "083315.670000",
        "083315.674000",
        "083315.684000",
        "083315.687000",
        "083315.691000",
        "083315.694000",
        "083315.697000",
        "083315.701000",
        "083315.704000",
        "083315.707000",
        "083315.711000",
        "083315.714000",
        "083315.717000",
        "083315.721000",
        "083315.724000",
        "083315.728000",
        "083315.731000",
        "083315.734000",
        "083315.737000",
        "083315.741000",
        "083315.744000",
        "083315.748000",
        "083315.751000",
        "083432.770000",
        "083432.774000",
        "083432.777000",
        "083432.781000",
        "083432.784000",
        "083432.788000",
        "083432.791000",
        "083432.812000",
        "083432.816000",
        "083432.819000",
        "083432.822000",
        "083432.826000",
        "083432.829000",
        "083432.832000",
        "083432.836000",
        "083432.839000",
        "083432.843000",
        "083432.846000",
        "083432.849000",
        "083432.853000",
        "083432.856000",
        "083432.860000",
        "083432.863000",
        "083432.866000"
      ],
      "InstanceCreationTime": [
        "083035.711000",
        "083035.716000",
        "083035.729000",
        "083035.741000",
        "083035.745000",
        "083035.748000",
        "083035.752000",
        "083035.755000",
        "083035.759000",
        "083035.762000",
        "083035.765000",
        "083035.769000",
        "083035.772000",
        "083035.776000",
        "083035.779000",
        "083035.783000",
        "083035.786000",
        "083035.790000",
        "083035.793000",
        "083035.796000",
        "083035.800000",
        "083035.803000",
        "083035.807000",
        "083035.810000",
        "083035.813000",
        "083155.653000",
        "083155.657000",
        "083155.660000",
        "083155.664000",
        "083155.667000",
        "083155.671000",
        "083155.674000",
        "083155.677000",
        "083155.681000",
        "083155.684000",
        "083155.688000",
        "083155.700000",
        "083155.704000",
        "083155.707000",
        "083155.710000",
        "083155.713000",
        "083155.717000",
        "083155.720000",
        "083155.724000",
        "083155.727000",
        "083155.730000",
        "083155.734000",
        "083155.737000",
        "083155.740000",
        "083155.744000",
        "083315.653000",
        "083315.667000",
        "083315.670000",
        "083315.674000",
        "083315.684000",
        "083315.687000",
        "083315.691000",
        "083315.694000",
        "083315.697000",
        "083315.701000",
        "083315.704000",
        "083315.707000",
        "083315.711000",
        "083315.714000",
        "083315.717000",
        "083315.721000",
        "083315.724000",
        "083315.728000",
        "083315.731000",
        "083315.734000",
        "083315.737000",
        "083315.741000",
        "083315.744000",
        "083315.748000",
        "083315.751000",
        "083432.770000",
        "083432.774000",
        "083432.777000",
        "083432.781000",
        "083432.784000",
        "083432.788000",
        "083432.791000",
        "083432.812000",
        "083432.816000",
        "083432.819000",
        "083432.822000",
        "083432.826000",
        "083432.829000",
        "083432.832000",
        "083432.836000",
        "083432.839000",
        "083432.843000",
        "083432.846000",
        "083432.849000",
        "083432.853000",
        "083432.856000",
        "083432.860000",
        "083432.863000",
        "083432.866000"
      ],
      "InstanceNumber": [
        1,
        2,
        3,
        4,
        5,
        6,
        7,
        8,
        9,
        10,
        11,
        12,
        13,
        14,
        15,
        16,
        17,
        18,
        19,
        20,
        21,
        22,
        23,
        24,
        25,
        26,
        27,
        28,
        29,
        30,
        31,
        32,
        33,
        34,
        35,
        36,
        37,
        38,
        39,
        40,
        41,
        42,
        43,
        44,
        45,
        46,
        47,
        48,
        49,
        50,
        51,
        52,
        53,
        54,
        55,
        56,
        57,
        58,
        59,
        60,
        61,
        62,
        63,
        64,
        65,
        66,
        67,
        68,
        69,
        70,
        71,
        72,
        73,
        74,
        75,
        76,
        77,
        78,
        79,
        80,
        81,
        82,
        83,
        84,
        85,
        86,
        87,
        88,
        89,
        90,
        91,
        92,
        93,
        94,
        95,
        96,
        97,
        98,
        99
      ],
      "LargestImagePixelValue": [
        37650,
        47709,
        4425,
        1911,
        4386,
        2080,
        4236,
        2512,
        4524,
        2196,
        4381,
        1827,
        4105,
        1895,
        4516,
        2291,
        4968,
        41679,
        1890,
        4070,
        1947,
        4160,
        2244,
        4566,
        1935,
        4390,
        2319,
        4638,
        1984,
        3954,
        2286,
        4220,
        2038,
        38140,
        4342,
        1863,
        4602,
        2192,
        4247,
        1789,
        4116,
        2066,
        4785,
        1938,
        4625,
        2297,
        4303,
        2074,
        4607,
        38193,
        2416,
        3871,
        2324,
        4391,
        2110,
        4275,
        1818,
        4210,
        2224,
        4477,
        2262,
        4577,
        2206,
        4565,
        2264,
        44932,
        4549,
        2012,
        3842,
        1867,
        4607,
        2382,
        4350,
        2353,
        4556,
        1891,
        4578,
        1856,
        3979,
        2789,
        4410,
        39572,
        1873,
        4726,
        2213,
        4063,
        2255,
        4679,
        1918,
        4372,
        2326,
        4418,
        1956,
        4351,
        2018,
        4202,
        1998,
        4700,
        2173
      ],
      "SequenceName": [
        "ep_b5#1",
        "ep_b5#1",
        "ep_b1490#2",
        "ep_b2990#3",
        "ep_b1495#4",
        "ep_b3005#5",
        "ep_b1500#6",
        "ep_b2985#7",
        "ep_b1500#8",
        "ep_b3005#9",
        "ep_b1490#10",
        "ep_b2995#11",
        "ep_b1490#12",
        "ep_b2990#13",
        "ep_b1500#14",
        "ep_b2985#15",
        "ep_b1505#16",
        "ep_b5#17",
        "ep_b3005#18",
        "ep_b1490#19",
        "ep_b2995#20",
        "ep_b1495#21",
        "ep_b3000#22",
        "ep_b1495#23",
        "ep_b3000#24",
        "ep_b1490#25",
        "ep_b2980#26",
        "ep_b1505#27",
        "ep_b2990#28",
        "ep_b1495#29",
        "ep_b3000#30",
        "ep_b1490#31",
        "ep_b3000#32",
        "ep_b5#33",
        "ep_b1505#34",
        "ep_b3000#35",
        "ep_b1490#36",
        "ep_b2980#37",
        "ep_b1495#38",
        "ep_b2995#39",
        "ep_b1500#40",
        "ep_b2995#41",
        "ep_b1505#42",
        "ep_b2990#43",
        "ep_b1495#44",
        "ep_b3000#45",
        "ep_b1495#46",
        "ep_b3000#47",
        "ep_b1485#48",
        "ep_b5#49",
        "ep_b3005#50",
        "ep_b1495#51",
        "ep_b2995#52",
        "ep_b1505#53",
        "ep_b2995#54",
        "ep_b1490#55",
        "ep_b2990#56",
        "ep_b1490#57",
        "ep_b3000#58",
        "ep_b1500#59",
        "ep_b3000#60",
        "ep_b1505#61",
        "ep_b2985#62",
        "ep_b1500#63",
        "ep_b2990#64",
        "ep_b5#65",
        "ep_b1505#66",
        "ep_b3005#67",
        "ep_b1495#68",
        "ep_b3000#69",
        "ep_b1505#70",
        "ep_b3010#71",
        "ep_b1500#72",
        "ep_b3005#73",
        "ep_b1490#74",
        "ep_b2995#75",
        "ep_b1495#76",
        "ep_b2995#77",
        "ep_b1500#78",
        "ep_b3000#79",
        "ep_b1490#80",
        "ep_b5#81",
        "ep_b2990#82",
        "ep_b1500#83",
        "ep_b2985#84",
        "ep_b1490#85",
        "ep_b2995#86",
        "ep_b1495#87",
        "ep_b2990#88",
        "ep_b1490#89",
        "ep_b2980#90",
        "ep_b1500#91",
        "ep_b3000#92",
        "ep_b1490#93",
        "ep_b3005#94",
        "ep_b1500#95",
        "ep_b2990#96",
        "ep_b1500#97",
        "ep_b3000#98"
      ],
      "TriggerTime": [
        18777.5,
        22007.5,
        25237.5,
        28467.5,
        31697.5,
        34927.5,
        38157.5,
        41387.5,
        44617.5,
        47847.5,
        51077.5,
        54307.5,
        57537.5,
        60767.5,
        63997.5,
        67227.5,
        70457.5,
        73687.5,
        76917.5,
        80147.5,
        83377.5,
        86607.5,
        89837.5,
        93067.5,
        96297.5,
        99527.5,
        102757.5,
        105987.5,
        109217.5,
        112447.5,
        115677.5,
        118907.5,
        122137.5,
        125367.5,
        128597.5,
        131827.5,
        135057.5,
        138287.5,
        141517.5,
        144747.5,
        147977.5,
        151207.5,
        154437.5,
        157667.5,
        160897.5,
        164127.5,
        167357.5,
        170587.5,
        173817.5,
        177047.5,
        180277.5,
        183507.5,
        186737.5,
        189967.5,
        193197.5,
        196427.5,
        199657.5,
        202887.5,
        206117.5,
        209347.5,
        212577.5,
        215807.5,
        219037.5,
        222267.5,
        225497.5,
        228727.5,
        231957.5,
        235187.5,
        238417.5,
        241647.5,
        244877.5,
        248107.5,
        251337.5,
        254567.5,
        257797.5,
        261027.5,
        264257.5,
        267487.5,
        270717.5,
        273947.5,
        277177.5,
        280407.5,
        283637.5,
        286867.5,
        290097.5,
        293327.5,
        296557.5,
        299787.5,
        303017.5,
        306247.5,
        309477.5,
        312707.5,
        315937.5,
        319167.5,
        322397.5,
        325627.5,
        328857.5,
        332087.5,
        335317.5
      ],
      "WindowCenter": [
        4461,
        4857,
        1361,
        759,
        1391,
        793,
        1376,
        806,
        1375,
        778,
        1362,
        766,
        1394,
        766,
        1362,
        787,
        1374,
        4630,
        758,
        1379,
        745,
        1377,
        788,
        1361,
        769,
        1359,
        780,
        1374,
        762,
        1366,
        781,
        1365,
        760,
        4520,
        1373,
        745,
        1347,
        779,
        1362,
        768,
        1377,
        746,
        1373,
        762,
        1375,
        780,
        1361,
        750,
        1377,
        4532,
        807,
        1379,
        804,
        1361,
        788,
        1363,
        766,
        1379,
        780,
        1375,
        781,
        1361,
        779,
        1406,
        803,
        4728,
        1361,
        761,
        1352,
        747,
        1373,
        785,
        1376,
        778,
        1361,
        764,
        1363,
        770,
        1365,
        818,
        1360,
        4561,
        756,
        1374,
        780,
        1377,
        786,
        1371,
        762,
        1361,
        781,
        1375,
        767,
        1420,
        746,
        1363,
        750,
        1373,
        795
      ],
      "WindowWidth": [
        10032,
        10629,
        3532,
        2097,
        3601,
        2173,
        3571,
        2206,
        3563,
        2139,
        3536,
        2122,
        3612,
        2124,
        3541,
        2167,
        3559,
        10299,
        2095,
        3577,
        2065,
        3568,
        2172,
        3530,
        2131,
        3527,
        2144,
        3556,
        2109,
        3552,
        2147,
        3549,
        2099,
        10135,
        3554,
        2064,
        3503,
        2141,
        3537,
        2130,
        3567,
        2066,
        3559,
        2107,
        3564,
        2143,
        3534,
        2080,
        3568,
        10164,
        2207,
        3578,
        2215,
        3534,
        2171,
        3541,
        2121,
        3575,
        2145,
        3563,
        2147,
        3536,
        2141,
        3633,
        2211,
        10434,
        3532,
        2105,
        3523,
        2070,
        3553,
        2160,
        3568,
        2136,
        3534,
        2115,
        3539,
        2135,
        3547,
        2232,
        3532,
        10195,
        2086,
        3558,
        2142,
        3571,
        2164,
        3549,
        2108,
        3534,
        2146,
        3563,
        2124,
        3661,
        2068,
        3542,
        2082,
        3557,
        2178
      ]
    },
