{
  "AcquisitionMatrixPE": 104,
  "AcquisitionNumber": 1,
  "AcquisitionTime": "16:49:15.612500",
  "BandwidthPerPixelPhaseEncode": 16.578,
  "BaseResolution": 104,
  "BodyPartExamined": "BRAIN",
  "CoilCombinationMethod": "Sum of Squares",
  "ConsistencyInfo": "N4_VE11C_LATEST_20160120",
  "ConversionSoftware": "dcm2niix",
  "ConversionSoftwareVersion": "v1.0.20220720",
  "DerivedVendorReportedEchoSpacing": 0.000580009,
  "DeviceSerialNumber": "67026",
  "DwellTime": 2.1e-06,
  "EchoTime": 0.066,
  "EchoTrainLength": 104,
  "EffectiveEchoSpacing": 0.000580009,
  "FlipAngle": 90,
  "HeudiconvVersion": "0.11.4",
  "ImageOrientationPatientDICOM": [
    0.999888,
    0.0129816,
    0.00748482,
    -0.0130892,
    0.999809,
    0.0145205
  ],
  "ImageOrientationText": "Tra>Cor(0.8)>Sag(0.4)",
  "ImageType": [
    "ORIGINAL",
    "PRIMARY",
    "M",
    "ND",
    "MOSAIC"
  ],
  "ImagingFrequency": 123.188,
  "InPlanePhaseEncodingDirectionDICOM": "COL",
  "InstitutionAddress": "13th St. 149,Charlestown,MA,US,02129",
  "InstitutionName": "Martinos Center Bay 4 Prisma",
  "InstitutionalDepartmentName": "Martinos Center",
  "MRAcquisitionType": "2D",
  "MagneticFieldStrength": 3,
  "Manufacturer": "Siemens",
  "ManufacturersModelName": "Prisma_fit",
  "MatrixCoilMode": "SENSE",
  "Modality": "MR",
  "NonlinearGradientCorrection": false,
  "PartialFourier": 1,
  "PatientPosition": "HFS",
  "PercentPhaseFOV": 100,
  "PercentSampling": 100,
  "PhaseEncodingDirection": "j",
  "PhaseEncodingSteps": 104,
  "PhaseResolution": 1,
  "PixelBandwidth": 2290,
  "ProcedureStepDescription": "INVESTIGATORS^Greve",
  "ProtocolName": "SpinEchoFieldMap_PA",
  "PulseSequenceDetails": "%CustomerSeq%\\hcp_mbep2d_se",
  "ReceiveCoilActiveElements": "HEA;HEP",
  "ReceiveCoilName": "Head_32",
  "ReconMatrixPE": 104,
  "RepetitionTime": 8,
  "SAR": 0.144655,
  "ScanOptions": "FS",
  "ScanningSequence": "EP",
  "SequenceName": "epse2d1_104",
  "SequenceVariant": "SK",
  "SeriesDescription": "SpinEchoFieldMap_PA",
  "SeriesNumber": 61,
  "ShimSetting": [
    -1201,
    -10606,
    -10170,
    583,
    188,
    -2,
    -52,
    43
  ],
  "SliceThickness": 2,
  "SliceTiming": [
    3.9875,
    0,
    4.1,
    0.11,
    4.21,
    0.22,
    4.32,
    0.3325,
    4.4325,
    0.4425,
    4.5425,
    0.5525,
    4.6525,
    0.665,
    4.765,
    0.775,
    4.875,
    0.885,
    4.985,
    0.995,
    5.0975,
    1.1075,
    5.2075,
    1.2175,
    5.3175,
    1.3275,
    5.43,
    1.44,
    5.54,
    1.55,
    5.65,
    1.66,
    5.7625,
    1.7725,
    5.8725,
    1.8825,
    5.9825,
    1.9925,
    6.095,
    2.105,
    6.205,
    2.215,
    6.315,
    2.325,
    6.4275,
    2.4375,
    6.5375,
    2.5475,
    6.6475,
    2.6575,
    6.76,
    2.77,
    6.87,
    2.88,
    6.98,
    2.99,
    7.0925,
    3.1025,
    7.2025,
    3.2125,
    7.3125,
    3.3225,
    7.425,
    3.435,
    7.535,
    3.545,
    7.645,
    3.655,
    7.7575,
    3.7675,
    7.8675,
    3.8775
  ],
  "SoftwareVersions": "syngo MR E11",
  "SpacingBetweenSlices": 2,
  "StationName": "BAY4OC",
  "TotalReadoutTime": 0.0597409,
  "TxRefAmp": 218.44,
  "VendorReportedEchoSpacing": 0.00058,
  "WipMemBlock": "8794d6f3-8442-4ef2-bfec-960dd8613212||Sequence: ve11c/master r/5b0256d+; Dec  9 2016 09:59:18 by eja",
  "dcmmeta_affine": [
    [
      -1.9997754096984863,
      -0.026178456842899323,
      0.014589772559702396,
      102.91737365722656
    ],
    [
      -0.025963112711906433,
      1.9996178150177002,
      0.029233768582344055,
      -72.84542846679688
    ],
    [
      0.014969632029533386,
      -0.029041089117527008,
      1.9997330904006958,
      -41.54536056518555
    ],
    [
      0,
      0,
      0,
      1
    ]
  ],
  "dcmmeta_reorient_transform": [
    [
      0,
      -1,
      0,
      103
    ],
    [
      1,
      0,
      0,
      0
    ],
    [
      0,
      0,
      1,
      0
    ],
    [
      0,
      0,
      0,
      1
    ]
  ],
  "dcmmeta_shape": [
    104,
    104,
    72,
    3
  ],
  "dcmmeta_slice_dim": 2,
  "dcmmeta_version": 0.6,
  "time": {
    "samples": {
      "AcquisitionNumber": [
        1,
        2,
        3
      ],
      "AcquisitionTime": [
        "164915.612500",
        "164923.612500",
        "164931.612500"
      ],
      "ContentTime": [
        "164936.007000",
        "164936.011000",
        "164936.014000"
      ],
      "InstanceCreationTime": [
        "164936.007000",
        "164936.011000",
        "164936.014000"
      ],
      "InstanceNumber": [
        1,
        2,
        3
      ],
      "WindowCenter": [
        8249,
        8247,
        8234
      ],
      "WindowWidth": [
        18158,
        18139,
        18041
      ]
    },
    "slices": {}
  }
}
