{
  "AcquisitionMatrixPE": 140,
  "AcquisitionNumber": 1,
  "AcquisitionTime": "08:49:6.357500",
  "BandwidthPerPixelPhaseEncode": 10.352,
  "BaseResolution": 140,
  "BodyPartExamined": "BRAIN",
  "CoilCombinationMethod": "Sum of Squares",
  "ConsistencyInfo": "N4_VE11C_LATEST_20160120",
  "ConversionSoftware": "dcm2niix",
  "ConversionSoftwareVersion": "v1.0.20220720",
  "DerivedVendorReportedEchoSpacing": 0.000689998,
  "DeviceSerialNumber": "67026",
  "DiffusionScheme": "Monopolar",
  "DwellTime": 2.1e-06,
  "EchoTime": 0.0892,
  "EchoTrainLength": 105,
  "EffectiveEchoSpacing": 0.000689998,
  "FlipAngle": 78,
  "HeudiconvVersion": "0.11.4",
  "ImageComments": "Unaliased MB4/PE3/LB SENSE1",
  "ImageOrientationPatientDICOM": [
    0.997723,
    0.0233407,
    0.06328,
    0.00539822,
    0.90757,
    -0.419867
  ],
  "ImageOrientationText": "Tra>Cor(-24.8)>Sag(3.9)",
  "ImageType": [
    "ORIGINAL",
    "PRIMARY",
    "DIFFUSION",
    "NONE",
    "MB",
    "ND",
    "MOSAIC"
  ],
  "ImagingFrequency": 123.161,
  "InPlanePhaseEncodingDirectionDICOM": "COL",
  "InstitutionAddress": "13th St. 149,Charlestown,MA,US,02129",
  "InstitutionName": "Martinos Center Bay 4 Prisma",
  "InstitutionalDepartmentName": "Martinos Center",
  "MRAcquisitionType": "2D",
  "MagneticFieldStrength": 3,
  "Manufacturer": "Siemens",
  "ManufacturersModelName": "Prisma_fit",
  "MatrixCoilMode": "SENSE",
  "Modality": "MR",
  "MultibandAccelerationFactor": 4,
  "NonlinearGradientCorrection": false,
  "PartialFourier": 0.75,
  "PatientPosition": "HFS",
  "PercentPhaseFOV": 100,
  "PercentSampling": 100,
  "PhaseEncodingDirection": "j-",
  "PhaseEncodingSteps": 105,
  "PhaseResolution": 1,
  "PixelBandwidth": 1700,
  "ProcedureStepDescription": "INVESTIGATORS^Greve",
  "ProtocolName": "dMRI_dir98_AP",
  "PulseSequenceDetails": "%CustomerSeq%\\hcp_mbep2d_diff",
  "ReceiveCoilActiveElements": "HEA;HEP",
  "ReceiveCoilName": "Head_32",
  "ReconMatrixPE": 140,
  "RepetitionTime": 3.23,
  "SAR": 0.18014,
  "ScanOptions": "PFP\\EXT",
  "ScanningSequence": "EP",
  "SequenceName": "ep_b5#1",
  "SequenceVariant": "SK\\SS",
  "SeriesDescription": "dMRI_dir98_AP",
  "SeriesNumber": 48,
  "ShimSetting": [
    -1179,
    -10510,
    -10115,
    358,
    201,
    47,
    -98,
    -40
  ],
  "SliceThickness": 1.5,
  "SliceTiming": [
    0,
    1.675,
    0.14,
    1.8125,
    0.2775,
    1.9525,
    0.4175,
    2.0925,
    0.5575,
    2.2325,
    0.6975,
    2.3725,
    0.8375,
    2.5125,
    0.9775,
    2.65,
    1.115,
    2.79,
    1.255,
    2.93,
    1.395,
    3.07,
    1.535,
    0,
    1.675,
    0.14,
    1.8125,
    0.2775,
    1.9525,
    0.4175,
    2.0925,
    0.5575,
    2.2325,
    0.6975,
    2.3725,
    0.8375,
    2.5125,
    0.9775,
    2.65,
    1.115,
    2.79,
    1.255,
    2.93,
    1.395,
    3.07,
    1.535,
    0,
    1.675,
    0.14,
    1.8125,
    0.2775,
    1.9525,
    0.4175,
    2.0925,
    0.5575,
    2.2325,
    0.6975,
    2.3725,
    0.8375,
    2.5125,
    0.9775,
    2.65,
    1.115,
    2.79,
    1.255,
    2.93,
    1.395,
    3.07,
    1.535,
    0,
    1.675,
    0.14,
    1.8125,
    0.2775,
    1.9525,
    0.4175,
    2.0925,
    0.5575,
    2.2325,
    0.6975,
    2.3725,
    0.8375,
    2.5125,
    0.9775,
    2.65,
    1.115,
    2.79,
    1.255,
    2.93,
    1.395,
    3.07,
    1.535
  ],
  "SoftwareVersions": "syngo MR E11",
  "SpacingBetweenSlices": 1.5,
  "StationName": "BAY4OC",
  "TotalReadoutTime": 0.0959097,
  "TxRefAmp": 269.398,
  "WipMemBlock": "a7fea047-8106-41eb-b2cf-53655423e9cc||Sequence: ve11c/master r/5b0256d+; Dec  9 2016 09:48:43 by eja",
  "dcmmeta_affine": [
    [
      -1.4965842962265015,
      0.008097327314317226,
      0.10084647685289383,
      100.96034240722656
    ],
    [
      -0.03501099348068237,
      1.3613542318344116,
      -0.6288790106773376,
      -47.19672393798828
    ],
    [
      0.09492000937461853,
      0.6298007369041443,
      1.3580652475357056,
      -116.90320587158203
    ],
    [
      0,
      0,
      0,
      1
    ]
  ],
  "dcmmeta_reorient_transform": [
    [
      0,
      -1,
      0,
      139
    ],
    [
      1,
      0,
      0,
      0
    ],
    [
      0,
      0,
      1,
      0
    ],
    [
      0,
      0,
      0,
      1
    ]
  ],
  "dcmmeta_shape": [
    140,
    140,
    92,
    99
  ],
  "dcmmeta_slice_dim": 2,
  "dcmmeta_version": 0.6,
  "time": {
    "samples": {
      "AcquisitionNumber": [
        1,
        2,
        3,
        4,
        5,
        6,
        7,
        8,
        9,
        10,
        11,
        12,
        13,
        14,
        15,
        16,
        17,
        18,
        19,
        20,
        21,
        22,
        23,
        24,
        25,
        26,
        27,
        28,
        29,
        30,
        31,
        32,
        33,
        34,
        35,
        36,
        37,
        38,
        39,
        40,
        41,
        42,
        43,
        44,
        45,
        46,
        47,
        48,
        49,
        50,
        51,
        52,
        53,
        54,
        55,
        56,
        57,
        58,
        59,
        60,
        61,
        62,
        63,
        64,
        65,
        66,
        67,
        68,
        69,
        70,
        71,
        72,
        73,
        74,
        75,
        76,
        77,
        78,
        79,
        80,
        81,
        82,
        83,
        84,
        85,
        86,
        87,
        88,
        89,
        90,
        91,
        92,
        93,
        94,
        95,
        96,
        97,
        98,
        99
      ],
      "AcquisitionTime": [
        "084906.357500",
        "084909.587500",
        "084912.817500",
        "084916.047500",
        "084919.277500",
        "084922.507500",
        "084925.737500",
        "084928.967500",
        "084932.197500",
        "084935.427500",
        "084938.657500",
        "084941.887500",
        "084945.117500",
        "084948.347500",
        "084951.577500",
        "084954.807500",
        "084958.037500",
        "085001.267500",
        "085004.497500",
        "085007.727500",
        "085010.957500",
        "085014.187500",
        "085017.417500",
        "085020.647500",
        "085023.877500",
        "085027.107500",
        "085030.337500",
        "085033.567500",
        "085036.797500",
        "085040.027500",
        "085043.257500",
        "085046.487500",
        "085049.717500",
        "085052.947500",
        "085056.177500",
        "085059.407500",
        "085102.637500",
        "085105.867500",
        "085109.097500",
        "085112.327500",
        "085115.557500",
        "085118.787500",
        "085122.017500",
        "085125.247500",
        "085128.477500",
        "085131.707500",
        "085134.937500",
        "085138.167500",
        "085141.397500",
        "085144.627500",
        "085147.857500",
        "085151.087500",
        "085154.317500",
        "085157.547500",
        "085200.777500",
        "085204.007500",
        "085207.237500",
        "085210.467500",
        "085213.697500",
        "085216.927500",
        "085220.157500",
        "085223.387500",
        "085226.617500",
        "085229.847500",
        "085233.077500",
        "085236.307500",
        "085239.537500",
        "085242.767500",
        "085245.997500",
        "085249.227500",
        "085252.457500",
        "085255.687500",
        "085258.917500",
        "085302.147500",
        "085305.377500",
        "085308.607500",
        "085311.837500",
        "085315.067500",
        "085318.297500",
        "085321.527500",
        "085324.757500",
        "085327.987500",
        "085331.217500",
        "085334.447500",
        "085337.677500",
        "085340.907500",
        "085344.137500",
        "085347.367500",
        "085350.597500",
        "085353.827500",
        "085357.057500",
        "085400.287500",
        "085403.517500",
        "085406.747500",
        "085409.977500",
        "085413.207500",
        "085416.437500",
        "085419.667500",
        "085422.897500"
      ],
      "ContentTime": [
        "085138.989000",
        "085138.993000",
        "085138.997000",
        "085139.001000",
        "085139.004000",
        "085139.008000",
        "085139.011000",
        "085139.014000",
        "085139.018000",
        "085139.021000",
        "085139.029000",
        "085139.032000",
        "085139.035000",
        "085139.044000",
        "085139.049000",
        "085139.068000",
        "085139.071000",
        "085139.075000",
        "085139.078000",
        "085158.948000",
        "085158.952000",
        "085158.955000",
        "085158.958000",
        "085158.962000",
        "085158.965000",
        "085158.969000",
        "085158.972000",
        "085158.975000",
        "085158.979000",
        "085158.983000",
        "085158.986000",
        "085158.989000",
        "085158.993000",
        "085158.996000",
        "085159.000000",
        "085159.004000",
        "085159.007000",
        "085159.011000",
        "085159.014000",
        "085159.018000",
        "085238.948000",
        "085238.960000",
        "085238.963000",
        "085238.966000",
        "085238.970000",
        "085238.973000",
        "085238.976000",
        "085238.980000",
        "085238.983000",
        "085238.987000",
        "085238.990000",
        "085238.993000",
        "085238.996000",
        "085239.001000",
        "085239.004000",
        "085239.007000",
        "085239.011000",
        "085239.014000",
        "085239.019000",
        "085239.025000",
        "085239.031000",
        "085239.037000",
        "085239.042000",
        "085358.949000",
        "085358.952000",
        "085358.956000",
        "085358.967000",
        "085358.970000",
        "085358.974000",
        "085358.978000",
        "085358.982000",
        "085358.985000",
        "085358.988000",
        "085358.992000",
        "085358.995000",
        "085359.000000",
        "085359.003000",
        "085359.006000",
        "085359.010000",
        "085359.013000",
        "085359.017000",
        "085359.020000",
        "085359.039000",
        "085359.042000",
        "085359.046000",
        "085359.049000",
        "085359.053000",
        "085359.056000",
        "085432.171000",
        "085432.175000",
        "085432.178000",
        "085432.182000",
        "085432.185000",
        "085432.188000",
        "085432.192000",
        "085432.195000",
        "085432.199000",
        "085432.202000",
        "085432.205000"
      ],
      "InstanceCreationTime": [
        "085138.989000",
        "085138.993000",
        "085138.997000",
        "085139.001000",
        "085139.004000",
        "085139.008000",
        "085139.011000",
        "085139.014000",
        "085139.018000",
        "085139.021000",
        "085139.029000",
        "085139.032000",
        "085139.035000",
        "085139.044000",
        "085139.049000",
        "085139.068000",
        "085139.071000",
        "085139.075000",
        "085139.078000",
        "085158.948000",
        "085158.952000",
        "085158.955000",
        "085158.958000",
        "085158.962000",
        "085158.965000",
        "085158.969000",
        "085158.972000",
        "085158.975000",
        "085158.979000",
        "085158.983000",
        "085158.986000",
        "085158.989000",
        "085158.993000",
        "085158.996000",
        "085159.000000",
        "085159.004000",
        "085159.007000",
        "085159.011000",
        "085159.014000",
        "085159.018000",
        "085238.948000",
        "085238.960000",
        "085238.963000",
        "085238.966000",
        "085238.970000",
        "085238.973000",
        "085238.976000",
        "085238.980000",
        "085238.983000",
        "085238.987000",
        "085238.990000",
        "085238.993000",
        "085238.996000",
        "085239.001000",
        "085239.004000",
        "085239.007000",
        "085239.011000",
        "085239.014000",
        "085239.019000",
        "085239.025000",
        "085239.031000",
        "085239.037000",
        "085239.042000",
        "085358.949000",
        "085358.952000",
        "085358.956000",
        "085358.967000",
        "085358.970000",
        "085358.974000",
        "085358.978000",
        "085358.982000",
        "085358.985000",
        "085358.988000",
        "085358.992000",
        "085358.995000",
        "085359.000000",
        "085359.003000",
        "085359.006000",
        "085359.010000",
        "085359.013000",
        "085359.017000",
        "085359.020000",
        "085359.039000",
        "085359.042000",
        "085359.046000",
        "085359.049000",
        "085359.053000",
        "085359.056000",
        "085432.171000",
        "085432.175000",
        "085432.178000",
        "085432.182000",
        "085432.185000",
        "085432.188000",
        "085432.192000",
        "085432.195000",
        "085432.199000",
        "085432.202000",
        "085432.205000"
      ],
      "InstanceNumber": [
        1,
        2,
        3,
        4,
        5,
        6,
        7,
        8,
        9,
        10,
        11,
        12,
        13,
        14,
        15,
        16,
        17,
        18,
        19,
        20,
        21,
        22,
        23,
        24,
        25,
        26,
        27,
        28,
        29,
        30,
        31,
        32,
        33,
        34,
        35,
        36,
        37,
        38,
        39,
        40,
        41,
        42,
        43,
        44,
        45,
        46,
        47,
        48,
        49,
        50,
        51,
        52,
        53,
        54,
        55,
        56,
        57,
        58,
        59,
        60,
        61,
        62,
        63,
        64,
        65,
        66,
        67,
        68,
        69,
        70,
        71,
        72,
        73,
        74,
        75,
        76,
        77,
        78,
        79,
        80,
        81,
        82,
        83,
        84,
        85,
        86,
        87,
        88,
        89,
        90,
        91,
        92,
        93,
        94,
        95,
        96,
        97,
        98,
        99
      ],
      "LargestImagePixelValue": [
        27586,
        26787,
        4121,
        2026,
        4172,
        2001,
        4303,
        1862,
        4382,
        2047,
        4745,
        1689,
        4454,
        2124,
        4376,
        2287,
        4617,
        29361,
        2370,
        4280,
        1669,
        3501,
        1769,
        4332,
        1803,
        4183,
        2196,
        4213,
        2427,
        4140,
        1906,
        4810,
        1774,
        28338,
        4414,
        2193,
        3911,
        2708,
        3547,
        2042,
        4009,
        1661,
        4792,
        2113,
        4159,
        1941,
        3825,
        2206,
        4999,
        23842,
        2143,
        3871,
        1922,
        4584,
        2142,
        4380,
        1838,
        4422,
        1766,
        5338,
        2087,
        4134,
        2024,
        4315,
        1821,
        27624,
        4527,
        2093,
        4181,
        1756,
        3992,
        1816,
        4150,
        1979,
        4918,
        2060,
        4229,
        1692,
        3478,
        1758,
        4108,
        28833,
        2370,
        4867,
        2219,
        4325,
        2168,
        3860,
        1652,
        4446,
        2824,
        3808,
        1896,
        4046,
        2096,
        4467,
        2319,
        4097,
        1780
      ],
      "SequenceName": [
        "ep_b5#1",
        "ep_b5#1",
        "ep_b1490#2",
        "ep_b2990#3",
        "ep_b1495#4",
        "ep_b3005#5",
        "ep_b1505#6",
        "ep_b2985#7",
        "ep_b1500#8",
        "ep_b3005#9",
        "ep_b1490#10",
        "ep_b2995#11",
        "ep_b1490#12",
        "ep_b2990#13",
        "ep_b1500#14",
        "ep_b2985#15",
        "ep_b1505#16",
        "ep_b5#17",
        "ep_b3005#18",
        "ep_b1490#19",
        "ep_b3000#20",
        "ep_b1495#21",
        "ep_b3000#22",
        "ep_b1495#23",
        "ep_b3000#24",
        "ep_b1490#25",
        "ep_b2980#26",
        "ep_b1505#27",
        "ep_b2990#28",
        "ep_b1495#29",
        "ep_b3000#30",
        "ep_b1490#31",
        "ep_b3000#32",
        "ep_b5#33",
        "ep_b1505#34",
        "ep_b3000#35",
        "ep_b1490#36",
        "ep_b2980#37",
        "ep_b1495#38",
        "ep_b2995#39",
        "ep_b1500#40",
        "ep_b2995#41",
        "ep_b1505#42",
        "ep_b2990#43",
        "ep_b1495#44",
        "ep_b3000#45",
        "ep_b1495#46",
        "ep_b3000#47",
        "ep_b1485#48",
        "ep_b5#49",
        "ep_b3005#50",
        "ep_b1495#51",
        "ep_b2995#52",
        "ep_b1505#53",
        "ep_b2995#54",
        "ep_b1490#55",
        "ep_b2990#56",
        "ep_b1490#57",
        "ep_b3000#58",
        "ep_b1500#59",
        "ep_b3000#60",
        "ep_b1505#61",
        "ep_b2985#62",
        "ep_b1500#63",
        "ep_b2990#64",
        "ep_b5#65",
        "ep_b1505#66",
        "ep_b3005#67",
        "ep_b1495#68",
        "ep_b3000#69",
        "ep_b1505#70",
        "ep_b3010#71",
        "ep_b1500#72",
        "ep_b3005#73",
        "ep_b1490#74",
        "ep_b2990#75",
        "ep_b1495#76",
        "ep_b2995#77",
        "ep_b1500#78",
        "ep_b3000#79",
        "ep_b1490#80",
        "ep_b5#81",
        "ep_b2990#82",
        "ep_b1500#83",
        "ep_b2985#84",
        "ep_b1495#85",
        "ep_b2995#86",
        "ep_b1495#87",
        "ep_b2990#88",
        "ep_b1490#89",
        "ep_b2980#90",
        "ep_b1500#91",
        "ep_b2995#92",
        "ep_b1495#93",
        "ep_b3005#94",
        "ep_b1500#95",
        "ep_b2990#96",
        "ep_b1500#97",
        "ep_b3000#98"
      ],
      "TriggerTime": [
        18775,
        22005,
        25235,
        28465,
        31695,
        34925,
        38155,
        41385,
        44615,
        47845,
        51075,
        54305,
        57535,
        60765,
        63995,
        67225,
        70455,
        73685,
        76915,
        80145,
        83375,
        86605,
        89835,
        93065,
        96295,
        99525,
        102755,
        105985,
        109215,
        112445,
        115675,
        118905,
        122135,
        125365,
        128595,
        131825,
        135055,
        138285,
        141515,
        144745,
        147975,
        151205,
        154435,
        157665,
        160895,
        164125,
        167355,
        170585,
        173815,
        177045,
        180275,
        183505,
        186735,
        189965,
        193195,
        196425,
        199655,
        202885,
        206115,
        209345,
        212575,
        215805,
        219035,
        222265,
        225495,
        228725,
        231955,
        235185,
        238415,
        241645,
        244875,
        248105,
        251335,
        254565,
        257795,
        261025,
        264255,
        267485,
        270715,
        273945,
        277175,
        280405,
        283635,
        286865,
        290095,
        293325,
        296555,
        299785,
        303015,
        306245,
        309475,
        312705,
        315935,
        319165,
        322395,
        325625,
        328855,
        332085,
        335315
      ],
      "WindowCenter": [
        3868,
        3891,
        1201,
        687,
        1217,
        700,
        1218,
        704,
        1192,
        682,
        1229,
        671,
        1247,
        732,
        1190,
        729,
        1216,
        3969,
        730,
        1233,
        650,
        1191,
        706,
        1231,
        709,
        1204,
        724,
        1190,
        742,
        1177,
        686,
        1226,
        704,
        3892,
        1228,
        727,
        1204,
        750,
        1192,
        688,
        1215,
        644,
        1208,
        728,
        1219,
        684,
        1205,
        735,
        1255,
        3665,
        725,
        1201,
        707,
        1230,
        734,
        1230,
        708,
        1245,
        661,
        1250,
        706,
        1179,
        680,
        1230,
        706,
        3870,
        1214,
        731,
        1218,
        646,
        1203,
        688,
        1198,
        684,
        1229,
        707,
        1219,
        655,
        1173,
        646,
        1198,
        3847,
        700,
        1206,
        709,
        1231,
        734,
        1207,
        668,
        1230,
        764,
        1169,
        689,
        1213,
        730,
        1214,
        732,
        1216,
        704
      ],
      "WindowWidth": [
        9020,
        9094,
        3175,
        1893,
        3212,
        1926,
        3219,
        1941,
        3147,
        1877,
        3234,
        1858,
        3279,
        2014,
        3141,
        2004,
        3211,
        9213,
        2008,
        3249,
        1795,
        3157,
        1949,
        3237,
        1957,
        3183,
        1985,
        3140,
        2039,
        3113,
        1892,
        3226,
        1940,
        9074,
        3230,
        1998,
        3185,
        2051,
        3162,
        1898,
        3206,
        1778,
        3183,
        2000,
        3219,
        1884,
        3186,
        2024,
        3286,
        8661,
        1988,
        3176,
        1952,
        3240,
        2022,
        3239,
        1954,
        3272,
        1820,
        3272,
        1938,
        3119,
        1870,
        3241,
        1947,
        9041,
        3200,
        2011,
        3215,
        1783,
        3180,
        1898,
        3166,
        1884,
        3234,
        1951,
        3220,
        1815,
        3115,
        1785,
        3166,
        8981,
        1920,
        3175,
        1947,
        3241,
        2020,
        3194,
        1848,
        3238,
        2085,
        3101,
        1902,
        3201,
        2006,
        3206,
        2015,
        3210,
        1941
      ]
    },
