{
  "AcquisitionMatrixPE": 140,
  "AcquisitionNumber": 1,
  "AcquisitionTime": "16:13:59.222500",
  "BandwidthPerPixelPhaseEncode": 10.352,
  "BaseResolution": 140,
  "BodyPartExamined": "BRAIN",
  "CoilCombinationMethod": "Sum of Squares",
  "ConsistencyInfo": "N4_VE11C_LATEST_20160120",
  "ConversionSoftware": "dcm2niix",
  "ConversionSoftwareVersion": "v1.0.20220720",
  "DerivedVendorReportedEchoSpacing": 0.000689998,
  "DeviceSerialNumber": "67026",
  "DwellTime": 2.1e-06,
  "EchoTime": 0.0892,
  "EchoTrainLength": 105,
  "EffectiveEchoSpacing": 0.000689998,
  "FlipAngle": 78,
  "HeudiconvVersion": "0.11.4",
  "ImageComments": "Single-band reference SENSE1",
  "ImageOrientationPatientDICOM": [
    0.999846,
    -0.0163325,
    0.00644071,
    0.0174524,
    0.964519,
    -0.263437
  ],
  "ImageOrientationText": "Tra>Cor(-15.3)>Sag(0.1)",
  "ImageType": [
    "ORIGINAL",
    "PRIMARY",
    "M",
    "ND",
    "MOSAIC"
  ],
  "ImagingFrequency": 123.192,
  "InPlanePhaseEncodingDirectionDICOM": "COL",
  "InstitutionAddress": "13th St. 149,Charlestown,MA,US,02129",
  "InstitutionName": "Martinos Center Bay 4 Prisma",
  "InstitutionalDepartmentName": "Martinos Center",
  "MRAcquisitionType": "2D",
  "MagneticFieldStrength": 3,
  "Manufacturer": "Siemens",
  "ManufacturersModelName": "Prisma_fit",
  "MatrixCoilMode": "SENSE",
  "Modality": "MR",
  "NonlinearGradientCorrection": false,
  "PartialFourier": 0.75,
  "PatientPosition": "HFS",
  "PercentPhaseFOV": 100,
  "PercentSampling": 100,
  "PhaseEncodingDirection": "j-",
  "PhaseEncodingSteps": 105,
  "PhaseResolution": 1,
  "PixelBandwidth": 1700,
  "ProcedureStepDescription": "INVESTIGATORS^Greve",
  "ProtocolName": "dMRI_dir98_AP",
  "PulseSequenceDetails": "%CustomerSeq%\\hcp_mbep2d_diff",
  "ReceiveCoilActiveElements": "HEA;HEP",
  "ReceiveCoilName": "Head_32",
  "ReconMatrixPE": 140,
  "RepetitionTime": 3.23,
  "SAR": 0.171928,
  "ScanOptions": "PFP\\EXT",
  "ScanningSequence": "EP",
  "SequenceName": "epse2d1_140",
  "SequenceVariant": "SK\\SS",
  "SeriesDescription": "dMRI_dir98_AP_SBRef",
  "SeriesNumber": 43,
  "ShimSetting": [
    -1227,
    -10543,
    -10175,
    344,
    145,
    147,
    22,
    -3
  ],
  "SliceThickness": 1.5,
  "SliceTiming": [
    0,
    0.14,
    0.28,
    0.42,
    0.56,
    0.7,
    0.8375,
    0.9775,
    1.1175,
    1.2575,
    1.3975,
    1.535,
    1.675,
    1.815,
    1.955,
    2.095,
    2.235,
    2.3725,
    2.5125,
    2.6525,
    2.7925,
    2.9325,
    3.0725,
    3.21,
    3.35,
    3.49,
    3.63,
    3.77,
    3.9075,
    4.0475,
    4.1875,
    4.3275,
    4.4675,
    4.6075,
    4.745,
    4.885,
    5.025,
    5.165,
    5.305,
    5.445,
    5.5825,
    5.7225,
    5.8625,
    6.0025,
    6.1425,
    6.28,
    6.42,
    6.56,
    6.7,
    6.84,
    6.98,
    7.1175,
    7.2575,
    7.3975,
    7.5375,
    7.6775,
    7.8175,
    7.955,
    8.095,
    8.235,
    8.375,
    8.515,
    8.6525,
    8.7925,
    8.9325,
    9.0725,
    9.2125,
    9.3525,
    9.49,
    9.63,
    9.77,
    9.91,
    10.05,
    10.19,
    10.3275,
    10.4675,
    10.6075,
    10.7475,
    10.8875,
    11.025,
    11.165,
    11.305,
    11.445,
    11.585,
    11.725,
    11.8625,
    12.0025,
    12.1425,
    12.2825,
    12.4225,
    12.5625,
    12.7
  ],
  "SoftwareVersions": "syngo MR E11",
  "SpacingBetweenSlices": 1.5,
  "StationName": "BAY4OC",
  "TotalReadoutTime": 0.0959097,
  "TxRefAmp": 262.433,
  "WipMemBlock": "2d2ff5f8-1368-44be-ae78-b0f9b9236def||Sequence: ve11c/master r/5b0256d+; Dec  9 2016 09:48:43 by eja",
  "dcmmeta_affine": [
    [
      -1.499768853187561,
      0.02617861144244671,
      0.0028644129633903503,
      105.66138458251953
    ],
    [
      0.024498742073774338,
      1.4467781782150269,
      -0.39526262879371643,
      -68.3200454711914
    ],
    [
      0.00966106541454792,
      0.3951549530029297,
      1.446982741355896,
      -79.13408660888672
    ],
    [
      0,
      0,
      0,
      1
    ]
  ],
  "dcmmeta_reorient_transform": [
    [
      0,
      -1,
      0,
      139
    ],
    [
      1,
      0,
      0,
      0
    ],
    [
      0,
      0,
      1,
      0
    ],
    [
      0,
      0,
      0,
      1
    ]
  ],
  "dcmmeta_shape": [
    140,
    140,
    92
  ],
  "dcmmeta_slice_dim": 2,
  "dcmmeta_version": 0.6
}
