{
  "AcquisitionMatrixPE": 140,
  "AcquisitionNumber": 1,
  "AcquisitionTime": "16:14:15.372500",
  "BandwidthPerPixelPhaseEncode": 10.352,
  "BaseResolution": 140,
  "BodyPartExamined": "BRAIN",
  "CoilCombinationMethod": "Sum of Squares",
  "ConsistencyInfo": "N4_VE11C_LATEST_20160120",
  "ConversionSoftware": "dcm2niix",
  "ConversionSoftwareVersion": "v1.0.20220720",
  "DerivedVendorReportedEchoSpacing": 0.000689998,
  "DeviceSerialNumber": "67026",
  "DiffusionScheme": "Monopolar",
  "DwellTime": 2.1e-06,
  "EchoTime": 0.0892,
  "EchoTrainLength": 105,
  "EffectiveEchoSpacing": 0.000689998,
  "FlipAngle": 78,
  "HeudiconvVersion": "0.11.4",
  "ImageComments": "Unaliased MB4/PE3/LB SENSE1",
  "ImageOrientationPatientDICOM": [
    0.999846,
    -0.0163325,
    0.00644071,
    0.0174524,
    0.964519,
    -0.263437
  ],
  "ImageOrientationText": "Tra>Cor(-15.3)>Sag(0.1)",
  "ImageType": [
    "ORIGINAL",
    "PRIMARY",
    "DIFFUSION",
    "NONE",
    "MB",
    "ND",
    "MOSAIC"
  ],
  "ImagingFrequency": 123.192,
  "InPlanePhaseEncodingDirectionDICOM": "COL",
  "InstitutionAddress": "13th St. 149,Charlestown,MA,US,02129",
  "InstitutionName": "Martinos Center Bay 4 Prisma",
  "InstitutionalDepartmentName": "Martinos Center",
  "MRAcquisitionType": "2D",
  "MagneticFieldStrength": 3,
  "Manufacturer": "Siemens",
  "ManufacturersModelName": "Prisma_fit",
  "MatrixCoilMode": "SENSE",
  "Modality": "MR",
  "MultibandAccelerationFactor": 4,
  "NonlinearGradientCorrection": false,
  "PartialFourier": 0.75,
  "PatientPosition": "HFS",
  "PercentPhaseFOV": 100,
  "PercentSampling": 100,
  "PhaseEncodingDirection": "j-",
  "PhaseEncodingSteps": 105,
  "PhaseResolution": 1,
  "PixelBandwidth": 1700,
  "ProcedureStepDescription": "INVESTIGATORS^Greve",
  "ProtocolName": "dMRI_dir98_AP",
  "PulseSequenceDetails": "%CustomerSeq%\\hcp_mbep2d_diff",
  "ReceiveCoilActiveElements": "HEA;HEP",
  "ReceiveCoilName": "Head_32",
  "ReconMatrixPE": 140,
  "RepetitionTime": 3.23,
  "SAR": 0.171928,
  "ScanOptions": "PFP\\EXT",
  "ScanningSequence": "EP",
  "SequenceName": "ep_b5#1",
  "SequenceVariant": "SK\\SS",
  "SeriesDescription": "dMRI_dir98_AP",
  "SeriesNumber": 44,
  "ShimSetting": [
    -1227,
    -10543,
    -10175,
    344,
    145,
    147,
    22,
    -3
  ],
  "SliceThickness": 1.5,
  "SliceTiming": [
    0,
    1.675,
    0.14,
    1.815,
    0.28,
    1.955,
    0.42,
    2.095,
    0.56,
    2.235,
    0.7,
    2.3725,
    0.8375,
    2.5125,
    0.9775,
    2.6525,
    1.1175,
    2.7925,
    1.2575,
    2.9325,
    1.3975,
    3.0725,
    1.535,
    0,
    1.675,
    0.14,
    1.815,
    0.28,
    1.955,
    0.42,
    2.095,
    0.56,
    2.235,
    0.7,
    2.3725,
    0.8375,
    2.5125,
    0.9775,
    2.6525,
    1.1175,
    2.7925,
    1.2575,
    2.9325,
    1.3975,
    3.0725,
    1.535,
    0,
    1.675,
    0.14,
    1.815,
    0.28,
    1.955,
    0.42,
    2.095,
    0.56,
    2.235,
    0.7,
    2.3725,
    0.8375,
    2.5125,
    0.9775,
    2.6525,
    1.1175,
    2.7925,
    1.2575,
    2.9325,
    1.3975,
    3.0725,
    1.535,
    0,
    1.675,
    0.14,
    1.815,
    0.28,
    1.955,
    0.42,
    2.095,
    0.56,
    2.235,
    0.7,
    2.3725,
    0.8375,
    2.5125,
    0.9775,
    2.6525,
    1.1175,
    2.7925,
    1.2575,
    2.9325,
    1.3975,
    3.0725,
    1.535
  ],
  "SoftwareVersions": "syngo MR E11",
  "SpacingBetweenSlices": 1.5,
  "StationName": "BAY4OC",
  "TotalReadoutTime": 0.0959097,
  "TxRefAmp": 262.433,
  "WipMemBlock": "2d2ff5f8-1368-44be-ae78-b0f9b9236def||Sequence: ve11c/master r/5b0256d+; Dec  9 2016 09:48:43 by eja",
  "dcmmeta_affine": [
    [
      -1.499768853187561,
      0.02617861144244671,
      0.0028644129633903503,
      105.66138458251953
    ],
    [
      0.024498742073774338,
      1.4467781782150269,
      -0.39526262879371643,
      -68.3200454711914
    ],
    [
      0.00966106541454792,
      0.3951549530029297,
      1.446982741355896,
      -79.13408660888672
    ],
    [
      0,
      0,
      0,
      1
    ]
  ],
  "dcmmeta_reorient_transform": [
    [
      0,
      -1,
      0,
      139
    ],
    [
      1,
      0,
      0,
      0
    ],
    [
      0,
      0,
      1,
      0
    ],
    [
      0,
      0,
      0,
      1
    ]
  ],
  "dcmmeta_shape": [
    140,
    140,
    92,
    99
  ],
  "dcmmeta_slice_dim": 2,
  "dcmmeta_version": 0.6,
  "time": {
    "samples": {
      "AcquisitionNumber": [
        1,
        2,
        3,
        4,
        5,
        6,
        7,
        8,
        9,
        10,
        11,
        12,
        13,
        14,
        15,
        16,
        17,
        18,
        19,
        20,
        21,
        22,
        23,
        24,
        25,
        26,
        27,
        28,
        29,
        30,
        31,
        32,
        33,
        34,
        35,
        36,
        37,
        38,
        39,
        40,
        41,
        42,
        43,
        44,
        45,
        46,
        47,
        48,
        49,
        50,
        51,
        52,
        53,
        54,
        55,
        56,
        57,
        58,
        59,
        60,
        61,
        62,
        63,
        64,
        65,
        66,
        67,
        68,
        69,
        70,
        71,
        72,
        73,
        74,
        75,
        76,
        77,
        78,
        79,
        80,
        81,
        82,
        83,
        84,
        85,
        86,
        87,
        88,
        89,
        90,
        91,
        92,
        93,
        94,
        95,
        96,
        97,
        98,
        99
      ],
      "AcquisitionTime": [
        "161415.372500",
        "161418.602500",
        "161421.832500",
        "161425.062500",
        "161428.292500",
        "161431.522500",
        "161434.752500",
        "161437.982500",
        "161441.212500",
        "161444.442500",
        "161447.672500",
        "161450.902500",
        "161454.132500",
        "161457.362500",
        "161500.592500",
        "161503.822500",
        "161507.052500",
        "161510.282500",
        "161513.512500",
        "161516.742500",
        "161519.972500",
        "161523.202500",
        "161526.432500",
        "161529.662500",
        "161532.892500",
        "161536.122500",
        "161539.352500",
        "161542.582500",
        "161545.812500",
        "161549.042500",
        "161552.272500",
        "161555.502500",
        "161558.732500",
        "161601.962500",
        "161605.192500",
        "161608.422500",
        "161611.652500",
        "161614.882500",
        "161618.112500",
        "161621.342500",
        "161624.572500",
        "161627.802500",
        "161631.032500",
        "161634.262500",
        "161637.492500",
        "161640.722500",
        "161643.952500",
        "161647.182500",
        "161650.412500",
        "161653.642500",
        "161656.872500",
        "161700.102500",
        "161703.332500",
        "161706.562500",
        "161709.792500",
        "161713.022500",
        "161716.252500",
        "161719.482500",
        "161722.712500",
        "161725.942500",
        "161729.172500",
        "161732.402500",
        "161735.632500",
        "161738.862500",
        "161742.092500",
        "161745.322500",
        "161748.552500",
        "161751.782500",
        "161755.012500",
        "161758.242500",
        "161801.472500",
        "161804.702500",
        "161807.932500",
        "161811.162500",
        "161814.392500",
        "161817.622500",
        "161820.852500",
        "161824.082500",
        "161827.312500",
        "161830.542500",
        "161833.772500",
        "161837.002500",
        "161840.232500",
        "161843.462500",
        "161846.692500",
        "161849.922500",
        "161853.152500",
        "161856.382500",
        "161859.612500",
        "161902.842500",
        "161906.072500",
        "161909.302500",
        "161912.532500",
        "161915.762500",
        "161918.992500",
        "161922.222500",
        "161925.452500",
        "161928.682500",
        "161931.912500"
      ],
      "ContentTime": [
        "161622.527000",
        "161622.531000",
        "161622.541000",
        "161622.545000",
        "161622.548000",
        "161622.557000",
        "161622.560000",
        "161622.564000",
        "161622.569000",
        "161622.575000",
        "161622.579000",
        "161622.582000",
        "161622.585000",
        "161622.590000",
        "161622.594000",
        "161622.597000",
        "161622.601000",
        "161622.638000",
        "161622.641000",
        "161622.646000",
        "161622.650000",
        "161622.653000",
        "161622.656000",
        "161622.660000",
        "161622.663000",
        "161622.666000",
        "161622.670000",
        "161622.673000",
        "161622.676000",
        "161622.680000",
        "161702.483000",
        "161702.487000",
        "161702.491000",
        "161702.494000",
        "161702.498000",
        "161702.501000",
        "161702.505000",
        "161702.508000",
        "161702.512000",
        "161702.515000",
        "161702.518000",
        "161702.522000",
        "161702.525000",
        "161702.529000",
        "161702.533000",
        "161702.537000",
        "161702.541000",
        "161702.545000",
        "161702.549000",
        "161702.552000",
        "161702.556000",
        "161822.484000",
        "161822.494000",
        "161822.497000",
        "161822.501000",
        "161822.504000",
        "161822.508000",
        "161822.511000",
        "161822.515000",
        "161822.518000",
        "161822.521000",
        "161822.525000",
        "161822.528000",
        "161822.532000",
        "161822.535000",
        "161822.539000",
        "161822.542000",
        "161822.546000",
        "161822.550000",
        "161822.553000",
        "161822.557000",
        "161822.560000",
        "161822.563000",
        "161822.567000",
        "161822.571000",
        "161822.575000",
        "161935.930000",
        "161935.943000",
        "161935.946000",
        "161935.950000",
        "161935.953000",
        "161935.956000",
        "161935.960000",
        "161935.963000",
        "161935.967000",
        "161935.970000",
        "161935.974000",
        "161935.977000",
        "161935.981000",
        "161935.984000",
        "161935.988000",
        "161935.991000",
        "161935.995000",
        "161936.000000",
        "161936.003000",
        "161936.006000",
        "161936.010000",
        "161936.013000",
        "161936.017000"
      ],
      "InstanceCreationTime": [
        "161622.527000",
        "161622.531000",
        "161622.541000",
        "161622.545000",
        "161622.548000",
        "161622.557000",
        "161622.560000",
        "161622.564000",
        "161622.569000",
        "161622.575000",
        "161622.579000",
        "161622.582000",
        "161622.585000",
        "161622.590000",
        "161622.594000",
        "161622.597000",
        "161622.601000",
        "161622.638000",
        "161622.641000",
        "161622.646000",
        "161622.650000",
        "161622.653000",
        "161622.656000",
        "161622.660000",
        "161622.663000",
        "161622.666000",
        "161622.670000",
        "161622.673000",
        "161622.676000",
        "161622.680000",
        "161702.483000",
        "161702.487000",
        "161702.491000",
        "161702.494000",
        "161702.498000",
        "161702.501000",
        "161702.505000",
        "161702.508000",
        "161702.512000",
        "161702.515000",
        "161702.518000",
        "161702.522000",
        "161702.525000",
        "161702.529000",
        "161702.533000",
        "161702.537000",
        "161702.541000",
        "161702.545000",
        "161702.549000",
        "161702.552000",
        "161702.556000",
        "161822.484000",
        "161822.494000",
        "161822.497000",
        "161822.501000",
        "161822.504000",
        "161822.508000",
        "161822.511000",
        "161822.515000",
        "161822.518000",
        "161822.521000",
        "161822.525000",
        "161822.528000",
        "161822.532000",
        "161822.535000",
        "161822.539000",
        "161822.542000",
        "161822.546000",
        "161822.550000",
        "161822.553000",
        "161822.557000",
        "161822.560000",
        "161822.563000",
        "161822.567000",
        "161822.571000",
        "161822.575000",
        "161935.930000",
        "161935.943000",
        "161935.946000",
        "161935.950000",
        "161935.953000",
        "161935.956000",
        "161935.960000",
        "161935.963000",
        "161935.967000",
        "161935.970000",
        "161935.974000",
        "161935.977000",
        "161935.981000",
        "161935.984000",
        "161935.988000",
        "161935.991000",
        "161935.995000",
        "161936.000000",
        "161936.003000",
        "161936.006000",
        "161936.010000",
        "161936.013000",
        "161936.017000"
      ],
      "InstanceNumber": [
        1,
        2,
        3,
        4,
        5,
        6,
        7,
        8,
        9,
        10,
        11,
        12,
        13,
        14,
        15,
        16,
        17,
        18,
        19,
        20,
        21,
        22,
        23,
        24,
        25,
        26,
        27,
        28,
        29,
        30,
        31,
        32,
        33,
        34,
        35,
        36,
        37,
        38,
        39,
        40,
        41,
        42,
        43,
        44,
        45,
        46,
        47,
        48,
        49,
        50,
        51,
        52,
        53,
        54,
        55,
        56,
        57,
        58,
        59,
        60,
        61,
        62,
        63,
        64,
        65,
        66,
        67,
        68,
        69,
        70,
        71,
        72,
        73,
        74,
        75,
        76,
        77,
        78,
        79,
        80,
        81,
        82,
        83,
        84,
        85,
        86,
        87,
        88,
        89,
        90,
        91,
        92,
        93,
        94,
        95,
        96,
        97,
        98,
        99
      ],
      "LargestImagePixelValue": [
        43383,
        46387,
        7167,
        4521,
        6165,
        4654,
        5713,
        4467,
        6449,
        4941,
        5637,
        5041,
        5791,
        4732,
        6079,
        4429,
        6964,
        53014,
        4702,
        6514,
        4763,
        6077,
        4655,
        5970,
        4715,
        5802,
        4718,
        6321,
        4615,
        5831,
        4692,
        6574,
        4934,
        40770,
        6286,
        4517,
        6294,
        4720,
        5486,
        4755,
        5959,
        4373,
        6395,
        4671,
        6766,
        4888,
        5903,
        4857,
        6103,
        39269,
        4634,
        6144,
        4784,
        6145,
        4638,
        6330,
        5075,
        6101,
        4884,
        6268,
        4977,
        5889,
        4665,
        5998,
        4493,
        54630,
        6510,
        4728,
        5913,
        4869,
        6108,
        4238,
        5701,
        4550,
        6593,
        4732,
        7183,
        4952,
        5662,
        4818,
        5951,
        43540,
        4805,
        6830,
        4565,
        5797,
        4687,
        6109,
        4746,
        6071,
        4627,
        6315,
        4605,
        6528,
        4633,
        6112,
        4289,
        6468,
        5144
      ],
      "SequenceName": [
        "ep_b5#1",
        "ep_b5#1",
        "ep_b1490#2",
        "ep_b2990#3",
        "ep_b1495#4",
        "ep_b3005#5",
        "ep_b1500#6",
        "ep_b2985#7",
        "ep_b1495#8",
        "ep_b3005#9",
        "ep_b1490#10",
        "ep_b2995#11",
        "ep_b1490#12",
        "ep_b2990#13",
        "ep_b1500#14",
        "ep_b2985#15",
        "ep_b1500#16",
        "ep_b5#17",
        "ep_b3005#18",
        "ep_b1490#19",
        "ep_b2995#20",
        "ep_b1500#21",
        "ep_b3000#22",
        "ep_b1495#23",
        "ep_b3005#24",
        "ep_b1490#25",
        "ep_b2980#26",
        "ep_b1505#27",
        "ep_b2990#28",
        "ep_b1500#29",
        "ep_b3000#30",
        "ep_b1490#31",
        "ep_b3005#32",
        "ep_b5#33",
        "ep_b1505#34",
        "ep_b3000#35",
        "ep_b1490#36",
        "ep_b2980#37",
        "ep_b1495#38",
        "ep_b2995#39",
        "ep_b1505#40",
        "ep_b2995#41",
        "ep_b1505#42",
        "ep_b2985#43",
        "ep_b1495#44",
        "ep_b3000#45",
        "ep_b1495#46",
        "ep_b3000#47",
        "ep_b1485#48",
        "ep_b5#49",
        "ep_b3005#50",
        "ep_b1500#51",
        "ep_b2990#52",
        "ep_b1505#53",
        "ep_b2995#54",
        "ep_b1495#55",
        "ep_b2985#56",
        "ep_b1490#57",
        "ep_b3000#58",
        "ep_b1500#59",
        "ep_b3000#60",
        "ep_b1500#61",
        "ep_b2985#62",
        "ep_b1500#63",
        "ep_b2990#64",
        "ep_b5#65",
        "ep_b1505#66",
        "ep_b3005#67",
        "ep_b1495#68",
        "ep_b3000#69",
        "ep_b1505#70",
        "ep_b3010#71",
        "ep_b1500#72",
        "ep_b3005#73",
        "ep_b1490#74",
        "ep_b2995#75",
        "ep_b1490#76",
        "ep_b2995#77",
        "ep_b1505#78",
        "ep_b3000#79",
        "ep_b1490#80",
        "ep_b5#81",
        "ep_b2985#82",
        "ep_b1500#83",
        "ep_b2985#84",
        "ep_b1490#85",
        "ep_b2995#86",
        "ep_b1495#87",
        "ep_b2995#88",
        "ep_b1490#89",
        "ep_b2980#90",
        "ep_b1500#91",
        "ep_b3000#92",
        "ep_b1490#93",
        "ep_b3005#94",
        "ep_b1495#95",
        "ep_b2990#96",
        "ep_b1500#97",
        "ep_b3000#98"
      ],
      "TriggerTime": [
        18775,
        22005,
        25235,
        28465,
        31695,
        34925,
        38155,
        41385,
        44615,
        47845,
        51075,
        54305,
        57535,
        60765,
        63995,
        67225,
        70455,
        73685,
        76915,
        80145,
        83375,
        86605,
        89835,
        93065,
        96295,
        99525,
        102755,
        105985,
        109215,
        112445,
        115675,
        118905,
        122135,
        125365,
        128595,
        131825,
        135055,
        138285,
        141515,
        144745,
        147975,
        151205,
        154435,
        157665,
        160895,
        164125,
        167355,
        170585,
        173815,
        177045,
        180275,
        183505,
        186735,
        189965,
        193195,
        196425,
        199655,
        202885,
        206115,
        209345,
        212575,
        215805,
        219035,
        222265,
        225495,
        228725,
        231955,
        235185,
        238415,
        241645,
        244875,
        248105,
        251335,
        254565,
        257795,
        261025,
        264255,
        267485,
        270715,
        273945,
        277175,
        280405,
        283635,
        286865,
        290095,
        293325,
        296555,
        299785,
        303015,
        306245,
        309475,
        312705,
        315935,
        319165,
        322395,
        325625,
        328855,
        332085,
        335315
      ],
      "WindowCenter": [
        4893,
        4981,
        1706,
        1035,
        1695,
        1044,
        1680,
        1026,
        1693,
        1030,
        1669,
        1062,
        1695,
        1059,
        1681,
        1041,
        1704,
        5119,
        1048,
        1707,
        1033,
        1693,
        1040,
        1681,
        1050,
        1667,
        1033,
        1691,
        1041,
        1682,
        1036,
        1707,
        1047,
        4808,
        1693,
        1023,
        1691,
        1031,
        1666,
        1049,
        1692,
        1021,
        1676,
        1048,
        1709,
        1030,
        1666,
        1056,
        1694,
        4819,
        1021,
        1692,
        1053,
        1667,
        1028,
        1693,
        1061,
        1709,
        1033,
        1695,
        1046,
        1669,
        1031,
        1706,
        1039,
        5167,
        1679,
        1052,
        1683,
        1045,
        1679,
        1012,
        1679,
        1016,
        1691,
        1055,
        1718,
        1049,
        1679,
        1034,
        1680,
        4868,
        1045,
        1690,
        1019,
        1682,
        1055,
        1666,
        1034,
        1678,
        1032,
        1693,
        1037,
        1707,
        1040,
        1678,
        1017,
        1692,
        1045
      ],
      "WindowWidth": [
        10931,
        11087,
        4314,
        2766,
        4300,
        2773,
        4268,
        2752,
        4290,
        2747,
        4246,
        2822,
        4297,
        2831,
        4275,
        2785,
        4308,
        11261,
        2789,
        4318,
        2760,
        4288,
        2782,
        4267,
        2798,
        4241,
        2755,
        4275,
        2789,
        4274,
        2767,
        4318,
        2787,
        10810,
        4283,
        2742,
        4283,
        2745,
        4241,
        2795,
        4283,
        2734,
        4256,
        2788,
        4324,
        2747,
        4240,
        2825,
        4291,
        10845,
        2729,
        4285,
        2809,
        4242,
        2762,
        4290,
        2818,
        4322,
        2758,
        4296,
        2788,
        4252,
        2746,
        4318,
        2781,
        11320,
        4256,
        2807,
        4275,
        2783,
        4256,
        2717,
        4269,
        2714,
        4284,
        2818,
        4334,
        2795,
        4260,
        2764,
        4266,
        10889,
        2777,
        4281,
        2728,
        4267,
        2816,
        4237,
        2763,
        4259,
        2752,
        4287,
        2770,
        4317,
        2780,
        4263,
        2739,
        4289,
        2778
      ]
    },
