{
  "AcquisitionMatrixPE": 64,
  "AcquisitionNumber": 1,
  "AcquisitionTime": "18:51:5.485000",
  "BaseResolution": 64,
  "BodyPartExamined": "BRAIN",
  "CoilCombinationMethod": "Sum of Squares",
  "ConsistencyInfo": "N4_VE11C_LATEST_20160120",
  "ConversionSoftware": "dcm2niix",
  "ConversionSoftwareVersion": "v1.0.20220720",
  "DeviceSerialNumber": "67026",
  "DwellTime": 1.31e-05,
  "EchoNumber": 2,
  "EchoTime": 0.00738,
  "EchoTime1": 0.00492,
  "EchoTime2": 0.00738,
  "FlipAngle": 60,
  "HeudiconvVersion": "0.11.4",
  "ImageOrientationPatientDICOM": [
    0.995962,
    0.0465278,
    -0.076783,
    -0.05795,
    0.986375,
    -0.153968
  ],
  "ImageOrientationText": "Tra>Cor(-9.1)>Sag(-3.9)",
  "ImageType": [
    "ORIGINAL",
    "PRIMARY",
    "P",
    "ND",
    "PHASE"
  ],
  "ImagingFrequency": 123.2,
  "InPlanePhaseEncodingDirectionDICOM": "ROW",
  "InstitutionAddress": "13th St. 149,Charlestown,MA,US,02129",
  "InstitutionName": "MGH PrismaFit-Bay4",
  "InstitutionalDepartmentName": "Martinos Center",
  "MRAcquisitionType": "2D",
  "MagneticFieldStrength": 3,
  "Manufacturer": "Siemens",
  "ManufacturersModelName": "Prisma_fit",
  "MatrixCoilMode": "SENSE",
  "Modality": "MR",
  "NonlinearGradientCorrection": false,
  "PartialFourier": 1,
  "PatientPosition": "HFS",
  "PercentPhaseFOV": 100,
  "PercentSampling": 100,
  "PhaseEncodingDirection": "i",
  "PhaseEncodingSteps": 64,
  "PhaseResolution": 1,
  "PixelBandwidth": 595,
  "ProcedureStepDescription": "INVESTIGATORS^Greve",
  "ProtocolName": "gre_field_mapping_2mm",
  "PulseSequenceDetails": "%SiemensSeq%\\gre_field_mapping",
  "ReceiveCoilActiveElements": "HEA;HEP",
  "ReceiveCoilName": "Head_32",
  "ReconMatrixPE": 64,
  "RepetitionTime": 0.701,
  "SAR": 0.130091,
  "ScanningSequence": "GR",
  "SequenceName": "*fm2d2r",
  "SequenceVariant": "SP",
  "SeriesDescription": "gre_field_mapping_2mm",
  "SeriesNumber": 20,
  "ShimSetting": [
    -1236,
    -10532,
    -10114,
    642,
    71,
    73,
    -100,
    -18
  ],
  "SliceThickness": 2,
  "SliceTiming": [
    0.34375,
    0,
    0.35938,
    0,
    0.35938,
    0.01562,
    0.375,
    0.03125,
    0.39062,
    0.03125,
    0.39062,
    0.04688,
    0.40625,
    0.04688,
    0.40625,
    0.0625,
    0.42188,
    0.07812,
    0.4375,
    0.07812,
    0.4375,
    0.09375,
    0.45312,
    0.10938,
    0.46875,
    0.10938,
    0.46875,
    0.125,
    0.48438,
    0.125,
    0.48438,
    0.14062,
    0.5,
    0.15625,
    0.51562,
    0.15625,
    0.51562,
    0.17188,
    0.53125,
    0.17188,
    0.54688,
    0.1875,
    0.54688,
    0.20312,
    0.5625,
    0.20312,
    0.5625,
    0.21875,
    0.57812,
    0.23438,
    0.59375,
    0.23438,
    0.59375,
    0.25,
    0.60938,
    0.25,
    0.60938,
    0.26562,
    0.625,
    0.28125,
    0.64062,
    0.28125,
    0.64062,
    0.29688,
    0.65625,
    0.3125,
    0.67188,
    0.3125,
    0.67188,
    0.32812,
    0.6875,
    0.32812
  ],
  "SoftwareVersions": "syngo MR E11",
  "SpacingBetweenSlices": 2,
  "StationName": "BAY4OC",
  "TxRefAmp": 241.375,
  "dcmmeta_affine": [
    [
      -2.987884759902954,
      -0.17385004460811615,
      -0.1371464729309082,
      105.71389770507812
    ],
    [
      -0.13958346843719482,
      2.95912504196167,
      -0.31559085845947266,
      -52.75209045410156
    ],
    [
      -0.2303490936756134,
      0.46190324425697327,
      1.9701766967773438,
      -70.71533203125
    ],
    [
      0,
      0,
      0,
      1
    ]
  ],
  "dcmmeta_reorient_transform": [
    [
      0,
      -1,
      0,
      63
    ],
    [
      1,
      0,
      0,
      0
    ],
    [
      0,
      0,
      -1,
      71
    ],
    [
      0,
      0,
      0,
      1
    ]
  ],
  "dcmmeta_shape": [
    64,
    64,
    72
  ],
  "dcmmeta_slice_dim": 2,
  "dcmmeta_version": 0.6
}
