{
  "AcquisitionMatrixPE": 140,
  "AcquisitionNumber": 1,
  "AcquisitionTime": "16:29:50.355000",
  "BandwidthPerPixelPhaseEncode": 10.352,
  "BaseResolution": 140,
  "BodyPartExamined": "BRAIN",
  "CoilCombinationMethod": "Sum of Squares",
  "ConsistencyInfo": "N4_VE11C_LATEST_20160120",
  "ConversionSoftware": "dcm2niix",
  "ConversionSoftwareVersion": "v1.0.20220720",
  "DerivedVendorReportedEchoSpacing": 0.000689998,
  "DeviceSerialNumber": "67026",
  "DiffusionScheme": "Monopolar",
  "DwellTime": 2.1e-06,
  "EchoTime": 0.0892,
  "EchoTrainLength": 105,
  "EffectiveEchoSpacing": 0.000689998,
  "FlipAngle": 78,
  "HeudiconvVersion": "0.11.4",
  "ImageComments": "Unaliased MB4/PE3/LB SENSE1",
  "ImageOrientationPatientDICOM": [
    0.99893,
    -0.0266585,
    -0.0377844,
    0.0237155,
    0.996803,
    -0.0763036
  ],
  "ImageOrientationText": "Tra>Cor(-4.3)>Sag(-2.3)",
  "ImageType": [
    "ORIGINAL",
    "PRIMARY",
    "DIFFUSION",
    "NONE",
    "MB",
    "ND",
    "MOSAIC"
  ],
  "ImagingFrequency": 123.193,
  "InPlanePhaseEncodingDirectionDICOM": "COL",
  "InstitutionAddress": "13th St. 149,Charlestown,MA,US,02129",
  "InstitutionName": "MGH PrismaFit-Bay4",
  "InstitutionalDepartmentName": "Martinos Center",
  "MRAcquisitionType": "2D",
  "MagneticFieldStrength": 3,
  "Manufacturer": "Siemens",
  "ManufacturersModelName": "Prisma_fit",
  "MatrixCoilMode": "SENSE",
  "Modality": "MR",
  "MultibandAccelerationFactor": 4,
  "NonlinearGradientCorrection": false,
  "PartialFourier": 0.75,
  "PatientPosition": "HFS",
  "PercentPhaseFOV": 100,
  "PercentSampling": 100,
  "PhaseEncodingDirection": "j-",
  "PhaseEncodingSteps": 105,
  "PhaseResolution": 1,
  "PixelBandwidth": 1700,
  "ProcedureStepDescription": "INVESTIGATORS^Greve",
  "ProtocolName": "dMRI_dir98_AP",
  "PulseSequenceDetails": "%CustomerSeq%\\hcp_mbep2d_diff",
  "ReceiveCoilActiveElements": "HEA;HEP",
  "ReceiveCoilName": "Head_32",
  "ReconMatrixPE": 140,
  "RepetitionTime": 3.23,
  "SAR": 0.161127,
  "ScanOptions": "PFP\\EXT",
  "ScanningSequence": "EP",
  "SequenceName": "ep_b5#1",
  "SequenceVariant": "SK\\SS",
  "SeriesDescription": "dMRI_dir98_AP",
  "SeriesNumber": 43,
  "ShimSetting": [
    -1212,
    -10579,
    -10115,
    559,
    194,
    -13,
    25,
    0
  ],
  "SliceThickness": 1.5,
  "SliceTiming": [
    0,
    1.675,
    0.14,
    1.815,
    0.28,
    1.955,
    0.42,
    2.0925,
    0.5575,
    2.2325,
    0.6975,
    2.3725,
    0.8375,
    2.5125,
    0.9775,
    2.6525,
    1.1175,
    2.7925,
    1.2575,
    2.93,
    1.395,
    3.07,
    1.535,
    0,
    1.675,
    0.14,
    1.815,
    0.28,
    1.955,
    0.42,
    2.0925,
    0.5575,
    2.2325,
    0.6975,
    2.3725,
    0.8375,
    2.5125,
    0.9775,
    2.6525,
    1.1175,
    2.7925,
    1.2575,
    2.93,
    1.395,
    3.07,
    1.535,
    0,
    1.675,
    0.14,
    1.815,
    0.28,
    1.955,
    0.42,
    2.0925,
    0.5575,
    2.2325,
    0.6975,
    2.3725,
    0.8375,
    2.5125,
    0.9775,
    2.6525,
    1.1175,
    2.7925,
    1.2575,
    2.93,
    1.395,
    3.07,
    1.535,
    0,
    1.675,
    0.14,
    1.815,
    0.28,
    1.955,
    0.42,
    2.0925,
    0.5575,
    2.2325,
    0.6975,
    2.3725,
    0.8375,
    2.5125,
    0.9775,
    2.6525,
    1.1175,
    2.7925,
    1.2575,
    2.93,
    1.395,
    3.07,
    1.535
  ],
  "SoftwareVersions": "syngo MR E11",
  "SpacingBetweenSlices": 1.5,
  "StationName": "BAY4OC",
  "TotalReadoutTime": 0.0959097,
  "TxRefAmp": 240.414,
  "WipMemBlock": "23486189-807f-4950-88cc-bbfd8fccea0c||Sequence: ve11c/master r/5b0256d+; Dec  9 2016 09:48:43 by eja",
  "dcmmeta_affine": [
    [
      -1.4983954429626465,
      0.035573288798332214,
      -0.05954663082957268,
      103.44197845458984
    ],
    [
      0.039987724274396896,
      1.4952038526535034,
      -0.11298882961273193,
      -75.58763122558594
    ],
    [
      -0.05667664110660553,
      0.11445538699626923,
      1.494552731513977,
      -49.28770065307617
    ],
    [
      0,
      0,
      0,
      1
    ]
  ],
  "dcmmeta_reorient_transform": [
    [
      0,
      -1,
      0,
      139
    ],
    [
      1,
      0,
      0,
      0
    ],
    [
      0,
      0,
      1,
      0
    ],
    [
      0,
      0,
      0,
      1
    ]
  ],
  "dcmmeta_shape": [
    140,
    140,
    92,
    99
  ],
  "dcmmeta_slice_dim": 2,
  "dcmmeta_version": 0.6,
  "time": {
    "samples": {
      "AcquisitionNumber": [
        1,
        2,
        3,
        4,
        5,
        6,
        7,
        8,
        9,
        10,
        11,
        12,
        13,
        14,
        15,
        16,
        17,
        18,
        19,
        20,
        21,
        22,
        23,
        24,
        25,
        26,
        27,
        28,
        29,
        30,
        31,
        32,
        33,
        34,
        35,
        36,
        37,
        38,
        39,
        40,
        41,
        42,
        43,
        44,
        45,
        46,
        47,
        48,
        49,
        50,
        51,
        52,
        53,
        54,
        55,
        56,
        57,
        58,
        59,
        60,
        61,
        62,
        63,
        64,
        65,
        66,
        67,
        68,
        69,
        70,
        71,
        72,
        73,
        74,
        75,
        76,
        77,
        78,
        79,
        80,
        81,
        82,
        83,
        84,
        85,
        86,
        87,
        88,
        89,
        90,
        91,
        92,
        93,
        94,
        95,
        96,
        97,
        98,
        99
      ],
      "AcquisitionTime": [
        "162950.355000",
        "162953.585000",
        "162956.815000",
        "163000.045000",
        "163003.275000",
        "163006.505000",
        "163009.735000",
        "163012.965000",
        "163016.195000",
        "163019.425000",
        "163022.655000",
        "163025.885000",
        "163029.115000",
        "163032.345000",
        "163035.575000",
        "163038.805000",
        "163042.035000",
        "163045.265000",
        "163048.495000",
        "163051.725000",
        "163054.955000",
        "163058.185000",
        "163101.415000",
        "163104.645000",
        "163107.875000",
        "163111.105000",
        "163114.335000",
        "163117.565000",
        "163120.795000",
        "163124.025000",
        "163127.255000",
        "163130.485000",
        "163133.715000",
        "163136.945000",
        "163140.175000",
        "163143.405000",
        "163146.635000",
        "163149.865000",
        "163153.095000",
        "163156.325000",
        "163159.555000",
        "163202.785000",
        "163206.015000",
        "163209.245000",
        "163212.475000",
        "163215.705000",
        "163218.935000",
        "163222.165000",
        "163225.395000",
        "163228.625000",
        "163231.855000",
        "163235.085000",
        "163238.315000",
        "163241.545000",
        "163244.775000",
        "163248.005000",
        "163251.235000",
        "163254.465000",
        "163257.695000",
        "163300.925000",
        "163304.155000",
        "163307.385000",
        "163310.615000",
        "163313.845000",
        "163317.075000",
        "163320.305000",
        "163323.535000",
        "163326.765000",
        "163329.995000",
        "163333.225000",
        "163336.455000",
        "163339.685000",
        "163342.915000",
        "163346.145000",
        "163349.375000",
        "163352.605000",
        "163355.835000",
        "163359.065000",
        "163402.295000",
        "163405.525000",
        "163408.755000",
        "163411.985000",
        "163415.215000",
        "163418.445000",
        "163421.675000",
        "163424.905000",
        "163428.135000",
        "163431.365000",
        "163434.595000",
        "163437.825000",
        "163441.055000",
        "163444.285000",
        "163447.515000",
        "163450.745000",
        "163453.975000",
        "163457.205000",
        "163500.435000",
        "163503.665000",
        "163506.895000"
      ],
      "ContentTime": [
        "163136.922000",
        "163136.926000",
        "163136.930000",
        "163136.934000",
        "163136.937000",
        "163136.941000",
        "163136.944000",
        "163136.947000",
        "163136.951000",
        "163136.954000",
        "163136.957000",
        "163136.961000",
        "163136.964000",
        "163136.967000",
        "163136.971000",
        "163136.974000",
        "163136.983000",
        "163136.986000",
        "163136.989000",
        "163136.993000",
        "163136.996000",
        "163137.000000",
        "163137.004000",
        "163137.007000",
        "163137.011000",
        "163137.014000",
        "163236.878000",
        "163236.882000",
        "163236.892000",
        "163236.895000",
        "163236.899000",
        "163236.902000",
        "163236.905000",
        "163236.909000",
        "163236.912000",
        "163236.915000",
        "163236.919000",
        "163236.922000",
        "163236.926000",
        "163236.929000",
        "163236.932000",
        "163236.936000",
        "163236.939000",
        "163236.942000",
        "163236.946000",
        "163236.963000",
        "163236.967000",
        "163236.970000",
        "163236.980000",
        "163236.983000",
        "163236.986000",
        "163356.878000",
        "163356.882000",
        "163356.885000",
        "163356.889000",
        "163356.892000",
        "163356.896000",
        "163356.899000",
        "163356.906000",
        "163356.909000",
        "163356.912000",
        "163356.916000",
        "163356.919000",
        "163356.922000",
        "163356.926000",
        "163356.929000",
        "163356.933000",
        "163356.936000",
        "163356.939000",
        "163356.943000",
        "163356.946000",
        "163356.949000",
        "163356.953000",
        "163356.956000",
        "163356.959000",
        "163356.963000",
        "163511.043000",
        "163511.047000",
        "163511.051000",
        "163511.055000",
        "163511.059000",
        "163511.062000",
        "163511.066000",
        "163511.070000",
        "163511.073000",
        "163511.077000",
        "163511.080000",
        "163511.083000",
        "163511.087000",
        "163511.090000",
        "163511.093000",
        "163511.097000",
        "163511.100000",
        "163511.104000",
        "163511.107000",
        "163511.111000",
        "163511.114000",
        "163511.117000",
        "163511.121000"
      ],
      "InstanceCreationTime": [
        "163136.922000",
        "163136.926000",
        "163136.930000",
        "163136.934000",
        "163136.937000",
        "163136.941000",
        "163136.944000",
        "163136.947000",
        "163136.951000",
        "163136.954000",
        "163136.957000",
        "163136.961000",
        "163136.964000",
        "163136.967000",
        "163136.971000",
        "163136.974000",
        "163136.983000",
        "163136.986000",
        "163136.989000",
        "163136.993000",
        "163136.996000",
        "163137.000000",
        "163137.004000",
        "163137.007000",
        "163137.011000",
        "163137.014000",
        "163236.878000",
        "163236.882000",
        "163236.892000",
        "163236.895000",
        "163236.899000",
        "163236.902000",
        "163236.905000",
        "163236.909000",
        "163236.912000",
        "163236.915000",
        "163236.919000",
        "163236.922000",
        "163236.926000",
        "163236.929000",
        "163236.932000",
        "163236.936000",
        "163236.939000",
        "163236.942000",
        "163236.946000",
        "163236.963000",
        "163236.967000",
        "163236.970000",
        "163236.980000",
        "163236.983000",
        "163236.986000",
        "163356.878000",
        "163356.882000",
        "163356.885000",
        "163356.889000",
        "163356.892000",
        "163356.896000",
        "163356.899000",
        "163356.906000",
        "163356.909000",
        "163356.912000",
        "163356.916000",
        "163356.919000",
        "163356.922000",
        "163356.926000",
        "163356.929000",
        "163356.933000",
        "163356.936000",
        "163356.939000",
        "163356.943000",
        "163356.946000",
        "163356.949000",
        "163356.953000",
        "163356.956000",
        "163356.959000",
        "163356.963000",
        "163511.043000",
        "163511.047000",
        "163511.051000",
        "163511.055000",
        "163511.059000",
        "163511.062000",
        "163511.066000",
        "163511.070000",
        "163511.073000",
        "163511.077000",
        "163511.080000",
        "163511.083000",
        "163511.087000",
        "163511.090000",
        "163511.093000",
        "163511.097000",
        "163511.100000",
        "163511.104000",
        "163511.107000",
        "163511.111000",
        "163511.114000",
        "163511.117000",
        "163511.121000"
      ],
      "InstanceNumber": [
        1,
        2,
        3,
        4,
        5,
        6,
        7,
        8,
        9,
        10,
        11,
        12,
        13,
        14,
        15,
        16,
        17,
        18,
        19,
        20,
        21,
        22,
        23,
        24,
        25,
        26,
        27,
        28,
        29,
        30,
        31,
        32,
        33,
        34,
        35,
        36,
        37,
        38,
        39,
        40,
        41,
        42,
        43,
        44,
        45,
        46,
        47,
        48,
        49,
        50,
        51,
        52,
        53,
        54,
        55,
        56,
        57,
        58,
        59,
        60,
        61,
        62,
        63,
        64,
        65,
        66,
        67,
        68,
        69,
        70,
        71,
        72,
        73,
        74,
        75,
        76,
        77,
        78,
        79,
        80,
        81,
        82,
        83,
        84,
        85,
        86,
        87,
        88,
        89,
        90,
        91,
        92,
        93,
        94,
        95,
        96,
        97,
        98,
        99
      ],
      "LargestImagePixelValue": [
        24287,
        24349,
        4944,
        2215,
        5275,
        2217,
        5290,
        2522,
        5113,
        2096,
        4819,
        2169,
        4853,
        2532,
        5068,
        2616,
        5021,
        23303,
        2251,
        5118,
        2187,
        4497,
        2227,
        5427,
        2197,
        4884,
        2437,
        4864,
        2483,
        5192,
        2312,
        4939,
        2210,
        22321,
        5647,
        2380,
        4867,
        2110,
        4775,
        2063,
        4905,
        2164,
        4965,
        2350,
        5739,
        2288,
        4887,
        2755,
        4679,
        23385,
        2169,
        4856,
        2370,
        4762,
        2566,
        5174,
        2032,
        5409,
        2336,
        5213,
        2581,
        4969,
        2062,
        4889,
        2279,
        25421,
        5236,
        2536,
        5292,
        2249,
        4846,
        2183,
        4886,
        2077,
        4511,
        2446,
        5070,
        2152,
        4911,
        2482,
        4869,
        25786,
        2363,
        4899,
        2135,
        5190,
        2361,
        5205,
        2110,
        4710,
        2104,
        4888,
        2141,
        4840,
        2390,
        4945,
        2602,
        5213,
        2406
      ],
      "SequenceName": [
        "ep_b5#1",
        "ep_b5#1",
        "ep_b1490#2",
        "ep_b2995#3",
        "ep_b1495#4",
        "ep_b3005#5",
        "ep_b1500#6",
        "ep_b2985#7",
        "ep_b1495#8",
        "ep_b3005#9",
        "ep_b1490#10",
        "ep_b3000#11",
        "ep_b1490#12",
        "ep_b2985#13",
        "ep_b1500#14",
        "ep_b2985#15",
        "ep_b1500#16",
        "ep_b5#17",
        "ep_b3005#18",
        "ep_b1490#19",
        "ep_b2995#20",
        "ep_b1500#21",
        "ep_b3000#22",
        "ep_b1495#23",
        "ep_b3005#24",
        "ep_b1490#25",
        "ep_b2985#26",
        "ep_b1505#27",
        "ep_b2995#28",
        "ep_b1500#29",
        "ep_b3000#30",
        "ep_b1490#31",
        "ep_b3005#32",
        "ep_b5#33",
        "ep_b1505#34",
        "ep_b2995#35",
        "ep_b1490#36",
        "ep_b2980#37",
        "ep_b1500#38",
        "ep_b2995#39",
        "ep_b1505#40",
        "ep_b3000#41",
        "ep_b1500#42",
        "ep_b2985#43",
        "ep_b1495#44",
        "ep_b2995#45",
        "ep_b1495#46",
        "ep_b3000#47",
        "ep_b1490#48",
        "ep_b5#49",
        "ep_b3005#50",
        "ep_b1500#51",
        "ep_b2990#52",
        "ep_b1505#53",
        "ep_b2995#54",
        "ep_b1495#55",
        "ep_b2985#56",
        "ep_b1490#57",
        "ep_b2995#58",
        "ep_b1500#59",
        "ep_b3000#60",
        "ep_b1500#61",
        "ep_b2985#62",
        "ep_b1495#63",
        "ep_b2985#64",
        "ep_b5#65",
        "ep_b1505#66",
        "ep_b3005#67",
        "ep_b1500#68",
        "ep_b3000#69",
        "ep_b1505#70",
        "ep_b3010#71",
        "ep_b1495#72",
        "ep_b3005#73",
        "ep_b1490#74",
        "ep_b2995#75",
        "ep_b1490#76",
        "ep_b3000#77",
        "ep_b1505#78",
        "ep_b3000#79",
        "ep_b1495#80",
        "ep_b5#81",
        "ep_b2985#82",
        "ep_b1500#83",
        "ep_b2985#84",
        "ep_b1490#85",
        "ep_b2995#86",
        "ep_b1495#87",
        "ep_b2995#88",
        "ep_b1490#89",
        "ep_b2980#90",
        "ep_b1500#91",
        "ep_b3000#92",
        "ep_b1490#93",
        "ep_b3005#94",
        "ep_b1495#95",
        "ep_b2990#96",
        "ep_b1500#97",
        "ep_b3005#98"
      ],
      "TriggerTime": [
        18777.5,
        22007.5,
        25237.5,
        28467.5,
        31697.5,
        34927.5,
        38157.5,
        41387.5,
        44617.5,
        47847.5,
        51077.5,
        54307.5,
        57537.5,
        60767.5,
        63997.5,
        67227.5,
        70457.5,
        73687.5,
        76917.5,
        80147.5,
        83377.5,
        86607.5,
        89837.5,
        93067.5,
        96297.5,
        99527.5,
        102757.5,
        105987.5,
        109217.5,
        112447.5,
        115677.5,
        118907.5,
        122137.5,
        125367.5,
        128597.5,
        131827.5,
        135057.5,
        138287.5,
        141517.5,
        144747.5,
        147977.5,
        151207.5,
        154437.5,
        157667.5,
        160897.5,
        164127.5,
        167357.5,
        170587.5,
        173817.5,
        177047.5,
        180277.5,
        183507.5,
        186737.5,
        189967.5,
        193197.5,
        196427.5,
        199657.5,
        202887.5,
        206117.5,
        209347.5,
        212577.5,
        215807.5,
        219037.5,
        222267.5,
        225497.5,
        228727.5,
        231957.5,
        235187.5,
        238417.5,
        241647.5,
        244877.5,
        248107.5,
        251337.5,
        254567.5,
        257797.5,
        261027.5,
        264257.5,
        267487.5,
        270717.5,
        273947.5,
        277177.5,
        280407.5,
        283637.5,
        286867.5,
        290097.5,
        293327.5,
        296557.5,
        299787.5,
        303017.5,
        306247.5,
        309477.5,
        312707.5,
        315937.5,
        319167.5,
        322397.5,
        325627.5,
        328857.5,
        332087.5,
        335317.5
      ],
      "WindowCenter": [
        4488,
        4506,
        1606,
        889,
        1634,
        885,
        1631,
        915,
        1619,
        873,
        1606,
        893,
        1635,
        936,
        1633,
        918,
        1603,
        4491,
        887,
        1634,
        894,
        1607,
        893,
        1616,
        892,
        1604,
        912,
        1589,
        933,
        1618,
        875,
        1621,
        889,
        4445,
        1613,
        876,
        1606,
        883,
        1618,
        846,
        1618,
        877,
        1602,
        904,
        1645,
        877,
        1606,
        943,
        1620,
        4480,
        885,
        1617,
        893,
        1591,
        934,
        1619,
        857,
        1646,
        877,
        1621,
        898,
        1617,
        835,
        1635,
        897,
        4523,
        1588,
        915,
        1631,
        893,
        1603,
        889,
        1619,
        821,
        1593,
        919,
        1619,
        906,
        1604,
        914,
        1618,
        4486,
        886,
        1592,
        874,
        1631,
        894,
        1604,
        892,
        1592,
        886,
        1605,
        890,
        1634,
        890,
        1606,
        920,
        1604,
        925
      ],
      "WindowWidth": [
        10156,
        10208,
        4097,
        2437,
        4150,
        2417,
        4145,
        2495,
        4118,
        2396,
        4099,
        2449,
        4154,
        2552,
        4154,
        2506,
        4087,
        10181,
        2426,
        4152,
        2453,
        4097,
        2449,
        4106,
        2445,
        4091,
        2482,
        4049,
        2539,
        4113,
        2404,
        4128,
        2433,
        10090,
        4095,
        2404,
        4094,
        2411,
        4118,
        2346,
        4112,
        2410,
        4086,
        2471,
        4167,
        2410,
        4092,
        2561,
        4125,
        10140,
        2418,
        4109,
        2450,
        4066,
        2543,
        4117,
        2369,
        4170,
        2410,
        4124,
        2452,
        4120,
        2308,
        4158,
        2463,
        10224,
        4050,
        2494,
        4136,
        2449,
        4078,
        2434,
        4126,
        2274,
        4073,
        2509,
        4118,
        2477,
        4082,
        2493,
        4120,
        10147,
        2423,
        4065,
        2400,
        4140,
        2454,
        4085,
        2446,
        4069,
        2422,
        4088,
        2438,
        4153,
        2438,
        4099,
        2511,
        4091,
        2509
      ]
    },
