{
  "AcquisitionMatrixPE": 140,
  "AcquisitionNumber": 1,
  "AcquisitionTime": "16:29:34.205000",
  "BandwidthPerPixelPhaseEncode": 10.352,
  "BaseResolution": 140,
  "BodyPartExamined": "BRAIN",
  "CoilCombinationMethod": "Sum of Squares",
  "ConsistencyInfo": "N4_VE11C_LATEST_20160120",
  "ConversionSoftware": "dcm2niix",
  "ConversionSoftwareVersion": "v1.0.20220720",
  "DerivedVendorReportedEchoSpacing": 0.000689998,
  "DeviceSerialNumber": "67026",
  "DwellTime": 2.1e-06,
  "EchoTime": 0.0892,
  "EchoTrainLength": 105,
  "EffectiveEchoSpacing": 0.000689998,
  "FlipAngle": 78,
  "HeudiconvVersion": "0.11.4",
  "ImageComments": "Single-band reference SENSE1",
  "ImageOrientationPatientDICOM": [
    0.99893,
    -0.0266585,
    -0.0377844,
    0.0237155,
    0.996803,
    -0.0763036
  ],
  "ImageOrientationText": "Tra>Cor(-4.3)>Sag(-2.3)",
  "ImageType": [
    "ORIGINAL",
    "PRIMARY",
    "M",
    "ND",
    "MOSAIC"
  ],
  "ImagingFrequency": 123.193,
  "InPlanePhaseEncodingDirectionDICOM": "COL",
  "InstitutionAddress": "13th St. 149,Charlestown,MA,US,02129",
  "InstitutionName": "MGH PrismaFit-Bay4",
  "InstitutionalDepartmentName": "Martinos Center",
  "MRAcquisitionType": "2D",
  "MagneticFieldStrength": 3,
  "Manufacturer": "Siemens",
  "ManufacturersModelName": "Prisma_fit",
  "MatrixCoilMode": "SENSE",
  "Modality": "MR",
  "NonlinearGradientCorrection": false,
  "PartialFourier": 0.75,
  "PatientPosition": "HFS",
  "PercentPhaseFOV": 100,
  "PercentSampling": 100,
  "PhaseEncodingDirection": "j-",
  "PhaseEncodingSteps": 105,
  "PhaseResolution": 1,
  "PixelBandwidth": 1700,
  "ProcedureStepDescription": "INVESTIGATORS^Greve",
  "ProtocolName": "dMRI_dir98_AP",
  "PulseSequenceDetails": "%CustomerSeq%\\hcp_mbep2d_diff",
  "ReceiveCoilActiveElements": "HEA;HEP",
  "ReceiveCoilName": "Head_32",
  "ReconMatrixPE": 140,
  "RepetitionTime": 3.23,
  "SAR": 0.161127,
  "ScanOptions": "PFP\\EXT",
  "ScanningSequence": "EP",
  "SequenceName": "epse2d1_140",
  "SequenceVariant": "SK\\SS",
  "SeriesDescription": "dMRI_dir98_AP_SBRef",
  "SeriesNumber": 42,
  "ShimSetting": [
    -1212,
    -10579,
    -10115,
    559,
    194,
    -13,
    25,
    0
  ],
  "SliceThickness": 1.5,
  "SliceTiming": [
    0,
    0.14,
    0.28,
    0.42,
    0.5575,
    0.6975,
    0.8375,
    0.9775,
    1.1175,
    1.2575,
    1.395,
    1.535,
    1.675,
    1.815,
    1.955,
    2.0925,
    2.2325,
    2.3725,
    2.5125,
    2.6525,
    2.7925,
    2.93,
    3.07,
    3.21,
    3.35,
    3.49,
    3.63,
    3.7675,
    3.9075,
    4.0475,
    4.1875,
    4.3275,
    4.465,
    4.605,
    4.745,
    4.885,
    5.025,
    5.165,
    5.3025,
    5.4425,
    5.5825,
    5.7225,
    5.8625,
    6.0025,
    6.14,
    6.28,
    6.42,
    6.56,
    6.7,
    6.8375,
    6.9775,
    7.1175,
    7.2575,
    7.3975,
    7.5375,
    7.675,
    7.815,
    7.955,
    8.095,
    8.235,
    8.375,
    8.5125,
    8.6525,
    8.7925,
    8.9325,
    9.0725,
    9.2125,
    9.35,
    9.49,
    9.63,
    9.77,
    9.91,
    10.0475,
    10.1875,
    10.3275,
    10.4675,
    10.6075,
    10.7475,
    10.885,
    11.025,
    11.165,
    11.305,
    11.445,
    11.585,
    11.7225,
    11.8625,
    12.0025,
    12.1425,
    12.2825,
    12.42,
    12.56,
    12.7
  ],
  "SoftwareVersions": "syngo MR E11",
  "SpacingBetweenSlices": 1.5,
  "StationName": "BAY4OC",
  "TotalReadoutTime": 0.0959097,
  "TxRefAmp": 240.414,
  "WipMemBlock": "23486189-807f-4950-88cc-bbfd8fccea0c||Sequence: ve11c/master r/5b0256d+; Dec  9 2016 09:48:43 by eja",
  "dcmmeta_affine": [
    [
      -1.4983954429626465,
      0.035573288798332214,
      -0.05954663082957268,
      103.44197845458984
    ],
    [
      0.039987724274396896,
      1.4952038526535034,
      -0.11298882961273193,
      -75.58763122558594
    ],
    [
      -0.05667664110660553,
      0.11445538699626923,
      1.494552731513977,
      -49.28770065307617
    ],
    [
      0,
      0,
      0,
      1
    ]
  ],
  "dcmmeta_reorient_transform": [
    [
      0,
      -1,
      0,
      139
    ],
    [
      1,
      0,
      0,
      0
    ],
    [
      0,
      0,
      1,
      0
    ],
    [
      0,
      0,
      0,
      1
    ]
  ],
  "dcmmeta_shape": [
    140,
    140,
    92
  ],
  "dcmmeta_slice_dim": 2,
  "dcmmeta_version": 0.6
}
