{
  "AcquisitionMatrixPE": 140,
  "AcquisitionNumber": 1,
  "AcquisitionTime": "09:05:51.320000",
  "BandwidthPerPixelPhaseEncode": 10.352,
  "BaseResolution": 140,
  "BodyPartExamined": "BRAIN",
  "CoilCombinationMethod": "Sum of Squares",
  "ConsistencyInfo": "N4_VE11C_LATEST_20160120",
  "ConversionSoftware": "dcm2niix",
  "ConversionSoftwareVersion": "v1.0.20220720",
  "DerivedVendorReportedEchoSpacing": 0.000689998,
  "DeviceSerialNumber": "67026",
  "DiffusionScheme": "Monopolar",
  "DwellTime": 2.1e-06,
  "EchoTime": 0.0892,
  "EchoTrainLength": 105,
  "EffectiveEchoSpacing": 0.000689998,
  "FlipAngle": 78,
  "HeudiconvVersion": "0.11.4",
  "ImageComments": "Unaliased MB4/PE3/LB SENSE1",
  "ImageOrientationPatientDICOM": [
    0.999567,
    0.0209781,
    -0.0206291,
    -0.0246034,
    0.98048,
    -0.195071
  ],
  "ImageOrientationText": "Tra>Cor(-11.3)>Sag(-0.9)",
  "ImageType": [
    "ORIGINAL",
    "PRIMARY",
    "DIFFUSION",
    "NONE",
    "MB",
    "ND",
    "MOSAIC"
  ],
  "ImagingFrequency": 123.239,
  "InPlanePhaseEncodingDirectionDICOM": "COL",
  "InstitutionAddress": "13th St. 149,Charlestown,MA,US,02129",
  "InstitutionName": "Martinos Center Bay 4 Prisma",
  "InstitutionalDepartmentName": "Martinos Center",
  "MRAcquisitionType": "2D",
  "MagneticFieldStrength": 3,
  "Manufacturer": "Siemens",
  "ManufacturersModelName": "Prisma_fit",
  "MatrixCoilMode": "SENSE",
  "Modality": "MR",
  "MultibandAccelerationFactor": 4,
  "NonlinearGradientCorrection": false,
  "PartialFourier": 0.75,
  "PatientPosition": "HFS",
  "PercentPhaseFOV": 100,
  "PercentSampling": 100,
  "PhaseEncodingDirection": "j-",
  "PhaseEncodingSteps": 105,
  "PhaseResolution": 1,
  "PixelBandwidth": 1700,
  "ProcedureStepDescription": "INVESTIGATORS^Greve",
  "ProtocolName": "dMRI_dir98_AP",
  "PulseSequenceDetails": "%CustomerSeq%\\hcp_mbep2d_diff",
  "ReceiveCoilActiveElements": "HEA;HEP",
  "ReceiveCoilName": "Head_32",
  "ReconMatrixPE": 140,
  "RepetitionTime": 3.23,
  "SAR": 0.159369,
  "ScanOptions": "PFP\\EXT",
  "ScanningSequence": "EP",
  "SequenceName": "ep_b5#1",
  "SequenceVariant": "SK\\SS",
  "SeriesDescription": "dMRI_dir98_AP",
  "SeriesNumber": 42,
  "ShimSetting": [
    -1297,
    -10426,
    -10219,
    366,
    66,
    206,
    -66,
    22
  ],
  "SliceThickness": 1.5,
  "SliceTiming": [
    0,
    1.675,
    0.14,
    1.815,
    0.2775,
    1.9525,
    0.4175,
    2.0925,
    0.5575,
    2.2325,
    0.6975,
    2.3725,
    0.8375,
    2.5125,
    0.9775,
    2.65,
    1.115,
    2.79,
    1.255,
    2.93,
    1.395,
    3.07,
    1.535,
    0,
    1.675,
    0.14,
    1.815,
    0.2775,
    1.9525,
    0.4175,
    2.0925,
    0.5575,
    2.2325,
    0.6975,
    2.3725,
    0.8375,
    2.5125,
    0.9775,
    2.65,
    1.115,
    2.79,
    1.255,
    2.93,
    1.395,
    3.07,
    1.535,
    0,
    1.675,
    0.14,
    1.815,
    0.2775,
    1.9525,
    0.4175,
    2.0925,
    0.5575,
    2.2325,
    0.6975,
    2.3725,
    0.8375,
    2.5125,
    0.9775,
    2.65,
    1.115,
    2.79,
    1.255,
    2.93,
    1.395,
    3.07,
    1.535,
    0,
    1.675,
    0.14,
    1.815,
    0.2775,
    1.9525,
    0.4175,
    2.0925,
    0.5575,
    2.2325,
    0.6975,
    2.3725,
    0.8375,
    2.5125,
    0.9775,
    2.65,
    1.115,
    2.79,
    1.255,
    2.93,
    1.395,
    3.07,
    1.535
  ],
  "SoftwareVersions": "syngo MR E11",
  "SpacingBetweenSlices": 1.5,
  "StationName": "BAY4OC",
  "TotalReadoutTime": 0.0959097,
  "TxRefAmp": 269.988,
  "WipMemBlock": "c1d2db0d-817f-4c2c-a721-65e79eb3a490||Sequence: ve11c/master r/5b0256d+; Dec  9 2016 09:48:43 by eja",
  "dcmmeta_affine": [
    [
      -1.499350666999817,
      -0.036905109882354736,
      -0.024201232939958572,
      112.58291625976562
    ],
    [
      -0.03146715089678764,
      1.4707205295562744,
      -0.29324185848236084,
      -75.51343536376953
    ],
    [
      -0.030943583697080612,
      0.29260721802711487,
      1.470858097076416,
      -66.7387466430664
    ],
    [
      0,
      0,
      0,
      1
    ]
  ],
  "dcmmeta_reorient_transform": [
    [
      0,
      -1,
      0,
      139
    ],
    [
      1,
      0,
      0,
      0
    ],
    [
      0,
      0,
      1,
      0
    ],
    [
      0,
      0,
      0,
      1
    ]
  ],
  "dcmmeta_shape": [
    140,
    140,
    92,
    99
  ],
  "dcmmeta_slice_dim": 2,
  "dcmmeta_version": 0.6,
  "time": {
    "samples": {
      "AcquisitionNumber": [
        1,
        2,
        3,
        4,
        5,
        6,
        7,
        8,
        9,
        10,
        11,
        12,
        13,
        14,
        15,
        16,
        17,
        18,
        19,
        20,
        21,
        22,
        23,
        24,
        25,
        26,
        27,
        28,
        29,
        30,
        31,
        32,
        33,
        34,
        35,
        36,
        37,
        38,
        39,
        40,
        41,
        42,
        43,
        44,
        45,
        46,
        47,
        48,
        49,
        50,
        51,
        52,
        53,
        54,
        55,
        56,
        57,
        58,
        59,
        60,
        61,
        62,
        63,
        64,
        65,
        66,
        67,
        68,
        69,
        70,
        71,
        72,
        73,
        74,
        75,
        76,
        77,
        78,
        79,
        80,
        81,
        82,
        83,
        84,
        85,
        86,
        87,
        88,
        89,
        90,
        91,
        92,
        93,
        94,
        95,
        96,
        97,
        98,
        99
      ],
      "AcquisitionTime": [
        "090551.320000",
        "090554.550000",
        "090557.780000",
        "090601.010000",
        "090604.240000",
        "090607.470000",
        "090610.700000",
        "090613.930000",
        "090617.160000",
        "090620.390000",
        "090623.620000",
        "090626.850000",
        "090630.080000",
        "090633.310000",
        "090636.540000",
        "090639.770000",
        "090643.000000",
        "090646.230000",
        "090649.460000",
        "090652.690000",
        "090655.920000",
        "090659.150000",
        "090702.380000",
        "090705.610000",
        "090708.840000",
        "090712.070000",
        "090715.300000",
        "090718.530000",
        "090721.760000",
        "090724.990000",
        "090728.220000",
        "090731.450000",
        "090734.680000",
        "090737.910000",
        "090741.140000",
        "090744.370000",
        "090747.600000",
        "090750.830000",
        "090754.060000",
        "090757.290000",
        "090800.520000",
        "090803.750000",
        "090806.980000",
        "090810.210000",
        "090813.440000",
        "090816.670000",
        "090819.900000",
        "090823.130000",
        "090826.360000",
        "090829.590000",
        "090832.820000",
        "090836.050000",
        "090839.280000",
        "090842.510000",
        "090845.740000",
        "090848.970000",
        "090852.200000",
        "090855.430000",
        "090858.660000",
        "090901.890000",
        "090905.120000",
        "090908.350000",
        "090911.580000",
        "090914.810000",
        "090918.040000",
        "090921.270000",
        "090924.500000",
        "090927.730000",
        "090930.960000",
        "090934.190000",
        "090937.420000",
        "090940.650000",
        "090943.880000",
        "090947.110000",
        "090950.340000",
        "090953.570000",
        "090956.800000",
        "091000.030000",
        "091003.260000",
        "091006.490000",
        "091009.720000",
        "091012.950000",
        "091016.180000",
        "091019.410000",
        "091022.640000",
        "091025.870000",
        "091029.100000",
        "091032.330000",
        "091035.560000",
        "091038.790000",
        "091042.020000",
        "091045.250000",
        "091048.480000",
        "091051.710000",
        "091054.940000",
        "091058.170000",
        "091101.400000",
        "091104.630000",
        "091107.860000"
      ],
      "ContentTime": [
        "090818.860000",
        "090818.864000",
        "090818.867000",
        "090818.871000",
        "090818.874000",
        "090818.878000",
        "090818.881000",
        "090818.885000",
        "090818.888000",
        "090818.892000",
        "090818.895000",
        "090818.899000",
        "090818.910000",
        "090818.913000",
        "090818.917000",
        "090818.921000",
        "090818.924000",
        "090818.932000",
        "090818.935000",
        "090818.939000",
        "090818.942000",
        "090818.946000",
        "090818.949000",
        "090818.952000",
        "090818.956000",
        "090818.959000",
        "090818.963000",
        "090838.823000",
        "090838.827000",
        "090838.838000",
        "090838.841000",
        "090838.845000",
        "090838.848000",
        "090838.852000",
        "090838.855000",
        "090838.858000",
        "090838.862000",
        "090838.866000",
        "090838.869000",
        "090838.873000",
        "090838.876000",
        "090838.880000",
        "090838.884000",
        "090838.887000",
        "090838.891000",
        "090838.895000",
        "090838.898000",
        "090838.902000",
        "090838.905000",
        "090938.823000",
        "090938.827000",
        "090938.838000",
        "090938.841000",
        "090938.845000",
        "090938.852000",
        "090938.855000",
        "090938.859000",
        "090938.862000",
        "090938.866000",
        "090938.869000",
        "090938.873000",
        "090938.876000",
        "090938.879000",
        "090938.883000",
        "090938.887000",
        "090938.890000",
        "090938.893000",
        "090938.897000",
        "090938.901000",
        "090938.904000",
        "091058.824000",
        "091058.827000",
        "091058.831000",
        "091058.835000",
        "091058.839000",
        "091058.842000",
        "091058.849000",
        "091058.853000",
        "091058.856000",
        "091058.860000",
        "091058.863000",
        "091058.867000",
        "091058.870000",
        "091058.874000",
        "091058.877000",
        "091058.881000",
        "091058.884000",
        "091058.888000",
        "091058.891000",
        "091058.895000",
        "091058.898000",
        "091058.902000",
        "091058.905000",
        "091058.909000",
        "091058.912000",
        "091111.428000",
        "091111.436000",
        "091111.441000",
        "091111.445000"
      ],
      "InstanceCreationTime": [
        "090818.860000",
        "090818.864000",
        "090818.867000",
        "090818.871000",
        "090818.874000",
        "090818.878000",
        "090818.881000",
        "090818.885000",
        "090818.888000",
        "090818.892000",
        "090818.895000",
        "090818.899000",
        "090818.910000",
        "090818.913000",
        "090818.917000",
        "090818.921000",
        "090818.924000",
        "090818.932000",
        "090818.935000",
        "090818.939000",
        "090818.942000",
        "090818.946000",
        "090818.949000",
        "090818.952000",
        "090818.956000",
        "090818.959000",
        "090818.963000",
        "090838.823000",
        "090838.827000",
        "090838.838000",
        "090838.841000",
        "090838.845000",
        "090838.848000",
        "090838.852000",
        "090838.855000",
        "090838.858000",
        "090838.862000",
        "090838.866000",
        "090838.869000",
        "090838.873000",
        "090838.876000",
        "090838.880000",
        "090838.884000",
        "090838.887000",
        "090838.891000",
        "090838.895000",
        "090838.898000",
        "090838.902000",
        "090838.905000",
        "090938.823000",
        "090938.827000",
        "090938.838000",
        "090938.841000",
        "090938.845000",
        "090938.852000",
        "090938.855000",
        "090938.859000",
        "090938.862000",
        "090938.866000",
        "090938.869000",
        "090938.873000",
        "090938.876000",
        "090938.879000",
        "090938.883000",
        "090938.887000",
        "090938.890000",
        "090938.893000",
        "090938.897000",
        "090938.901000",
        "090938.904000",
        "091058.824000",
        "091058.827000",
        "091058.831000",
        "091058.835000",
        "091058.839000",
        "091058.842000",
        "091058.849000",
        "091058.853000",
        "091058.856000",
        "091058.860000",
        "091058.863000",
        "091058.867000",
        "091058.870000",
        "091058.874000",
        "091058.877000",
        "091058.881000",
        "091058.884000",
        "091058.888000",
        "091058.891000",
        "091058.895000",
        "091058.898000",
        "091058.902000",
        "091058.905000",
        "091058.909000",
        "091058.912000",
        "091111.428000",
        "091111.436000",
        "091111.441000",
        "091111.445000"
      ],
      "InstanceNumber": [
        1,
        2,
        3,
        4,
        5,
        6,
        7,
        8,
        9,
        10,
        11,
        12,
        13,
        14,
        15,
        16,
        17,
        18,
        19,
        20,
        21,
        22,
        23,
        24,
        25,
        26,
        27,
        28,
        29,
        30,
        31,
        32,
        33,
        34,
        35,
        36,
        37,
        38,
        39,
        40,
        41,
        42,
        43,
        44,
        45,
        46,
        47,
        48,
        49,
        50,
        51,
        52,
        53,
        54,
        55,
        56,
        57,
        58,
        59,
        60,
        61,
        62,
        63,
        64,
        65,
        66,
        67,
        68,
        69,
        70,
        71,
        72,
        73,
        74,
        75,
        76,
        77,
        78,
        79,
        80,
        81,
        82,
        83,
        84,
        85,
        86,
        87,
        88,
        89,
        90,
        91,
        92,
        93,
        94,
        95,
        96,
        97,
        98,
        99
      ],
      "LargestImagePixelValue": [
        61745,
        65535,
        5346,
        2296,
        5253,
        2494,
        4749,
        2402,
        4657,
        2381,
        5012,
        2620,
        5507,
        2600,
        5561,
        2569,
        4501,
        65535,
        2901,
        5488,
        2378,
        4685,
        2376,
        5031,
        2508,
        4797,
        2391,
        4608,
        2722,
        4735,
        2717,
        4897,
        2387,
        60212,
        5476,
        2390,
        4875,
        2512,
        5044,
        2407,
        4664,
        2225,
        4450,
        2583,
        5453,
        2106,
        4561,
        2514,
        4935,
        65535,
        2852,
        5258,
        2502,
        5522,
        2548,
        4310,
        2370,
        5062,
        2477,
        4936,
        2455,
        5784,
        2913,
        5016,
        2509,
        63709,
        5095,
        2986,
        5015,
        2050,
        4423,
        2424,
        5840,
        2213,
        4829,
        2561,
        5314,
        2640,
        5511,
        2576,
        4515,
        65535,
        2424,
        4458,
        2434,
        5282,
        2582,
        5091,
        2267,
        4793,
        2692,
        4495,
        2686,
        4765,
        2813,
        4710,
        2567,
        5639,
        2247
      ],
      "SequenceName": [
        "ep_b5#1",
        "ep_b5#1",
        "ep_b1490#2",
        "ep_b2990#3",
        "ep_b1495#4",
        "ep_b3005#5",
        "ep_b1500#6",
        "ep_b2985#7",
        "ep_b1495#8",
        "ep_b3005#9",
        "ep_b1490#10",
        "ep_b2995#11",
        "ep_b1490#12",
        "ep_b2990#13",
        "ep_b1500#14",
        "ep_b2985#15",
        "ep_b1500#16",
        "ep_b5#17",
        "ep_b3005#18",
        "ep_b1490#19",
        "ep_b2995#20",
        "ep_b1500#21",
        "ep_b3000#22",
        "ep_b1495#23",
        "ep_b3005#24",
        "ep_b1490#25",
        "ep_b2985#26",
        "ep_b1505#27",
        "ep_b2995#28",
        "ep_b1500#29",
        "ep_b3000#30",
        "ep_b1490#31",
        "ep_b3005#32",
        "ep_b5#33",
        "ep_b1505#34",
        "ep_b3000#35",
        "ep_b1490#36",
        "ep_b2980#37",
        "ep_b1495#38",
        "ep_b2995#39",
        "ep_b1505#40",
        "ep_b2995#41",
        "ep_b1505#42",
        "ep_b2985#43",
        "ep_b1495#44",
        "ep_b3000#45",
        "ep_b1495#46",
        "ep_b3000#47",
        "ep_b1485#48",
        "ep_b5#49",
        "ep_b3005#50",
        "ep_b1500#51",
        "ep_b2990#52",
        "ep_b1505#53",
        "ep_b2995#54",
        "ep_b1495#55",
        "ep_b2985#56",
        "ep_b1490#57",
        "ep_b2995#58",
        "ep_b1500#59",
        "ep_b3000#60",
        "ep_b1500#61",
        "ep_b2985#62",
        "ep_b1500#63",
        "ep_b2990#64",
        "ep_b5#65",
        "ep_b1505#66",
        "ep_b3005#67",
        "ep_b1495#68",
        "ep_b3000#69",
        "ep_b1505#70",
        "ep_b3010#71",
        "ep_b1500#72",
        "ep_b3005#73",
        "ep_b1490#74",
        "ep_b2995#75",
        "ep_b1490#76",
        "ep_b3000#77",
        "ep_b1505#78",
        "ep_b3000#79",
        "ep_b1490#80",
        "ep_b5#81",
        "ep_b2985#82",
        "ep_b1500#83",
        "ep_b2985#84",
        "ep_b1490#85",
        "ep_b2995#86",
        "ep_b1495#87",
        "ep_b2995#88",
        "ep_b1490#89",
        "ep_b2980#90",
        "ep_b1500#91",
        "ep_b3000#92",
        "ep_b1490#93",
        "ep_b3005#94",
        "ep_b1495#95",
        "ep_b2990#96",
        "ep_b1500#97",
        "ep_b3000#98"
      ],
      "TriggerTime": [
        18777.5,
        22007.5,
        25237.5,
        28467.5,
        31697.5,
        34927.5,
        38157.5,
        41387.5,
        44617.5,
        47847.5,
        51077.5,
        54307.5,
        57537.5,
        60767.5,
        63997.5,
        67227.5,
        70457.5,
        73687.5,
        76917.5,
        80147.5,
        83377.5,
        86607.5,
        89837.5,
        93067.5,
        96297.5,
        99527.5,
        102757.5,
        105987.5,
        109217.5,
        112447.5,
        115677.5,
        118907.5,
        122137.5,
        125367.5,
        128597.5,
        131827.5,
        135057.5,
        138287.5,
        141517.5,
        144747.5,
        147977.5,
        151207.5,
        154437.5,
        157667.5,
        160897.5,
        164127.5,
        167357.5,
        170587.5,
        173817.5,
        177047.5,
        180277.5,
        183507.5,
        186737.5,
        189967.5,
        193197.5,
        196427.5,
        199657.5,
        202887.5,
        206117.5,
        209347.5,
        212577.5,
        215807.5,
        219037.5,
        222267.5,
        225497.5,
        228727.5,
        231957.5,
        235187.5,
        238417.5,
        241647.5,
        244877.5,
        248107.5,
        251337.5,
        254567.5,
        257797.5,
        261027.5,
        264257.5,
        267487.5,
        270717.5,
        273947.5,
        277177.5,
        280407.5,
        283637.5,
        286867.5,
        290097.5,
        293327.5,
        296557.5,
        299787.5,
        303017.5,
        306247.5,
        309477.5,
        312707.5,
        315937.5,
        319167.5,
        322397.5,
        325627.5,
        328857.5,
        332087.5,
        335317.5
      ],
      "WindowCenter": [
        5456,
        5693,
        1486,
        826,
        1508,
        864,
        1475,
        852,
        1481,
        816,
        1461,
        858,
        1521,
        873,
        1468,
        870,
        1450,
        5693,
        875,
        1508,
        823,
        1463,
        835,
        1479,
        860,
        1446,
        821,
        1465,
        898,
        1478,
        844,
        1480,
        844,
        5458,
        1488,
        830,
        1448,
        860,
        1471,
        871,
        1466,
        825,
        1446,
        882,
        1506,
        821,
        1451,
        869,
        1480,
        5662,
        875,
        1489,
        872,
        1468,
        874,
        1440,
        848,
        1492,
        842,
        1479,
        848,
        1466,
        871,
        1501,
        871,
        5572,
        1460,
        893,
        1492,
        789,
        1452,
        869,
        1498,
        816,
        1462,
        859,
        1490,
        861,
        1489,
        847,
        1428,
        5723,
        867,
        1467,
        848,
        1506,
        872,
        1475,
        829,
        1459,
        862,
        1469,
        857,
        1494,
        875,
        1474,
        872,
        1469,
        841
      ],
      "WindowWidth": [
        11656,
        12051,
        3810,
        2277,
        3867,
        2361,
        3796,
        2336,
        3816,
        2240,
        3764,
        2360,
        3896,
        2395,
        3770,
        2382,
        3749,
        12059,
        2384,
        3868,
        2266,
        3772,
        2307,
        3804,
        2363,
        3732,
        2255,
        3777,
        2449,
        3804,
        2309,
        3812,
        2321,
        11646,
        3816,
        2290,
        3738,
        2344,
        3781,
        2388,
        3782,
        2273,
        3734,
        2408,
        3859,
        2255,
        3750,
        2379,
        3809,
        11968,
        2384,
        3824,
        2391,
        3769,
        2395,
        3734,
        2336,
        3832,
        2300,
        3806,
        2323,
        3763,
        2367,
        3847,
        2389,
        11823,
        3760,
        2429,
        3831,
        2188,
        3751,
        2377,
        3835,
        2240,
        3769,
        2359,
        3824,
        2368,
        3822,
        2319,
        3693,
        12127,
        2370,
        3784,
        2319,
        3862,
        2390,
        3792,
        2286,
        3759,
        2353,
        3794,
        2356,
        3844,
        2384,
        3794,
        2392,
        3771,
        2311
      ]
    },
