{
  "AcquisitionMatrixPE": 240,
  "AcquisitionNumber": 1,
  "AcquisitionTime": "09:20:22.882500",
  "BaseResolution": 256,
  "BodyPartExamined": "BRAIN",
  "CoilCombinationMethod": "Adaptive Combine",
  "ConsistencyInfo": "N4_VE11C_LATEST_20160120",
  "ConversionSoftware": "dcm2niix",
  "ConversionSoftwareVersion": "v1.0.20220720",
  "DeviceSerialNumber": "67026",
  "DwellTime": 8.2e-06,
  "EchoTime": 0.00298,
  "HeudiconvVersion": "0.11.4",
  "ImageOrientationPatientDICOM": [
    -0.0433523,
    0.966941,
    -0.251289,
    -0.111488,
    -0.254637,
    -0.960589
  ],
  "ImageOrientationText": "Sag>Tra(6.8)>Cor(-0.8)",
  "ImageType": [
    "DERIVED",
    "PRIMARY",
    "M",
    "ND",
    "UNI"
  ],
  "ImagingFrequency": 123.177,
  "InPlanePhaseEncodingDirectionDICOM": "ROW",
  "InstitutionAddress": "13th St. 149,Charlestown,MA,US,02129",
  "InstitutionName": "Martinos Center Bay 4 Prisma",
  "InstitutionalDepartmentName": "Martinos Center",
  "MRAcquisitionType": "3D",
  "MagneticFieldStrength": 3,
  "Manufacturer": "Siemens",
  "ManufacturersModelName": "Prisma_fit",
  "MatrixCoilMode": "GRAPPA",
  "Modality": "MR",
  "NonlinearGradientCorrection": false,
  "ParallelReductionFactorInPlane": 3,
  "PartialFourier": 1,
  "PatientPosition": "HFS",
  "PercentPhaseFOV": 93.75,
  "PercentSampling": 100,
  "PhaseEncodingSteps": 238,
  "PhaseResolution": 1,
  "PixelBandwidth": 240,
  "ProcedureStepDescription": "INVESTIGATORS^Greve",
  "ProtocolName": "t1_mp2rage_sag_p3_iso_TI_0700-2500",
  "PulseSequenceDetails": "%SiemensSeq%\\tfl",
  "RawImage": false,
  "ReceiveCoilActiveElements": "HEA;HEP",
  "ReceiveCoilName": "Head_32",
  "ReconMatrixPE": 240,
  "RefLinesPE": 32,
  "RepetitionTime": 5,
  "SAR": 0.0190939,
  "ScanOptions": "IR",
  "ScanningSequence": "GR\\IR",
  "SequenceName": "*tfl3d1_16ns",
  "SequenceVariant": "SK\\SP\\MP",
  "SeriesDescription": "t1_mp2rage_sag_p3_iso_TI_0700-2500_UNI_Images",
  "SeriesNumber": 29,
  "ShimSetting": [
    -1240,
    -10513,
    -10212,
    303,
    229,
    -178,
    62,
    37
  ],
  "SliceThickness": 1,
  "SoftwareVersions": "syngo MR E11",
  "SpoilingState": true,
  "StationName": "BAY4OC",
  "TxRefAmp": 256.306,
  "dcmmeta_affine": [
    [
      0.9928197264671326,
      -0.043352268636226654,
      -0.11148811876773834,
      -66.88762664794922
    ],
    [
      0.01362795289605856,
      0.9669407606124878,
      -0.2546367645263672,
      -56.782470703125
    ],
    [
      0.11884148418903351,
      0.251289039850235,
      0.9605886340141296,
      -176.44969177246094
    ],
    [
      0,
      0,
      0,
      1
    ]
  ],
  "dcmmeta_reorient_transform": [
    [
      0,
      0,
      -1,
      255
    ],
    [
      0,
      -1,
      0,
      239
    ],
    [
      -1,
      0,
      0,
      175
    ],
    [
      0,
      0,
      0,
      1
    ]
  ],
  "dcmmeta_shape": [
    176,
    240,
    256
  ],
  "dcmmeta_slice_dim": 0,
  "dcmmeta_version": 0.6
}
