{
  "AcquisitionMatrixPE": 256,
  "AcquisitionNumber": 1,
  "AcquisitionTime": "15:48:28.367500",
  "BaseResolution": 256,
  "BodyPartExamined": "BRAIN",
  "CoilCombinationMethod": "Adaptive Combine",
  "ConsistencyInfo": "N4_VE11C_LATEST_20160120",
  "ConversionSoftware": "dcm2niix",
  "ConversionSoftwareVersion": "v1.0.20220720",
  "DeviceSerialNumber": "67026",
  "DwellTime": 3e-06,
  "EchoTime": 0.564,
  "EchoTrainLength": 311,
  "FlipAngle": 120,
  "HeudiconvVersion": "0.11.4",
  "ImageOrientationPatientDICOM": [
    0.00951376,
    0.998942,
    -0.0449817,
    0.0376398,
    -0.0453096,
    -0.998264
  ],
  "ImageOrientationText": "Sag>Tra(-2.2)>Cor(0.4)",
  "ImageType": [
    "ORIGINAL",
    "PRIMARY",
    "M",
    "ND",
    "NORM"
  ],
  "ImagingFrequency": 123.186,
  "InPlanePhaseEncodingDirectionDICOM": "ROW",
  "InstitutionAddress": "13th St. 149,Charlestown,MA,US,02129",
  "InstitutionName": "Martinos Center Bay 4 Prisma",
  "InstitutionalDepartmentName": "Martinos Center",
  "MRAcquisitionType": "3D",
  "MagneticFieldStrength": 3,
  "Manufacturer": "Siemens",
  "ManufacturersModelName": "Prisma_fit",
  "MatrixCoilMode": "GRAPPA",
  "Modality": "MR",
  "NonlinearGradientCorrection": false,
  "ParallelReductionFactorInPlane": 2,
  "PartialFourier": 1,
  "PatientPosition": "HFS",
  "PercentPhaseFOV": 100,
  "PercentSampling": 100,
  "PhaseEncodingDirection": "i",
  "PhaseEncodingSteps": 245,
  "PhaseResolution": 1,
  "PixelBandwidth": 650,
  "ProcedureStepDescription": "INVESTIGATORS^Greve",
  "ProtocolName": "T2w_SPC_vNav",
  "PulseSequenceDetails": "%CustomerSeq%\\tse_vfl_mgh_epinav_ABCD",
  "ReceiveCoilActiveElements": "HEA;HEP",
  "ReceiveCoilName": "Head_32",
  "ReconMatrixPE": 256,
  "RefLinesPE": 32,
  "RepetitionTime": 3.2,
  "SAR": 0.125734,
  "ScanOptions": "PFP",
  "ScanningSequence": "SE",
  "SequenceName": "spc_314ns",
  "SequenceVariant": "SK\\SP",
  "SeriesDescription": "T2w_SPC_vNav",
  "SeriesNumber": 36,
  "ShimSetting": [
    -1172,
    -10524,
    -10191,
    464,
    238,
    177,
    -41,
    -42
  ],
  "SliceThickness": 1,
  "SoftwareVersions": "syngo MR E11",
  "SpoilingState": true,
  "StationName": "BAY4OC",
  "TxRefAmp": 219.717,
  "WipMemBlock": "Prisma_epi_moco_navigator_ABCD_tse_vfl.prot",
  "dcmmeta_affine": [
    [
      0.9992460608482361,
      0.009513759054243565,
      0.037639837712049484,
      -96.70474243164062
    ],
    [
      -0.007804135791957378,
      0.998942494392395,
      -0.045309606939554214,
      -84.07957458496094
    ],
    [
      -0.03803109750151634,
      0.044981699436903,
      0.9982636570930481,
      -146.93966674804688
    ],
    [
      0,
      0,
      0,
      1
    ]
  ],
  "dcmmeta_reorient_transform": [
    [
      0,
      0,
      -1,
      255
    ],
    [
      0,
      -1,
      0,
      255
    ],
    [
      -1,
      0,
      0,
      175
    ],
    [
      0,
      0,
      0,
      1
    ]
  ],
  "dcmmeta_shape": [
    176,
    256,
    256
  ],
  "dcmmeta_slice_dim": 0,
  "dcmmeta_version": 0.6
}
