{
  "AcquisitionMatrixPE": 104,
  "AcquisitionNumber": 1,
  "AcquisitionTime": "16:55:55.327500",
  "BandwidthPerPixelPhaseEncode": 16.578,
  "BaseResolution": 104,
  "BodyPartExamined": "BRAIN",
  "CoilCombinationMethod": "Sum of Squares",
  "ConsistencyInfo": "N4_VE11C_LATEST_20160120",
  "ConversionSoftware": "dcm2niix",
  "ConversionSoftwareVersion": "v1.0.20220720",
  "DerivedVendorReportedEchoSpacing": 0.000580009,
  "DeviceSerialNumber": "67026",
  "DwellTime": 2.1e-06,
  "EchoTime": 0.037,
  "EchoTime1": 0.037,
  "EchoTime2": 0.001,
  "EchoTrainLength": 104,
  "EffectiveEchoSpacing": 0.000580009,
  "FlipAngle": 30,
  "HeudiconvVersion": "0.11.4",
  "ImageComments": "Unaliased MB8/PE3/LB",
  "ImageOrientationPatientDICOM": [
    0.993671,
    0.0592236,
    -0.0954485,
    -0.0832663,
    0.958687,
    -0.272004
  ],
  "ImageOrientationText": "Tra>Cor(-16.2)>Sag(-4.3)",
  "ImageType": [
    "ORIGINAL",
    "PRIMARY",
    "P",
    "MB",
    "ND",
    "MOSAIC",
    "PHASE"
  ],
  "ImagingFrequency": 123.165,
  "InPlanePhaseEncodingDirectionDICOM": "COL",
  "InstitutionAddress": "13th St. 149,Charlestown,MA,US,02129",
  "InstitutionName": "MGH PrismaFit-Bay4",
  "InstitutionalDepartmentName": "Martinos Center",
  "MRAcquisitionType": "2D",
  "MagneticFieldStrength": 3,
  "Manufacturer": "Siemens",
  "ManufacturersModelName": "Prisma_fit",
  "MatrixCoilMode": "SENSE",
  "Modality": "MR",
  "MultibandAccelerationFactor": 8,
  "NonlinearGradientCorrection": false,
  "PartialFourier": 1,
  "PatientPosition": "HFS",
  "PercentPhaseFOV": 100,
  "PercentSampling": 100,
  "PhaseEncodingDirection": "j-",
  "PhaseEncodingSteps": 104,
  "PhaseResolution": 1,
  "PixelBandwidth": 2290,
  "ProcedureStepDescription": "INVESTIGATORS^Greve",
  "ProtocolName": "rfMRI_REST_AP_30deg",
  "PulseSequenceDetails": "%CustomerSeq%\\hcp_mbep2d_bold",
  "ReceiveCoilActiveElements": "HEA;HEP",
  "ReceiveCoilName": "Head_32",
  "ReconMatrixPE": 104,
  "RepetitionTime": 0.8,
  "SAR": 0.0254675,
  "ScanOptions": "FS\\EXT",
  "ScanningSequence": "EP",
  "SequenceName": "epfid2d1_104",
  "SequenceVariant": "SK\\SS",
  "SeriesDescription": "rfMRI_REST_AP_30deg",
  "SeriesNumber": 67,
  "ShimSetting": [
    -1240,
    -10511,
    -10054,
    734,
    61,
    80,
    13,
    26
  ],
  "SliceThickness": 2,
  "SliceTiming": [
    0,
    0.435,
    0.0875,
    0.52,
    0.175,
    0.6075,
    0.26,
    0.695,
    0.3475,
    0,
    0.435,
    0.0875,
    0.52,
    0.175,
    0.6075,
    0.26,
    0.695,
    0.3475,
    0,
    0.435,
    0.0875,
    0.52,
    0.175,
    0.6075,
    0.26,
    0.695,
    0.3475,
    0,
    0.435,
    0.0875,
    0.52,
    0.175,
    0.6075,
    0.26,
    0.695,
    0.3475,
    0,
    0.435,
    0.0875,
    0.52,
    0.175,
    0.6075,
    0.26,
    0.695,
    0.3475,
    0,
    0.435,
    0.0875,
    0.52,
    0.175,
    0.6075,
    0.26,
    0.695,
    0.3475,
    0,
    0.435,
    0.0875,
    0.52,
    0.175,
    0.6075,
    0.26,
    0.695,
    0.3475,
    0,
    0.435,
    0.0875,
    0.52,
    0.175,
    0.6075,
    0.26,
    0.695,
    0.3475
  ],
  "SoftwareVersions": "syngo MR E11",
  "SpacingBetweenSlices": 2,
  "StationName": "BAY4OC",
  "TaskName": "rest",
  "TotalReadoutTime": 0.0597409,
  "TxRefAmp": 229.389,
  "WipMemBlock": "b24239a6-2a1b-428c-8b69-9bb81ac681f9||Sequence: ve11c/master r/5b0256d+; Dec  9 2016 09:38:51 by eja",
  "dcmmeta_affine": [
    [
      -1.987342119216919,
      -0.16653257608413696,
      -0.15079227089881897,
      115.5812759399414
    ],
    [
      -0.1184472069144249,
      1.917373538017273,
      -0.5564610958099365,
      -62.581451416015625
    ],
    [
      -0.19089701771736145,
      0.5440088510513306,
      1.915101170539856,
      -52.2931022644043
    ],
    [
      0,
      0,
      0,
      1
    ]
  ],
  "dcmmeta_reorient_transform": [
    [
      0,
      -1,
      0,
      103
    ],
    [
      1,
      0,
      0,
      0
    ],
    [
      0,
      0,
      1,
      0
    ],
    [
      0,
      0,
      0,
      1
    ]
  ],
  "dcmmeta_shape": [
    104,
    104,
    72,
    50
  ],
  "dcmmeta_slice_dim": 2,
  "dcmmeta_version": 0.6,
  "time": {
    "samples": {
      "AcquisitionNumber": [
        1,
        2,
        3,
        4,
        5,
        6,
        7,
        8,
        9,
        10,
        11,
        12,
        13,
        14,
        15,
        16,
        17,
        18,
        19,
        20,
        21,
        22,
        23,
        24,
        25,
        26,
        27,
        28,
        29,
        30,
        31,
        32,
        33,
        34,
        35,
        36,
        37,
        38,
        39,
        40,
        41,
        42,
        43,
        44,
        45,
        46,
        47,
        48,
        49,
        50
      ],
      "AcquisitionTime": [
        "165555.327500",
        "165556.127500",
        "165556.927500",
        "165557.727500",
        "165558.527500",
        "165559.327500",
        "165600.127500",
        "165600.927500",
        "165601.727500",
        "165602.527500",
        "165603.327500",
        "165604.127500",
        "165604.927500",
        "165605.727500",
        "165606.527500",
        "165607.327500",
        "165608.127500",
        "165608.927500",
        "165609.727500",
        "165610.527500",
        "165611.327500",
        "165612.127500",
        "165612.927500",
        "165613.727500",
        "165614.527500",
        "165615.327500",
        "165616.127500",
        "165616.927500",
        "165617.727500",
        "165618.527500",
        "165619.327500",
        "165620.127500",
        "165620.927500",
        "165621.727500",
        "165622.527500",
        "165623.327500",
        "165624.127500",
        "165624.927500",
        "165625.727500",
        "165626.527500",
        "165627.327500",
        "165628.127500",
        "165628.927500",
        "165629.727500",
        "165630.527500",
        "165631.327500",
        "165632.127500",
        "165632.927500",
        "165633.727500",
        "165634.527500"
      ],
      "ContentTime": [
        "165648.663000",
        "165648.666000",
        "165648.668000",
        "165648.677000",
        "165648.680000",
        "165648.682000",
        "165648.685000",
        "165648.687000",
        "165648.690000",
        "165648.692000",
        "165648.695000",
        "165648.697000",
        "165648.700000",
        "165648.702000",
        "165648.704000",
        "165648.707000",
        "165648.709000",
        "165648.712000",
        "165648.714000",
        "165648.717000",
        "165648.719000",
        "165648.722000",
        "165648.724000",
        "165648.726000",
        "165648.729000",
        "165648.731000",
        "165648.734000",
        "165648.736000",
        "165648.738000",
        "165648.741000",
        "165648.743000",
        "165648.746000",
        "165648.748000",
        "165648.751000",
        "165648.753000",
        "165648.755000",
        "165648.758000",
        "165648.760000",
        "165648.763000",
        "165648.765000",
        "165648.768000",
        "165648.770000",
        "165648.773000",
        "165648.775000",
        "165648.777000",
        "165648.780000",
        "165648.782000",
        "165648.785000",
        "165648.787000",
        "165648.790000"
      ],
      "InstanceCreationTime": [
        "165648.663000",
        "165648.666000",
        "165648.668000",
        "165648.677000",
        "165648.680000",
        "165648.682000",
        "165648.685000",
        "165648.687000",
        "165648.690000",
        "165648.692000",
        "165648.695000",
        "165648.697000",
        "165648.700000",
        "165648.702000",
        "165648.704000",
        "165648.707000",
        "165648.709000",
        "165648.712000",
        "165648.714000",
        "165648.717000",
        "165648.719000",
        "165648.722000",
        "165648.724000",
        "165648.726000",
        "165648.729000",
        "165648.731000",
        "165648.734000",
        "165648.736000",
        "165648.738000",
        "165648.741000",
        "165648.743000",
        "165648.746000",
        "165648.748000",
        "165648.751000",
        "165648.753000",
        "165648.755000",
        "165648.758000",
        "165648.760000",
        "165648.763000",
        "165648.765000",
        "165648.768000",
        "165648.770000",
        "165648.773000",
        "165648.775000",
        "165648.777000",
        "165648.780000",
        "165648.782000",
        "165648.785000",
        "165648.787000",
        "165648.790000"
      ],
      "InstanceNumber": [
        1,
        2,
        3,
        4,
        5,
        6,
        7,
        8,
        9,
        10,
        11,
        12,
        13,
        14,
        15,
        16,
        17,
        18,
        19,
        20,
        21,
        22,
        23,
        24,
        25,
        26,
        27,
        28,
        29,
        30,
        31,
        32,
        33,
        34,
        35,
        36,
        37,
        38,
        39,
        40,
        41,
        42,
        43,
        44,
        45,
        46,
        47,
        48,
        49,
        50
      ],
      "TriggerTime": [
        10690,
        11490,
        12290,
        13090,
        13890,
        14690,
        15490,
        16290,
        17090,
        17890,
        18690,
        19490,
        20290,
        21090,
        21890,
        22690,
        23490,
        24290,
        25090,
        25890,
        26690,
        27490,
        28290,
        29090,
        29890,
        30690,
        31490,
        32290,
        33090,
        33890,
        34690,
        35490,
        36290,
        37090,
        37890,
        38690,
        39490,
        40290,
        41090,
        41890,
        42690,
        43490,
        44290,
        45090,
        45890,
        46690,
        47490,
        48290,
        49090,
        49890
      ],
      "WindowCenter": [
        -246,
        -248,
        -248,
        -242,
        -244,
        -250,
        -244,
        -250,
        -242,
        -252,
        -244,
        -250,
        -250,
        -246,
        -248,
        -246,
        -246,
        -252,
        -256,
        -244,
        -246,
        -250,
        -256,
        -250,
        -244,
        -246,
        -256,
        -252,
        -242,
        -242,
        -246,
        -254,
        -256,
        -254,
        -244,
        -244,
        -248,
        -252,
        -258,
        -254,
        -242,
        -238,
        -234,
        -244,
        -246,
        -258,
        -250,
        -254,
        -260,
        -254
      ],
      "WindowWidth": [
        6306,
        6314,
        6316,
        6296,
        6334,
        6300,
        6296,
        6310,
        6318,
        6296,
        6294,
        6296,
        6306,
        6296,
        6318,
        6332,
        6328,
        6294,
        6292,
        6314,
        6324,
        6320,
        6304,
        6290,
        6328,
        6316,
        6276,
        6304,
        6306,
        6342,
        6318,
        6272,
        6274,
        6294,
        6324,
        6290,
        6286,
        6312,
        6278,
        6284,
        6312,
        6308,
        6304,
        6328,
        6302,
        6322,
        6304,
        6322,
        6296,
        6298
      ]
    },
    "slices": {}
  }
}
