{
  "AcquisitionMatrixPE": 104,
  "AcquisitionNumber": 1,
  "AcquisitionTime": "15:50:54.592500",
  "BandwidthPerPixelPhaseEncode": 16.578,
  "BaseResolution": 104,
  "BodyPartExamined": "BRAIN",
  "CoilCombinationMethod": "Sum of Squares",
  "ConsistencyInfo": "N4_VE11C_LATEST_20160120",
  "ConversionSoftware": "dcm2niix",
  "ConversionSoftwareVersion": "v1.0.20220720",
  "DerivedVendorReportedEchoSpacing": 0.000580009,
  "DeviceSerialNumber": "67026",
  "DwellTime": 2.1e-06,
  "EchoTime": 0.037,
  "EchoTrainLength": 104,
  "EffectiveEchoSpacing": 0.000580009,
  "FlipAngle": 52,
  "HeudiconvVersion": "0.11.4",
  "ImageComments": "Single-band reference",
  "ImageOrientationPatientDICOM": [
    0.993671,
    0.0592236,
    -0.0954485,
    -0.0832663,
    0.958687,
    -0.272004
  ],
  "ImageOrientationText": "Tra>Cor(-16.2)>Sag(-4.3)",
  "ImageType": [
    "ORIGINAL",
    "PRIMARY",
    "M",
    "ND",
    "MOSAIC"
  ],
  "ImagingFrequency": 123.165,
  "InPlanePhaseEncodingDirectionDICOM": "COL",
  "InstitutionAddress": "13th St. 149,Charlestown,MA,US,02129",
  "InstitutionName": "MGH PrismaFit-Bay4",
  "InstitutionalDepartmentName": "Martinos Center",
  "MRAcquisitionType": "2D",
  "MagneticFieldStrength": 3,
  "Manufacturer": "Siemens",
  "ManufacturersModelName": "Prisma_fit",
  "MatrixCoilMode": "SENSE",
  "Modality": "MR",
  "NonlinearGradientCorrection": false,
  "PartialFourier": 1,
  "PatientPosition": "HFS",
  "PercentPhaseFOV": 100,
  "PercentSampling": 100,
  "PhaseEncodingDirection": "j-",
  "PhaseEncodingSteps": 104,
  "PhaseResolution": 1,
  "PixelBandwidth": 2290,
  "ProcedureStepDescription": "INVESTIGATORS^Greve",
  "ProtocolName": "rfMRI_REST_AP",
  "PulseSequenceDetails": "%CustomerSeq%\\hcp_mbep2d_bold",
  "ReceiveCoilActiveElements": "HEA;HEP",
  "ReceiveCoilName": "Head_32",
  "ReconMatrixPE": 104,
  "RepetitionTime": 0.8,
  "SAR": 0.0593455,
  "ScanOptions": "FS\\EXT",
  "ScanningSequence": "EP",
  "SequenceName": "epfid2d1_104",
  "SequenceVariant": "SK\\SS",
  "SeriesDescription": "rfMRI_REST_AP_SBRef",
  "SeriesNumber": 18,
  "ShimSetting": [
    -1240,
    -10511,
    -10054,
    734,
    61,
    80,
    13,
    26
  ],
  "SliceThickness": 2,
  "SliceTiming": [
    0,
    0.0875,
    0.1725,
    0.26,
    0.3475,
    0.4325,
    0.52,
    0.6075,
    0.6925,
    0.78,
    0.8675,
    0.9525,
    1.04,
    1.1275,
    1.2125,
    1.3,
    1.3875,
    1.4725,
    1.56,
    1.6475,
    1.7325,
    1.82,
    1.9075,
    1.9925,
    2.08,
    2.1675,
    2.2525,
    2.34,
    2.4275,
    2.5125,
    2.6,
    2.6875,
    2.7725,
    2.86,
    2.9475,
    3.0325,
    3.12,
    3.2075,
    3.2925,
    3.38,
    3.4675,
    3.5525,
    3.64,
    3.7275,
    3.8125,
    3.9,
    3.9875,
    4.0725,
    4.16,
    4.2475,
    4.3325,
    4.42,
    4.5075,
    4.5925,
    4.68,
    4.7675,
    4.8525,
    4.94,
    5.0275,
    5.1125,
    5.2,
    5.2875,
    5.3725,
    5.46,
    5.5475,
    5.6325,
    5.72,
    5.8075,
    5.8925,
    5.98,
    6.0675,
    6.1525
  ],
  "SoftwareVersions": "syngo MR E11",
  "SpacingBetweenSlices": 2,
  "StationName": "BAY4OC",
  "TaskName": "rest",
  "TotalReadoutTime": 0.0597409,
  "TxRefAmp": 229.389,
  "WipMemBlock": "04a29c48-1d1a-41b3-a0f3-a176ac5f5068||Sequence: ve11c/master r/5b0256d+; Dec  9 2016 09:38:51 by eja",
  "dcmmeta_affine": [
    [
      -1.987342119216919,
      -0.16653257608413696,
      -0.15079227089881897,
      115.5812759399414
    ],
    [
      -0.1184472069144249,
      1.917373538017273,
      -0.5564610958099365,
      -62.581451416015625
    ],
    [
      -0.19089701771736145,
      0.5440088510513306,
      1.915101170539856,
      -52.2931022644043
    ],
    [
      0,
      0,
      0,
      1
    ]
  ],
  "dcmmeta_reorient_transform": [
    [
      0,
      -1,
      0,
      103
    ],
    [
      1,
      0,
      0,
      0
    ],
    [
      0,
      0,
      1,
      0
    ],
    [
      0,
      0,
      0,
      1
    ]
  ],
  "dcmmeta_shape": [
    104,
    104,
    72
  ],
  "dcmmeta_slice_dim": 2,
  "dcmmeta_version": 0.6
}
