{
  "AcquisitionMatrixPE": 104,
  "AcquisitionNumber": 1,
  "AcquisitionTime": "19:23:56.290000",
  "BandwidthPerPixelPhaseEncode": 16.578,
  "BaseResolution": 104,
  "BodyPartExamined": "BRAIN",
  "CoilCombinationMethod": "Sum of Squares",
  "ConsistencyInfo": "N4_VE11C_LATEST_20160120",
  "ConversionSoftware": "dcm2niix",
  "ConversionSoftwareVersion": "v1.0.20220720",
  "DerivedVendorReportedEchoSpacing": 0.000580009,
  "DeviceSerialNumber": "67026",
  "DwellTime": 2.1e-06,
  "EchoTime": 0.066,
  "EchoTrainLength": 104,
  "EffectiveEchoSpacing": 0.000580009,
  "FlipAngle": 90,
  "HeudiconvVersion": "0.11.4",
  "ImageOrientationPatientDICOM": [
    0.995951,
    0.0467,
    -0.0768099,
    -0.0581238,
    0.986367,
    -0.153954
  ],
  "ImageOrientationText": "Tra>Cor(-9.1)>Sag(-3.9)",
  "ImageType": [
    "ORIGINAL",
    "PRIMARY",
    "M",
    "ND",
    "MOSAIC"
  ],
  "ImagingFrequency": 123.2,
  "InPlanePhaseEncodingDirectionDICOM": "COL",
  "InstitutionAddress": "13th St. 149,Charlestown,MA,US,02129",
  "InstitutionName": "MGH PrismaFit-Bay4",
  "InstitutionalDepartmentName": "Martinos Center",
  "MRAcquisitionType": "2D",
  "MagneticFieldStrength": 3,
  "Manufacturer": "Siemens",
  "ManufacturersModelName": "Prisma_fit",
  "MatrixCoilMode": "SENSE",
  "Modality": "MR",
  "NonlinearGradientCorrection": false,
  "PartialFourier": 1,
  "PatientPosition": "HFS",
  "PercentPhaseFOV": 100,
  "PercentSampling": 100,
  "PhaseEncodingDirection": "j-",
  "PhaseEncodingSteps": 104,
  "PhaseResolution": 1,
  "PixelBandwidth": 2290,
  "ProcedureStepDescription": "INVESTIGATORS^Greve",
  "ProtocolName": "SpinEchoFieldMap_AP",
  "PulseSequenceDetails": "%CustomerSeq%\\hcp_mbep2d_se",
  "ReceiveCoilActiveElements": "HEA;HEP",
  "ReceiveCoilName": "Head_32",
  "ReconMatrixPE": 104,
  "RepetitionTime": 8,
  "SAR": 0.150661,
  "ScanOptions": "FS",
  "ScanningSequence": "EP",
  "SequenceName": "epse2d1_104",
  "SequenceVariant": "SK",
  "SeriesDescription": "SpinEchoFieldMap_AP",
  "SeriesNumber": 41,
  "ShimSetting": [
    -1236,
    -10532,
    -10114,
    642,
    71,
    73,
    -100,
    -18
  ],
  "SliceThickness": 2,
  "SliceTiming": [
    3.99,
    0,
    4.1025,
    0.1125,
    4.2125,
    0.2225,
    4.3225,
    0.3325,
    4.435,
    0.445,
    4.545,
    0.555,
    4.655,
    0.665,
    4.7675,
    0.7775,
    4.8775,
    0.8875,
    4.9875,
    0.9975,
    5.1,
    1.11,
    5.21,
    1.22,
    5.32,
    1.33,
    5.4325,
    1.4425,
    5.5425,
    1.5525,
    5.6525,
    1.6625,
    5.7625,
    1.775,
    5.875,
    1.885,
    5.985,
    1.995,
    6.095,
    2.1075,
    6.2075,
    2.2175,
    6.3175,
    2.3275,
    6.4275,
    2.44,
    6.54,
    2.55,
    6.65,
    2.66,
    6.76,
    2.7725,
    6.8725,
    2.8825,
    6.9825,
    2.9925,
    7.0925,
    3.105,
    7.205,
    3.215,
    7.315,
    3.325,
    7.425,
    3.4375,
    7.5375,
    3.5475,
    7.6475,
    3.6575,
    7.7575,
    3.77,
    7.87,
    3.88
  ],
  "SoftwareVersions": "syngo MR E11",
  "SpacingBetweenSlices": 2,
  "StationName": "BAY4OC",
  "TotalReadoutTime": 0.0597409,
  "TxRefAmp": 241.375,
  "VendorReportedEchoSpacing": 0.00058,
  "WipMemBlock": "fee279d3-1a13-4f34-b40f-3fb3faf27fba||Sequence: ve11c/master r/5b0256d+; Dec  9 2016 09:59:18 by eja",
  "dcmmeta_affine": [
    [
      -1.9919029474258423,
      -0.11624766141176224,
      -0.13714614510536194,
      114.21979522705078
    ],
    [
      -0.09339991956949234,
      1.9727338552474976,
      -0.31559109687805176,
      -61.23849105834961
    ],
    [
      -0.15361978113651276,
      0.30790871381759644,
      1.970175862312317,
      -71.48255920410156
    ],
    [
      0,
      0,
      0,
      1
    ]
  ],
  "dcmmeta_reorient_transform": [
    [
      0,
      -1,
      0,
      103
    ],
    [
      1,
      0,
      0,
      0
    ],
    [
      0,
      0,
      1,
      0
    ],
    [
      0,
      0,
      0,
      1
    ]
  ],
  "dcmmeta_shape": [
    104,
    104,
    72,
    3
  ],
  "dcmmeta_slice_dim": 2,
  "dcmmeta_version": 0.6,
  "time": {
    "samples": {
      "AcquisitionNumber": [
        1,
        2,
        3
      ],
      "AcquisitionTime": [
        "192356.290000",
        "192404.290000",
        "192412.290000"
      ],
      "ContentTime": [
        "192538.982000",
        "192538.986000",
        "192538.988000"
      ],
      "InstanceCreationTime": [
        "192538.982000",
        "192538.986000",
        "192538.988000"
      ],
      "InstanceNumber": [
        1,
        2,
        3
      ],
      "WindowCenter": [
        7169,
        7205,
        7243
      ],
      "WindowWidth": [
        15368,
        15448,
        15515
      ]
    },
    "slices": {}
  }
}
