{
  "AcquisitionMatrixPE": 140,
  "AcquisitionNumber": 1,
  "AcquisitionTime": "16:46:32.905000",
  "BandwidthPerPixelPhaseEncode": 10.352,
  "BaseResolution": 140,
  "BodyPartExamined": "BRAIN",
  "CoilCombinationMethod": "Sum of Squares",
  "ConsistencyInfo": "N4_VE11C_LATEST_20160120",
  "ConversionSoftware": "dcm2niix",
  "ConversionSoftwareVersion": "v1.0.20220720",
  "DerivedVendorReportedEchoSpacing": 0.000689998,
  "DeviceSerialNumber": "67026",
  "DwellTime": 2.1e-06,
  "EchoTime": 0.0892,
  "EchoTrainLength": 105,
  "EffectiveEchoSpacing": 0.000689998,
  "FlipAngle": 78,
  "HeudiconvVersion": "0.11.4",
  "ImageComments": "Single-band reference SENSE1",
  "ImageOrientationPatientDICOM": [
    0.997695,
    -0.0431025,
    -0.0524076,
    0.032574,
    0.981758,
    -0.187326
  ],
  "ImageOrientationText": "Tra>Cor(-10.7)>Sag(-3.4)",
  "ImageType": [
    "ORIGINAL",
    "PRIMARY",
    "M",
    "ND",
    "MOSAIC"
  ],
  "ImagingFrequency": 123.191,
  "InPlanePhaseEncodingDirectionDICOM": "COL",
  "InstitutionAddress": "13th St. 149,Charlestown,MA,US,02129",
  "InstitutionName": "MGH PrismaFit-Bay4",
  "InstitutionalDepartmentName": "Martinos Center",
  "MRAcquisitionType": "2D",
  "MagneticFieldStrength": 3,
  "Manufacturer": "Siemens",
  "ManufacturersModelName": "Prisma_fit",
  "MatrixCoilMode": "SENSE",
  "Modality": "MR",
  "NonlinearGradientCorrection": false,
  "PartialFourier": 0.75,
  "PatientPosition": "HFS",
  "PercentPhaseFOV": 100,
  "PercentSampling": 100,
  "PhaseEncodingDirection": "j-",
  "PhaseEncodingSteps": 105,
  "PhaseResolution": 1,
  "PixelBandwidth": 1700,
  "ProcedureStepDescription": "INVESTIGATORS^Greve",
  "ProtocolName": "dMRI_dir98_AP",
  "PulseSequenceDetails": "%CustomerSeq%\\hcp_mbep2d_diff",
  "ReceiveCoilActiveElements": "HEA;HEP",
  "ReceiveCoilName": "Head_32",
  "ReconMatrixPE": 140,
  "RepetitionTime": 3.23,
  "SAR": 0.171834,
  "ScanOptions": "PFP\\EXT",
  "ScanningSequence": "EP",
  "SequenceName": "epse2d1_140",
  "SequenceVariant": "SK\\SS",
  "SeriesDescription": "dMRI_dir98_AP_SBRef",
  "SeriesNumber": 42,
  "ShimSetting": [
    -1222,
    -10542,
    -10122,
    664,
    141,
    98,
    -4,
    -22
  ],
  "SliceThickness": 1.5,
  "SliceTiming": [
    0,
    0.14,
    0.28,
    0.42,
    0.56,
    0.6975,
    0.8375,
    0.9775,
    1.1175,
    1.2575,
    1.3975,
    1.535,
    1.675,
    1.815,
    1.955,
    2.095,
    2.2325,
    2.3725,
    2.5125,
    2.6525,
    2.7925,
    2.9325,
    3.07,
    3.21,
    3.35,
    3.49,
    3.63,
    3.77,
    3.9075,
    4.0475,
    4.1875,
    4.3275,
    4.4675,
    4.605,
    4.745,
    4.885,
    5.025,
    5.165,
    5.305,
    5.4425,
    5.5825,
    5.7225,
    5.8625,
    6.0025,
    6.1425,
    6.28,
    6.42,
    6.56,
    6.7,
    6.84,
    6.9775,
    7.1175,
    7.2575,
    7.3975,
    7.5375,
    7.6775,
    7.815,
    7.955,
    8.095,
    8.235,
    8.375,
    8.515,
    8.6525,
    8.7925,
    8.9325,
    9.0725,
    9.2125,
    9.35,
    9.49,
    9.63,
    9.77,
    9.91,
    10.05,
    10.1875,
    10.3275,
    10.4675,
    10.6075,
    10.7475,
    10.8875,
    11.025,
    11.165,
    11.305,
    11.445,
    11.585,
    11.7225,
    11.8625,
    12.0025,
    12.1425,
    12.2825,
    12.4225,
    12.56,
    12.7
  ],
  "SoftwareVersions": "syngo MR E11",
  "SpacingBetweenSlices": 1.5,
  "StationName": "BAY4OC",
  "TotalReadoutTime": 0.0959097,
  "TxRefAmp": 219.223,
  "WipMemBlock": "eb0313cc-2d22-4d93-9649-242e09c85a3f||Sequence: ve11c/master r/5b0256d+; Dec  9 2016 09:48:43 by eja",
  "dcmmeta_affine": [
    [
      -1.4965426921844482,
      0.04886095970869064,
      -0.08928858488798141,
      103.74671173095703
    ],
    [
      0.06465372443199158,
      1.472636342048645,
      -0.2777806222438812,
      -74.99752044677734
    ],
    [
      -0.0786113291978836,
      0.2809889316558838,
      1.4713481664657593,
      -53.22003936767578
    ],
    [
      0,
      0,
      0,
      1
    ]
  ],
  "dcmmeta_reorient_transform": [
    [
      0,
      -1,
      0,
      139
    ],
    [
      1,
      0,
      0,
      0
    ],
    [
      0,
      0,
      1,
      0
    ],
    [
      0,
      0,
      0,
      1
    ]
  ],
  "dcmmeta_shape": [
    140,
    140,
    92
  ],
  "dcmmeta_slice_dim": 2,
  "dcmmeta_version": 0.6
}
