{
  "AcquisitionMatrixPE": 140,
  "AcquisitionNumber": 1,
  "AcquisitionTime": "09:00:45.482500",
  "BandwidthPerPixelPhaseEncode": 10.352,
  "BaseResolution": 140,
  "BodyPartExamined": "BRAIN",
  "CoilCombinationMethod": "Sum of Squares",
  "ConsistencyInfo": "N4_VE11C_LATEST_20160120",
  "ConversionSoftware": "dcm2niix",
  "ConversionSoftwareVersion": "v1.0.20220720",
  "DerivedVendorReportedEchoSpacing": 0.000689998,
  "DeviceSerialNumber": "67026",
  "DiffusionScheme": "Monopolar",
  "DwellTime": 2.1e-06,
  "EchoTime": 0.0892,
  "EchoTrainLength": 105,
  "EffectiveEchoSpacing": 0.000689998,
  "FlipAngle": 78,
  "HeudiconvVersion": "0.11.4",
  "ImageComments": "Unaliased MB4/PE3/LB SENSE1",
  "ImageOrientationPatientDICOM": [
    0.99476,
    -0.0687023,
    0.0757127,
    0.0854559,
    0.965271,
    -0.246878
  ],
  "ImageOrientationText": "Tra>Cor(-14.6)>Sag(3.2)",
  "ImageType": [
    "ORIGINAL",
    "PRIMARY",
    "DIFFUSION",
    "NONE",
    "MB",
    "ND",
    "MOSAIC"
  ],
  "ImagingFrequency": 123.227,
  "InPlanePhaseEncodingDirectionDICOM": "COL",
  "InstitutionAddress": "13th St. 149,Charlestown,MA,US,02129",
  "InstitutionName": "Martinos Center Bay 4 Prisma",
  "InstitutionalDepartmentName": "Martinos Center",
  "MRAcquisitionType": "2D",
  "MagneticFieldStrength": 3,
  "Manufacturer": "Siemens",
  "ManufacturersModelName": "Prisma_fit",
  "MatrixCoilMode": "SENSE",
  "Modality": "MR",
  "MultibandAccelerationFactor": 4,
  "NonlinearGradientCorrection": false,
  "PartialFourier": 0.75,
  "PatientPosition": "HFS",
  "PercentPhaseFOV": 100,
  "PercentSampling": 100,
  "PhaseEncodingDirection": "j-",
  "PhaseEncodingSteps": 105,
  "PhaseResolution": 1,
  "PixelBandwidth": 1700,
  "ProcedureStepDescription": "INVESTIGATORS^Greve",
  "ProtocolName": "dMRI_dir98_AP",
  "PulseSequenceDetails": "%CustomerSeq%\\hcp_mbep2d_diff",
  "ReceiveCoilActiveElements": "HEA;HEP",
  "ReceiveCoilName": "Head_32",
  "ReconMatrixPE": 140,
  "RepetitionTime": 3.23,
  "SAR": 0.190805,
  "ScanOptions": "PFP\\EXT",
  "ScanningSequence": "EP",
  "SequenceName": "ep_b5#1",
  "SequenceVariant": "SK\\SS",
  "SeriesDescription": "dMRI_dir98_AP",
  "SeriesNumber": 42,
  "ShimSetting": [
    -1249,
    -10381,
    -10205,
    348,
    43,
    166,
    103,
    -28
  ],
  "SliceThickness": 1.5,
  "SliceTiming": [
    0,
    1.675,
    0.14,
    1.815,
    0.28,
    1.9525,
    0.4175,
    2.0925,
    0.5575,
    2.2325,
    0.6975,
    2.3725,
    0.8375,
    2.5125,
    0.9775,
    2.6525,
    1.1175,
    2.79,
    1.255,
    2.93,
    1.395,
    3.07,
    1.535,
    0,
    1.675,
    0.14,
    1.815,
    0.28,
    1.9525,
    0.4175,
    2.0925,
    0.5575,
    2.2325,
    0.6975,
    2.3725,
    0.8375,
    2.5125,
    0.9775,
    2.6525,
    1.1175,
    2.79,
    1.255,
    2.93,
    1.395,
    3.07,
    1.535,
    0,
    1.675,
    0.14,
    1.815,
    0.28,
    1.9525,
    0.4175,
    2.0925,
    0.5575,
    2.2325,
    0.6975,
    2.3725,
    0.8375,
    2.5125,
    0.9775,
    2.6525,
    1.1175,
    2.79,
    1.255,
    2.93,
    1.395,
    3.07,
    1.535,
    0,
    1.675,
    0.14,
    1.815,
    0.28,
    1.9525,
    0.4175,
    2.0925,
    0.5575,
    2.2325,
    0.6975,
    2.3725,
    0.8375,
    2.5125,
    0.9775,
    2.6525,
    1.1175,
    2.79,
    1.255,
    2.93,
    1.395,
    3.07,
    1.535
  ],
  "SoftwareVersions": "syngo MR E11",
  "SpacingBetweenSlices": 1.5,
  "StationName": "BAY4OC",
  "TotalReadoutTime": 0.0959097,
  "TxRefAmp": 279.4,
  "WipMemBlock": "d8c7fbf2-1c04-439b-a989-c26035d66a0f||Sequence: ve11c/master r/5b0256d+; Dec  9 2016 09:48:43 by eja",
  "dcmmeta_affine": [
    [
      -1.4921400547027588,
      0.12818385660648346,
      0.08418326079845428,
      99.0093994140625
    ],
    [
      0.10305342078208923,
      1.4479068517684937,
      -0.37808167934417725,
      -83.48358154296875
    ],
    [
      0.1135689839720726,
      0.3703169524669647,
      1.4491264820098877,
      -71.84949493408203
    ],
    [
      0,
      0,
      0,
      1
    ]
  ],
  "dcmmeta_reorient_transform": [
    [
      0,
      -1,
      0,
      139
    ],
    [
      1,
      0,
      0,
      0
    ],
    [
      0,
      0,
      1,
      0
    ],
    [
      0,
      0,
      0,
      1
    ]
  ],
  "dcmmeta_shape": [
    140,
    140,
    92,
    99
  ],
  "dcmmeta_slice_dim": 2,
  "dcmmeta_version": 0.6,
  "time": {
    "samples": {
      "AcquisitionNumber": [
        1,
        2,
        3,
        4,
        5,
        6,
        7,
        8,
        9,
        10,
        11,
        12,
        13,
        14,
        15,
        16,
        17,
        18,
        19,
        20,
        21,
        22,
        23,
        24,
        25,
        26,
        27,
        28,
        29,
        30,
        31,
        32,
        33,
        34,
        35,
        36,
        37,
        38,
        39,
        40,
        41,
        42,
        43,
        44,
        45,
        46,
        47,
        48,
        49,
        50,
        51,
        52,
        53,
        54,
        55,
        56,
        57,
        58,
        59,
        60,
        61,
        62,
        63,
        64,
        65,
        66,
        67,
        68,
        69,
        70,
        71,
        72,
        73,
        74,
        75,
        76,
        77,
        78,
        79,
        80,
        81,
        82,
        83,
        84,
        85,
        86,
        87,
        88,
        89,
        90,
        91,
        92,
        93,
        94,
        95,
        96,
        97,
        98,
        99
      ],
      "AcquisitionTime": [
        "090045.482500",
        "090048.712500",
        "090051.942500",
        "090055.172500",
        "090058.402500",
        "090101.632500",
        "090104.862500",
        "090108.092500",
        "090111.322500",
        "090114.552500",
        "090117.782500",
        "090121.012500",
        "090124.242500",
        "090127.472500",
        "090130.702500",
        "090133.932500",
        "090137.162500",
        "090140.392500",
        "090143.622500",
        "090146.852500",
        "090150.082500",
        "090153.312500",
        "090156.542500",
        "090159.772500",
        "090203.002500",
        "090206.232500",
        "090209.462500",
        "090212.692500",
        "090215.922500",
        "090219.152500",
        "090222.382500",
        "090225.612500",
        "090228.842500",
        "090232.072500",
        "090235.302500",
        "090238.532500",
        "090241.762500",
        "090244.992500",
        "090248.222500",
        "090251.452500",
        "090254.682500",
        "090257.912500",
        "090301.142500",
        "090304.372500",
        "090307.602500",
        "090310.832500",
        "090314.062500",
        "090317.292500",
        "090320.522500",
        "090323.752500",
        "090326.982500",
        "090330.212500",
        "090333.442500",
        "090336.672500",
        "090339.902500",
        "090343.132500",
        "090346.362500",
        "090349.592500",
        "090352.822500",
        "090356.052500",
        "090359.282500",
        "090402.512500",
        "090405.742500",
        "090408.972500",
        "090412.202500",
        "090415.432500",
        "090418.662500",
        "090421.892500",
        "090425.122500",
        "090428.352500",
        "090431.582500",
        "090434.812500",
        "090438.042500",
        "090441.272500",
        "090444.502500",
        "090447.732500",
        "090450.962500",
        "090454.192500",
        "090457.422500",
        "090500.652500",
        "090503.882500",
        "090507.112500",
        "090510.342500",
        "090513.572500",
        "090516.802500",
        "090520.032500",
        "090523.262500",
        "090526.492500",
        "090529.722500",
        "090532.952500",
        "090536.182500",
        "090539.412500",
        "090542.642500",
        "090545.872500",
        "090549.102500",
        "090552.332500",
        "090555.562500",
        "090558.792500",
        "090602.022500"
      ],
      "ContentTime": [
        "090215.625000",
        "090215.638000",
        "090215.642000",
        "090215.645000",
        "090215.649000",
        "090215.652000",
        "090215.657000",
        "090215.661000",
        "090215.664000",
        "090215.667000",
        "090215.671000",
        "090215.674000",
        "090215.683000",
        "090215.686000",
        "090215.689000",
        "090215.692000",
        "090215.696000",
        "090215.699000",
        "090215.702000",
        "090215.705000",
        "090215.709000",
        "090215.712000",
        "090215.715000",
        "090215.718000",
        "090215.723000",
        "090215.726000",
        "090215.730000",
        "090335.583000",
        "090335.586000",
        "090335.590000",
        "090335.593000",
        "090335.596000",
        "090335.600000",
        "090335.603000",
        "090335.606000",
        "090335.609000",
        "090335.626000",
        "090335.629000",
        "090335.632000",
        "090335.636000",
        "090335.639000",
        "090335.643000",
        "090335.646000",
        "090335.650000",
        "090335.653000",
        "090335.656000",
        "090335.660000",
        "090335.663000",
        "090335.666000",
        "090335.670000",
        "090335.673000",
        "090335.676000",
        "090455.584000",
        "090455.587000",
        "090455.590000",
        "090455.594000",
        "090455.597000",
        "090455.600000",
        "090455.604000",
        "090455.607000",
        "090455.610000",
        "090455.614000",
        "090455.617000",
        "090455.621000",
        "090455.624000",
        "090455.627000",
        "090455.631000",
        "090455.634000",
        "090455.637000",
        "090455.641000",
        "090455.644000",
        "090455.647000",
        "090455.651000",
        "090455.654000",
        "090455.658000",
        "090455.661000",
        "090455.664000",
        "090555.583000",
        "090555.586000",
        "090555.589000",
        "090555.593000",
        "090555.596000",
        "090555.599000",
        "090555.603000",
        "090555.606000",
        "090555.609000",
        "090555.613000",
        "090555.616000",
        "090555.620000",
        "090555.623000",
        "090555.627000",
        "090555.630000",
        "090555.633000",
        "090555.637000",
        "090555.640000",
        "090606.559000",
        "090606.563000",
        "090606.567000",
        "090606.570000"
      ],
      "InstanceCreationTime": [
        "090215.625000",
        "090215.638000",
        "090215.642000",
        "090215.645000",
        "090215.649000",
        "090215.652000",
        "090215.657000",
        "090215.661000",
        "090215.664000",
        "090215.667000",
        "090215.671000",
        "090215.674000",
        "090215.683000",
        "090215.686000",
        "090215.689000",
        "090215.692000",
        "090215.696000",
        "090215.699000",
        "090215.702000",
        "090215.705000",
        "090215.709000",
        "090215.712000",
        "090215.715000",
        "090215.718000",
        "090215.723000",
        "090215.726000",
        "090215.730000",
        "090335.583000",
        "090335.586000",
        "090335.590000",
        "090335.593000",
        "090335.596000",
        "090335.600000",
        "090335.603000",
        "090335.606000",
        "090335.609000",
        "090335.626000",
        "090335.629000",
        "090335.632000",
        "090335.636000",
        "090335.639000",
        "090335.643000",
        "090335.646000",
        "090335.650000",
        "090335.653000",
        "090335.656000",
        "090335.660000",
        "090335.663000",
        "090335.666000",
        "090335.670000",
        "090335.673000",
        "090335.676000",
        "090455.584000",
        "090455.587000",
        "090455.590000",
        "090455.594000",
        "090455.597000",
        "090455.600000",
        "090455.604000",
        "090455.607000",
        "090455.610000",
        "090455.614000",
        "090455.617000",
        "090455.621000",
        "090455.624000",
        "090455.627000",
        "090455.631000",
        "090455.634000",
        "090455.637000",
        "090455.641000",
        "090455.644000",
        "090455.647000",
        "090455.651000",
        "090455.654000",
        "090455.658000",
        "090455.661000",
        "090455.664000",
        "090555.583000",
        "090555.586000",
        "090555.589000",
        "090555.593000",
        "090555.596000",
        "090555.599000",
        "090555.603000",
        "090555.606000",
        "090555.609000",
        "090555.613000",
        "090555.616000",
        "090555.620000",
        "090555.623000",
        "090555.627000",
        "090555.630000",
        "090555.633000",
        "090555.637000",
        "090555.640000",
        "090606.559000",
        "090606.563000",
        "090606.567000",
        "090606.570000"
      ],
      "InstanceNumber": [
        1,
        2,
        3,
        4,
        5,
        6,
        7,
        8,
        9,
        10,
        11,
        12,
        13,
        14,
        15,
        16,
        17,
        18,
        19,
        20,
        21,
        22,
        23,
        24,
        25,
        26,
        27,
        28,
        29,
        30,
        31,
        32,
        33,
        34,
        35,
        36,
        37,
        38,
        39,
        40,
        41,
        42,
        43,
        44,
        45,
        46,
        47,
        48,
        49,
        50,
        51,
        52,
        53,
        54,
        55,
        56,
        57,
        58,
        59,
        60,
        61,
        62,
        63,
        64,
        65,
        66,
        67,
        68,
        69,
        70,
        71,
        72,
        73,
        74,
        75,
        76,
        77,
        78,
        79,
        80,
        81,
        82,
        83,
        84,
        85,
        86,
        87,
        88,
        89,
        90,
        91,
        92,
        93,
        94,
        95,
        96,
        97,
        98,
        99
      ],
      "LargestImagePixelValue": [
        29045,
        34233,
        7456,
        3023,
        6821,
        4300,
        6784,
        3460,
        6794,
        3061,
        6665,
        3086,
        6647,
        3585,
        7188,
        3788,
        6545,
        37342,
        4402,
        7257,
        2803,
        6163,
        4051,
        7077,
        2731,
        6698,
        3537,
        6821,
        3549,
        7008,
        3375,
        6579,
        3843,
        32909,
        6981,
        3085,
        7293,
        3476,
        6775,
        2756,
        6645,
        3170,
        6582,
        3436,
        7166,
        2990,
        6872,
        3519,
        6640,
        34319,
        4191,
        6022,
        2849,
        6983,
        3572,
        6525,
        2603,
        6920,
        3384,
        6574,
        3228,
        7004,
        3313,
        6911,
        3020,
        38117,
        6967,
        3933,
        6722,
        2835,
        6878,
        3807,
        7139,
        2934,
        6285,
        3382,
        7267,
        2722,
        6135,
        3283,
        6156,
        39452,
        4125,
        6536,
        2745,
        6289,
        3534,
        6273,
        2987,
        6717,
        4158,
        7281,
        2889,
        6067,
        3415,
        6382,
        3802,
        7174,
        2960
      ],
      "SequenceName": [
        "ep_b5#1",
        "ep_b5#1",
        "ep_b1490#2",
        "ep_b2990#3",
        "ep_b1495#4",
        "ep_b3005#5",
        "ep_b1500#6",
        "ep_b2985#7",
        "ep_b1495#8",
        "ep_b3005#9",
        "ep_b1490#10",
        "ep_b2995#11",
        "ep_b1490#12",
        "ep_b2990#13",
        "ep_b1500#14",
        "ep_b2985#15",
        "ep_b1500#16",
        "ep_b5#17",
        "ep_b3005#18",
        "ep_b1490#19",
        "ep_b2995#20",
        "ep_b1500#21",
        "ep_b3000#22",
        "ep_b1495#23",
        "ep_b3005#24",
        "ep_b1490#25",
        "ep_b2980#26",
        "ep_b1505#27",
        "ep_b2990#28",
        "ep_b1500#29",
        "ep_b3000#30",
        "ep_b1490#31",
        "ep_b3005#32",
        "ep_b5#33",
        "ep_b1505#34",
        "ep_b3000#35",
        "ep_b1490#36",
        "ep_b2980#37",
        "ep_b1495#38",
        "ep_b2995#39",
        "ep_b1505#40",
        "ep_b2995#41",
        "ep_b1505#42",
        "ep_b2990#43",
        "ep_b1495#44",
        "ep_b3000#45",
        "ep_b1495#46",
        "ep_b3000#47",
        "ep_b1485#48",
        "ep_b5#49",
        "ep_b3005#50",
        "ep_b1500#51",
        "ep_b2990#52",
        "ep_b1505#53",
        "ep_b2995#54",
        "ep_b1495#55",
        "ep_b2985#56",
        "ep_b1490#57",
        "ep_b2995#58",
        "ep_b1500#59",
        "ep_b3000#60",
        "ep_b1500#61",
        "ep_b2985#62",
        "ep_b1500#63",
        "ep_b2990#64",
        "ep_b5#65",
        "ep_b1505#66",
        "ep_b3005#67",
        "ep_b1495#68",
        "ep_b3000#69",
        "ep_b1505#70",
        "ep_b3010#71",
        "ep_b1500#72",
        "ep_b3005#73",
        "ep_b1490#74",
        "ep_b2995#75",
        "ep_b1495#76",
        "ep_b2995#77",
        "ep_b1505#78",
        "ep_b3000#79",
        "ep_b1490#80",
        "ep_b5#81",
        "ep_b2985#82",
        "ep_b1500#83",
        "ep_b2985#84",
        "ep_b1490#85",
        "ep_b2995#86",
        "ep_b1495#87",
        "ep_b2995#88",
        "ep_b1490#89",
        "ep_b2980#90",
        "ep_b1500#91",
        "ep_b3000#92",
        "ep_b1490#93",
        "ep_b3005#94",
        "ep_b1495#95",
        "ep_b2990#96",
        "ep_b1500#97",
        "ep_b3000#98"
      ],
      "TriggerTime": [
        18780,
        22010,
        25240,
        28470,
        31700,
        34930,
        38160,
        41390,
        44620,
        47850,
        51080,
        54310,
        57540,
        60770,
        64000,
        67230,
        70460,
        73690,
        76920,
        80150,
        83380,
        86610,
        89840,
        93070,
        96300,
        99530,
        102760,
        105990,
        109220,
        112450,
        115680,
        118910,
        122140,
        125370,
        128600,
        131830,
        135060,
        138290,
        141520,
        144750,
        147980,
        151210,
        154440,
        157670,
        160900,
        164130,
        167360,
        170590,
        173820,
        177050,
        180280,
        183510,
        186740,
        189970,
        193200,
        196430,
        199660,
        202890,
        206120,
        209350,
        212580,
        215810,
        219040,
        222270,
        225500,
        228730,
        231960,
        235190,
        238420,
        241650,
        244880,
        248110,
        251340,
        254570,
        257800,
        261030,
        264260,
        267490,
        270720,
        273950,
        277180,
        280410,
        283640,
        286870,
        290100,
        293330,
        296560,
        299790,
        303020,
        306250,
        309480,
        312710,
        315940,
        319170,
        322400,
        325630,
        328860,
        332090,
        335320
      ],
      "WindowCenter": [
        4780,
        4927,
        1700,
        948,
        1716,
        1024,
        1680,
        1001,
        1688,
        968,
        1692,
        992,
        1714,
        1009,
        1682,
        1032,
        1660,
        4980,
        1036,
        1716,
        959,
        1685,
        1043,
        1688,
        967,
        1674,
        999,
        1686,
        1006,
        1697,
        984,
        1705,
        1026,
        4867,
        1687,
        973,
        1687,
        1000,
        1684,
        963,
        1699,
        974,
        1657,
        1017,
        1701,
        942,
        1686,
        1003,
        1705,
        4899,
        1025,
        1672,
        966,
        1671,
        1005,
        1674,
        955,
        1714,
        980,
        1688,
        972,
        1670,
        975,
        1695,
        979,
        4976,
        1685,
        1016,
        1687,
        955,
        1686,
        1017,
        1694,
        944,
        1677,
        1004,
        1701,
        968,
        1673,
        970,
        1659,
        5011,
        1038,
        1674,
        946,
        1702,
        1003,
        1671,
        966,
        1676,
        1038,
        1700,
        952,
        1688,
        987,
        1656,
        1017,
        1670,
        963
      ],
      "WindowWidth": [
        10979,
        11238,
        4312,
        2586,
        4343,
        2747,
        4262,
        2705,
        4287,
        2624,
        4301,
        2691,
        4338,
        2736,
        4266,
        2780,
        4230,
        11287,
        2775,
        4345,
        2606,
        4276,
        2802,
        4286,
        2638,
        4260,
        2696,
        4276,
        2722,
        4297,
        2662,
        4325,
        2758,
        11122,
        4282,
        2642,
        4283,
        2700,
        4272,
        2623,
        4304,
        2645,
        4222,
        2744,
        4313,
        2563,
        4281,
        2712,
        4326,
        11175,
        2752,
        4256,
        2637,
        4250,
        2722,
        4258,
        2611,
        4335,
        2648,
        4285,
        2639,
        4245,
        2646,
        4293,
        2664,
        11263,
        4275,
        2741,
        4280,
        2597,
        4279,
        2743,
        4290,
        2570,
        4271,
        2718,
        4311,
        2641,
        4258,
        2630,
        4231,
        11312,
        2780,
        4257,
        2579,
        4314,
        2713,
        4251,
        2632,
        4267,
        2782,
        4307,
        2604,
        4290,
        2673,
        4218,
        2747,
        4244,
        2624
      ]
    },
