{
  "AcquisitionMatrixPE": 140,
  "AcquisitionNumber": 1,
  "AcquisitionTime": "08:51:16.302500",
  "BandwidthPerPixelPhaseEncode": 10.352,
  "BaseResolution": 140,
  "BodyPartExamined": "BRAIN",
  "CoilCombinationMethod": "Sum of Squares",
  "ConsistencyInfo": "N4_VE11C_LATEST_20160120",
  "ConversionSoftware": "dcm2niix",
  "ConversionSoftwareVersion": "v1.0.20220720",
  "DerivedVendorReportedEchoSpacing": 0.000689998,
  "DeviceSerialNumber": "67026",
  "DiffusionScheme": "Monopolar",
  "DwellTime": 2.1e-06,
  "EchoTime": 0.0892,
  "EchoTrainLength": 105,
  "EffectiveEchoSpacing": 0.000689998,
  "FlipAngle": 78,
  "HeudiconvVersion": "0.11.4",
  "ImageComments": "Unaliased MB4/PE3/LB SENSE1",
  "ImageOrientationPatientDICOM": [
    0.988542,
    0.0371437,
    -0.146302,
    -0.0672187,
    0.976166,
    -0.206355
  ],
  "ImageOrientationText": "Tra>Cor(-12.5)>Sag(-7.8)",
  "ImageType": [
    "ORIGINAL",
    "PRIMARY",
    "DIFFUSION",
    "NONE",
    "MB",
    "ND",
    "MOSAIC"
  ],
  "ImagingFrequency": 123.172,
  "InPlanePhaseEncodingDirectionDICOM": "COL",
  "InstitutionAddress": "13th St. 149,Charlestown,MA,US,02129",
  "InstitutionName": "Martinos Center Bay 4 Prisma",
  "InstitutionalDepartmentName": "Martinos Center",
  "MRAcquisitionType": "2D",
  "MagneticFieldStrength": 3,
  "Manufacturer": "Siemens",
  "ManufacturersModelName": "Prisma_fit",
  "MatrixCoilMode": "SENSE",
  "Modality": "MR",
  "MultibandAccelerationFactor": 4,
  "NonlinearGradientCorrection": false,
  "PartialFourier": 0.75,
  "PatientPosition": "HFS",
  "PercentPhaseFOV": 100,
  "PercentSampling": 100,
  "PhaseEncodingDirection": "j-",
  "PhaseEncodingSteps": 105,
  "PhaseResolution": 1,
  "PixelBandwidth": 1700,
  "ProcedureStepDescription": "INVESTIGATORS^Greve",
  "ProtocolName": "dMRI_dir98_AP",
  "PulseSequenceDetails": "%CustomerSeq%\\hcp_mbep2d_diff",
  "ReceiveCoilActiveElements": "HEA;HEP",
  "ReceiveCoilName": "Head_32",
  "ReconMatrixPE": 140,
  "RepetitionTime": 3.23,
  "SAR": 0.165732,
  "ScanOptions": "PFP\\EXT",
  "ScanningSequence": "EP",
  "SequenceName": "ep_b5#1",
  "SequenceVariant": "SK\\SS",
  "SeriesDescription": "dMRI_dir98_AP",
  "SeriesNumber": 37,
  "ShimSetting": [
    -1228,
    -10498,
    -10149,
    514,
    80,
    249,
    -97,
    53
  ],
  "SliceThickness": 1.5,
  "SliceTiming": [
    0,
    1.675,
    0.1375,
    1.8125,
    0.2775,
    1.9525,
    0.4175,
    2.0925,
    0.5575,
    2.2325,
    0.6975,
    2.3725,
    0.8375,
    2.51,
    0.975,
    2.65,
    1.115,
    2.79,
    1.255,
    2.93,
    1.395,
    3.07,
    1.535,
    0,
    1.675,
    0.1375,
    1.8125,
    0.2775,
    1.9525,
    0.4175,
    2.0925,
    0.5575,
    2.2325,
    0.6975,
    2.3725,
    0.8375,
    2.51,
    0.975,
    2.65,
    1.115,
    2.79,
    1.255,
    2.93,
    1.395,
    3.07,
    1.535,
    0,
    1.675,
    0.1375,
    1.8125,
    0.2775,
    1.9525,
    0.4175,
    2.0925,
    0.5575,
    2.2325,
    0.6975,
    2.3725,
    0.8375,
    2.51,
    0.975,
    2.65,
    1.115,
    2.79,
    1.255,
    2.93,
    1.395,
    3.07,
    1.535,
    0,
    1.675,
    0.1375,
    1.8125,
    0.2775,
    1.9525,
    0.4175,
    2.0925,
    0.5575,
    2.2325,
    0.6975,
    2.3725,
    0.8375,
    2.51,
    0.975,
    2.65,
    1.115,
    2.79,
    1.255,
    2.93,
    1.395,
    3.07,
    1.535
  ],
  "SoftwareVersions": "syngo MR E11",
  "SpacingBetweenSlices": 1.5,
  "StationName": "BAY4OC",
  "TotalReadoutTime": 0.0959097,
  "TxRefAmp": 232.876,
  "WipMemBlock": "1fe0627e-2c20-4ad0-b222-3b2580912376||Sequence: ve11c/master r/5b0256d+; Dec  9 2016 09:48:43 by eja",
  "dcmmeta_affine": [
    [
      -1.4828137159347534,
      -0.10082809627056122,
      -0.20272471010684967,
      115.05313873291016
    ],
    [
      -0.05571562424302101,
      1.4642482995986938,
      -0.3207378387451172,
      -74.28147888183594
    ],
    [
      -0.21945245563983917,
      0.3095329999923706,
      1.451216697692871,
      -62.54457473754883
    ],
    [
      0,
      0,
      0,
      1
    ]
  ],
  "dcmmeta_reorient_transform": [
    [
      0,
      -1,
      0,
      139
    ],
    [
      1,
      0,
      0,
      0
    ],
    [
      0,
      0,
      1,
      0
    ],
    [
      0,
      0,
      0,
      1
    ]
  ],
  "dcmmeta_shape": [
    140,
    140,
    92,
    99
  ],
  "dcmmeta_slice_dim": 2,
  "dcmmeta_version": 0.6,
  "time": {
    "samples": {
      "AcquisitionNumber": [
        1,
        2,
        3,
        4,
        5,
        6,
        7,
        8,
        9,
        10,
        11,
        12,
        13,
        14,
        15,
        16,
        17,
        18,
        19,
        20,
        21,
        22,
        23,
        24,
        25,
        26,
        27,
        28,
        29,
        30,
        31,
        32,
        33,
        34,
        35,
        36,
        37,
        38,
        39,
        40,
        41,
        42,
        43,
        44,
        45,
        46,
        47,
        48,
        49,
        50,
        51,
        52,
        53,
        54,
        55,
        56,
        57,
        58,
        59,
        60,
        61,
        62,
        63,
        64,
        65,
        66,
        67,
        68,
        69,
        70,
        71,
        72,
        73,
        74,
        75,
        76,
        77,
        78,
        79,
        80,
        81,
        82,
        83,
        84,
        85,
        86,
        87,
        88,
        89,
        90,
        91,
        92,
        93,
        94,
        95,
        96,
        97,
        98,
        99
      ],
      "AcquisitionTime": [
        "085116.302500",
        "085119.532500",
        "085122.762500",
        "085125.992500",
        "085129.222500",
        "085132.452500",
        "085135.682500",
        "085138.912500",
        "085142.142500",
        "085145.372500",
        "085148.602500",
        "085151.832500",
        "085155.062500",
        "085158.292500",
        "085201.522500",
        "085204.752500",
        "085207.982500",
        "085211.212500",
        "085214.442500",
        "085217.672500",
        "085220.902500",
        "085224.132500",
        "085227.362500",
        "085230.592500",
        "085233.822500",
        "085237.052500",
        "085240.282500",
        "085243.512500",
        "085246.742500",
        "085249.972500",
        "085253.202500",
        "085256.432500",
        "085259.662500",
        "085302.892500",
        "085306.122500",
        "085309.352500",
        "085312.582500",
        "085315.812500",
        "085319.042500",
        "085322.272500",
        "085325.502500",
        "085328.732500",
        "085331.962500",
        "085335.192500",
        "085338.422500",
        "085341.652500",
        "085344.882500",
        "085348.112500",
        "085351.342500",
        "085354.572500",
        "085357.802500",
        "085401.032500",
        "085404.262500",
        "085407.492500",
        "085410.722500",
        "085413.952500",
        "085417.182500",
        "085420.412500",
        "085423.642500",
        "085426.872500",
        "085430.102500",
        "085433.332500",
        "085436.562500",
        "085439.792500",
        "085443.022500",
        "085446.252500",
        "085449.482500",
        "085452.712500",
        "085455.942500",
        "085459.172500",
        "085502.402500",
        "085505.632500",
        "085508.862500",
        "085512.092500",
        "085515.322500",
        "085518.552500",
        "085521.782500",
        "085525.012500",
        "085528.242500",
        "085531.472500",
        "085534.702500",
        "085537.932500",
        "085541.162500",
        "085544.392500",
        "085547.622500",
        "085550.852500",
        "085554.082500",
        "085557.312500",
        "085600.542500",
        "085603.772500",
        "085607.002500",
        "085610.232500",
        "085613.462500",
        "085616.692500",
        "085619.922500",
        "085623.152500",
        "085626.382500",
        "085629.612500",
        "085632.842500"
      ],
      "ContentTime": [
        "085232.513000",
        "085232.517000",
        "085232.520000",
        "085232.524000",
        "085232.527000",
        "085232.531000",
        "085232.534000",
        "085232.538000",
        "085232.551000",
        "085232.555000",
        "085232.558000",
        "085232.562000",
        "085232.565000",
        "085232.568000",
        "085232.572000",
        "085232.584000",
        "085232.587000",
        "085232.591000",
        "085232.594000",
        "085232.598000",
        "085232.601000",
        "085232.604000",
        "085232.608000",
        "085352.479000",
        "085352.482000",
        "085352.486000",
        "085352.490000",
        "085352.494000",
        "085352.498000",
        "085352.501000",
        "085352.504000",
        "085352.508000",
        "085352.511000",
        "085352.515000",
        "085352.518000",
        "085352.521000",
        "085352.525000",
        "085352.528000",
        "085352.532000",
        "085352.535000",
        "085352.538000",
        "085352.542000",
        "085352.545000",
        "085352.548000",
        "085352.552000",
        "085352.555000",
        "085352.559000",
        "085352.562000",
        "085512.479000",
        "085512.483000",
        "085512.487000",
        "085512.490000",
        "085512.494000",
        "085512.497000",
        "085512.501000",
        "085512.504000",
        "085512.508000",
        "085512.511000",
        "085512.514000",
        "085512.518000",
        "085512.521000",
        "085512.525000",
        "085512.528000",
        "085512.531000",
        "085512.535000",
        "085512.538000",
        "085512.542000",
        "085512.545000",
        "085512.549000",
        "085512.552000",
        "085512.555000",
        "085512.559000",
        "085532.480000",
        "085532.483000",
        "085532.487000",
        "085532.491000",
        "085532.494000",
        "085532.497000",
        "085532.501000",
        "085637.081000",
        "085637.084000",
        "085637.088000",
        "085637.091000",
        "085637.095000",
        "085637.098000",
        "085637.102000",
        "085637.105000",
        "085637.108000",
        "085637.112000",
        "085637.115000",
        "085637.119000",
        "085637.122000",
        "085637.126000",
        "085637.129000",
        "085637.132000",
        "085637.136000",
        "085637.139000",
        "085637.143000",
        "085637.146000"
      ],
      "InstanceCreationTime": [
        "085232.513000",
        "085232.517000",
        "085232.520000",
        "085232.524000",
        "085232.527000",
        "085232.531000",
        "085232.534000",
        "085232.538000",
        "085232.551000",
        "085232.555000",
        "085232.558000",
        "085232.562000",
        "085232.565000",
        "085232.568000",
        "085232.572000",
        "085232.584000",
        "085232.587000",
        "085232.591000",
        "085232.594000",
        "085232.598000",
        "085232.601000",
        "085232.604000",
        "085232.608000",
        "085352.479000",
        "085352.482000",
        "085352.486000",
        "085352.490000",
        "085352.494000",
        "085352.498000",
        "085352.501000",
        "085352.504000",
        "085352.508000",
        "085352.511000",
        "085352.515000",
        "085352.518000",
        "085352.521000",
        "085352.525000",
        "085352.528000",
        "085352.532000",
        "085352.535000",
        "085352.538000",
        "085352.542000",
        "085352.545000",
        "085352.548000",
        "085352.552000",
        "085352.555000",
        "085352.559000",
        "085352.562000",
        "085512.479000",
        "085512.483000",
        "085512.487000",
        "085512.490000",
        "085512.494000",
        "085512.497000",
        "085512.501000",
        "085512.504000",
        "085512.508000",
        "085512.511000",
        "085512.514000",
        "085512.518000",
        "085512.521000",
        "085512.525000",
        "085512.528000",
        "085512.531000",
        "085512.535000",
        "085512.538000",
        "085512.542000",
        "085512.545000",
        "085512.549000",
        "085512.552000",
        "085512.555000",
        "085512.559000",
        "085532.480000",
        "085532.483000",
        "085532.487000",
        "085532.491000",
        "085532.494000",
        "085532.497000",
        "085532.501000",
        "085637.081000",
        "085637.084000",
        "085637.088000",
        "085637.091000",
        "085637.095000",
        "085637.098000",
        "085637.102000",
        "085637.105000",
        "085637.108000",
        "085637.112000",
        "085637.115000",
        "085637.119000",
        "085637.122000",
        "085637.126000",
        "085637.129000",
        "085637.132000",
        "085637.136000",
        "085637.139000",
        "085637.143000",
        "085637.146000"
      ],
      "InstanceNumber": [
        1,
        2,
        3,
        4,
        5,
        6,
        7,
        8,
        9,
        10,
        11,
        12,
        13,
        14,
        15,
        16,
        17,
        18,
        19,
        20,
        21,
        22,
        23,
        24,
        25,
        26,
        27,
        28,
        29,
        30,
        31,
        32,
        33,
        34,
        35,
        36,
        37,
        38,
        39,
        40,
        41,
        42,
        43,
        44,
        45,
        46,
        47,
        48,
        49,
        50,
        51,
        52,
        53,
        54,
        55,
        56,
        57,
        58,
        59,
        60,
        61,
        62,
        63,
        64,
        65,
        66,
        67,
        68,
        69,
        70,
        71,
        72,
        73,
        74,
        75,
        76,
        77,
        78,
        79,
        80,
        81,
        82,
        83,
        84,
        85,
        86,
        87,
        88,
        89,
        90,
        91,
        92,
        93,
        94,
        95,
        96,
        97,
        98,
        99
      ],
      "LargestImagePixelValue": [
        30350,
        33487,
        5948,
        2736,
        5804,
        3091,
        6399,
        2550,
        5815,
        3210,
        6335,
        3063,
        6090,
        2754,
        6880,
        3071,
        6150,
        33627,
        3400,
        7015,
        2919,
        6794,
        3260,
        5098,
        2858,
        7213,
        3523,
        6282,
        2626,
        5647,
        3206,
        5247,
        3122,
        31260,
        6740,
        2354,
        6403,
        3269,
        6621,
        2744,
        6476,
        2442,
        5665,
        3185,
        5893,
        3171,
        4793,
        2579,
        5879,
        32153,
        4299,
        6363,
        2414,
        8051,
        2744,
        5412,
        2808,
        7055,
        3343,
        5347,
        2669,
        7356,
        3478,
        7181,
        2716,
        32588,
        7414,
        2707,
        6146,
        3075,
        6111,
        4292,
        5878,
        3356,
        6430,
        2496,
        6314,
        2637,
        6310,
        3122,
        6608,
        31480,
        3494,
        5392,
        2407,
        6494,
        2538,
        6368,
        3058,
        7584,
        4429,
        5340,
        2975,
        6709,
        2896,
        5955,
        2638,
        7567,
        2700
      ],
      "SequenceName": [
        "ep_b5#1",
        "ep_b5#1",
        "ep_b1490#2",
        "ep_b2990#3",
        "ep_b1495#4",
        "ep_b3005#5",
        "ep_b1500#6",
        "ep_b2985#7",
        "ep_b1495#8",
        "ep_b3005#9",
        "ep_b1490#10",
        "ep_b2995#11",
        "ep_b1490#12",
        "ep_b2985#13",
        "ep_b1500#14",
        "ep_b2985#15",
        "ep_b1500#16",
        "ep_b5#17",
        "ep_b3005#18",
        "ep_b1490#19",
        "ep_b2995#20",
        "ep_b1500#21",
        "ep_b3000#22",
        "ep_b1495#23",
        "ep_b3005#24",
        "ep_b1490#25",
        "ep_b2985#26",
        "ep_b1505#27",
        "ep_b2995#28",
        "ep_b1500#29",
        "ep_b3005#30",
        "ep_b1490#31",
        "ep_b3005#32",
        "ep_b5#33",
        "ep_b1505#34",
        "ep_b2995#35",
        "ep_b1490#36",
        "ep_b2980#37",
        "ep_b1495#38",
        "ep_b2995#39",
        "ep_b1500#40",
        "ep_b2995#41",
        "ep_b1500#42",
        "ep_b2985#43",
        "ep_b1495#44",
        "ep_b3000#45",
        "ep_b1495#46",
        "ep_b3000#47",
        "ep_b1490#48",
        "ep_b5#49",
        "ep_b3005#50",
        "ep_b1500#51",
        "ep_b2990#52",
        "ep_b1505#53",
        "ep_b2995#54",
        "ep_b1495#55",
        "ep_b2985#56",
        "ep_b1490#57",
        "ep_b3000#58",
        "ep_b1500#59",
        "ep_b3000#60",
        "ep_b1500#61",
        "ep_b2985#62",
        "ep_b1500#63",
        "ep_b2990#64",
        "ep_b5#65",
        "ep_b1505#66",
        "ep_b3005#67",
        "ep_b1500#68",
        "ep_b3000#69",
        "ep_b1505#70",
        "ep_b3005#71",
        "ep_b1500#72",
        "ep_b3005#73",
        "ep_b1490#74",
        "ep_b2995#75",
        "ep_b1490#76",
        "ep_b3000#77",
        "ep_b1505#78",
        "ep_b3000#79",
        "ep_b1490#80",
        "ep_b5#81",
        "ep_b2985#82",
        "ep_b1500#83",
        "ep_b2985#84",
        "ep_b1490#85",
        "ep_b2995#86",
        "ep_b1495#87",
        "ep_b2995#88",
        "ep_b1490#89",
        "ep_b2980#90",
        "ep_b1495#91",
        "ep_b3000#92",
        "ep_b1490#93",
        "ep_b3005#94",
        "ep_b1495#95",
        "ep_b2990#96",
        "ep_b1500#97",
        "ep_b3000#98"
      ],
      "TriggerTime": [
        18777.5,
        22007.5,
        25237.5,
        28467.5,
        31697.5,
        34927.5,
        38157.5,
        41387.5,
        44617.5,
        47847.5,
        51077.5,
        54307.5,
        57537.5,
        60767.5,
        63997.5,
        67227.5,
        70457.5,
        73687.5,
        76917.5,
        80147.5,
        83377.5,
        86607.5,
        89837.5,
        93067.5,
        96297.5,
        99527.5,
        102757.5,
        105987.5,
        109217.5,
        112447.5,
        115677.5,
        118907.5,
        122137.5,
        125367.5,
        128597.5,
        131827.5,
        135057.5,
        138287.5,
        141517.5,
        144747.5,
        147977.5,
        151207.5,
        154437.5,
        157667.5,
        160897.5,
        164127.5,
        167357.5,
        170587.5,
        173817.5,
        177047.5,
        180277.5,
        183507.5,
        186737.5,
        189967.5,
        193197.5,
        196427.5,
        199657.5,
        202887.5,
        206117.5,
        209347.5,
        212577.5,
        215807.5,
        219037.5,
        222267.5,
        225497.5,
        228727.5,
        231957.5,
        235187.5,
        238417.5,
        241647.5,
        244877.5,
        248107.5,
        251337.5,
        254567.5,
        257797.5,
        261027.5,
        264257.5,
        267487.5,
        270717.5,
        273947.5,
        277177.5,
        280407.5,
        283637.5,
        286867.5,
        290097.5,
        293327.5,
        296557.5,
        299787.5,
        303017.5,
        306247.5,
        309477.5,
        312707.5,
        315937.5,
        319167.5,
        322397.5,
        325627.5,
        328857.5,
        332087.5,
        335317.5
      ],
      "WindowCenter": [
        4507,
        4586,
        1481,
        870,
        1498,
        879,
        1508,
        842,
        1497,
        861,
        1479,
        900,
        1511,
        873,
        1507,
        884,
        1481,
        4573,
        891,
        1520,
        867,
        1507,
        886,
        1455,
        873,
        1488,
        888,
        1480,
        846,
        1497,
        864,
        1470,
        882,
        4537,
        1480,
        819,
        1462,
        859,
        1505,
        875,
        1493,
        842,
        1464,
        893,
        1481,
        862,
        1443,
        846,
        1482,
        4556,
        916,
        1509,
        848,
        1489,
        872,
        1483,
        884,
        1521,
        876,
        1483,
        842,
        1491,
        887,
        1550,
        851,
        4557,
        1492,
        843,
        1496,
        881,
        1481,
        919,
        1497,
        860,
        1478,
        848,
        1493,
        864,
        1508,
        864,
        1492,
        4564,
        890,
        1469,
        840,
        1509,
        846,
        1480,
        882,
        1490,
        913,
        1469,
        874,
        1539,
        855,
        1494,
        847,
        1504,
        842
      ],
      "WindowWidth": [
        10224,
        10357,
        3801,
        2374,
        3843,
        2388,
        3858,
        2306,
        3837,
        2341,
        3794,
        2446,
        3868,
        2385,
        3855,
        2406,
        3806,
        10342,
        2413,
        3877,
        2363,
        3852,
        2413,
        3749,
        2382,
        3805,
        2403,
        3798,
        2322,
        3837,
        2354,
        3785,
        2399,
        10282,
        3796,
        2256,
        3756,
        2334,
        3845,
        2393,
        3823,
        2306,
        3767,
        2418,
        3803,
        2345,
        3731,
        2320,
        3805,
        10305,
        2466,
        3860,
        2330,
        3810,
        2381,
        3808,
        2406,
        3879,
        2377,
        3806,
        2307,
        3820,
        2399,
        3942,
        2337,
        10303,
        3819,
        2309,
        3833,
        2395,
        3801,
        2480,
        3840,
        2337,
        3791,
        2328,
        3820,
        2368,
        3854,
        2353,
        3819,
        10339,
        2410,
        3780,
        2300,
        3857,
        2321,
        3797,
        2401,
        3813,
        2457,
        3780,
        2386,
        3925,
        2337,
        3828,
        2325,
        3842,
        2304
      ]
    },
