{
  "AcquisitionMatrixPE": 104,
  "AcquisitionNumber": 1,
  "AcquisitionTime": "08:24:57.342500",
  "BandwidthPerPixelPhaseEncode": 16.578,
  "BaseResolution": 104,
  "BodyPartExamined": "BRAIN",
  "CoilCombinationMethod": "Sum of Squares",
  "ConsistencyInfo": "N4_VE11C_LATEST_20160120",
  "ConversionSoftware": "dcm2niix",
  "ConversionSoftwareVersion": "v1.0.20220720",
  "DerivedVendorReportedEchoSpacing": 0.000580009,
  "DeviceSerialNumber": "67026",
  "DwellTime": 2.1e-06,
  "EchoTime": 0.066,
  "EchoTrainLength": 104,
  "EffectiveEchoSpacing": 0.000580009,
  "FlipAngle": 90,
  "HeudiconvVersion": "0.11.4",
  "ImageOrientationPatientDICOM": [
    0.997605,
    0.0218019,
    0.0656371,
    0.0174133,
    0.839272,
    -0.543433
  ],
  "ImageOrientationText": "Tra>Cor(-33.0)>Sag(3.8)",
  "ImageType": [
    "ORIGINAL",
    "PRIMARY",
    "M",
    "ND",
    "MOSAIC"
  ],
  "ImagingFrequency": 123.203,
  "InPlanePhaseEncodingDirectionDICOM": "COL",
  "InstitutionAddress": "13th St. 149,Charlestown,MA,US,02129",
  "InstitutionName": "MGH PrismaFit-Bay4",
  "InstitutionalDepartmentName": "Martinos Center",
  "MRAcquisitionType": "2D",
  "MagneticFieldStrength": 3,
  "Manufacturer": "Siemens",
  "ManufacturersModelName": "Prisma_fit",
  "MatrixCoilMode": "SENSE",
  "Modality": "MR",
  "NonlinearGradientCorrection": false,
  "PartialFourier": 1,
  "PatientPosition": "HFS",
  "PercentPhaseFOV": 100,
  "PercentSampling": 100,
  "PhaseEncodingDirection": "j",
  "PhaseEncodingSteps": 104,
  "PhaseResolution": 1,
  "PixelBandwidth": 2290,
  "ProcedureStepDescription": "INVESTIGATORS^Greve",
  "ProtocolName": "SpinEchoFieldMap_PA",
  "PulseSequenceDetails": "%CustomerSeq%\\hcp_mbep2d_se",
  "ReceiveCoilActiveElements": "HEA;HEP",
  "ReceiveCoilName": "Head_32",
  "ReconMatrixPE": 104,
  "RepetitionTime": 8,
  "SAR": 0.153413,
  "ScanOptions": "FS",
  "ScanningSequence": "EP",
  "SequenceName": "epse2d1_104",
  "SequenceVariant": "SK",
  "SeriesDescription": "SpinEchoFieldMap_PA",
  "SeriesNumber": 41,
  "ShimSetting": [
    -1188,
    -10471,
    -10166,
    480,
    134,
    205,
    -85,
    -48
  ],
  "SliceThickness": 2,
  "SliceTiming": [
    3.99,
    0,
    4.1,
    0.11,
    4.2125,
    0.2225,
    4.3225,
    0.3325,
    4.4325,
    0.4425,
    4.545,
    0.555,
    4.655,
    0.665,
    4.765,
    0.775,
    4.8775,
    0.8875,
    4.9875,
    0.9975,
    5.0975,
    1.1075,
    5.21,
    1.22,
    5.32,
    1.33,
    5.43,
    1.44,
    5.5425,
    1.5525,
    5.6525,
    1.6625,
    5.7625,
    1.7725,
    5.875,
    1.885,
    5.985,
    1.995,
    6.095,
    2.105,
    6.205,
    2.2175,
    6.3175,
    2.3275,
    6.4275,
    2.4375,
    6.5375,
    2.55,
    6.65,
    2.66,
    6.76,
    2.77,
    6.87,
    2.8825,
    6.9825,
    2.9925,
    7.0925,
    3.1025,
    7.2025,
    3.215,
    7.315,
    3.325,
    7.425,
    3.435,
    7.535,
    3.5475,
    7.6475,
    3.6575,
    7.7575,
    3.7675,
    7.8675,
    3.88
  ],
  "SoftwareVersions": "syngo MR E11",
  "SpacingBetweenSlices": 2,
  "StationName": "BAY4OC",
  "TotalReadoutTime": 0.0597409,
  "TxRefAmp": 250.707,
  "VendorReportedEchoSpacing": 0.00058,
  "WipMemBlock": "0f0b86be-b15b-4118-adb9-057385e4f470||Sequence: ve11c/master r/5b0256d+; Dec  9 2016 09:59:18 by eja",
  "dcmmeta_affine": [
    [
      -1.9952107667922974,
      0.03482659161090851,
      0.13387054204940796,
      101.62745666503906
    ],
    [
      -0.04360383749008179,
      1.6785444021224976,
      -1.0865483283996582,
      -30.60649299621582
    ],
    [
      0.13127422332763672,
      1.0868651866912842,
      1.6737655401229858,
      -115.1475601196289
    ],
    [
      0,
      0,
      0,
      1
    ]
  ],
  "dcmmeta_reorient_transform": [
    [
      0,
      -1,
      0,
      103
    ],
    [
      1,
      0,
      0,
      0
    ],
    [
      0,
      0,
      1,
      0
    ],
    [
      0,
      0,
      0,
      1
    ]
  ],
  "dcmmeta_shape": [
    104,
    104,
    72,
    3
  ],
  "dcmmeta_slice_dim": 2,
  "dcmmeta_version": 0.6,
  "time": {
    "samples": {
      "AcquisitionNumber": [
        1,
        2,
        3
      ],
      "AcquisitionTime": [
        "082457.342500",
        "082505.342500",
        "082513.342500"
      ],
      "ContentTime": [
        "082552.772000",
        "082552.775000",
        "082552.778000"
      ],
      "InstanceCreationTime": [
        "082552.772000",
        "082552.775000",
        "082552.778000"
      ],
      "InstanceNumber": [
        1,
        2,
        3
      ],
      "WindowCenter": [
        7100,
        7090,
        7100
      ],
      "WindowWidth": [
        15716,
        15687,
        15737
      ]
    },
    "slices": {}
  }
}
