{
  "AcquisitionMatrixPE": 104,
  "AcquisitionNumber": 1,
  "AcquisitionTime": "18:35:21.537500",
  "BandwidthPerPixelPhaseEncode": 16.578,
  "BaseResolution": 104,
  "BodyPartExamined": "BRAIN",
  "CoilCombinationMethod": "Sum of Squares",
  "ConsistencyInfo": "N4_VE11C_LATEST_20160120",
  "ConversionSoftware": "dcm2niix",
  "ConversionSoftwareVersion": "v1.0.20220720",
  "DerivedVendorReportedEchoSpacing": 0.000580009,
  "DeviceSerialNumber": "67026",
  "DwellTime": 2.1e-06,
  "EchoTime": 0.066,
  "EchoTrainLength": 104,
  "EffectiveEchoSpacing": 0.000580009,
  "FlipAngle": 90,
  "HeudiconvVersion": "0.11.4",
  "ImageOrientationPatientDICOM": [
    0.999747,
    0.0218993,
    0.00513104,
    -0.016927,
    0.882763,
    -0.469514
  ],
  "ImageOrientationText": "Tra>Cor(-28.0)>Sag(0.8)",
  "ImageType": [
    "ORIGINAL",
    "PRIMARY",
    "M",
    "ND",
    "MOSAIC"
  ],
  "ImagingFrequency": 123.205,
  "InPlanePhaseEncodingDirectionDICOM": "COL",
  "InstitutionAddress": "13th St. 149,Charlestown,MA,US,02129",
  "InstitutionName": "Martinos Center Bay 4 Prisma VE11C",
  "InstitutionalDepartmentName": "Martinos Center",
  "MRAcquisitionType": "2D",
  "MagneticFieldStrength": 3,
  "Manufacturer": "Siemens",
  "ManufacturersModelName": "Prisma_fit",
  "MatrixCoilMode": "SENSE",
  "Modality": "MR",
  "NonlinearGradientCorrection": false,
  "PartialFourier": 1,
  "PatientPosition": "HFS",
  "PercentPhaseFOV": 100,
  "PercentSampling": 100,
  "PhaseEncodingDirection": "j",
  "PhaseEncodingSteps": 104,
  "PhaseResolution": 1,
  "PixelBandwidth": 2290,
  "ProcedureStepDescription": "INVESTIGATORS^Greve",
  "ProtocolName": "SpinEchoFieldMap_PA",
  "PulseSequenceDetails": "%CustomerSeq%\\hcp_mbep2d_se",
  "ReceiveCoilActiveElements": "HEA;HEP",
  "ReceiveCoilName": "Head_32",
  "ReconMatrixPE": 104,
  "RepetitionTime": 8,
  "SAR": 0.189024,
  "ScanOptions": "FS",
  "ScanningSequence": "EP",
  "SequenceName": "epse2d1_104",
  "SequenceVariant": "SK",
  "SeriesDescription": "SpinEchoFieldMap_PA",
  "SeriesNumber": 36,
  "ShimSetting": [
    -1207,
    -10500,
    -10179,
    414,
    240,
    204,
    -77,
    7
  ],
  "SliceThickness": 2,
  "SliceTiming": [
    3.9875,
    0,
    4.1,
    0.11,
    4.21,
    0.22,
    4.32,
    0.3325,
    4.4325,
    0.4425,
    4.5425,
    0.5525,
    4.6525,
    0.665,
    4.765,
    0.775,
    4.875,
    0.885,
    4.985,
    0.9975,
    5.0975,
    1.1075,
    5.2075,
    1.2175,
    5.3175,
    1.33,
    5.43,
    1.44,
    5.54,
    1.55,
    5.65,
    1.6625,
    5.7625,
    1.7725,
    5.8725,
    1.8825,
    5.9825,
    1.995,
    6.095,
    2.105,
    6.205,
    2.215,
    6.315,
    2.3275,
    6.4275,
    2.4375,
    6.5375,
    2.5475,
    6.6475,
    2.66,
    6.76,
    2.77,
    6.87,
    2.88,
    6.98,
    2.99,
    7.0925,
    3.1025,
    7.2025,
    3.2125,
    7.3125,
    3.3225,
    7.425,
    3.435,
    7.535,
    3.545,
    7.645,
    3.655,
    7.7575,
    3.7675,
    7.8675,
    3.8775
  ],
  "SoftwareVersions": "syngo MR E11",
  "SpacingBetweenSlices": 2,
  "StationName": "BAY4OC",
  "TotalReadoutTime": 0.0597409,
  "TxRefAmp": 268.641,
  "VendorReportedEchoSpacing": 0.00058,
  "WipMemBlock": "b334cd2a-9177-47f2-a0ab-c8a2adb501a8||Sequence: ve11c/master r/5b0256d+; Dec  9 2016 09:59:18 by eja",
  "dcmmeta_affine": [
    [
      -1.9994940757751465,
      -0.03385406360030174,
      0.029622990638017654,
      104.000244140625
    ],
    [
      -0.043798502534627914,
      1.765525460243225,
      -0.9386167526245117,
      -38.31915283203125
    ],
    [
      0.010262076742947102,
      0.9390280246734619,
      1.7658202648162842,
      -111.92925262451172
    ],
    [
      0,
      0,
      0,
      1
    ]
  ],
  "dcmmeta_reorient_transform": [
    [
      0,
      -1,
      0,
      103
    ],
    [
      1,
      0,
      0,
      0
    ],
    [
      0,
      0,
      1,
      0
    ],
    [
      0,
      0,
      0,
      1
    ]
  ],
  "dcmmeta_shape": [
    104,
    104,
    72,
    3
  ],
  "dcmmeta_slice_dim": 2,
  "dcmmeta_version": 0.6,
  "time": {
    "samples": {
      "AcquisitionNumber": [
        1,
        2,
        3
      ],
      "AcquisitionTime": [
        "183521.537500",
        "183529.537500",
        "183537.537500"
      ],
      "ContentTime": [
        "183624.079000",
        "183624.083000",
        "183624.086000"
      ],
      "InstanceCreationTime": [
        "183624.079000",
        "183624.083000",
        "183624.086000"
      ],
      "InstanceNumber": [
        1,
        2,
        3
      ],
      "WindowCenter": [
        7723,
        7723,
        7720
      ],
      "WindowWidth": [
        17290,
        17299,
        17284
      ]
    },
    "slices": {}
  }
}
