{
  "AcquisitionMatrixPE": 64,
  "AcquisitionNumber": 1,
  "AcquisitionTime": "08:36:39.432500",
  "BaseResolution": 64,
  "BodyPartExamined": "BRAIN",
  "CoilCombinationMethod": "Sum of Squares",
  "ConsistencyInfo": "N4_VE11C_LATEST_20160120",
  "ConversionSoftware": "dcm2niix",
  "ConversionSoftwareVersion": "v1.0.20220720",
  "DeviceSerialNumber": "67026",
  "DwellTime": 1.31e-05,
  "EchoNumber": 2,
  "EchoTime": 0.00738,
  "EchoTime1": 0.00492,
  "EchoTime2": 0.00738,
  "FlipAngle": 60,
  "HeudiconvVersion": "0.11.4",
  "ImageOrientationPatientDICOM": [
    0.999354,
    0.0111531,
    0.0341609,
    0.00244189,
    0.927344,
    -0.374202
  ],
  "ImageOrientationText": "Tra>Cor(-22.0)>Sag(2.1)",
  "ImageType": [
    "ORIGINAL",
    "PRIMARY",
    "P",
    "ND",
    "PHASE"
  ],
  "ImagingFrequency": 123.175,
  "InPlanePhaseEncodingDirectionDICOM": "ROW",
  "InstitutionAddress": "13th St. 149,Charlestown,MA,US,02129",
  "InstitutionName": "Martinos Center Bay 4 Prisma",
  "InstitutionalDepartmentName": "Martinos Center",
  "MRAcquisitionType": "2D",
  "MagneticFieldStrength": 3,
  "Manufacturer": "Siemens",
  "ManufacturersModelName": "Prisma_fit",
  "MatrixCoilMode": "SENSE",
  "Modality": "MR",
  "NonlinearGradientCorrection": false,
  "PartialFourier": 1,
  "PatientPosition": "HFS",
  "PercentPhaseFOV": 100,
  "PercentSampling": 100,
  "PhaseEncodingDirection": "i",
  "PhaseEncodingSteps": 64,
  "PhaseResolution": 1,
  "PixelBandwidth": 595,
  "ProcedureStepDescription": "INVESTIGATORS^Greve",
  "ProtocolName": "gre_field_mapping_2mm",
  "PulseSequenceDetails": "%SiemensSeq%\\gre_field_mapping",
  "ReceiveCoilActiveElements": "HEA;HEP",
  "ReceiveCoilName": "Head_32",
  "ReconMatrixPE": 64,
  "RepetitionTime": 0.701,
  "SAR": 0.132845,
  "ScanningSequence": "GR",
  "SequenceName": "*fm2d2r",
  "SequenceVariant": "SP",
  "SeriesDescription": "gre_field_mapping_2mm",
  "SeriesNumber": 42,
  "ShimSetting": [
    -1208,
    -10514,
    -10199,
    345,
    158,
    31,
    -71,
    -5
  ],
  "SliceThickness": 2,
  "SliceTiming": [
    0.34375,
    0,
    0.35938,
    0.00781,
    0.36719,
    0.01562,
    0.375,
    0.02344,
    0.38281,
    0.03125,
    0.39062,
    0.04688,
    0.40625,
    0.05469,
    0.41406,
    0.0625,
    0.42188,
    0.07031,
    0.4375,
    0.08594,
    0.44531,
    0.09375,
    0.45312,
    0.10156,
    0.46094,
    0.10938,
    0.46875,
    0.125,
    0.48438,
    0.13281,
    0.49219,
    0.14062,
    0.5,
    0.14844,
    0.50781,
    0.16406,
    0.52344,
    0.17188,
    0.53125,
    0.17969,
    0.53906,
    0.1875,
    0.54688,
    0.19531,
    0.5625,
    0.21094,
    0.57031,
    0.21875,
    0.57812,
    0.22656,
    0.58594,
    0.24219,
    0.60156,
    0.25,
    0.60938,
    0.25781,
    0.61719,
    0.26562,
    0.63281,
    0.27344,
    0.63281,
    0.28906,
    0.64844,
    0.29688,
    0.65625,
    0.30469,
    0.66406,
    0.32031,
    0.67969,
    0.32812,
    0.6875,
    0.33594
  ],
  "SoftwareVersions": "syngo MR E11",
  "SpacingBetweenSlices": 2,
  "StationName": "BAY4OC",
  "TxRefAmp": 228.201,
  "dcmmeta_affine": [
    [
      -2.9980623722076416,
      0.007325661368668079,
      0.07170486450195312,
      94.78292846679688
    ],
    [
      -0.03345932811498642,
      2.7820322513580322,
      -0.7480874061584473,
      -40.620216369628906
    ],
    [
      0.10248278826475143,
      1.1226052045822144,
      1.8534393310546875,
      -97.68571472167969
    ],
    [
      0,
      0,
      0,
      1
    ]
  ],
  "dcmmeta_reorient_transform": [
    [
      0,
      -1,
      0,
      63
    ],
    [
      1,
      0,
      0,
      0
    ],
    [
      0,
      0,
      -1,
      71
    ],
    [
      0,
      0,
      0,
      1
    ]
  ],
  "dcmmeta_shape": [
    64,
    64,
    72
  ],
  "dcmmeta_slice_dim": 2,
  "dcmmeta_version": 0.6
}
