{
  "AcquisitionMatrixPE": 64,
  "AcquisitionNumber": 1,
  "AcquisitionTime": "09:38:25.397500",
  "BaseResolution": 64,
  "BodyPartExamined": "BRAIN",
  "CoilCombinationMethod": "Sum of Squares",
  "ConsistencyInfo": "N4_VE11C_LATEST_20160120",
  "ConversionSoftware": "dcm2niix",
  "ConversionSoftwareVersion": "v1.0.20220720",
  "DeviceSerialNumber": "67026",
  "DwellTime": 1.31e-05,
  "EchoNumber": 2,
  "EchoTime": 0.00738,
  "EchoTime1": 0.00492,
  "EchoTime2": 0.00738,
  "FlipAngle": 60,
  "HeudiconvVersion": "0.11.4",
  "ImageOrientationPatientDICOM": [
    0.992846,
    0.0133091,
    -0.118654,
    -0.072039,
    0.859278,
    -0.506411
  ],
  "ImageOrientationText": "Tra>Cor(-30.9)>Sag(-5.5)",
  "ImageType": [
    "ORIGINAL",
    "PRIMARY",
    "P",
    "ND",
    "PHASE"
  ],
  "ImagingFrequency": 123.177,
  "InPlanePhaseEncodingDirectionDICOM": "ROW",
  "InstitutionAddress": "13th St. 149,Charlestown,MA,US,02129",
  "InstitutionName": "Martinos Center Bay 4 Prisma",
  "InstitutionalDepartmentName": "Martinos Center",
  "MRAcquisitionType": "2D",
  "MagneticFieldStrength": 3,
  "Manufacturer": "Siemens",
  "ManufacturersModelName": "Prisma_fit",
  "MatrixCoilMode": "SENSE",
  "Modality": "MR",
  "NonlinearGradientCorrection": false,
  "PartialFourier": 1,
  "PatientPosition": "HFS",
  "PercentPhaseFOV": 100,
  "PercentSampling": 100,
  "PhaseEncodingDirection": "i",
  "PhaseEncodingSteps": 64,
  "PhaseResolution": 1,
  "PixelBandwidth": 595,
  "ProcedureStepDescription": "INVESTIGATORS^Greve",
  "ProtocolName": "gre_field_mapping_2mm",
  "PulseSequenceDetails": "%SiemensSeq%\\gre_field_mapping",
  "ReceiveCoilActiveElements": "HEA;HEP",
  "ReceiveCoilName": "Head_32",
  "ReconMatrixPE": 64,
  "RepetitionTime": 0.701,
  "SAR": 0.127544,
  "ScanningSequence": "GR",
  "SequenceName": "*fm2d2r",
  "SequenceVariant": "SP",
  "SeriesDescription": "gre_field_mapping_2mm",
  "SeriesNumber": 35,
  "ShimSetting": [
    -1244,
    -10489,
    -10155,
    542,
    163,
    -40,
    -49,
    6
  ],
  "SliceThickness": 2,
  "SliceTiming": [
    0.35156,
    0,
    0.35938,
    0.00781,
    0.36719,
    0.01562,
    0.375,
    0.03125,
    0.39062,
    0.03906,
    0.39844,
    0.04688,
    0.40625,
    0.05469,
    0.42188,
    0.07031,
    0.42969,
    0.07812,
    0.4375,
    0.08594,
    0.44531,
    0.09375,
    0.45312,
    0.10938,
    0.46875,
    0.11719,
    0.47656,
    0.125,
    0.48438,
    0.13281,
    0.49219,
    0.14844,
    0.50781,
    0.15625,
    0.51562,
    0.16406,
    0.52344,
    0.17188,
    0.53906,
    0.17969,
    0.54688,
    0.19531,
    0.55469,
    0.20312,
    0.5625,
    0.21094,
    0.57031,
    0.22656,
    0.58594,
    0.23438,
    0.59375,
    0.24219,
    0.60156,
    0.25,
    0.60938,
    0.26562,
    0.625,
    0.27344,
    0.63281,
    0.28125,
    0.64062,
    0.28906,
    0.64844,
    0.29688,
    0.66406,
    0.3125,
    0.67188,
    0.32031,
    0.67969,
    0.32812,
    0.6875,
    0.34375
  ],
  "SoftwareVersions": "syngo MR E11",
  "SpacingBetweenSlices": 2,
  "StationName": "BAY4OC",
  "TxRefAmp": 256.306,
  "dcmmeta_affine": [
    [
      -2.97853946685791,
      -0.21611714363098145,
      -0.19043254852294922,
      106.2930679321289
    ],
    [
      -0.039927318692207336,
      2.5778329372406006,
      -1.0226707458496094,
      -43.70042419433594
    ],
    [
      -0.3559607267379761,
      1.5192337036132812,
      1.7081756591796875,
      -80.94438934326172
    ],
    [
      0,
      0,
      0,
      1
    ]
  ],
  "dcmmeta_reorient_transform": [
    [
      0,
      -1,
      0,
      63
    ],
    [
      1,
      0,
      0,
      0
    ],
    [
      0,
      0,
      -1,
      71
    ],
    [
      0,
      0,
      0,
      1
    ]
  ],
  "dcmmeta_shape": [
    64,
    64,
    72
  ],
  "dcmmeta_slice_dim": 2,
  "dcmmeta_version": 0.6
}
