{
  "AcquisitionMatrixPE": 140,
  "AcquisitionNumber": 1,
  "AcquisitionTime": "16:04:21.420000",
  "BandwidthPerPixelPhaseEncode": 10.352,
  "BaseResolution": 140,
  "BodyPartExamined": "BRAIN",
  "CoilCombinationMethod": "Sum of Squares",
  "ConsistencyInfo": "N4_VE11C_LATEST_20160120",
  "ConversionSoftware": "dcm2niix",
  "ConversionSoftwareVersion": "v1.0.20220720",
  "DerivedVendorReportedEchoSpacing": 0.000689998,
  "DeviceSerialNumber": "67026",
  "DiffusionScheme": "Monopolar",
  "DwellTime": 2.1e-06,
  "EchoTime": 0.0892,
  "EchoTrainLength": 105,
  "EffectiveEchoSpacing": 0.000689998,
  "FlipAngle": 78,
  "HeudiconvVersion": "0.11.4",
  "ImageComments": "Unaliased MB4/PE3/LB SENSE1",
  "ImageOrientationPatientDICOM": [
    0.997526,
    -0.0702109,
    -0.00354674,
    0.0554211,
    0.816434,
    -0.574773
  ],
  "ImageOrientationText": "Tra>Cor(-35.0)>Sag(-2.5)",
  "ImageType": [
    "ORIGINAL",
    "PRIMARY",
    "DIFFUSION",
    "NONE",
    "MB",
    "ND",
    "MOSAIC"
  ],
  "ImagingFrequency": 123.194,
  "InPlanePhaseEncodingDirectionDICOM": "COL",
  "InstitutionAddress": "13th St. 149,Charlestown,MA,US,02129",
  "InstitutionName": "MGH PrismaFit-Bay4",
  "InstitutionalDepartmentName": "Martinos Center",
  "MRAcquisitionType": "2D",
  "MagneticFieldStrength": 3,
  "Manufacturer": "Siemens",
  "ManufacturersModelName": "Prisma_fit",
  "MatrixCoilMode": "SENSE",
  "Modality": "MR",
  "MultibandAccelerationFactor": 4,
  "NonlinearGradientCorrection": false,
  "PartialFourier": 0.75,
  "PatientPosition": "HFS",
  "PercentPhaseFOV": 100,
  "PercentSampling": 100,
  "PhaseEncodingDirection": "j-",
  "PhaseEncodingSteps": 105,
  "PhaseResolution": 1,
  "PixelBandwidth": 1700,
  "ProcedureStepDescription": "INVESTIGATORS^Greve",
  "ProtocolName": "dMRI_dir98_AP",
  "PulseSequenceDetails": "%CustomerSeq%\\hcp_mbep2d_diff",
  "ReceiveCoilActiveElements": "HEA;HEP",
  "ReceiveCoilName": "Head_32",
  "ReconMatrixPE": 140,
  "RepetitionTime": 3.23,
  "SAR": 0.129662,
  "ScanOptions": "PFP\\EXT",
  "ScanningSequence": "EP",
  "SequenceName": "ep_b5#1",
  "SequenceVariant": "SK\\SS",
  "SeriesDescription": "dMRI_dir98_AP",
  "SeriesNumber": 50,
  "ShimSetting": [
    -1229,
    -10471,
    -10183,
    415,
    139,
    171,
    64,
    -1
  ],
  "SliceThickness": 1.5,
  "SliceTiming": [
    0,
    1.675,
    0.14,
    1.815,
    0.28,
    1.955,
    0.42,
    2.095,
    0.56,
    2.235,
    0.7,
    2.3725,
    0.8375,
    2.5125,
    0.9775,
    2.6525,
    1.1175,
    2.7925,
    1.2575,
    2.9325,
    1.3975,
    3.0725,
    1.5375,
    0,
    1.675,
    0.14,
    1.815,
    0.28,
    1.955,
    0.42,
    2.095,
    0.56,
    2.235,
    0.7,
    2.3725,
    0.8375,
    2.5125,
    0.9775,
    2.6525,
    1.1175,
    2.7925,
    1.2575,
    2.9325,
    1.3975,
    3.0725,
    1.5375,
    0,
    1.675,
    0.14,
    1.815,
    0.28,
    1.955,
    0.42,
    2.095,
    0.56,
    2.235,
    0.7,
    2.3725,
    0.8375,
    2.5125,
    0.9775,
    2.6525,
    1.1175,
    2.7925,
    1.2575,
    2.9325,
    1.3975,
    3.0725,
    1.5375,
    0,
    1.675,
    0.14,
    1.815,
    0.28,
    1.955,
    0.42,
    2.095,
    0.56,
    2.235,
    0.7,
    2.3725,
    0.8375,
    2.5125,
    0.9775,
    2.6525,
    1.1175,
    2.7925,
    1.2575,
    2.9325,
    1.3975,
    3.0725,
    1.5375
  ],
  "SoftwareVersions": "syngo MR E11",
  "SpacingBetweenSlices": 1.5,
  "StationName": "BAY4OC",
  "TotalReadoutTime": 0.0959097,
  "TxRefAmp": 237.217,
  "WipMemBlock": "0984f295-6bb2-463a-8eb2-f05ddd0ee8c4||Sequence: ve11c/master r/5b0256d+; Dec  9 2016 09:48:43 by eja",
  "dcmmeta_affine": [
    [
      -1.496288776397705,
      0.08313161879777908,
      -0.06487647444009781,
      96.4887924194336
    ],
    [
      0.10531628876924515,
      1.2246509790420532,
      -0.8597315549850464,
      -50.32389450073242
    ],
    [
      -0.005320108961313963,
      0.8621594905853271,
      1.2274577617645264,
      -105.64319610595703
    ],
    [
      0,
      0,
      0,
      1
    ]
  ],
  "dcmmeta_reorient_transform": [
    [
      0,
      -1,
      0,
      139
    ],
    [
      1,
      0,
      0,
      0
    ],
    [
      0,
      0,
      1,
      0
    ],
    [
      0,
      0,
      0,
      1
    ]
  ],
  "dcmmeta_shape": [
    140,
    140,
    92,
    99
  ],
  "dcmmeta_slice_dim": 2,
  "dcmmeta_version": 0.6,
  "time": {
    "samples": {
      "AcquisitionNumber": [
        1,
        2,
        3,
        4,
        5,
        6,
        7,
        8,
        9,
        10,
        11,
        12,
        13,
        14,
        15,
        16,
        17,
        18,
        19,
        20,
        21,
        22,
        23,
        24,
        25,
        26,
        27,
        28,
        29,
        30,
        31,
        32,
        33,
        34,
        35,
        36,
        37,
        38,
        39,
        40,
        41,
        42,
        43,
        44,
        45,
        46,
        47,
        48,
        49,
        50,
        51,
        52,
        53,
        54,
        55,
        56,
        57,
        58,
        59,
        60,
        61,
        62,
        63,
        64,
        65,
        66,
        67,
        68,
        69,
        70,
        71,
        72,
        73,
        74,
        75,
        76,
        77,
        78,
        79,
        80,
        81,
        82,
        83,
        84,
        85,
        86,
        87,
        88,
        89,
        90,
        91,
        92,
        93,
        94,
        95,
        96,
        97,
        98,
        99
      ],
      "AcquisitionTime": [
        "160421.420000",
        "160424.650000",
        "160427.880000",
        "160431.110000",
        "160434.340000",
        "160437.570000",
        "160440.800000",
        "160444.030000",
        "160447.260000",
        "160450.490000",
        "160453.720000",
        "160456.950000",
        "160500.180000",
        "160503.410000",
        "160506.640000",
        "160509.870000",
        "160513.100000",
        "160516.330000",
        "160519.560000",
        "160522.790000",
        "160526.020000",
        "160529.250000",
        "160532.480000",
        "160535.710000",
        "160538.940000",
        "160542.170000",
        "160545.400000",
        "160548.630000",
        "160551.860000",
        "160555.090000",
        "160558.320000",
        "160601.550000",
        "160604.780000",
        "160608.010000",
        "160611.240000",
        "160614.470000",
        "160617.700000",
        "160620.930000",
        "160624.160000",
        "160627.390000",
        "160630.620000",
        "160633.850000",
        "160637.080000",
        "160640.310000",
        "160643.540000",
        "160646.770000",
        "160650.000000",
        "160653.230000",
        "160656.460000",
        "160659.690000",
        "160702.920000",
        "160706.150000",
        "160709.380000",
        "160712.610000",
        "160715.840000",
        "160719.070000",
        "160722.300000",
        "160725.530000",
        "160728.760000",
        "160731.990000",
        "160735.220000",
        "160738.450000",
        "160741.680000",
        "160744.910000",
        "160748.140000",
        "160751.370000",
        "160754.600000",
        "160757.830000",
        "160801.060000",
        "160804.290000",
        "160807.520000",
        "160810.750000",
        "160813.980000",
        "160817.210000",
        "160820.440000",
        "160823.670000",
        "160826.900000",
        "160830.130000",
        "160833.360000",
        "160836.590000",
        "160839.820000",
        "160843.050000",
        "160846.280000",
        "160849.510000",
        "160852.740000",
        "160855.970000",
        "160859.200000",
        "160902.430000",
        "160905.660000",
        "160908.890000",
        "160912.120000",
        "160915.350000",
        "160918.580000",
        "160921.810000",
        "160925.040000",
        "160928.270000",
        "160931.500000",
        "160934.730000",
        "160937.960000"
      ],
      "ContentTime": [
        "160634.345000",
        "160634.349000",
        "160634.353000",
        "160634.356000",
        "160634.359000",
        "160634.370000",
        "160634.373000",
        "160634.377000",
        "160634.381000",
        "160634.385000",
        "160634.388000",
        "160634.392000",
        "160634.395000",
        "160634.398000",
        "160634.409000",
        "160634.413000",
        "160634.416000",
        "160634.420000",
        "160634.423000",
        "160634.426000",
        "160634.430000",
        "160634.438000",
        "160634.442000",
        "160634.445000",
        "160634.448000",
        "160634.452000",
        "160714.285000",
        "160714.289000",
        "160714.292000",
        "160714.296000",
        "160714.299000",
        "160714.302000",
        "160714.305000",
        "160714.309000",
        "160714.312000",
        "160714.315000",
        "160714.319000",
        "160714.322000",
        "160714.325000",
        "160714.329000",
        "160714.332000",
        "160714.335000",
        "160714.339000",
        "160714.342000",
        "160714.345000",
        "160714.349000",
        "160714.352000",
        "160714.355000",
        "160714.358000",
        "160714.362000",
        "160714.365000",
        "160714.368000",
        "160714.372000",
        "160834.286000",
        "160834.290000",
        "160834.300000",
        "160834.303000",
        "160834.307000",
        "160834.310000",
        "160834.314000",
        "160834.317000",
        "160834.320000",
        "160834.324000",
        "160834.327000",
        "160834.331000",
        "160834.334000",
        "160834.337000",
        "160834.340000",
        "160834.344000",
        "160834.347000",
        "160834.350000",
        "160834.354000",
        "160834.357000",
        "160834.360000",
        "160834.364000",
        "160834.367000",
        "160834.370000",
        "160834.374000",
        "160942.034000",
        "160942.038000",
        "160942.041000",
        "160942.045000",
        "160942.048000",
        "160942.052000",
        "160942.055000",
        "160942.059000",
        "160942.062000",
        "160942.065000",
        "160942.069000",
        "160942.072000",
        "160942.075000",
        "160942.079000",
        "160942.082000",
        "160942.086000",
        "160942.089000",
        "160942.093000",
        "160942.096000",
        "160942.100000",
        "160942.103000"
      ],
      "InstanceCreationTime": [
        "160634.345000",
        "160634.349000",
        "160634.353000",
        "160634.356000",
        "160634.359000",
        "160634.370000",
        "160634.373000",
        "160634.377000",
        "160634.381000",
        "160634.385000",
        "160634.388000",
        "160634.392000",
        "160634.395000",
        "160634.398000",
        "160634.409000",
        "160634.413000",
        "160634.416000",
        "160634.420000",
        "160634.423000",
        "160634.426000",
        "160634.430000",
        "160634.438000",
        "160634.442000",
        "160634.445000",
        "160634.448000",
        "160634.452000",
        "160714.285000",
        "160714.289000",
        "160714.292000",
        "160714.296000",
        "160714.299000",
        "160714.302000",
        "160714.305000",
        "160714.309000",
        "160714.312000",
        "160714.315000",
        "160714.319000",
        "160714.322000",
        "160714.325000",
        "160714.329000",
        "160714.332000",
        "160714.335000",
        "160714.339000",
        "160714.342000",
        "160714.345000",
        "160714.349000",
        "160714.352000",
        "160714.355000",
        "160714.358000",
        "160714.362000",
        "160714.365000",
        "160714.368000",
        "160714.372000",
        "160834.286000",
        "160834.290000",
        "160834.300000",
        "160834.303000",
        "160834.307000",
        "160834.310000",
        "160834.314000",
        "160834.317000",
        "160834.320000",
        "160834.324000",
        "160834.327000",
        "160834.331000",
        "160834.334000",
        "160834.337000",
        "160834.340000",
        "160834.344000",
        "160834.347000",
        "160834.350000",
        "160834.354000",
        "160834.357000",
        "160834.360000",
        "160834.364000",
        "160834.367000",
        "160834.370000",
        "160834.374000",
        "160942.034000",
        "160942.038000",
        "160942.041000",
        "160942.045000",
        "160942.048000",
        "160942.052000",
        "160942.055000",
        "160942.059000",
        "160942.062000",
        "160942.065000",
        "160942.069000",
        "160942.072000",
        "160942.075000",
        "160942.079000",
        "160942.082000",
        "160942.086000",
        "160942.089000",
        "160942.093000",
        "160942.096000",
        "160942.100000",
        "160942.103000"
      ],
      "InstanceNumber": [
        1,
        2,
        3,
        4,
        5,
        6,
        7,
        8,
        9,
        10,
        11,
        12,
        13,
        14,
        15,
        16,
        17,
        18,
        19,
        20,
        21,
        22,
        23,
        24,
        25,
        26,
        27,
        28,
        29,
        30,
        31,
        32,
        33,
        34,
        35,
        36,
        37,
        38,
        39,
        40,
        41,
        42,
        43,
        44,
        45,
        46,
        47,
        48,
        49,
        50,
        51,
        52,
        53,
        54,
        55,
        56,
        57,
        58,
        59,
        60,
        61,
        62,
        63,
        64,
        65,
        66,
        67,
        68,
        69,
        70,
        71,
        72,
        73,
        74,
        75,
        76,
        77,
        78,
        79,
        80,
        81,
        82,
        83,
        84,
        85,
        86,
        87,
        88,
        89,
        90,
        91,
        92,
        93,
        94,
        95,
        96,
        97,
        98,
        99
      ],
      "LargestImagePixelValue": [
        25488,
        25968,
        6274,
        4270,
        5736,
        4707,
        6003,
        4677,
        6420,
        4910,
        5875,
        4352,
        5979,
        4914,
        6213,
        4969,
        6171,
        25914,
        4543,
        6074,
        4871,
        5459,
        3061,
        6429,
        4008,
        6415,
        3840,
        5236,
        4115,
        5848,
        3609,
        6605,
        4449,
        25774,
        5486,
        3431,
        5724,
        4000,
        5568,
        3504,
        6027,
        3010,
        6353,
        4251,
        6382,
        4075,
        5832,
        3687,
        5848,
        26276,
        4583,
        5818,
        3210,
        6119,
        4610,
        6446,
        4013,
        5848,
        4643,
        6645,
        4358,
        6325,
        4847,
        5921,
        5012,
        24774,
        5870,
        2993,
        6654,
        4055,
        5310,
        4136,
        6288,
        4029,
        6306,
        3753,
        5951,
        3869,
        5776,
        3918,
        6500,
        26799,
        3909,
        7087,
        4050,
        5954,
        4007,
        6313,
        3491,
        6151,
        3731,
        5530,
        3912,
        6051,
        4258,
        6012,
        3853,
        6335,
        3925
      ],
      "SequenceName": [
        "ep_b5#1",
        "ep_b5#1",
        "ep_b1490#2",
        "ep_b2985#3",
        "ep_b1495#4",
        "ep_b3005#5",
        "ep_b1505#6",
        "ep_b2985#7",
        "ep_b1500#8",
        "ep_b3010#9",
        "ep_b1490#10",
        "ep_b2990#11",
        "ep_b1495#12",
        "ep_b2990#13",
        "ep_b1500#14",
        "ep_b2985#15",
        "ep_b1505#16",
        "ep_b5#17",
        "ep_b3005#18",
        "ep_b1495#19",
        "ep_b3000#20",
        "ep_b1495#21",
        "ep_b2995#22",
        "ep_b1495#23",
        "ep_b3000#24",
        "ep_b1490#25",
        "ep_b2980#26",
        "ep_b1505#27",
        "ep_b2990#28",
        "ep_b1495#29",
        "ep_b3005#30",
        "ep_b1490#31",
        "ep_b3000#32",
        "ep_b5#33",
        "ep_b1505#34",
        "ep_b3000#35",
        "ep_b1490#36",
        "ep_b2980#37",
        "ep_b1495#38",
        "ep_b3000#39",
        "ep_b1500#40",
        "ep_b2995#41",
        "ep_b1505#42",
        "ep_b2990#43",
        "ep_b1495#44",
        "ep_b3000#45",
        "ep_b1495#46",
        "ep_b3000#47",
        "ep_b1490#48",
        "ep_b5#49",
        "ep_b3005#50",
        "ep_b1495#51",
        "ep_b2995#52",
        "ep_b1505#53",
        "ep_b2995#54",
        "ep_b1490#55",
        "ep_b2990#56",
        "ep_b1490#57",
        "ep_b3000#58",
        "ep_b1500#59",
        "ep_b3000#60",
        "ep_b1505#61",
        "ep_b2985#62",
        "ep_b1500#63",
        "ep_b2990#64",
        "ep_b5#65",
        "ep_b1505#66",
        "ep_b3005#67",
        "ep_b1495#68",
        "ep_b3005#69",
        "ep_b1505#70",
        "ep_b3005#71",
        "ep_b1500#72",
        "ep_b3005#73",
        "ep_b1490#74",
        "ep_b2990#75",
        "ep_b1495#76",
        "ep_b2995#77",
        "ep_b1500#78",
        "ep_b3000#79",
        "ep_b1490#80",
        "ep_b5#81",
        "ep_b2990#82",
        "ep_b1500#83",
        "ep_b2985#84",
        "ep_b1495#85",
        "ep_b2995#86",
        "ep_b1495#87",
        "ep_b2990#88",
        "ep_b1490#89",
        "ep_b2980#90",
        "ep_b1495#91",
        "ep_b2995#92",
        "ep_b1495#93",
        "ep_b3005#94",
        "ep_b1500#95",
        "ep_b2990#96",
        "ep_b1500#97",
        "ep_b3000#98"
      ],
      "TriggerTime": [
        18775,
        22005,
        25235,
        28465,
        31695,
        34925,
        38155,
        41385,
        44615,
        47845,
        51075,
        54305,
        57535,
        60765,
        63995,
        67225,
        70455,
        73685,
        76915,
        80145,
        83375,
        86605,
        89835,
        93065,
        96295,
        99525,
        102755,
        105985,
        109215,
        112445,
        115675,
        118905,
        122135,
        125365,
        128595,
        131825,
        135055,
        138285,
        141515,
        144745,
        147975,
        151205,
        154435,
        157665,
        160895,
        164125,
        167355,
        170585,
        173815,
        177045,
        180275,
        183505,
        186735,
        189965,
        193195,
        196425,
        199655,
        202885,
        206115,
        209345,
        212575,
        215805,
        219035,
        222265,
        225495,
        228725,
        231955,
        235185,
        238415,
        241645,
        244875,
        248105,
        251335,
        254565,
        257795,
        261025,
        264255,
        267485,
        270715,
        273945,
        277175,
        280405,
        283635,
        286865,
        290095,
        293325,
        296555,
        299785,
        303015,
        306245,
        309475,
        312705,
        315935,
        319165,
        322395,
        325625,
        328855,
        332085,
        335315
      ],
      "WindowCenter": [
        4497,
        4532,
        1649,
        1016,
        1659,
        1041,
        1672,
        1050,
        1701,
        1044,
        1678,
        1052,
        1701,
        1067,
        1689,
        1079,
        1674,
        4525,
        1046,
        1701,
        1042,
        1689,
        989,
        1702,
        1038,
        1687,
        1022,
        1648,
        1043,
        1653,
        977,
        1717,
        1047,
        4511,
        1675,
        994,
        1675,
        1031,
        1691,
        1010,
        1685,
        973,
        1672,
        1035,
        1718,
        1016,
        1693,
        1033,
        1693,
        4559,
        1046,
        1704,
        987,
        1689,
        1056,
        1703,
        1049,
        1686,
        1045,
        1731,
        1036,
        1702,
        1058,
        1702,
        1077,
        4401,
        1571,
        957,
        1746,
        1034,
        1707,
        1055,
        1732,
        1037,
        1735,
        1036,
        1733,
        1046,
        1721,
        1026,
        1720,
        4604,
        1035,
        1733,
        1036,
        1719,
        1059,
        1731,
        976,
        1704,
        1040,
        1643,
        1027,
        1736,
        1058,
        1685,
        1049,
        1717,
        1038
      ],
      "WindowWidth": [
        10317,
        10397,
        4196,
        2726,
        4237,
        2776,
        4263,
        2814,
        4317,
        2790,
        4279,
        2819,
        4320,
        2856,
        4300,
        2879,
        4265,
        10386,
        2795,
        4317,
        2782,
        4301,
        2688,
        4319,
        2787,
        4291,
        2748,
        4211,
        2808,
        4214,
        2646,
        4356,
        2799,
        10355,
        4266,
        2686,
        4270,
        2761,
        4306,
        2725,
        4287,
        2649,
        4263,
        2775,
        4355,
        2726,
        4313,
        2791,
        4312,
        10440,
        2796,
        4331,
        2679,
        4298,
        2837,
        4326,
        2808,
        4287,
        2793,
        4381,
        2782,
        4326,
        2818,
        4328,
        2873,
        10099,
        4021,
        2609,
        4410,
        2773,
        4342,
        2830,
        4390,
        2784,
        4400,
        2799,
        4387,
        2818,
        4367,
        2764,
        4372,
        10518,
        2773,
        4387,
        2781,
        4359,
        2848,
        4384,
        2646,
        4329,
        2795,
        4203,
        2767,
        4404,
        2841,
        4289,
        2828,
        4353,
        2786
      ]
    },
