{
  "AcquisitionMatrixPE": 104,
  "AcquisitionNumber": 1,
  "AcquisitionTime": "18:20:28.095000",
  "BandwidthPerPixelPhaseEncode": 16.578,
  "BaseResolution": 104,
  "BodyPartExamined": "BRAIN",
  "CoilCombinationMethod": "Sum of Squares",
  "ConsistencyInfo": "N4_VE11C_LATEST_20160120",
  "ConversionSoftware": "dcm2niix",
  "ConversionSoftwareVersion": "v1.0.20220720",
  "DerivedVendorReportedEchoSpacing": 0.000580009,
  "DeviceSerialNumber": "67026",
  "DwellTime": 2.1e-06,
  "EchoTime": 0.066,
  "EchoTrainLength": 104,
  "EffectiveEchoSpacing": 0.000580009,
  "FlipAngle": 90,
  "HeudiconvVersion": "0.11.4",
  "ImageOrientationPatientDICOM": [
    0.997131,
    0.0469662,
    0.0593585,
    -0.0236729,
    0.938377,
    -0.344803
  ],
  "ImageOrientationText": "Tra>Cor(-20.1)>Sag(4.1)",
  "ImageType": [
    "ORIGINAL",
    "PRIMARY",
    "M",
    "ND",
    "MOSAIC"
  ],
  "ImagingFrequency": 123.198,
  "InPlanePhaseEncodingDirectionDICOM": "COL",
  "InstitutionAddress": "13th St. 149,Charlestown,MA,US,02129",
  "InstitutionName": "MGH PrismaFit-Bay4",
  "InstitutionalDepartmentName": "Martinos Center",
  "MRAcquisitionType": "2D",
  "MagneticFieldStrength": 3,
  "Manufacturer": "Siemens",
  "ManufacturersModelName": "Prisma_fit",
  "MatrixCoilMode": "SENSE",
  "Modality": "MR",
  "NonlinearGradientCorrection": false,
  "PartialFourier": 1,
  "PatientPosition": "HFS",
  "PercentPhaseFOV": 100,
  "PercentSampling": 100,
  "PhaseEncodingDirection": "j-",
  "PhaseEncodingSteps": 104,
  "PhaseResolution": 1,
  "PixelBandwidth": 2290,
  "ProcedureStepDescription": "INVESTIGATORS^Greve",
  "ProtocolName": "SpinEchoFieldMap_AP",
  "PulseSequenceDetails": "%CustomerSeq%\\hcp_mbep2d_se",
  "ReceiveCoilActiveElements": "HEA;HEP",
  "ReceiveCoilName": "Head_32",
  "ReconMatrixPE": 104,
  "RepetitionTime": 8,
  "SAR": 0.194851,
  "ScanOptions": "FS",
  "ScanningSequence": "EP",
  "SequenceName": "epse2d1_104",
  "SequenceVariant": "SK",
  "SeriesDescription": "SpinEchoFieldMap_AP",
  "SeriesNumber": 15,
  "ShimSetting": [
    -1193,
    -10510,
    -10146,
    523,
    159,
    118,
    -22,
    24
  ],
  "SliceThickness": 2,
  "SliceTiming": [
    3.99,
    0,
    4.1,
    0.11,
    4.21,
    0.22,
    4.3225,
    0.3325,
    4.4325,
    0.4425,
    4.5425,
    0.5525,
    4.655,
    0.665,
    4.765,
    0.775,
    4.875,
    0.885,
    4.9875,
    0.9975,
    5.0975,
    1.1075,
    5.2075,
    1.2175,
    5.32,
    1.33,
    5.43,
    1.44,
    5.54,
    1.55,
    5.6525,
    1.6625,
    5.7625,
    1.7725,
    5.8725,
    1.8825,
    5.985,
    1.995,
    6.095,
    2.105,
    6.205,
    2.215,
    6.3175,
    2.3275,
    6.4275,
    2.4375,
    6.5375,
    2.5475,
    6.65,
    2.66,
    6.76,
    2.77,
    6.87,
    2.88,
    6.9825,
    2.9925,
    7.0925,
    3.1025,
    7.2025,
    3.2125,
    7.315,
    3.325,
    7.425,
    3.435,
    7.535,
    3.545,
    7.6475,
    3.6575,
    7.7575,
    3.7675,
    7.8675,
    3.8775
  ],
  "SoftwareVersions": "syngo MR E11",
  "SpacingBetweenSlices": 2,
  "StationName": "BAY4OC",
  "TotalReadoutTime": 0.0597409,
  "TxRefAmp": 264.706,
  "VendorReportedEchoSpacing": 0.00058,
  "WipMemBlock": "6dde4556-e96f-4ea6-9512-0ec445cd56ba||Sequence: ve11c/master r/5b0256d+; Dec  9 2016 09:59:18 by eja",
  "dcmmeta_affine": [
    [
      -1.9942625761032104,
      -0.047345731407403946,
      0.1437893956899643,
      106.60310363769531
    ],
    [
      -0.09393230080604553,
      1.8767532110214233,
      -0.6848169565200806,
      -53.89645767211914
    ],
    [
      0.11871702969074249,
      0.6896055936813354,
      1.8735928535461426,
      -72.4813461303711
    ],
    [
      0,
      0,
      0,
      1
    ]
  ],
  "dcmmeta_reorient_transform": [
    [
      0,
      -1,
      0,
      103
    ],
    [
      1,
      0,
      0,
      0
    ],
    [
      0,
      0,
      1,
      0
    ],
    [
      0,
      0,
      0,
      1
    ]
  ],
  "dcmmeta_shape": [
    104,
    104,
    72,
    3
  ],
  "dcmmeta_slice_dim": 2,
  "dcmmeta_version": 0.6,
  "time": {
    "samples": {
      "AcquisitionNumber": [
        1,
        2,
        3
      ],
      "AcquisitionTime": [
        "182028.095000",
        "182036.095000",
        "182044.095000"
      ],
      "ContentTime": [
        "182048.581000",
        "182048.591000",
        "182048.594000"
      ],
      "InstanceCreationTime": [
        "182048.581000",
        "182048.591000",
        "182048.594000"
      ],
      "InstanceNumber": [
        1,
        2,
        3
      ],
      "WindowCenter": [
        8792,
        8757,
        8859
      ],
      "WindowWidth": [
        19323,
        19133,
        19515
      ]
    },
    "slices": {}
  }
}
