{
  "AccelFact3D": 2,
  "AcquisitionMatrixPE": 256,
  "AcquisitionNumber": 1,
  "AcquisitionTime": "08:51:45.210000",
  "BaseResolution": 256,
  "BodyPartExamined": "BRAIN",
  "CoilCombinationMethod": "Sum of Squares",
  "ConsistencyInfo": "N4_VE11C_LATEST_20160120",
  "ConversionSoftware": "dcm2niix",
  "ConversionSoftwareVersion": "v1.0.20220720",
  "DeviceSerialNumber": "67026",
  "DwellTime": 3e-06,
  "EchoTime": 0.00184,
  "EchoTrainLength": 12,
  "FlipAngle": 15,
  "HeudiconvVersion": "0.11.4",
  "ImageOrientationPatientDICOM": [
    0.0663021,
    0.997381,
    0.0288855,
    0.0773903,
    0.0237217,
    -0.996719
  ],
  "ImageOrientationText": "Sag>Tra(-4.3)>Cor(3.9)",
  "ImageType": [
    "DERIVED",
    "PRIMARY",
    "T2",
    "STAR MAP",
    "ND",
    "NORM"
  ],
  "ImagingFrequency": 123.227,
  "InPlanePhaseEncodingDirectionDICOM": "ROW",
  "InstitutionAddress": "13th St. 149,Charlestown,MA,US,02129",
  "InstitutionName": "Martinos Center Bay 4 Prisma",
  "InstitutionalDepartmentName": "Martinos Center",
  "MRAcquisitionType": "3D",
  "MagneticFieldStrength": 3,
  "Manufacturer": "Siemens",
  "ManufacturersModelName": "Prisma_fit",
  "MatrixCoilMode": "GRAPPA",
  "Modality": "MR",
  "NonlinearGradientCorrection": false,
  "ParallelReductionFactorInPlane": 4,
  "PartialFourier": 1,
  "PatientPosition": "HFS",
  "PercentPhaseFOV": 100,
  "PercentSampling": 100,
  "PhaseEncodingDirection": "i",
  "PhaseEncodingSteps": 255,
  "PhaseResolution": 1,
  "PixelBandwidth": 650,
  "ProcedureStepDescription": "INVESTIGATORS^Greve",
  "ProtocolName": "gre3D_1iso_PAT2x2_12e",
  "PulseSequenceDetails": "%SiemensSeq%\\gre",
  "RawImage": false,
  "ReceiveCoilActiveElements": "HEA;HEP",
  "ReceiveCoilName": "Head_32",
  "ReconMatrixPE": 256,
  "RefLinesPE": 32,
  "RepetitionTime": 0.043,
  "SAR": 0.0213697,
  "ScanningSequence": "GR",
  "SequenceName": "*fl3d12_ns",
  "SequenceVariant": "SP",
  "SeriesDescription": "T2Star_Images",
  "SeriesNumber": 40,
  "ShimSetting": [
    -1248,
    -10415,
    -10231,
    256,
    31,
    14,
    136,
    -52
  ],
  "SliceThickness": 1,
  "SoftwareVersions": "syngo MR E11",
  "StationName": "BAY4OC",
  "TxRefAmp": 279.4,
  "dcmmeta_affine": [
    [
      0.9947938323020935,
      0.06630206853151321,
      0.07739034295082092,
      -99.51902770996094
    ],
    [
      -0.06831996142864227,
      0.9973813891410828,
      0.023721661418676376,
      -98.1776351928711
    ],
    [
      -0.07561489194631577,
      -0.02888546697795391,
      0.9967186450958252,
      -125.1717758178711
    ],
    [
      0,
      0,
      0,
      1
    ]
  ],
  "dcmmeta_reorient_transform": [
    [
      0,
      0,
      -1,
      255
    ],
    [
      0,
      -1,
      0,
      255
    ],
    [
      -1,
      0,
      0,
      175
    ],
    [
      0,
      0,
      0,
      1
    ]
  ],
  "dcmmeta_shape": [
    176,
    256,
    256
  ],
  "dcmmeta_slice_dim": 0,
  "dcmmeta_version": 0.6
}
