{
  "AcquisitionMatrixPE": 64,
  "AcquisitionNumber": 1,
  "AcquisitionTime": "15:42:31.407500",
  "BaseResolution": 64,
  "BodyPartExamined": "BRAIN",
  "CoilCombinationMethod": "Sum of Squares",
  "ConsistencyInfo": "N4_VE11C_LATEST_20160120",
  "ConversionSoftware": "dcm2niix",
  "ConversionSoftwareVersion": "v1.0.20220720",
  "DeviceSerialNumber": "67026",
  "DwellTime": 1.31e-05,
  "EchoNumber": 2,
  "EchoTime": 0.00738,
  "FlipAngle": 60,
  "HeudiconvVersion": "0.11.4",
  "ImageOrientationPatientDICOM": [
    0.998923,
    -0.0269129,
    -0.037788,
    0.0266811,
    0.999622,
    -0.00662418
  ],
  "ImageOrientationText": "Tra>Sag(-2.2)>Cor(-0.3)",
  "ImageType": [
    "ORIGINAL",
    "PRIMARY",
    "M",
    "ND"
  ],
  "ImagingFrequency": 123.193,
  "InPlanePhaseEncodingDirectionDICOM": "ROW",
  "InstitutionAddress": "13th St. 149,Charlestown,MA,US,02129",
  "InstitutionName": "MGH PrismaFit-Bay4",
  "InstitutionalDepartmentName": "Martinos Center",
  "MRAcquisitionType": "2D",
  "MagneticFieldStrength": 3,
  "Manufacturer": "Siemens",
  "ManufacturersModelName": "Prisma_fit",
  "MatrixCoilMode": "SENSE",
  "Modality": "MR",
  "NonlinearGradientCorrection": false,
  "PartialFourier": 1,
  "PatientPosition": "HFS",
  "PercentPhaseFOV": 100,
  "PercentSampling": 100,
  "PhaseEncodingDirection": "i",
  "PhaseEncodingSteps": 64,
  "PhaseResolution": 1,
  "PixelBandwidth": 595,
  "ProcedureStepDescription": "INVESTIGATORS^Greve",
  "ProtocolName": "gre_field_mapping_2mm",
  "PulseSequenceDetails": "%SiemensSeq%\\gre_field_mapping",
  "ReceiveCoilActiveElements": "HEA;HEP",
  "ReceiveCoilName": "Head_32",
  "ReconMatrixPE": 64,
  "RepetitionTime": 0.701,
  "SAR": 0.132047,
  "ScanningSequence": "GR",
  "SequenceName": "*fm2d2r",
  "SequenceVariant": "SP",
  "SeriesDescription": "gre_field_mapping_2mm",
  "SeriesNumber": 14,
  "ShimSetting": [
    -1211,
    -10578,
    -10120,
    560,
    203,
    -8,
    16,
    0
  ],
  "SliceThickness": 2,
  "SliceTiming": [
    0.34375,
    0,
    0.35938,
    0,
    0.35938,
    0.01562,
    0.375,
    0.03125,
    0.39062,
    0.03125,
    0.39062,
    0.04688,
    0.40625,
    0.04688,
    0.40625,
    0.0625,
    0.42188,
    0.07812,
    0.4375,
    0.07812,
    0.4375,
    0.09375,
    0.45312,
    0.10938,
    0.46875,
    0.10938,
    0.46875,
    0.125,
    0.48438,
    0.125,
    0.48438,
    0.14062,
    0.5,
    0.15625,
    0.51562,
    0.15625,
    0.51562,
    0.17188,
    0.53125,
    0.1875,
    0.54688,
    0.1875,
    0.54688,
    0.20312,
    0.5625,
    0.20312,
    0.5625,
    0.21875,
    0.57812,
    0.23438,
    0.59375,
    0.23438,
    0.59375,
    0.25,
    0.60938,
    0.25,
    0.625,
    0.26562,
    0.625,
    0.28125,
    0.64062,
    0.28125,
    0.64062,
    0.29688,
    0.65625,
    0.3125,
    0.67188,
    0.3125,
    0.67188,
    0.32812,
    0.6875,
    0.32812
  ],
  "SoftwareVersions": "syngo MR E11",
  "SpacingBetweenSlices": 2,
  "StationName": "BAY4OC",
  "TxRefAmp": 240.414
}
