{
  "AcquisitionMatrixPE": 104,
  "AcquisitionNumber": 1,
  "AcquisitionTime": "15:44:23.782500",
  "BandwidthPerPixelPhaseEncode": 16.578,
  "BaseResolution": 104,
  "BodyPartExamined": "BRAIN",
  "CoilCombinationMethod": "Sum of Squares",
  "ConsistencyInfo": "N4_VE11C_LATEST_20160120",
  "ConversionSoftware": "dcm2niix",
  "ConversionSoftwareVersion": "v1.0.20220720",
  "DerivedVendorReportedEchoSpacing": 0.000580009,
  "DeviceSerialNumber": "67026",
  "DwellTime": 2.1e-06,
  "EchoTime": 0.066,
  "EchoTrainLength": 104,
  "EffectiveEchoSpacing": 0.000580009,
  "FlipAngle": 90,
  "HeudiconvVersion": "0.11.4",
  "ImageOrientationPatientDICOM": [
    0.998928,
    -0.0267385,
    -0.0377891,
    0.0265068,
    0.999627,
    -0.00661758
  ],
  "ImageOrientationText": "Tra>Sag(-2.2)>Cor(-0.3)",
  "ImageType": [
    "ORIGINAL",
    "PRIMARY",
    "M",
    "ND",
    "MOSAIC"
  ],
  "ImagingFrequency": 123.193,
  "InPlanePhaseEncodingDirectionDICOM": "COL",
  "InstitutionAddress": "13th St. 149,Charlestown,MA,US,02129",
  "InstitutionName": "MGH PrismaFit-Bay4",
  "InstitutionalDepartmentName": "Martinos Center",
  "MRAcquisitionType": "2D",
  "MagneticFieldStrength": 3,
  "Manufacturer": "Siemens",
  "ManufacturersModelName": "Prisma_fit",
  "MatrixCoilMode": "SENSE",
  "Modality": "MR",
  "NonlinearGradientCorrection": false,
  "PartialFourier": 1,
  "PatientPosition": "HFS",
  "PercentPhaseFOV": 100,
  "PercentSampling": 100,
  "PhaseEncodingDirection": "j-",
  "PhaseEncodingSteps": 104,
  "PhaseResolution": 1,
  "PixelBandwidth": 2290,
  "ProcedureStepDescription": "INVESTIGATORS^Greve",
  "ProtocolName": "SpinEchoFieldMap_AP",
  "PulseSequenceDetails": "%CustomerSeq%\\hcp_mbep2d_se",
  "ReceiveCoilActiveElements": "HEA;HEP",
  "ReceiveCoilName": "Head_32",
  "ReconMatrixPE": 104,
  "RepetitionTime": 8,
  "SAR": 0.152926,
  "ScanOptions": "FS",
  "ScanningSequence": "EP",
  "SequenceName": "epse2d1_104",
  "SequenceVariant": "SK",
  "SeriesDescription": "SpinEchoFieldMap_AP",
  "SeriesNumber": 16,
  "ShimSetting": [
    -1211,
    -10578,
    -10116,
    568,
    203,
    -17,
    20,
    2
  ],
  "SliceThickness": 2,
  "SliceTiming": [
    3.99,
    0,
    4.1025,
    0.1125,
    4.2125,
    0.2225,
    4.3225,
    0.3325,
    4.435,
    0.445,
    4.545,
    0.555,
    4.655,
    0.665,
    4.7675,
    0.7775,
    4.8775,
    0.8875,
    4.9875,
    0.9975,
    5.1,
    1.11,
    5.21,
    1.22,
    5.32,
    1.33,
    5.4325,
    1.4425,
    5.5425,
    1.5525,
    5.6525,
    1.6625,
    5.765,
    1.775,
    5.875,
    1.885,
    5.985,
    1.995,
    6.0975,
    2.1075,
    6.2075,
    2.2175,
    6.3175,
    2.3275,
    6.43,
    2.44,
    6.54,
    2.55,
    6.65,
    2.66,
    6.7625,
    2.7725,
    6.8725,
    2.8825,
    6.9825,
    2.9925,
    7.095,
    3.105,
    7.205,
    3.215,
    7.315,
    3.325,
    7.4275,
    3.4375,
    7.5375,
    3.5475,
    7.6475,
    3.6575,
    7.76,
    3.77,
    7.87,
    3.88
  ],
  "SoftwareVersions": "syngo MR E11",
  "SpacingBetweenSlices": 2,
  "StationName": "BAY4OC",
  "TotalReadoutTime": 0.0597409,
  "TxRefAmp": 240.414,
  "VendorReportedEchoSpacing": 0.00058,
  "WipMemBlock": "a72d8fd2-a197-459c-af71-72d7a6fbd73e||Sequence: ve11c/master r/5b0256d+; Dec  9 2016 09:59:18 by eja",
  "dcmmeta_affine": [
    [
      -1.9978559017181396,
      0.0530136302113533,
      -0.07590396702289581,
      102.17888641357422
    ],
    [
      0.05347690358757973,
      1.999253511428833,
      -0.011217640712857246,
      -79.10491943359375
    ],
    [
      -0.07557829469442368,
      0.01323516946285963,
      1.9985276460647583,
      -45.048152923583984
    ],
    [
      0,
      0,
      0,
      1
    ]
  ],
  "dcmmeta_reorient_transform": [
    [
      0,
      -1,
      0,
      103
    ],
    [
      1,
      0,
      0,
      0
    ],
    [
      0,
      0,
      1,
      0
    ],
    [
      0,
      0,
      0,
      1
    ]
  ],
  "dcmmeta_shape": [
    104,
    104,
    72,
    3
  ],
  "dcmmeta_slice_dim": 2,
  "dcmmeta_version": 0.6,
  "time": {
    "samples": {
      "AcquisitionNumber": [
        1,
        2,
        3
      ],
      "AcquisitionTime": [
        "154423.782500",
        "154431.782500",
        "154439.782500"
      ],
      "ContentTime": [
        "154444.376000",
        "154444.384000",
        "154444.388000"
      ],
      "InstanceCreationTime": [
        "154444.376000",
        "154444.384000",
        "154444.388000"
      ],
      "InstanceNumber": [
        1,
        2,
        3
      ],
      "LargestImagePixelValue": [
        45864,
        45967,
        46086
      ],
      "WindowCenter": [
        7934,
        7956,
        7958
      ],
      "WindowWidth": [
        17425,
        17474,
        17482
      ]
    },
    "slices": {}
  }
}
