{
  "AcquisitionMatrixPE": 140,
  "AcquisitionNumber": 1,
  "AcquisitionTime": "16:00:19.860000",
  "BandwidthPerPixelPhaseEncode": 10.352,
  "BaseResolution": 140,
  "BodyPartExamined": "BRAIN",
  "CoilCombinationMethod": "Sum of Squares",
  "ConsistencyInfo": "N4_VE11C_LATEST_20160120",
  "ConversionSoftware": "dcm2niix",
  "ConversionSoftwareVersion": "v1.0.20220720",
  "DerivedVendorReportedEchoSpacing": 0.000689998,
  "DeviceSerialNumber": "67026",
  "DiffusionScheme": "Monopolar",
  "DwellTime": 2.1e-06,
  "EchoTime": 0.0892,
  "EchoTrainLength": 105,
  "EffectiveEchoSpacing": 0.000689998,
  "FlipAngle": 78,
  "HeudiconvVersion": "0.11.4",
  "ImageComments": "Unaliased MB4/PE3/LB SENSE1",
  "ImageOrientationPatientDICOM": [
    0.99989,
    0.012825,
    0.00750289,
    -0.0123911,
    0.998395,
    -0.0552608
  ],
  "ImageOrientationText": "Tra>Cor(-3.2)>Sag(0.5)",
  "ImageType": [
    "ORIGINAL",
    "PRIMARY",
    "DIFFUSION",
    "NONE",
    "MB",
    "ND",
    "MOSAIC"
  ],
  "ImagingFrequency": 123.188,
  "InPlanePhaseEncodingDirectionDICOM": "COL",
  "InstitutionAddress": "13th St. 149,Charlestown,MA,US,02129",
  "InstitutionName": "Martinos Center Bay 4 Prisma",
  "InstitutionalDepartmentName": "Martinos Center",
  "MRAcquisitionType": "2D",
  "MagneticFieldStrength": 3,
  "Manufacturer": "Siemens",
  "ManufacturersModelName": "Prisma_fit",
  "MatrixCoilMode": "SENSE",
  "Modality": "MR",
  "MultibandAccelerationFactor": 4,
  "NonlinearGradientCorrection": false,
  "PartialFourier": 0.75,
  "PatientPosition": "HFS",
  "PercentPhaseFOV": 100,
  "PercentSampling": 100,
  "PhaseEncodingDirection": "j-",
  "PhaseEncodingSteps": 105,
  "PhaseResolution": 1,
  "PixelBandwidth": 1700,
  "ProcedureStepDescription": "INVESTIGATORS^Greve",
  "ProtocolName": "dMRI_dir98_AP",
  "PulseSequenceDetails": "%CustomerSeq%\\hcp_mbep2d_diff",
  "ReceiveCoilActiveElements": "HEA;HEP",
  "ReceiveCoilName": "Head_32",
  "ReconMatrixPE": 140,
  "RepetitionTime": 3.23,
  "SAR": 0.152413,
  "ScanOptions": "PFP\\EXT",
  "ScanningSequence": "EP",
  "SequenceName": "ep_b5#1",
  "SequenceVariant": "SK\\SS",
  "SeriesDescription": "dMRI_dir98_AP",
  "SeriesNumber": 42,
  "ShimSetting": [
    -1204,
    -10608,
    -10168,
    577,
    185,
    -13,
    -50,
    43
  ],
  "SliceThickness": 1.5,
  "SliceTiming": [
    0,
    1.675,
    0.14,
    1.815,
    0.28,
    1.955,
    0.42,
    2.0925,
    0.5575,
    2.2325,
    0.6975,
    2.3725,
    0.8375,
    2.5125,
    0.9775,
    2.6525,
    1.1175,
    2.7925,
    1.2575,
    2.93,
    1.395,
    3.07,
    1.535,
    0,
    1.675,
    0.14,
    1.815,
    0.28,
    1.955,
    0.42,
    2.0925,
    0.5575,
    2.2325,
    0.6975,
    2.3725,
    0.8375,
    2.5125,
    0.9775,
    2.6525,
    1.1175,
    2.7925,
    1.2575,
    2.93,
    1.395,
    3.07,
    1.535,
    0,
    1.675,
    0.14,
    1.815,
    0.28,
    1.955,
    0.42,
    2.0925,
    0.5575,
    2.2325,
    0.6975,
    2.3725,
    0.8375,
    2.5125,
    0.9775,
    2.6525,
    1.1175,
    2.7925,
    1.2575,
    2.93,
    1.395,
    3.07,
    1.535,
    0,
    1.675,
    0.14,
    1.815,
    0.28,
    1.955,
    0.42,
    2.0925,
    0.5575,
    2.2325,
    0.6975,
    2.3725,
    0.8375,
    2.5125,
    0.9775,
    2.6525,
    1.1175,
    2.7925,
    1.2575,
    2.93,
    1.395,
    3.07,
    1.535
  ],
  "SoftwareVersions": "syngo MR E11",
  "SpacingBetweenSlices": 1.5,
  "StationName": "BAY4OC",
  "TotalReadoutTime": 0.0959097,
  "TxRefAmp": 218.44,
  "WipMemBlock": "7abb6806-b7f3-4ea7-b00a-36b15444406b||Sequence: ve11c/master r/5b0256d+; Dec  9 2016 09:48:43 by eja",
  "dcmmeta_affine": [
    [
      -1.499834418296814,
      -0.018586691468954086,
      0.012299342080950737,
      103.82315826416016
    ],
    [
      -0.019237438216805458,
      1.497592568397522,
      -0.0827426090836525,
      -69.3996810913086
    ],
    [
      0.011254328303039074,
      0.08289121836423874,
      1.4976656436920166,
      -45.908592224121094
    ],
    [
      0,
      0,
      0,
      1
    ]
  ],
  "dcmmeta_reorient_transform": [
    [
      0,
      -1,
      0,
      139
    ],
    [
      1,
      0,
      0,
      0
    ],
    [
      0,
      0,
      1,
      0
    ],
    [
      0,
      0,
      0,
      1
    ]
  ],
  "dcmmeta_shape": [
    140,
    140,
    92,
    99
  ],
  "dcmmeta_slice_dim": 2,
  "dcmmeta_version": 0.6,
  "time": {
    "samples": {
      "AcquisitionNumber": [
        1,
        2,
        3,
        4,
        5,
        6,
        7,
        8,
        9,
        10,
        11,
        12,
        13,
        14,
        15,
        16,
        17,
        18,
        19,
        20,
        21,
        22,
        23,
        24,
        25,
        26,
        27,
        28,
        29,
        30,
        31,
        32,
        33,
        34,
        35,
        36,
        37,
        38,
        39,
        40,
        41,
        42,
        43,
        44,
        45,
        46,
        47,
        48,
        49,
        50,
        51,
        52,
        53,
        54,
        55,
        56,
        57,
        58,
        59,
        60,
        61,
        62,
        63,
        64,
        65,
        66,
        67,
        68,
        69,
        70,
        71,
        72,
        73,
        74,
        75,
        76,
        77,
        78,
        79,
        80,
        81,
        82,
        83,
        84,
        85,
        86,
        87,
        88,
        89,
        90,
        91,
        92,
        93,
        94,
        95,
        96,
        97,
        98,
        99
      ],
      "AcquisitionTime": [
        "160019.860000",
        "160023.090000",
        "160026.320000",
        "160029.550000",
        "160032.780000",
        "160036.010000",
        "160039.240000",
        "160042.470000",
        "160045.700000",
        "160048.930000",
        "160052.160000",
        "160055.390000",
        "160058.620000",
        "160101.850000",
        "160105.080000",
        "160108.310000",
        "160111.540000",
        "160114.770000",
        "160118.000000",
        "160121.230000",
        "160124.460000",
        "160127.690000",
        "160130.920000",
        "160134.150000",
        "160137.380000",
        "160140.610000",
        "160143.840000",
        "160147.070000",
        "160150.300000",
        "160153.530000",
        "160156.760000",
        "160159.990000",
        "160203.220000",
        "160206.450000",
        "160209.680000",
        "160212.910000",
        "160216.140000",
        "160219.370000",
        "160222.600000",
        "160225.830000",
        "160229.060000",
        "160232.290000",
        "160235.520000",
        "160238.750000",
        "160241.980000",
        "160245.210000",
        "160248.440000",
        "160251.670000",
        "160254.900000",
        "160258.130000",
        "160301.360000",
        "160304.590000",
        "160307.820000",
        "160311.050000",
        "160314.280000",
        "160317.510000",
        "160320.740000",
        "160323.970000",
        "160327.200000",
        "160330.430000",
        "160333.660000",
        "160336.890000",
        "160340.120000",
        "160343.350000",
        "160346.580000",
        "160349.810000",
        "160353.040000",
        "160356.270000",
        "160359.500000",
        "160402.730000",
        "160405.960000",
        "160409.190000",
        "160412.420000",
        "160415.650000",
        "160418.880000",
        "160422.110000",
        "160425.340000",
        "160428.570000",
        "160431.800000",
        "160435.030000",
        "160438.260000",
        "160441.490000",
        "160444.720000",
        "160447.950000",
        "160451.180000",
        "160454.410000",
        "160457.640000",
        "160500.870000",
        "160504.100000",
        "160507.330000",
        "160510.560000",
        "160513.790000",
        "160517.020000",
        "160520.250000",
        "160523.480000",
        "160526.710000",
        "160529.940000",
        "160533.170000",
        "160536.400000"
      ],
      "ContentTime": [
        "160224.780000",
        "160224.791000",
        "160224.794000",
        "160224.798000",
        "160224.802000",
        "160224.806000",
        "160224.825000",
        "160224.829000",
        "160224.837000",
        "160224.841000",
        "160224.844000",
        "160224.849000",
        "160224.853000",
        "160224.857000",
        "160224.861000",
        "160224.865000",
        "160224.869000",
        "160224.874000",
        "160224.878000",
        "160224.881000",
        "160304.742000",
        "160304.746000",
        "160304.757000",
        "160304.761000",
        "160304.764000",
        "160304.767000",
        "160304.771000",
        "160304.774000",
        "160304.778000",
        "160304.781000",
        "160304.785000",
        "160304.788000",
        "160304.791000",
        "160304.795000",
        "160304.798000",
        "160304.811000",
        "160304.815000",
        "160304.818000",
        "160304.822000",
        "160304.825000",
        "160304.828000",
        "160304.831000",
        "160304.835000",
        "160304.838000",
        "160304.841000",
        "160304.845000",
        "160304.848000",
        "160304.851000",
        "160304.855000",
        "160304.858000",
        "160424.741000",
        "160424.745000",
        "160424.757000",
        "160424.760000",
        "160424.764000",
        "160424.767000",
        "160424.771000",
        "160424.774000",
        "160424.777000",
        "160424.781000",
        "160424.784000",
        "160424.788000",
        "160424.791000",
        "160424.794000",
        "160424.798000",
        "160424.801000",
        "160424.805000",
        "160424.808000",
        "160424.811000",
        "160424.815000",
        "160424.818000",
        "160424.821000",
        "160424.825000",
        "160424.829000",
        "160424.832000",
        "160540.991000",
        "160540.995000",
        "160541.000000",
        "160541.003000",
        "160541.008000",
        "160541.011000",
        "160541.015000",
        "160541.025000",
        "160541.030000",
        "160541.034000",
        "160541.038000",
        "160541.043000",
        "160541.065000",
        "160541.069000",
        "160541.073000",
        "160541.077000",
        "160541.085000",
        "160541.088000",
        "160541.092000",
        "160541.095000",
        "160541.098000",
        "160541.102000",
        "160541.105000",
        "160541.108000"
      ],
      "InstanceCreationTime": [
        "160224.780000",
        "160224.791000",
        "160224.794000",
        "160224.798000",
        "160224.802000",
        "160224.806000",
        "160224.825000",
        "160224.829000",
        "160224.837000",
        "160224.841000",
        "160224.844000",
        "160224.849000",
        "160224.853000",
        "160224.857000",
        "160224.861000",
        "160224.865000",
        "160224.869000",
        "160224.874000",
        "160224.878000",
        "160224.881000",
        "160304.742000",
        "160304.746000",
        "160304.757000",
        "160304.761000",
        "160304.764000",
        "160304.767000",
        "160304.771000",
        "160304.774000",
        "160304.778000",
        "160304.781000",
        "160304.785000",
        "160304.788000",
        "160304.791000",
        "160304.795000",
        "160304.798000",
        "160304.811000",
        "160304.815000",
        "160304.818000",
        "160304.822000",
        "160304.825000",
        "160304.828000",
        "160304.831000",
        "160304.835000",
        "160304.838000",
        "160304.841000",
        "160304.845000",
        "160304.848000",
        "160304.851000",
        "160304.855000",
        "160304.858000",
        "160424.741000",
        "160424.745000",
        "160424.757000",
        "160424.760000",
        "160424.764000",
        "160424.767000",
        "160424.771000",
        "160424.774000",
        "160424.777000",
        "160424.781000",
        "160424.784000",
        "160424.788000",
        "160424.791000",
        "160424.794000",
        "160424.798000",
        "160424.801000",
        "160424.805000",
        "160424.808000",
        "160424.811000",
        "160424.815000",
        "160424.818000",
        "160424.821000",
        "160424.825000",
        "160424.829000",
        "160424.832000",
        "160540.991000",
        "160540.995000",
        "160541.000000",
        "160541.003000",
        "160541.008000",
        "160541.011000",
        "160541.015000",
        "160541.025000",
        "160541.030000",
        "160541.034000",
        "160541.038000",
        "160541.043000",
        "160541.065000",
        "160541.069000",
        "160541.073000",
        "160541.077000",
        "160541.085000",
        "160541.088000",
        "160541.092000",
        "160541.095000",
        "160541.098000",
        "160541.102000",
        "160541.105000",
        "160541.108000"
      ],
      "InstanceNumber": [
        1,
        2,
        3,
        4,
        5,
        6,
        7,
        8,
        9,
        10,
        11,
        12,
        13,
        14,
        15,
        16,
        17,
        18,
        19,
        20,
        21,
        22,
        23,
        24,
        25,
        26,
        27,
        28,
        29,
        30,
        31,
        32,
        33,
        34,
        35,
        36,
        37,
        38,
        39,
        40,
        41,
        42,
        43,
        44,
        45,
        46,
        47,
        48,
        49,
        50,
        51,
        52,
        53,
        54,
        55,
        56,
        57,
        58,
        59,
        60,
        61,
        62,
        63,
        64,
        65,
        66,
        67,
        68,
        69,
        70,
        71,
        72,
        73,
        74,
        75,
        76,
        77,
        78,
        79,
        80,
        81,
        82,
        83,
        84,
        85,
        86,
        87,
        88,
        89,
        90,
        91,
        92,
        93,
        94,
        95,
        96,
        97,
        98,
        99
      ],
      "LargestImagePixelValue": [
        30938,
        30739,
        5406,
        2385,
        5631,
        2518,
        5609,
        2613,
        5762,
        2600,
        6618,
        2387,
        5512,
        2876,
        5593,
        2791,
        6591,
        31934,
        3117,
        5269,
        2737,
        5501,
        2522,
        5314,
        2019,
        6149,
        2816,
        6196,
        2817,
        5608,
        2651,
        6134,
        2492,
        30423,
        5842,
        2183,
        5412,
        2810,
        5808,
        2135,
        5348,
        2500,
        6020,
        2796,
        5564,
        2868,
        5327,
        3216,
        6823,
        28405,
        2819,
        5569,
        2270,
        6028,
        2484,
        5672,
        2100,
        5309,
        2472,
        5720,
        2702,
        5821,
        2555,
        5370,
        2470,
        29950,
        6247,
        2978,
        5148,
        2783,
        6114,
        2834,
        5728,
        2950,
        6689,
        2712,
        5669,
        2127,
        5719,
        2500,
        5563,
        29858,
        2740,
        6142,
        2571,
        5262,
        2771,
        5100,
        2607,
        6097,
        2967,
        5724,
        2152,
        5624,
        3149,
        6014,
        2452,
        5545,
        2179
      ],
      "SequenceName": [
        "ep_b5#1",
        "ep_b5#1",
        "ep_b1490#2",
        "ep_b2995#3",
        "ep_b1495#4",
        "ep_b3005#5",
        "ep_b1500#6",
        "ep_b2990#7",
        "ep_b1495#8",
        "ep_b3005#9",
        "ep_b1490#10",
        "ep_b3000#11",
        "ep_b1490#12",
        "ep_b2985#13",
        "ep_b1500#14",
        "ep_b2985#15",
        "ep_b1500#16",
        "ep_b5#17",
        "ep_b3005#18",
        "ep_b1490#19",
        "ep_b2995#20",
        "ep_b1500#21",
        "ep_b3000#22",
        "ep_b1495#23",
        "ep_b3005#24",
        "ep_b1490#25",
        "ep_b2985#26",
        "ep_b1505#27",
        "ep_b2995#28",
        "ep_b1500#29",
        "ep_b3000#30",
        "ep_b1490#31",
        "ep_b3005#32",
        "ep_b5#33",
        "ep_b1505#34",
        "ep_b3000#35",
        "ep_b1490#36",
        "ep_b2980#37",
        "ep_b1500#38",
        "ep_b2990#39",
        "ep_b1505#40",
        "ep_b3000#41",
        "ep_b1500#42",
        "ep_b2985#43",
        "ep_b1495#44",
        "ep_b2995#45",
        "ep_b1495#46",
        "ep_b3000#47",
        "ep_b1485#48",
        "ep_b5#49",
        "ep_b3005#50",
        "ep_b1500#51",
        "ep_b2990#52",
        "ep_b1505#53",
        "ep_b2995#54",
        "ep_b1495#55",
        "ep_b2985#56",
        "ep_b1490#57",
        "ep_b2995#58",
        "ep_b1500#59",
        "ep_b3000#60",
        "ep_b1500#61",
        "ep_b2985#62",
        "ep_b1495#63",
        "ep_b2985#64",
        "ep_b5#65",
        "ep_b1505#66",
        "ep_b3005#67",
        "ep_b1495#68",
        "ep_b3000#69",
        "ep_b1505#70",
        "ep_b3010#71",
        "ep_b1495#72",
        "ep_b3005#73",
        "ep_b1490#74",
        "ep_b2995#75",
        "ep_b1490#76",
        "ep_b3000#77",
        "ep_b1505#78",
        "ep_b3000#79",
        "ep_b1495#80",
        "ep_b5#81",
        "ep_b2985#82",
        "ep_b1500#83",
        "ep_b2985#84",
        "ep_b1490#85",
        "ep_b2995#86",
        "ep_b1495#87",
        "ep_b2995#88",
        "ep_b1490#89",
        "ep_b2980#90",
        "ep_b1500#91",
        "ep_b3000#92",
        "ep_b1490#93",
        "ep_b3005#94",
        "ep_b1495#95",
        "ep_b2990#96",
        "ep_b1500#97",
        "ep_b3005#98"
      ],
      "TriggerTime": [
        18780,
        22010,
        25240,
        28470,
        31700,
        34930,
        38160,
        41390,
        44620,
        47850,
        51080,
        54310,
        57540,
        60770,
        64000,
        67230,
        70460,
        73690,
        76920,
        80150,
        83380,
        86610,
        89840,
        93070,
        96300,
        99530,
        102760,
        105990,
        109220,
        112450,
        115680,
        118910,
        122140,
        125370,
        128600,
        131830,
        135060,
        138290,
        141520,
        144750,
        147980,
        151210,
        154440,
        157670,
        160900,
        164130,
        167360,
        170590,
        173820,
        177050,
        180280,
        183510,
        186740,
        189970,
        193200,
        196430,
        199660,
        202890,
        206120,
        209350,
        212580,
        215810,
        219040,
        222270,
        225500,
        228730,
        231960,
        235190,
        238420,
        241650,
        244880,
        248110,
        251340,
        254570,
        257800,
        261030,
        264260,
        267490,
        270720,
        273950,
        277180,
        280410,
        283640,
        286870,
        290100,
        293330,
        296560,
        299790,
        303020,
        306250,
        309480,
        312710,
        315940,
        319170,
        322400,
        325630,
        328860,
        332090,
        335320
      ],
      "WindowCenter": [
        4465,
        4490,
        1565,
        857,
        1593,
        856,
        1605,
        880,
        1591,
        859,
        1576,
        855,
        1580,
        910,
        1608,
        891,
        1588,
        4499,
        895,
        1581,
        912,
        1592,
        879,
        1578,
        816,
        1576,
        886,
        1546,
        906,
        1590,
        863,
        1591,
        871,
        4455,
        1547,
        852,
        1578,
        880,
        1605,
        862,
        1563,
        880,
        1576,
        900,
        1593,
        891,
        1579,
        919,
        1590,
        4472,
        868,
        1577,
        858,
        1561,
        883,
        1591,
        853,
        1579,
        879,
        1592,
        861,
        1578,
        857,
        1608,
        884,
        4493,
        1546,
        888,
        1578,
        910,
        1559,
        885,
        1607,
        869,
        1587,
        881,
        1578,
        855,
        1574,
        881,
        1592,
        4457,
        883,
        1576,
        877,
        1565,
        907,
        1566,
        884,
        1563,
        883,
        1578,
        856,
        1607,
        901,
        1603,
        881,
        1564,
        828
      ],
      "WindowWidth": [
        10089,
        10135,
        3990,
        2355,
        4052,
        2330,
        4073,
        2401,
        4038,
        2343,
        4010,
        2344,
        4023,
        2476,
        4085,
        2426,
        4030,
        10158,
        2421,
        4028,
        2482,
        4043,
        2400,
        4016,
        2252,
        4013,
        2406,
        3943,
        2459,
        4037,
        2358,
        4045,
        2367,
        10075,
        3948,
        2336,
        4016,
        2384,
        4072,
        2371,
        3984,
        2402,
        4013,
        2436,
        4047,
        2426,
        4020,
        2488,
        4037,
        10117,
        2358,
        4010,
        2357,
        3981,
        2413,
        4041,
        2336,
        4021,
        2399,
        4044,
        2350,
        4021,
        2335,
        4086,
        2417,
        10152,
        3943,
        2413,
        4014,
        2478,
        3969,
        2403,
        4080,
        2363,
        4030,
        2407,
        4016,
        2346,
        3998,
        2405,
        4047,
        10079,
        2394,
        4009,
        2392,
        3992,
        2462,
        3996,
        2417,
        3986,
        2394,
        4016,
        2351,
        4077,
        2441,
        4064,
        2406,
        3990,
        2266
      ]
    },
