{
  "AcquisitionMatrixPE": 104,
  "AcquisitionNumber": 1,
  "AcquisitionTime": "10:07:34.595000",
  "BandwidthPerPixelPhaseEncode": 16.578,
  "BaseResolution": 104,
  "BodyPartExamined": "BRAIN",
  "CoilCombinationMethod": "Sum of Squares",
  "ConsistencyInfo": "N4_VE11C_LATEST_20160120",
  "ConversionSoftware": "dcm2niix",
  "ConversionSoftwareVersion": "v1.0.20220720",
  "DerivedVendorReportedEchoSpacing": 0.000580009,
  "DeviceSerialNumber": "67026",
  "DwellTime": 2.1e-06,
  "EchoTime": 0.037,
  "EchoTrainLength": 104,
  "EffectiveEchoSpacing": 0.000580009,
  "FlipAngle": 52,
  "HeudiconvVersion": "0.11.4",
  "ImageComments": "Single-band reference",
  "ImageOrientationPatientDICOM": [
    0.992834,
    0.0134591,
    -0.118742,
    -0.0722123,
    0.859275,
    -0.506391
  ],
  "ImageOrientationText": "Tra>Cor(-30.9)>Sag(-5.5)",
  "ImageType": [
    "ORIGINAL",
    "PRIMARY",
    "M",
    "ND",
    "MOSAIC"
  ],
  "ImagingFrequency": 123.177,
  "InPlanePhaseEncodingDirectionDICOM": "COL",
  "InstitutionAddress": "13th St. 149,Charlestown,MA,US,02129",
  "InstitutionName": "Martinos Center Bay 4 Prisma",
  "InstitutionalDepartmentName": "Martinos Center",
  "MRAcquisitionType": "2D",
  "MagneticFieldStrength": 3,
  "Manufacturer": "Siemens",
  "ManufacturersModelName": "Prisma_fit",
  "MatrixCoilMode": "SENSE",
  "Modality": "MR",
  "NonlinearGradientCorrection": false,
  "PartialFourier": 1,
  "PatientPosition": "HFS",
  "PercentPhaseFOV": 100,
  "PercentSampling": 100,
  "PhaseEncodingDirection": "j-",
  "PhaseEncodingSteps": 104,
  "PhaseResolution": 1,
  "PixelBandwidth": 2290,
  "ProcedureStepDescription": "INVESTIGATORS^Greve",
  "ProtocolName": "rfMRI_REST_AP",
  "PulseSequenceDetails": "%CustomerSeq%\\hcp_mbep2d_bold",
  "ReceiveCoilActiveElements": "HEA;HEP",
  "ReceiveCoilName": "Head_32",
  "ReconMatrixPE": 104,
  "RepetitionTime": 0.8,
  "SAR": 0.0661474,
  "ScanOptions": "FS\\EXT",
  "ScanningSequence": "EP",
  "SequenceName": "epfid2d1_104",
  "SequenceVariant": "SK\\SS",
  "SeriesDescription": "rfMRI_REST_AP_SBRef",
  "SeriesNumber": 46,
  "ShimSetting": [
    -1244,
    -10490,
    -10155,
    539,
    166,
    -52,
    -48,
    6
  ],
  "SliceThickness": 2,
  "SliceTiming": [
    0,
    0.0875,
    0.175,
    0.26,
    0.3475,
    0.435,
    0.52,
    0.6075,
    0.695,
    0.78,
    0.8675,
    0.955,
    1.04,
    1.1275,
    1.215,
    1.3,
    1.3875,
    1.475,
    1.56,
    1.6475,
    1.735,
    1.82,
    1.9075,
    1.995,
    2.08,
    2.1675,
    2.255,
    2.34,
    2.4275,
    2.515,
    2.6,
    2.6875,
    2.775,
    2.86,
    2.9475,
    3.035,
    3.12,
    3.2075,
    3.295,
    3.38,
    3.4675,
    3.555,
    3.64,
    3.7275,
    3.815,
    3.9,
    3.9875,
    4.075,
    4.16,
    4.2475,
    4.335,
    4.42,
    4.5075,
    4.595,
    4.68,
    4.7675,
    4.855,
    4.94,
    5.0275,
    5.115,
    5.2,
    5.2875,
    5.375,
    5.46,
    5.5475,
    5.635,
    5.72,
    5.8075,
    5.895,
    5.98,
    6.0675,
    6.155
  ],
  "SoftwareVersions": "syngo MR E11",
  "SpacingBetweenSlices": 2,
  "StationName": "BAY4OC",
  "TaskName": "rest",
  "TotalReadoutTime": 0.0597409,
  "TxRefAmp": 256.306,
  "WipMemBlock": "165f3f64-0c59-4975-8848-e9f0f63f793c||Sequence: ve11c/master r/5b0256d+; Dec  9 2016 09:38:51 by eja",
  "dcmmeta_affine": [
    [
      -1.9856678247451782,
      -0.14442463219165802,
      -0.19043295085430145,
      114.90058898925781
    ],
    [
      -0.026918135583400726,
      1.7185505628585815,
      -1.0226726531982422,
      -51.311485290527344
    ],
    [
      -0.2374838888645172,
      1.012781023979187,
      1.7081791162490845,
      -84.54180145263672
    ],
    [
      0,
      0,
      0,
      1
    ]
  ],
  "dcmmeta_reorient_transform": [
    [
      0,
      -1,
      0,
      103
    ],
    [
      1,
      0,
      0,
      0
    ],
    [
      0,
      0,
      1,
      0
    ],
    [
      0,
      0,
      0,
      1
    ]
  ],
  "dcmmeta_shape": [
    104,
    104,
    72
  ],
  "dcmmeta_slice_dim": 2,
  "dcmmeta_version": 0.6
}
