{
  "AcquisitionMatrixPE": 64,
  "AcquisitionNumber": 1,
  "AcquisitionTime": "18:18:29.485000",
  "BaseResolution": 64,
  "BodyPartExamined": "BRAIN",
  "CoilCombinationMethod": "Sum of Squares",
  "ConsistencyInfo": "N4_VE11C_LATEST_20160120",
  "ConversionSoftware": "dcm2niix",
  "ConversionSoftwareVersion": "v1.0.20220720",
  "DeviceSerialNumber": "67026",
  "DwellTime": 1.31e-05,
  "EchoNumber": 2,
  "EchoTime": 0.00738,
  "EchoTime1": 0.00492,
  "EchoTime2": 0.00738,
  "FlipAngle": 60,
  "HeudiconvVersion": "0.11.4",
  "ImageOrientationPatientDICOM": [
    0.997135,
    0.0468023,
    0.0594187,
    -0.0234988,
    0.938385,
    -0.344792
  ],
  "ImageOrientationText": "Tra>Cor(-20.1)>Sag(4.1)",
  "ImageType": [
    "ORIGINAL",
    "PRIMARY",
    "P",
    "ND",
    "PHASE"
  ],
  "ImagingFrequency": 123.198,
  "InPlanePhaseEncodingDirectionDICOM": "ROW",
  "InstitutionAddress": "13th St. 149,Charlestown,MA,US,02129",
  "InstitutionName": "MGH PrismaFit-Bay4",
  "InstitutionalDepartmentName": "Martinos Center",
  "MRAcquisitionType": "2D",
  "MagneticFieldStrength": 3,
  "Manufacturer": "Siemens",
  "ManufacturersModelName": "Prisma_fit",
  "MatrixCoilMode": "SENSE",
  "Modality": "MR",
  "MultibandAccelerationFactor": 2,
  "NonlinearGradientCorrection": false,
  "PartialFourier": 1,
  "PatientPosition": "HFS",
  "PercentPhaseFOV": 100,
  "PercentSampling": 100,
  "PhaseEncodingDirection": "i",
  "PhaseEncodingSteps": 64,
  "PhaseResolution": 1,
  "PixelBandwidth": 595,
  "ProcedureStepDescription": "INVESTIGATORS^Greve",
  "ProtocolName": "gre_field_mapping_2mm",
  "PulseSequenceDetails": "%SiemensSeq%\\gre_field_mapping",
  "ReceiveCoilActiveElements": "HEA;HEP",
  "ReceiveCoilName": "Head_32",
  "ReconMatrixPE": 64,
  "RepetitionTime": 0.701,
  "SAR": 0.168248,
  "ScanningSequence": "GR",
  "SequenceName": "*fm2d2r",
  "SequenceVariant": "SP",
  "SeriesDescription": "gre_field_mapping_2mm",
  "SeriesNumber": 14,
  "ShimSetting": [
    -1193,
    -10512,
    -10148,
    516,
    159,
    114,
    -26,
    25
  ],
  "SliceThickness": 2,
  "SliceTiming": [
    0.34375,
    0,
    0.35938,
    0,
    0.35938,
    0.01562,
    0.375,
    0.03125,
    0.39062,
    0.03125,
    0.39062,
    0.04688,
    0.40625,
    0.04688,
    0.42188,
    0.0625,
    0.42188,
    0.07812,
    0.4375,
    0.07812,
    0.4375,
    0.09375,
    0.45312,
    0.10938,
    0.46875,
    0.10938,
    0.46875,
    0.125,
    0.48438,
    0.125,
    0.48438,
    0.14062,
    0.5,
    0.15625,
    0.51562,
    0.15625,
    0.51562,
    0.17188,
    0.53125,
    0.17188,
    0.54688,
    0.1875,
    0.54688,
    0.20312,
    0.5625,
    0.20312,
    0.5625,
    0.21875,
    0.57812,
    0.23438,
    0.59375,
    0.23438,
    0.59375,
    0.25,
    0.60938,
    0.25,
    0.60938,
    0.26562,
    0.625,
    0.28125,
    0.64062,
    0.28125,
    0.64062,
    0.29688,
    0.65625,
    0.3125,
    0.67188,
    0.3125,
    0.67188,
    0.32812,
    0.6875,
    0.34375
  ],
  "SoftwareVersions": "syngo MR E11",
  "SpacingBetweenSlices": 2,
  "StationName": "BAY4OC",
  "TxRefAmp": 264.706,
  "dcmmeta_affine": [
    [
      -2.991406202316284,
      -0.07049638777971268,
      0.14378929138183594,
      98.39720916748047
    ],
    [
      -0.1404070258140564,
      2.8151543140411377,
      -0.6848163604736328,
      -45.84332275390625
    ],
    [
      0.17825613915920258,
      1.0343773365020752,
      1.8735885620117188,
      -68.90776062011719
    ],
    [
      0,
      0,
      0,
      1
    ]
  ],
  "dcmmeta_reorient_transform": [
    [
      0,
      -1,
      0,
      63
    ],
    [
      1,
      0,
      0,
      0
    ],
    [
      0,
      0,
      -1,
      71
    ],
    [
      0,
      0,
      0,
      1
    ]
  ],
  "dcmmeta_shape": [
    64,
    64,
    72
  ],
  "dcmmeta_slice_dim": 2,
  "dcmmeta_version": 0.6
}
