{
  "AcquisitionMatrixPE": 104,
  "AcquisitionNumber": 1,
  "AcquisitionTime": "18:21:7.592500",
  "BandwidthPerPixelPhaseEncode": 16.578,
  "BaseResolution": 104,
  "BodyPartExamined": "BRAIN",
  "CoilCombinationMethod": "Sum of Squares",
  "ConsistencyInfo": "N4_VE11C_LATEST_20160120",
  "ConversionSoftware": "dcm2niix",
  "ConversionSoftwareVersion": "v1.0.20220720",
  "DerivedVendorReportedEchoSpacing": 0.000580009,
  "DeviceSerialNumber": "67026",
  "DwellTime": 2.1e-06,
  "EchoTime": 0.066,
  "EchoTrainLength": 104,
  "EffectiveEchoSpacing": 0.000580009,
  "FlipAngle": 90,
  "HeudiconvVersion": "0.11.4",
  "ImageOrientationPatientDICOM": [
    0.99713,
    0.0469906,
    0.0593555,
    -0.0186236,
    0.912204,
    -0.409312
  ],
  "ImageOrientationText": "Tra>Cor(-24.1)>Sag(4.2)",
  "ImageType": [
    "ORIGINAL",
    "PRIMARY",
    "M",
    "ND",
    "MOSAIC"
  ],
  "ImagingFrequency": 123.198,
  "InPlanePhaseEncodingDirectionDICOM": "COL",
  "InstitutionAddress": "13th St. 149,Charlestown,MA,US,02129",
  "InstitutionName": "MGH PrismaFit-Bay4",
  "InstitutionalDepartmentName": "Martinos Center",
  "MRAcquisitionType": "2D",
  "MagneticFieldStrength": 3,
  "Manufacturer": "Siemens",
  "ManufacturersModelName": "Prisma_fit",
  "MatrixCoilMode": "SENSE",
  "Modality": "MR",
  "NonlinearGradientCorrection": false,
  "PartialFourier": 1,
  "PatientPosition": "HFS",
  "PercentPhaseFOV": 100,
  "PercentSampling": 100,
  "PhaseEncodingDirection": "j",
  "PhaseEncodingSteps": 104,
  "PhaseResolution": 1,
  "PixelBandwidth": 2290,
  "ProcedureStepDescription": "INVESTIGATORS^Greve",
  "ProtocolName": "SpinEchoFieldMap_PA",
  "PulseSequenceDetails": "%CustomerSeq%\\hcp_mbep2d_se",
  "ReceiveCoilActiveElements": "HEA;HEP",
  "ReceiveCoilName": "Head_32",
  "ReconMatrixPE": 104,
  "RepetitionTime": 8,
  "SAR": 0.194851,
  "ScanOptions": "FS",
  "ScanningSequence": "EP",
  "SequenceName": "epse2d1_104",
  "SequenceVariant": "SK",
  "SeriesDescription": "SpinEchoFieldMap_PA",
  "SeriesNumber": 16,
  "ShimSetting": [
    -1192,
    -10511,
    -10145,
    523,
    162,
    115,
    -23,
    24
  ],
  "SliceThickness": 2,
  "SliceTiming": [
    3.99,
    0,
    4.1,
    0.11,
    4.21,
    0.22,
    4.32,
    0.3325,
    4.4325,
    0.4425,
    4.5425,
    0.5525,
    4.6525,
    0.665,
    4.765,
    0.775,
    4.875,
    0.885,
    4.985,
    0.9975,
    5.0975,
    1.1075,
    5.2075,
    1.2175,
    5.3175,
    1.33,
    5.43,
    1.44,
    5.54,
    1.55,
    5.65,
    1.6625,
    5.7625,
    1.7725,
    5.8725,
    1.8825,
    5.9825,
    1.995,
    6.095,
    2.105,
    6.205,
    2.215,
    6.315,
    2.3275,
    6.4275,
    2.4375,
    6.5375,
    2.5475,
    6.6475,
    2.66,
    6.76,
    2.77,
    6.87,
    2.88,
    6.98,
    2.9925,
    7.0925,
    3.1025,
    7.2025,
    3.2125,
    7.3125,
    3.325,
    7.425,
    3.435,
    7.535,
    3.545,
    7.645,
    3.6575,
    7.7575,
    3.7675,
    7.8675,
    3.8775
  ],
  "SoftwareVersions": "syngo MR E11",
  "SpacingBetweenSlices": 2,
  "StationName": "BAY4OC",
  "TotalReadoutTime": 0.0597409,
  "TxRefAmp": 264.706,
  "VendorReportedEchoSpacing": 0.00058,
  "WipMemBlock": "00e31070-cfa0-4b55-b79e-7c02a37306d5||Sequence: ve11c/master r/5b0256d+; Dec  9 2016 09:59:18 by eja",
  "dcmmeta_affine": [
    [
      -1.994260549545288,
      -0.03724723681807518,
      0.14675630629062653,
      105.98265075683594
    ],
    [
      -0.0939812883734703,
      1.8244088888168335,
      -0.8140637278556824,
      -46.636085510253906
    ],
    [
      0.1187109425663948,
      0.8186237812042236,
      1.8209235668182373,
      -77.19120025634766
    ],
    [
      0,
      0,
      0,
      1
    ]
  ],
  "dcmmeta_reorient_transform": [
    [
      0,
      -1,
      0,
      103
    ],
    [
      1,
      0,
      0,
      0
    ],
    [
      0,
      0,
      1,
      0
    ],
    [
      0,
      0,
      0,
      1
    ]
  ],
  "dcmmeta_shape": [
    104,
    104,
    72,
    3
  ],
  "dcmmeta_slice_dim": 2,
  "dcmmeta_version": 0.6,
  "time": {
    "samples": {
      "AcquisitionNumber": [
        1,
        2,
        3
      ],
      "AcquisitionTime": [
        "182107.592500",
        "182115.592500",
        "182123.592500"
      ],
      "ContentTime": [
        "182127.997000",
        "182128.001000",
        "182128.004000"
      ],
      "InstanceCreationTime": [
        "182127.997000",
        "182128.001000",
        "182128.004000"
      ],
      "InstanceNumber": [
        1,
        2,
        3
      ],
      "WindowCenter": [
        8668,
        8558,
        8647
      ],
      "WindowWidth": [
        19117,
        18826,
        19091
      ]
    },
    "slices": {}
  }
}
