{
  "AcquisitionMatrixPE": 104,
  "AcquisitionNumber": 1,
  "AcquisitionTime": "09:53:48.917500",
  "BandwidthPerPixelPhaseEncode": 16.578,
  "BaseResolution": 104,
  "BodyPartExamined": "BRAIN",
  "CoilCombinationMethod": "Sum of Squares",
  "ConsistencyInfo": "N4_VE11C_LATEST_20160120",
  "ConversionSoftware": "dcm2niix",
  "ConversionSoftwareVersion": "v1.0.20220720",
  "DerivedVendorReportedEchoSpacing": 0.000580009,
  "DeviceSerialNumber": "67026",
  "DwellTime": 2.1e-06,
  "EchoTime": 0.037,
  "EchoTime1": 0.037,
  "EchoTime2": 0.001,
  "EchoTrainLength": 104,
  "EffectiveEchoSpacing": 0.000580009,
  "FlipAngle": 30,
  "HeudiconvVersion": "0.11.4",
  "ImageComments": "Unaliased MB8/PE3/LB",
  "ImageOrientationPatientDICOM": [
    0.999939,
    0.00870909,
    0.00677037,
    -0.00349044,
    0.832012,
    -0.554746
  ],
  "ImageOrientationText": "Tra>Cor(-33.7)>Sag(0.6)",
  "ImageType": [
    "ORIGINAL",
    "PRIMARY",
    "P",
    "MB",
    "ND",
    "MOSAIC",
    "PHASE"
  ],
  "ImagingFrequency": 123.16,
  "InPlanePhaseEncodingDirectionDICOM": "COL",
  "InstitutionAddress": "13th St. 149,Charlestown,MA,US,02129",
  "InstitutionName": "MGH PrismaFit-Bay4",
  "InstitutionalDepartmentName": "Martinos Center",
  "MRAcquisitionType": "2D",
  "MagneticFieldStrength": 3,
  "Manufacturer": "Siemens",
  "ManufacturersModelName": "Prisma_fit",
  "MatrixCoilMode": "SENSE",
  "Modality": "MR",
  "MultibandAccelerationFactor": 8,
  "NonlinearGradientCorrection": false,
  "PartialFourier": 1,
  "PatientPosition": "HFS",
  "PercentPhaseFOV": 100,
  "PercentSampling": 100,
  "PhaseEncodingDirection": "j-",
  "PhaseEncodingSteps": 104,
  "PhaseResolution": 1,
  "PixelBandwidth": 2290,
  "ProcedureStepDescription": "INVESTIGATORS^Greve",
  "ProtocolName": "rfMRI_REST_AP_30deg",
  "PulseSequenceDetails": "%CustomerSeq%\\hcp_mbep2d_bold",
  "ReceiveCoilActiveElements": "HEA;HEP",
  "ReceiveCoilName": "Head_32",
  "ReconMatrixPE": 104,
  "RepetitionTime": 0.8,
  "SAR": 0.0304861,
  "ScanOptions": "FS\\EXT",
  "ScanningSequence": "EP",
  "SequenceName": "epfid2d1_104",
  "SequenceVariant": "SK\\SS",
  "SeriesDescription": "rfMRI_REST_AP_30deg",
  "SeriesNumber": 75,
  "ShimSetting": [
    -1197,
    -10499,
    -10153,
    399,
    153,
    210,
    -59,
    -31
  ],
  "SliceThickness": 2,
  "SliceTiming": [
    0,
    0.4325,
    0.085,
    0.52,
    0.1725,
    0.605,
    0.26,
    0.6925,
    0.345,
    0,
    0.4325,
    0.085,
    0.52,
    0.1725,
    0.605,
    0.26,
    0.6925,
    0.345,
    0,
    0.4325,
    0.085,
    0.52,
    0.1725,
    0.605,
    0.26,
    0.6925,
    0.345,
    0,
    0.4325,
    0.085,
    0.52,
    0.1725,
    0.605,
    0.26,
    0.6925,
    0.345,
    0,
    0.4325,
    0.085,
    0.52,
    0.1725,
    0.605,
    0.26,
    0.6925,
    0.345,
    0,
    0.4325,
    0.085,
    0.52,
    0.1725,
    0.605,
    0.26,
    0.6925,
    0.345,
    0,
    0.4325,
    0.085,
    0.52,
    0.1725,
    0.605,
    0.26,
    0.6925,
    0.345,
    0,
    0.4325,
    0.085,
    0.52,
    0.1725,
    0.605,
    0.26,
    0.6925,
    0.345
  ],
  "SoftwareVersions": "syngo MR E11",
  "SpacingBetweenSlices": 2,
  "StationName": "BAY4OC",
  "TaskName": "rest",
  "TotalReadoutTime": 0.0597409,
  "TxRefAmp": 282.582,
  "WipMemBlock": "3ff61b9e-5678-4349-807b-6b81b7b9198a||Sequence: ve11c/master r/5b0256d+; Dec  9 2016 09:38:51 by eja",
  "dcmmeta_affine": [
    [
      -1.9998782873153687,
      -0.006980878300964832,
      0.02092873491346836,
      104.10179901123047
    ],
    [
      -0.01741817407310009,
      1.6640244722366333,
      -1.1093778610229492,
      -36.58049392700195
    ],
    [
      0.01354074664413929,
      1.1094926595687866,
      1.6639840602874756,
      -98.75711059570312
    ],
    [
      0,
      0,
      0,
      1
    ]
  ],
  "dcmmeta_reorient_transform": [
    [
      0,
      -1,
      0,
      103
    ],
    [
      1,
      0,
      0,
      0
    ],
    [
      0,
      0,
      1,
      0
    ],
    [
      0,
      0,
      0,
      1
    ]
  ],
  "dcmmeta_shape": [
    104,
    104,
    72,
    50
  ],
  "dcmmeta_slice_dim": 2,
  "dcmmeta_version": 0.6,
  "time": {
    "samples": {
      "AcquisitionNumber": [
        1,
        2,
        3,
        4,
        5,
        6,
        7,
        8,
        9,
        10,
        11,
        12,
        13,
        14,
        15,
        16,
        17,
        18,
        19,
        20,
        21,
        22,
        23,
        24,
        25,
        26,
        27,
        28,
        29,
        30,
        31,
        32,
        33,
        34,
        35,
        36,
        37,
        38,
        39,
        40,
        41,
        42,
        43,
        44,
        45,
        46,
        47,
        48,
        49,
        50
      ],
      "AcquisitionTime": [
        "095348.917500",
        "095349.717500",
        "095350.517500",
        "095351.317500",
        "095352.117500",
        "095352.917500",
        "095353.717500",
        "095354.517500",
        "095355.317500",
        "095356.117500",
        "095356.917500",
        "095357.717500",
        "095358.517500",
        "095359.317500",
        "095400.117500",
        "095400.917500",
        "095401.717500",
        "095402.517500",
        "095403.317500",
        "095404.117500",
        "095404.917500",
        "095405.717500",
        "095406.517500",
        "095407.317500",
        "095408.117500",
        "095408.917500",
        "095409.717500",
        "095410.517500",
        "095411.317500",
        "095412.117500",
        "095412.917500",
        "095413.717500",
        "095414.517500",
        "095415.317500",
        "095416.117500",
        "095416.917500",
        "095417.717500",
        "095418.517500",
        "095419.317500",
        "095420.117500",
        "095420.917500",
        "095421.717500",
        "095422.517500",
        "095423.317500",
        "095424.117500",
        "095424.917500",
        "095425.717500",
        "095426.517500",
        "095427.317500",
        "095428.117500"
      ],
      "ContentTime": [
        "095431.239000",
        "095431.242000",
        "095431.244000",
        "095431.252000",
        "095431.254000",
        "095431.257000",
        "095431.259000",
        "095431.262000",
        "095431.265000",
        "095431.267000",
        "095431.270000",
        "095431.272000",
        "095431.275000",
        "095431.277000",
        "095431.279000",
        "095431.282000",
        "095431.284000",
        "095431.287000",
        "095431.289000",
        "095431.292000",
        "095431.294000",
        "095431.297000",
        "095431.299000",
        "095431.302000",
        "095431.305000",
        "095431.308000",
        "095431.311000",
        "095431.313000",
        "095431.321000",
        "095431.323000",
        "095431.326000",
        "095431.329000",
        "095431.331000",
        "095437.877000",
        "095437.880000",
        "095437.882000",
        "095437.885000",
        "095437.888000",
        "095437.890000",
        "095437.893000",
        "095437.895000",
        "095437.898000",
        "095437.900000",
        "095437.903000",
        "095437.905000",
        "095437.908000",
        "095437.917000",
        "095437.920000",
        "095437.922000",
        "095437.925000"
      ],
      "InstanceCreationTime": [
        "095431.239000",
        "095431.242000",
        "095431.244000",
        "095431.252000",
        "095431.254000",
        "095431.257000",
        "095431.259000",
        "095431.262000",
        "095431.265000",
        "095431.267000",
        "095431.270000",
        "095431.272000",
        "095431.275000",
        "095431.277000",
        "095431.279000",
        "095431.282000",
        "095431.284000",
        "095431.287000",
        "095431.289000",
        "095431.292000",
        "095431.294000",
        "095431.297000",
        "095431.299000",
        "095431.302000",
        "095431.305000",
        "095431.308000",
        "095431.311000",
        "095431.313000",
        "095431.321000",
        "095431.323000",
        "095431.326000",
        "095431.329000",
        "095431.331000",
        "095437.877000",
        "095437.880000",
        "095437.882000",
        "095437.885000",
        "095437.888000",
        "095437.890000",
        "095437.893000",
        "095437.895000",
        "095437.898000",
        "095437.900000",
        "095437.903000",
        "095437.905000",
        "095437.908000",
        "095437.917000",
        "095437.920000",
        "095437.922000",
        "095437.925000"
      ],
      "InstanceNumber": [
        1,
        2,
        3,
        4,
        5,
        6,
        7,
        8,
        9,
        10,
        11,
        12,
        13,
        14,
        15,
        16,
        17,
        18,
        19,
        20,
        21,
        22,
        23,
        24,
        25,
        26,
        27,
        28,
        29,
        30,
        31,
        32,
        33,
        34,
        35,
        36,
        37,
        38,
        39,
        40,
        41,
        42,
        43,
        44,
        45,
        46,
        47,
        48,
        49,
        50
      ],
      "TriggerTime": [
        10692.5,
        11492.5,
        12292.5,
        13092.5,
        13892.5,
        14692.5,
        15492.5,
        16292.5,
        17092.5,
        17892.5,
        18692.5,
        19492.5,
        20292.5,
        21092.5,
        21892.5,
        22692.5,
        23492.5,
        24292.5,
        25092.5,
        25892.5,
        26692.5,
        27492.5,
        28292.5,
        29092.5,
        29892.5,
        30692.5,
        31492.5,
        32292.5,
        33092.5,
        33892.5,
        34692.5,
        35492.5,
        36292.5,
        37092.5,
        37892.5,
        38692.5,
        39492.5,
        40292.5,
        41092.5,
        41892.5,
        42692.5,
        43492.5,
        44292.5,
        45092.5,
        45892.5,
        46692.5,
        47492.5,
        48292.5,
        49092.5,
        49892.5
      ],
      "WindowCenter": [
        -454,
        -444,
        -448,
        -450,
        -456,
        -446,
        -432,
        -414,
        -424,
        -442,
        -330,
        -308,
        -304,
        -318,
        -322,
        -378,
        -448,
        -446,
        -448,
        -444,
        -440,
        -446,
        -454,
        -458,
        -448,
        -452,
        -454,
        -444,
        -448,
        -454,
        -326,
        -318,
        -312,
        -340,
        -450,
        -432,
        -430,
        -430,
        -442,
        -448,
        -326,
        -304,
        -300,
        -300,
        -454,
        -432,
        -408,
        -422,
        -446,
        -322
      ],
      "WindowWidth": [
        5284,
        5274,
        5280,
        5282,
        5288,
        5272,
        5266,
        5252,
        5252,
        5276,
        5938,
        6200,
        6248,
        6158,
        6010,
        5578,
        5284,
        5278,
        5274,
        5276,
        5282,
        5284,
        5288,
        5290,
        5292,
        5292,
        5286,
        5274,
        5274,
        5294,
        5968,
        6058,
        6076,
        5850,
        5280,
        5264,
        5262,
        5264,
        5268,
        5290,
        5954,
        6248,
        6278,
        6236,
        5294,
        5262,
        5252,
        5260,
        5280,
        5974
      ]
    },
    "slices": {}
  }
}
