{
  "AcquisitionMatrixPE": 140,
  "AcquisitionNumber": 1,
  "AcquisitionTime": "09:25:22.270000",
  "BandwidthPerPixelPhaseEncode": 10.352,
  "BaseResolution": 140,
  "BodyPartExamined": "BRAIN",
  "CoilCombinationMethod": "Sum of Squares",
  "ConsistencyInfo": "N4_VE11C_LATEST_20160120",
  "ConversionSoftware": "dcm2niix",
  "ConversionSoftwareVersion": "v1.0.20220720",
  "DerivedVendorReportedEchoSpacing": 0.000689998,
  "DeviceSerialNumber": "67026",
  "DwellTime": 2.1e-06,
  "EchoTime": 0.0892,
  "EchoTrainLength": 105,
  "EffectiveEchoSpacing": 0.000689998,
  "FlipAngle": 78,
  "HeudiconvVersion": "0.11.4",
  "ImageComments": "Single-band reference SENSE1",
  "ImageOrientationPatientDICOM": [
    0.991908,
    0.0503759,
    -0.116535,
    -0.079807,
    0.961285,
    -0.263745
  ],
  "ImageOrientationText": "Tra>Cor(-15.8)>Sag(-5.7)",
  "ImageType": [
    "ORIGINAL",
    "PRIMARY",
    "M",
    "ND",
    "MOSAIC"
  ],
  "ImagingFrequency": 123.227,
  "InPlanePhaseEncodingDirectionDICOM": "COL",
  "InstitutionAddress": "13th St. 149,Charlestown,MA,US,02129",
  "InstitutionName": "MGH PrismaFit-Bay4",
  "InstitutionalDepartmentName": "Martinos Center",
  "MRAcquisitionType": "2D",
  "MagneticFieldStrength": 3,
  "Manufacturer": "Siemens",
  "ManufacturersModelName": "Prisma_fit",
  "MatrixCoilMode": "SENSE",
  "Modality": "MR",
  "NonlinearGradientCorrection": false,
  "PartialFourier": 0.75,
  "PatientPosition": "HFS",
  "PercentPhaseFOV": 100,
  "PercentSampling": 100,
  "PhaseEncodingDirection": "j-",
  "PhaseEncodingSteps": 105,
  "PhaseResolution": 1,
  "PixelBandwidth": 1700,
  "ProcedureStepDescription": "INVESTIGATORS^Greve",
  "ProtocolName": "dMRI_dir98_AP",
  "PulseSequenceDetails": "%CustomerSeq%\\hcp_mbep2d_diff",
  "ReceiveCoilActiveElements": "HEA;HEP",
  "ReceiveCoilName": "Head_32",
  "ReconMatrixPE": 140,
  "RepetitionTime": 3.23,
  "SAR": 0.161755,
  "ScanOptions": "PFP\\EXT",
  "ScanningSequence": "EP",
  "SequenceName": "epse2d1_140",
  "SequenceVariant": "SK\\SS",
  "SeriesDescription": "dMRI_dir98_AP_SBRef",
  "SeriesNumber": 41,
  "ShimSetting": [
    -1303,
    -10396,
    -10244,
    262,
    111,
    50,
    -2,
    53
  ],
  "SliceThickness": 1.5,
  "SliceTiming": [
    0,
    0.14,
    0.28,
    0.42,
    0.5575,
    0.6975,
    0.8375,
    0.9775,
    1.1175,
    1.255,
    1.395,
    1.535,
    1.675,
    1.815,
    1.955,
    2.0925,
    2.2325,
    2.3725,
    2.5125,
    2.6525,
    2.7925,
    2.93,
    3.07,
    3.21,
    3.35,
    3.49,
    3.6275,
    3.7675,
    3.9075,
    4.0475,
    4.1875,
    4.3275,
    4.465,
    4.605,
    4.745,
    4.885,
    5.025,
    5.165,
    5.3025,
    5.4425,
    5.5825,
    5.7225,
    5.8625,
    6,
    6.14,
    6.28,
    6.42,
    6.56,
    6.7,
    6.8375,
    6.9775,
    7.1175,
    7.2575,
    7.3975,
    7.5375,
    7.675,
    7.815,
    7.955,
    8.095,
    8.235,
    8.3725,
    8.5125,
    8.6525,
    8.7925,
    8.9325,
    9.0725,
    9.21,
    9.35,
    9.49,
    9.63,
    9.77,
    9.91,
    10.0475,
    10.1875,
    10.3275,
    10.4675,
    10.6075,
    10.7475,
    10.885,
    11.025,
    11.165,
    11.305,
    11.445,
    11.5825,
    11.7225,
    11.8625,
    12.0025,
    12.1425,
    12.2825,
    12.42,
    12.56,
    12.7
  ],
  "SoftwareVersions": "syngo MR E11",
  "SpacingBetweenSlices": 1.5,
  "StationName": "BAY4OC",
  "TotalReadoutTime": 0.0959097,
  "TxRefAmp": 248.66,
  "WipMemBlock": "d2c243de-b794-4191-8a69-7fd59228cf0a||Sequence: ve11c/master r/5b0256d+; Dec  9 2016 09:48:43 by eja",
  "dcmmeta_affine": [
    [
      -1.487862229347229,
      -0.11971048265695572,
      -0.14810563623905182,
      115.59261322021484
    ],
    [
      -0.07556386291980743,
      1.4419277906417847,
      -0.40636709332466125,
      -49.54350280761719
    ],
    [
      -0.17480270564556122,
      0.39561787247657776,
      1.4362905025482178,
      -72.68242645263672
    ],
    [
      0,
      0,
      0,
      1
    ]
  ],
  "dcmmeta_reorient_transform": [
    [
      0,
      -1,
      0,
      139
    ],
    [
      1,
      0,
      0,
      0
    ],
    [
      0,
      0,
      1,
      0
    ],
    [
      0,
      0,
      0,
      1
    ]
  ],
  "dcmmeta_shape": [
    140,
    140,
    92
  ],
  "dcmmeta_slice_dim": 2,
  "dcmmeta_version": 0.6
}
