{
  "AcquisitionMatrixPE": 104,
  "AcquisitionNumber": 1,
  "AcquisitionTime": "08:21:36.552500",
  "BandwidthPerPixelPhaseEncode": 16.578,
  "BaseResolution": 104,
  "BodyPartExamined": "BRAIN",
  "CoilCombinationMethod": "Sum of Squares",
  "ConsistencyInfo": "N4_VE11C_LATEST_20160120",
  "ConversionSoftware": "dcm2niix",
  "ConversionSoftwareVersion": "v1.0.20220720",
  "DerivedVendorReportedEchoSpacing": 0.000580009,
  "DeviceSerialNumber": "67026",
  "DwellTime": 2.1e-06,
  "EchoTime": 0.037,
  "EchoTrainLength": 104,
  "EffectiveEchoSpacing": 0.000580009,
  "FlipAngle": 52,
  "HeudiconvVersion": "0.11.4",
  "ImageComments": "Single-band reference",
  "ImageOrientationPatientDICOM": [
    0.99476,
    -0.0687023,
    0.0757127,
    0.0854559,
    0.965271,
    -0.246878
  ],
  "ImageOrientationText": "Tra>Cor(-14.6)>Sag(3.2)",
  "ImageType": [
    "ORIGINAL",
    "PRIMARY",
    "M",
    "ND",
    "MOSAIC"
  ],
  "ImagingFrequency": 123.227,
  "InPlanePhaseEncodingDirectionDICOM": "COL",
  "InstitutionAddress": "13th St. 149,Charlestown,MA,US,02129",
  "InstitutionName": "Martinos Center Bay 4 Prisma",
  "InstitutionalDepartmentName": "Martinos Center",
  "MRAcquisitionType": "2D",
  "MagneticFieldStrength": 3,
  "Manufacturer": "Siemens",
  "ManufacturersModelName": "Prisma_fit",
  "MatrixCoilMode": "SENSE",
  "Modality": "MR",
  "NonlinearGradientCorrection": false,
  "PartialFourier": 1,
  "PatientPosition": "HFS",
  "PercentPhaseFOV": 100,
  "PercentSampling": 100,
  "PhaseEncodingDirection": "j-",
  "PhaseEncodingSteps": 104,
  "PhaseResolution": 1,
  "PixelBandwidth": 2290,
  "ProcedureStepDescription": "INVESTIGATORS^Greve",
  "ProtocolName": "rfMRI_REST_AP",
  "PulseSequenceDetails": "%CustomerSeq%\\hcp_mbep2d_bold",
  "ReceiveCoilActiveElements": "HEA;HEP",
  "ReceiveCoilName": "Head_32",
  "ReconMatrixPE": 104,
  "RepetitionTime": 0.8,
  "SAR": 0.0810963,
  "ScanOptions": "FS\\EXT",
  "ScanningSequence": "EP",
  "SequenceName": "epfid2d1_104",
  "SequenceVariant": "SK\\SS",
  "SeriesDescription": "rfMRI_REST_AP_SBRef",
  "SeriesNumber": 18,
  "ShimSetting": [
    -1250,
    -10381,
    -10207,
    342,
    38,
    159,
    96,
    -30
  ],
  "SliceThickness": 2,
  "SliceTiming": [
    0,
    0.0875,
    0.175,
    0.26,
    0.3475,
    0.435,
    0.52,
    0.6075,
    0.695,
    0.78,
    0.8675,
    0.955,
    1.04,
    1.1275,
    1.215,
    1.3,
    1.3875,
    1.475,
    1.56,
    1.6475,
    1.735,
    1.82,
    1.9075,
    1.995,
    2.08,
    2.1675,
    2.255,
    2.34,
    2.4275,
    2.515,
    2.6,
    2.6875,
    2.775,
    2.86,
    2.9475,
    3.035,
    3.12,
    3.2075,
    3.295,
    3.38,
    3.4675,
    3.555,
    3.64,
    3.7275,
    3.815,
    3.9,
    3.9875,
    4.075,
    4.16,
    4.2475,
    4.335,
    4.42,
    4.5075,
    4.595,
    4.68,
    4.7675,
    4.855,
    4.94,
    5.0275,
    5.115,
    5.2,
    5.2875,
    5.375,
    5.46,
    5.5475,
    5.635,
    5.72,
    5.8075,
    5.895,
    5.98,
    6.0675,
    6.155
  ],
  "SoftwareVersions": "syngo MR E11",
  "SpacingBetweenSlices": 2,
  "StationName": "BAY4OC",
  "TaskName": "rest",
  "TotalReadoutTime": 0.0597409,
  "TxRefAmp": 279.4,
  "WipMemBlock": "b07b9b26-08bb-43d8-8a51-818b611adf66||Sequence: ve11c/master r/5b0256d+; Dec  9 2016 09:38:51 by eja",
  "dcmmeta_affine": [
    [
      -1.9895201921463013,
      0.17091180384159088,
      0.11224434524774551,
      97.98848724365234
    ],
    [
      0.13740456104278564,
      1.9305424690246582,
      -0.5041089057922363,
      -81.2738265991211
    ],
    [
      0.1514253169298172,
      0.49375593662261963,
      1.9321686029434204,
      -74.06019592285156
    ],
    [
      0,
      0,
      0,
      1
    ]
  ],
  "dcmmeta_reorient_transform": [
    [
      0,
      -1,
      0,
      103
    ],
    [
      1,
      0,
      0,
      0
    ],
    [
      0,
      0,
      1,
      0
    ],
    [
      0,
      0,
      0,
      1
    ]
  ],
  "dcmmeta_shape": [
    104,
    104,
    72
  ],
  "dcmmeta_slice_dim": 2,
  "dcmmeta_version": 0.6
}
