{
  "AcquisitionMatrixPE": 104,
  "AcquisitionNumber": 1,
  "AcquisitionTime": "18:22:11.580000",
  "BandwidthPerPixelPhaseEncode": 16.578,
  "BaseResolution": 104,
  "BodyPartExamined": "BRAIN",
  "CoilCombinationMethod": "Sum of Squares",
  "ConsistencyInfo": "N4_VE11C_LATEST_20160120",
  "ConversionSoftware": "dcm2niix",
  "ConversionSoftwareVersion": "v1.0.20220720",
  "DerivedVendorReportedEchoSpacing": 0.000580009,
  "DeviceSerialNumber": "67026",
  "DwellTime": 2.1e-06,
  "EchoTime": 0.037,
  "EchoTrainLength": 104,
  "EffectiveEchoSpacing": 0.000580009,
  "FlipAngle": 52,
  "HeudiconvVersion": "0.11.4",
  "ImageComments": "Single-band reference",
  "ImageOrientationPatientDICOM": [
    0.997131,
    0.0469662,
    0.0593585,
    -0.0236729,
    0.938377,
    -0.344803
  ],
  "ImageOrientationText": "Tra>Cor(-20.1)>Sag(4.1)",
  "ImageType": [
    "ORIGINAL",
    "PRIMARY",
    "M",
    "ND",
    "MOSAIC"
  ],
  "ImagingFrequency": 123.198,
  "InPlanePhaseEncodingDirectionDICOM": "COL",
  "InstitutionAddress": "13th St. 149,Charlestown,MA,US,02129",
  "InstitutionName": "MGH PrismaFit-Bay4",
  "InstitutionalDepartmentName": "Martinos Center",
  "MRAcquisitionType": "2D",
  "MagneticFieldStrength": 3,
  "Manufacturer": "Siemens",
  "ManufacturersModelName": "Prisma_fit",
  "MatrixCoilMode": "SENSE",
  "Modality": "MR",
  "NonlinearGradientCorrection": false,
  "PartialFourier": 1,
  "PatientPosition": "HFS",
  "PercentPhaseFOV": 100,
  "PercentSampling": 100,
  "PhaseEncodingDirection": "j-",
  "PhaseEncodingSteps": 104,
  "PhaseResolution": 1,
  "PixelBandwidth": 2290,
  "ProcedureStepDescription": "INVESTIGATORS^Greve",
  "ProtocolName": "rfMRI_REST_AP",
  "PulseSequenceDetails": "%CustomerSeq%\\hcp_mbep2d_bold",
  "ReceiveCoilActiveElements": "HEA;HEP",
  "ReceiveCoilName": "Head_32",
  "ReconMatrixPE": 104,
  "RepetitionTime": 0.8,
  "SAR": 0.0872574,
  "ScanOptions": "FS\\EXT",
  "ScanningSequence": "EP",
  "SequenceName": "epfid2d1_104",
  "SequenceVariant": "SK\\SS",
  "SeriesDescription": "rfMRI_REST_AP_SBRef",
  "SeriesNumber": 17,
  "ShimSetting": [
    -1193,
    -10510,
    -10146,
    523,
    159,
    118,
    -22,
    24
  ],
  "SliceThickness": 2,
  "SliceTiming": [
    0,
    0.085,
    0.1725,
    0.26,
    0.345,
    0.4325,
    0.52,
    0.605,
    0.6925,
    0.78,
    0.865,
    0.9525,
    1.04,
    1.125,
    1.2125,
    1.3,
    1.385,
    1.4725,
    1.56,
    1.645,
    1.7325,
    1.82,
    1.905,
    1.9925,
    2.08,
    2.165,
    2.2525,
    2.34,
    2.425,
    2.5125,
    2.6,
    2.685,
    2.7725,
    2.86,
    2.945,
    3.0325,
    3.12,
    3.205,
    3.2925,
    3.38,
    3.465,
    3.5525,
    3.64,
    3.725,
    3.8125,
    3.9,
    3.985,
    4.0725,
    4.16,
    4.245,
    4.3325,
    4.42,
    4.505,
    4.5925,
    4.68,
    4.765,
    4.8525,
    4.94,
    5.025,
    5.1125,
    5.2,
    5.285,
    5.3725,
    5.46,
    5.545,
    5.6325,
    5.72,
    5.805,
    5.8925,
    5.98,
    6.065,
    6.1525
  ],
  "SoftwareVersions": "syngo MR E11",
  "SpacingBetweenSlices": 2,
  "StationName": "BAY4OC",
  "TaskName": "rest",
  "TotalReadoutTime": 0.0597409,
  "TxRefAmp": 264.706,
  "WipMemBlock": "8986e342-4a22-45e2-9767-56175f4d9e61||Sequence: ve11c/master r/5b0256d+; Dec  9 2016 09:38:51 by eja",
  "dcmmeta_affine": [
    [
      -1.9942625761032104,
      -0.047345731407403946,
      0.1437893956899643,
      106.60310363769531
    ],
    [
      -0.09393230080604553,
      1.8767532110214233,
      -0.6848169565200806,
      -53.89645767211914
    ],
    [
      0.11871702969074249,
      0.6896055936813354,
      1.8735928535461426,
      -72.4813461303711
    ],
    [
      0,
      0,
      0,
      1
    ]
  ],
  "dcmmeta_reorient_transform": [
    [
      0,
      -1,
      0,
      103
    ],
    [
      1,
      0,
      0,
      0
    ],
    [
      0,
      0,
      1,
      0
    ],
    [
      0,
      0,
      0,
      1
    ]
  ],
  "dcmmeta_shape": [
    104,
    104,
    72
  ],
  "dcmmeta_slice_dim": 2,
  "dcmmeta_version": 0.6
}
