{
  "AcquisitionMatrixPE": 140,
  "AcquisitionNumber": 1,
  "AcquisitionTime": "09:09:24.412500",
  "BandwidthPerPixelPhaseEncode": 10.352,
  "BaseResolution": 140,
  "BodyPartExamined": "BRAIN",
  "CoilCombinationMethod": "Sum of Squares",
  "ConsistencyInfo": "N4_VE11C_LATEST_20160120",
  "ConversionSoftware": "dcm2niix",
  "ConversionSoftwareVersion": "v1.0.20220720",
  "DerivedVendorReportedEchoSpacing": 0.000689998,
  "DeviceSerialNumber": "67026",
  "DiffusionScheme": "Monopolar",
  "DwellTime": 2.1e-06,
  "EchoTime": 0.0892,
  "EchoTrainLength": 105,
  "EffectiveEchoSpacing": 0.000689998,
  "FlipAngle": 78,
  "HeudiconvVersion": "0.11.4",
  "ImageComments": "Unaliased MB4/PE3/LB SENSE1",
  "ImageOrientationPatientDICOM": [
    0.995046,
    0.0255536,
    -0.0960731,
    -0.0589424,
    0.929864,
    -0.363151
  ],
  "ImageOrientationText": "Tra>Cor(-21.6)>Sag(-4.6)",
  "ImageType": [
    "ORIGINAL",
    "PRIMARY",
    "DIFFUSION",
    "NONE",
    "MB",
    "ND",
    "MOSAIC"
  ],
  "ImagingFrequency": 123.232,
  "InPlanePhaseEncodingDirectionDICOM": "COL",
  "InstitutionAddress": "13th St. 149,Charlestown,MA,US,02129",
  "InstitutionName": "MGH PrismaFit-Bay4",
  "InstitutionalDepartmentName": "Martinos Center",
  "MRAcquisitionType": "2D",
  "MagneticFieldStrength": 3,
  "Manufacturer": "Siemens",
  "ManufacturersModelName": "Prisma_fit",
  "MatrixCoilMode": "SENSE",
  "Modality": "MR",
  "MultibandAccelerationFactor": 4,
  "NonlinearGradientCorrection": false,
  "PartialFourier": 0.75,
  "PatientPosition": "HFS",
  "PercentPhaseFOV": 100,
  "PercentSampling": 100,
  "PhaseEncodingDirection": "j-",
  "PhaseEncodingSteps": 105,
  "PhaseResolution": 1,
  "PixelBandwidth": 1700,
  "ProcedureStepDescription": "INVESTIGATORS^Greve",
  "ProtocolName": "dMRI_dir98_AP",
  "PulseSequenceDetails": "%CustomerSeq%\\hcp_mbep2d_diff",
  "ReceiveCoilActiveElements": "HEA;HEP",
  "ReceiveCoilName": "Head_32",
  "ReconMatrixPE": 140,
  "RepetitionTime": 3.23,
  "SAR": 0.177219,
  "ScanOptions": "PFP\\EXT",
  "ScanningSequence": "EP",
  "SequenceName": "ep_b5#1",
  "SequenceVariant": "SK\\SS",
  "SeriesDescription": "dMRI_dir98_AP",
  "SeriesNumber": 42,
  "ShimSetting": [
    -1274,
    -10374,
    -10216,
    480,
    104,
    119,
    59,
    -21
  ],
  "SliceThickness": 1.5,
  "SliceTiming": [
    0,
    1.6725,
    0.1375,
    1.8125,
    0.2775,
    1.9525,
    0.4175,
    2.0925,
    0.5575,
    2.2325,
    0.6975,
    2.3725,
    0.835,
    2.51,
    0.975,
    2.65,
    1.115,
    2.79,
    1.255,
    2.93,
    1.395,
    3.07,
    1.535,
    0,
    1.6725,
    0.1375,
    1.8125,
    0.2775,
    1.9525,
    0.4175,
    2.0925,
    0.5575,
    2.2325,
    0.6975,
    2.3725,
    0.835,
    2.51,
    0.975,
    2.65,
    1.115,
    2.79,
    1.255,
    2.93,
    1.395,
    3.07,
    1.535,
    0,
    1.6725,
    0.1375,
    1.8125,
    0.2775,
    1.9525,
    0.4175,
    2.0925,
    0.5575,
    2.2325,
    0.6975,
    2.3725,
    0.835,
    2.51,
    0.975,
    2.65,
    1.115,
    2.79,
    1.255,
    2.93,
    1.395,
    3.07,
    1.535,
    0,
    1.6725,
    0.1375,
    1.8125,
    0.2775,
    1.9525,
    0.4175,
    2.0925,
    0.5575,
    2.2325,
    0.6975,
    2.3725,
    0.835,
    2.51,
    0.975,
    2.65,
    1.115,
    2.79,
    1.255,
    2.93,
    1.395,
    3.07,
    1.535
  ],
  "SoftwareVersions": "syngo MR E11",
  "SpacingBetweenSlices": 1.5,
  "StationName": "BAY4OC",
  "TotalReadoutTime": 0.0959097,
  "TxRefAmp": 285.736,
  "WipMemBlock": "f5a5f500-7abc-4b5a-96b1-65e168651b12||Sequence: ve11c/master r/5b0256d+; Dec  9 2016 09:48:43 by eja",
  "dcmmeta_affine": [
    [
      -1.4925693273544312,
      -0.08841355890035629,
      -0.12008271366357803,
      113.64362335205078
    ],
    [
      -0.03833037614822388,
      1.3947962522506714,
      -0.5505217909812927,
      -52.500423431396484
    ],
    [
      -0.14410968124866486,
      0.5447260737419128,
      1.390146017074585,
      -74.54774475097656
    ],
    [
      0,
      0,
      0,
      1
    ]
  ],
  "dcmmeta_reorient_transform": [
    [
      0,
      -1,
      0,
      139
    ],
    [
      1,
      0,
      0,
      0
    ],
    [
      0,
      0,
      1,
      0
    ],
    [
      0,
      0,
      0,
      1
    ]
  ],
  "dcmmeta_shape": [
    140,
    140,
    92,
    99
  ],
  "dcmmeta_slice_dim": 2,
  "dcmmeta_version": 0.6,
  "time": {
    "samples": {
      "AcquisitionNumber": [
        1,
        2,
        3,
        4,
        5,
        6,
        7,
        8,
        9,
        10,
        11,
        12,
        13,
        14,
        15,
        16,
        17,
        18,
        19,
        20,
        21,
        22,
        23,
        24,
        25,
        26,
        27,
        28,
        29,
        30,
        31,
        32,
        33,
        34,
        35,
        36,
        37,
        38,
        39,
        40,
        41,
        42,
        43,
        44,
        45,
        46,
        47,
        48,
        49,
        50,
        51,
        52,
        53,
        54,
        55,
        56,
        57,
        58,
        59,
        60,
        61,
        62,
        63,
        64,
        65,
        66,
        67,
        68,
        69,
        70,
        71,
        72,
        73,
        74,
        75,
        76,
        77,
        78,
        79,
        80,
        81,
        82,
        83,
        84,
        85,
        86,
        87,
        88,
        89,
        90,
        91,
        92,
        93,
        94,
        95,
        96,
        97,
        98,
        99
      ],
      "AcquisitionTime": [
        "090924.412500",
        "090927.642500",
        "090930.872500",
        "090934.102500",
        "090937.332500",
        "090940.562500",
        "090943.792500",
        "090947.022500",
        "090950.252500",
        "090953.482500",
        "090956.712500",
        "090959.942500",
        "091003.172500",
        "091006.402500",
        "091009.632500",
        "091012.862500",
        "091016.092500",
        "091019.322500",
        "091022.552500",
        "091025.782500",
        "091029.012500",
        "091032.242500",
        "091035.472500",
        "091038.702500",
        "091041.932500",
        "091045.162500",
        "091048.392500",
        "091051.622500",
        "091054.852500",
        "091058.082500",
        "091101.312500",
        "091104.542500",
        "091107.772500",
        "091111.002500",
        "091114.232500",
        "091117.462500",
        "091120.692500",
        "091123.922500",
        "091127.152500",
        "091130.382500",
        "091133.612500",
        "091136.842500",
        "091140.072500",
        "091143.302500",
        "091146.532500",
        "091149.762500",
        "091152.992500",
        "091156.222500",
        "091159.452500",
        "091202.682500",
        "091205.912500",
        "091209.142500",
        "091212.372500",
        "091215.602500",
        "091218.832500",
        "091222.062500",
        "091225.292500",
        "091228.522500",
        "091231.752500",
        "091234.982500",
        "091238.212500",
        "091241.442500",
        "091244.672500",
        "091247.902500",
        "091251.132500",
        "091254.362500",
        "091257.592500",
        "091300.822500",
        "091304.052500",
        "091307.282500",
        "091310.512500",
        "091313.742500",
        "091316.972500",
        "091320.202500",
        "091323.432500",
        "091326.662500",
        "091329.892500",
        "091333.122500",
        "091336.352500",
        "091339.582500",
        "091342.812500",
        "091346.042500",
        "091349.272500",
        "091352.502500",
        "091355.732500",
        "091358.962500",
        "091402.192500",
        "091405.422500",
        "091408.652500",
        "091411.882500",
        "091415.112500",
        "091418.342500",
        "091421.572500",
        "091424.802500",
        "091428.032500",
        "091431.262500",
        "091434.492500",
        "091437.722500",
        "091440.952500"
      ],
      "ContentTime": [
        "091043.548000",
        "091043.552000",
        "091043.556000",
        "091043.560000",
        "091043.563000",
        "091043.566000",
        "091043.570000",
        "091043.573000",
        "091043.581000",
        "091043.584000",
        "091043.588000",
        "091043.591000",
        "091043.595000",
        "091043.598000",
        "091043.601000",
        "091043.605000",
        "091043.608000",
        "091043.611000",
        "091043.615000",
        "091043.618000",
        "091043.621000",
        "091043.625000",
        "091043.628000",
        "091043.632000",
        "091203.509000",
        "091203.513000",
        "091203.517000",
        "091203.525000",
        "091203.529000",
        "091203.532000",
        "091203.535000",
        "091203.539000",
        "091203.542000",
        "091203.545000",
        "091203.549000",
        "091203.552000",
        "091203.556000",
        "091203.564000",
        "091203.567000",
        "091203.570000",
        "091203.574000",
        "091203.577000",
        "091203.580000",
        "091203.584000",
        "091203.587000",
        "091203.590000",
        "091203.594000",
        "091203.597000",
        "091203.601000",
        "091243.511000",
        "091243.514000",
        "091243.518000",
        "091243.521000",
        "091243.524000",
        "091243.528000",
        "091243.531000",
        "091243.535000",
        "091243.538000",
        "091243.541000",
        "091243.545000",
        "091243.548000",
        "091403.509000",
        "091403.513000",
        "091403.516000",
        "091403.520000",
        "091403.533000",
        "091403.536000",
        "091403.539000",
        "091403.543000",
        "091403.546000",
        "091403.550000",
        "091403.553000",
        "091403.556000",
        "091403.560000",
        "091403.563000",
        "091403.566000",
        "091403.570000",
        "091403.573000",
        "091403.576000",
        "091403.580000",
        "091403.583000",
        "091403.587000",
        "091403.590000",
        "091403.593000",
        "091403.596000",
        "091403.600000",
        "091444.425000",
        "091444.430000",
        "091444.435000",
        "091444.439000",
        "091444.444000",
        "091444.450000",
        "091444.453000",
        "091444.457000",
        "091444.460000",
        "091444.464000",
        "091444.468000",
        "091444.471000",
        "091444.475000"
      ],
      "InstanceCreationTime": [
        "091043.548000",
        "091043.552000",
        "091043.556000",
        "091043.560000",
        "091043.563000",
        "091043.566000",
        "091043.570000",
        "091043.573000",
        "091043.581000",
        "091043.584000",
        "091043.588000",
        "091043.591000",
        "091043.595000",
        "091043.598000",
        "091043.601000",
        "091043.605000",
        "091043.608000",
        "091043.611000",
        "091043.615000",
        "091043.618000",
        "091043.621000",
        "091043.625000",
        "091043.628000",
        "091043.632000",
        "091203.509000",
        "091203.513000",
        "091203.517000",
        "091203.525000",
        "091203.529000",
        "091203.532000",
        "091203.535000",
        "091203.539000",
        "091203.542000",
        "091203.545000",
        "091203.549000",
        "091203.552000",
        "091203.556000",
        "091203.564000",
        "091203.567000",
        "091203.570000",
        "091203.574000",
        "091203.577000",
        "091203.580000",
        "091203.584000",
        "091203.587000",
        "091203.590000",
        "091203.594000",
        "091203.597000",
        "091203.601000",
        "091243.511000",
        "091243.514000",
        "091243.518000",
        "091243.521000",
        "091243.524000",
        "091243.528000",
        "091243.531000",
        "091243.535000",
        "091243.538000",
        "091243.541000",
        "091243.545000",
        "091243.548000",
        "091403.509000",
        "091403.513000",
        "091403.516000",
        "091403.520000",
        "091403.533000",
        "091403.536000",
        "091403.539000",
        "091403.543000",
        "091403.546000",
        "091403.550000",
        "091403.553000",
        "091403.556000",
        "091403.560000",
        "091403.563000",
        "091403.566000",
        "091403.570000",
        "091403.573000",
        "091403.576000",
        "091403.580000",
        "091403.583000",
        "091403.587000",
        "091403.590000",
        "091403.593000",
        "091403.596000",
        "091403.600000",
        "091444.425000",
        "091444.430000",
        "091444.435000",
        "091444.439000",
        "091444.444000",
        "091444.450000",
        "091444.453000",
        "091444.457000",
        "091444.460000",
        "091444.464000",
        "091444.468000",
        "091444.471000",
        "091444.475000"
      ],
      "InstanceNumber": [
        1,
        2,
        3,
        4,
        5,
        6,
        7,
        8,
        9,
        10,
        11,
        12,
        13,
        14,
        15,
        16,
        17,
        18,
        19,
        20,
        21,
        22,
        23,
        24,
        25,
        26,
        27,
        28,
        29,
        30,
        31,
        32,
        33,
        34,
        35,
        36,
        37,
        38,
        39,
        40,
        41,
        42,
        43,
        44,
        45,
        46,
        47,
        48,
        49,
        50,
        51,
        52,
        53,
        54,
        55,
        56,
        57,
        58,
        59,
        60,
        61,
        62,
        63,
        64,
        65,
        66,
        67,
        68,
        69,
        70,
        71,
        72,
        73,
        74,
        75,
        76,
        77,
        78,
        79,
        80,
        81,
        82,
        83,
        84,
        85,
        86,
        87,
        88,
        89,
        90,
        91,
        92,
        93,
        94,
        95,
        96,
        97,
        98,
        99
      ],
      "LargestImagePixelValue": [
        43452,
        42199,
        5841,
        2232,
        5299,
        2842,
        5068,
        2677,
        5774,
        3297,
        5954,
        2534,
        5675,
        2407,
        5628,
        2733,
        5453,
        49612,
        3330,
        5499,
        2270,
        5003,
        2555,
        5406,
        2465,
        5604,
        2902,
        5904,
        2738,
        4897,
        3128,
        5563,
        2584,
        45854,
        6189,
        2520,
        5278,
        3180,
        5118,
        2308,
        5331,
        2316,
        5877,
        2706,
        5467,
        2650,
        5028,
        3567,
        6038,
        43908,
        3028,
        5365,
        2358,
        6136,
        3118,
        5396,
        2746,
        5724,
        2497,
        5172,
        2547,
        5541,
        2990,
        5267,
        2475,
        45450,
        5836,
        2984,
        5103,
        2331,
        5764,
        2845,
        5174,
        2891,
        5810,
        2598,
        5843,
        2473,
        5293,
        2605,
        5351,
        37569,
        2733,
        5360,
        2375,
        5926,
        2913,
        5302,
        2512,
        6443,
        3105,
        4987,
        2552,
        5747,
        4025,
        5164,
        2525,
        5931,
        2695
      ],
      "SequenceName": [
        "ep_b5#1",
        "ep_b5#1",
        "ep_b1490#2",
        "ep_b2990#3",
        "ep_b1495#4",
        "ep_b3005#5",
        "ep_b1500#6",
        "ep_b2985#7",
        "ep_b1495#8",
        "ep_b3005#9",
        "ep_b1490#10",
        "ep_b2995#11",
        "ep_b1490#12",
        "ep_b2990#13",
        "ep_b1500#14",
        "ep_b2985#15",
        "ep_b1500#16",
        "ep_b5#17",
        "ep_b3005#18",
        "ep_b1490#19",
        "ep_b3000#20",
        "ep_b1495#21",
        "ep_b3000#22",
        "ep_b1495#23",
        "ep_b3005#24",
        "ep_b1490#25",
        "ep_b2980#26",
        "ep_b1505#27",
        "ep_b2995#28",
        "ep_b1500#29",
        "ep_b3005#30",
        "ep_b1490#31",
        "ep_b3000#32",
        "ep_b5#33",
        "ep_b1505#34",
        "ep_b3000#35",
        "ep_b1490#36",
        "ep_b2980#37",
        "ep_b1495#38",
        "ep_b2995#39",
        "ep_b1500#40",
        "ep_b2995#41",
        "ep_b1505#42",
        "ep_b2990#43",
        "ep_b1495#44",
        "ep_b3000#45",
        "ep_b1495#46",
        "ep_b3000#47",
        "ep_b1490#48",
        "ep_b5#49",
        "ep_b3005#50",
        "ep_b1500#51",
        "ep_b2990#52",
        "ep_b1505#53",
        "ep_b2995#54",
        "ep_b1495#55",
        "ep_b2990#56",
        "ep_b1490#57",
        "ep_b3000#58",
        "ep_b1500#59",
        "ep_b3000#60",
        "ep_b1505#61",
        "ep_b2985#62",
        "ep_b1500#63",
        "ep_b2990#64",
        "ep_b5#65",
        "ep_b1505#66",
        "ep_b3005#67",
        "ep_b1495#68",
        "ep_b3000#69",
        "ep_b1505#70",
        "ep_b3005#71",
        "ep_b1500#72",
        "ep_b3005#73",
        "ep_b1490#74",
        "ep_b2995#75",
        "ep_b1490#76",
        "ep_b2995#77",
        "ep_b1500#78",
        "ep_b3000#79",
        "ep_b1490#80",
        "ep_b5#81",
        "ep_b2990#82",
        "ep_b1500#83",
        "ep_b2985#84",
        "ep_b1490#85",
        "ep_b2995#86",
        "ep_b1495#87",
        "ep_b2990#88",
        "ep_b1490#89",
        "ep_b2980#90",
        "ep_b1495#91",
        "ep_b3000#92",
        "ep_b1495#93",
        "ep_b3005#94",
        "ep_b1500#95",
        "ep_b2990#96",
        "ep_b1500#97",
        "ep_b3000#98"
      ],
      "TriggerTime": [
        18795,
        22025,
        25255,
        28485,
        31715,
        34945,
        38175,
        41405,
        44635,
        47865,
        51095,
        54325,
        57555,
        60785,
        64015,
        67245,
        70475,
        73705,
        76935,
        80165,
        83395,
        86625,
        89855,
        93085,
        96315,
        99545,
        102775,
        106005,
        109235,
        112465,
        115695,
        118925,
        122155,
        125385,
        128615,
        131845,
        135075,
        138305,
        141535,
        144765,
        147995,
        151225,
        154455,
        157685,
        160915,
        164145,
        167375,
        170605,
        173835,
        177065,
        180295,
        183525,
        186755,
        189985,
        193215,
        196445,
        199675,
        202905,
        206135,
        209365,
        212595,
        215825,
        219055,
        222285,
        225515,
        228745,
        231975,
        235205,
        238435,
        241665,
        244895,
        248125,
        251355,
        254585,
        257815,
        261045,
        264275,
        267505,
        270735,
        273965,
        277195,
        280425,
        283655,
        286885,
        290115,
        293345,
        296575,
        299805,
        303035,
        306265,
        309495,
        312725,
        315955,
        319185,
        322415,
        325645,
        328875,
        332105,
        335335
      ],
      "WindowCenter": [
        4617,
        4645,
        1594,
        867,
        1612,
        910,
        1559,
        910,
        1607,
        924,
        1607,
        909,
        1608,
        929,
        1579,
        957,
        1579,
        4843,
        943,
        1597,
        863,
        1564,
        929,
        1599,
        906,
        1576,
        917,
        1578,
        944,
        1564,
        942,
        1615,
        907,
        4727,
        1591,
        908,
        1570,
        940,
        1559,
        871,
        1578,
        881,
        1562,
        905,
        1614,
        884,
        1582,
        979,
        1623,
        4653,
        933,
        1575,
        887,
        1575,
        971,
        1592,
        930,
        1595,
        887,
        1600,
        905,
        1565,
        929,
        1577,
        914,
        4704,
        1576,
        931,
        1579,
        863,
        1578,
        938,
        1566,
        890,
        1576,
        911,
        1594,
        908,
        1576,
        905,
        1561,
        4501,
        929,
        1596,
        865,
        1607,
        956,
        1595,
        893,
        1605,
        944,
        1587,
        896,
        1608,
        981,
        1563,
        930,
        1591,
        903
      ],
      "WindowWidth": [
        10430,
        10527,
        4075,
        2383,
        4118,
        2468,
        4002,
        2487,
        4099,
        2505,
        4101,
        2485,
        4106,
        2537,
        4046,
        2602,
        4045,
        10761,
        2550,
        4086,
        2371,
        4017,
        2536,
        4089,
        2474,
        4037,
        2493,
        4034,
        2571,
        4016,
        2548,
        4128,
        2473,
        10622,
        4060,
        2480,
        4030,
        2541,
        4001,
        2400,
        4038,
        2417,
        4007,
        2467,
        4120,
        2412,
        4051,
        2644,
        4134,
        10495,
        2531,
        4032,
        2438,
        4028,
        2633,
        4068,
        2526,
        4078,
        2422,
        4093,
        2469,
        4019,
        2520,
        4042,
        2503,
        10571,
        4031,
        2525,
        4041,
        2371,
        4034,
        2552,
        4026,
        2418,
        4036,
        2492,
        4072,
        2481,
        4034,
        2469,
        4008,
        10285,
        2516,
        4081,
        2376,
        4098,
        2596,
        4078,
        2445,
        4095,
        2554,
        4067,
        2456,
        4108,
        2634,
        4012,
        2543,
        4065,
        2457
      ]
    },
