{
  "AcquisitionMatrixPE": 140,
  "AcquisitionNumber": 1,
  "AcquisitionTime": "09:02:13.765000",
  "BandwidthPerPixelPhaseEncode": 10.352,
  "BaseResolution": 140,
  "BodyPartExamined": "BRAIN",
  "CoilCombinationMethod": "Sum of Squares",
  "ConsistencyInfo": "N4_VE11C_LATEST_20160120",
  "ConversionSoftware": "dcm2niix",
  "ConversionSoftwareVersion": "v1.0.20220720",
  "DerivedVendorReportedEchoSpacing": 0.000689998,
  "DeviceSerialNumber": "67026",
  "DwellTime": 2.1e-06,
  "EchoTime": 0.0892,
  "EchoTrainLength": 105,
  "EffectiveEchoSpacing": 0.000689998,
  "FlipAngle": 78,
  "HeudiconvVersion": "0.11.4",
  "ImageComments": "Single-band reference SENSE1",
  "ImageOrientationPatientDICOM": [
    0.999939,
    0.00870909,
    0.00677037,
    -0.00349044,
    0.832012,
    -0.554746
  ],
  "ImageOrientationText": "Tra>Cor(-33.7)>Sag(0.6)",
  "ImageType": [
    "ORIGINAL",
    "PRIMARY",
    "M",
    "ND",
    "MOSAIC"
  ],
  "ImagingFrequency": 123.16,
  "InPlanePhaseEncodingDirectionDICOM": "COL",
  "InstitutionAddress": "13th St. 149,Charlestown,MA,US,02129",
  "InstitutionName": "MGH PrismaFit-Bay4",
  "InstitutionalDepartmentName": "Martinos Center",
  "MRAcquisitionType": "2D",
  "MagneticFieldStrength": 3,
  "Manufacturer": "Siemens",
  "ManufacturersModelName": "Prisma_fit",
  "MatrixCoilMode": "SENSE",
  "Modality": "MR",
  "NonlinearGradientCorrection": false,
  "PartialFourier": 0.75,
  "PatientPosition": "HFS",
  "PercentPhaseFOV": 100,
  "PercentSampling": 100,
  "PhaseEncodingDirection": "j-",
  "PhaseEncodingSteps": 105,
  "PhaseResolution": 1,
  "PixelBandwidth": 1700,
  "ProcedureStepDescription": "INVESTIGATORS^Greve",
  "ProtocolName": "dMRI_dir98_AP",
  "PulseSequenceDetails": "%CustomerSeq%\\hcp_mbep2d_diff",
  "ReceiveCoilActiveElements": "HEA;HEP",
  "ReceiveCoilName": "Head_32",
  "ReconMatrixPE": 140,
  "RepetitionTime": 3.23,
  "SAR": 0.167144,
  "ScanOptions": "PFP\\EXT",
  "ScanningSequence": "EP",
  "SequenceName": "epse2d1_140",
  "SequenceVariant": "SK\\SS",
  "SeriesDescription": "dMRI_dir98_AP_SBRef",
  "SeriesNumber": 41,
  "ShimSetting": [
    -1197,
    -10496,
    -10150,
    413,
    151,
    230,
    -67,
    -30
  ],
  "SliceThickness": 1.5,
  "SliceTiming": [
    0,
    0.1375,
    0.2775,
    0.4175,
    0.5575,
    0.6975,
    0.8375,
    0.975,
    1.115,
    1.255,
    1.395,
    1.535,
    1.675,
    1.8125,
    1.9525,
    2.0925,
    2.2325,
    2.3725,
    2.51,
    2.65,
    2.79,
    2.93,
    3.07,
    3.21,
    3.3475,
    3.4875,
    3.6275,
    3.7675,
    3.9075,
    4.0475,
    4.185,
    4.325,
    4.465,
    4.605,
    4.745,
    4.8825,
    5.0225,
    5.1625,
    5.3025,
    5.4425,
    5.5825,
    5.72,
    5.86,
    6,
    6.14,
    6.28,
    6.42,
    6.5575,
    6.6975,
    6.8375,
    6.9775,
    7.1175,
    7.255,
    7.395,
    7.535,
    7.675,
    7.815,
    7.955,
    8.0925,
    8.2325,
    8.3725,
    8.5125,
    8.6525,
    8.7925,
    8.93,
    9.07,
    9.21,
    9.35,
    9.49,
    9.6275,
    9.7675,
    9.9075,
    10.0475,
    10.1875,
    10.3275,
    10.465,
    10.605,
    10.745,
    10.885,
    11.025,
    11.165,
    11.3025,
    11.4425,
    11.5825,
    11.7225,
    11.8625,
    12,
    12.14,
    12.28,
    12.42,
    12.56,
    12.7
  ],
  "SoftwareVersions": "syngo MR E11",
  "SpacingBetweenSlices": 1.5,
  "StationName": "BAY4OC",
  "TotalReadoutTime": 0.0959097,
  "TxRefAmp": 282.582,
  "WipMemBlock": "5c45ed07-2d19-41a1-a0dc-26c8898a0e94||Sequence: ve11c/master r/5b0256d+; Dec  9 2016 09:48:43 by eja",
  "dcmmeta_affine": [
    [
      -1.499908685684204,
      -0.005235658958554268,
      0.015696551650762558,
      105.13574981689453
    ],
    [
      -0.01306363008916378,
      1.2480182647705078,
      -0.8320333957672119,
      -39.34519958496094
    ],
    [
      0.010155560448765755,
      0.8321194648742676,
      1.247987985610962,
      -97.30802154541016
    ],
    [
      0,
      0,
      0,
      1
    ]
  ],
  "dcmmeta_reorient_transform": [
    [
      0,
      -1,
      0,
      139
    ],
    [
      1,
      0,
      0,
      0
    ],
    [
      0,
      0,
      1,
      0
    ],
    [
      0,
      0,
      0,
      1
    ]
  ],
  "dcmmeta_shape": [
    140,
    140,
    92
  ],
  "dcmmeta_slice_dim": 2,
  "dcmmeta_version": 0.6
}
