{
  "AcquisitionMatrixPE": 140,
  "AcquisitionNumber": 1,
  "AcquisitionTime": "08:59:7.435000",
  "BandwidthPerPixelPhaseEncode": 10.352,
  "BaseResolution": 140,
  "BodyPartExamined": "BRAIN",
  "CoilCombinationMethod": "Sum of Squares",
  "ConsistencyInfo": "N4_VE11C_LATEST_20160120",
  "ConversionSoftware": "dcm2niix",
  "ConversionSoftwareVersion": "v1.0.20220720",
  "DerivedVendorReportedEchoSpacing": 0.000689998,
  "DeviceSerialNumber": "67026",
  "DiffusionScheme": "Monopolar",
  "DwellTime": 2.1e-06,
  "EchoTime": 0.0892,
  "EchoTrainLength": 105,
  "EffectiveEchoSpacing": 0.000689998,
  "FlipAngle": 78,
  "HeudiconvVersion": "0.11.4",
  "ImageComments": "Unaliased MB4/PE3/LB SENSE1",
  "ImageOrientationPatientDICOM": [
    0.999266,
    0.0110334,
    0.0366717,
    2.46689e-08,
    0.957597,
    -0.288112
  ],
  "ImageOrientationText": "Tra>Cor(-16.7)>Sag(2.2)",
  "ImageType": [
    "ORIGINAL",
    "PRIMARY",
    "DIFFUSION",
    "NONE",
    "MB",
    "ND",
    "MOSAIC"
  ],
  "ImagingFrequency": 123.224,
  "InPlanePhaseEncodingDirectionDICOM": "COL",
  "InstitutionAddress": "13th St. 149,Charlestown,MA,US,02129",
  "InstitutionName": "Martinos Center Bay 4 Prisma",
  "InstitutionalDepartmentName": "Martinos Center",
  "MRAcquisitionType": "2D",
  "MagneticFieldStrength": 3,
  "Manufacturer": "Siemens",
  "ManufacturersModelName": "Prisma_fit",
  "MatrixCoilMode": "SENSE",
  "Modality": "MR",
  "MultibandAccelerationFactor": 4,
  "NonlinearGradientCorrection": false,
  "PartialFourier": 0.75,
  "PatientPosition": "HFS",
  "PercentPhaseFOV": 100,
  "PercentSampling": 100,
  "PhaseEncodingDirection": "j-",
  "PhaseEncodingSteps": 105,
  "PhaseResolution": 1,
  "PixelBandwidth": 1700,
  "ProcedureStepDescription": "INVESTIGATORS^Greve",
  "ProtocolName": "dMRI_dir98_AP",
  "PulseSequenceDetails": "%CustomerSeq%\\hcp_mbep2d_diff",
  "ReceiveCoilActiveElements": "HEA;HEP",
  "ReceiveCoilName": "Head_32",
  "ReconMatrixPE": 140,
  "RepetitionTime": 3.23,
  "SAR": 0.176209,
  "ScanOptions": "PFP\\EXT",
  "ScanningSequence": "EP",
  "SequenceName": "ep_b5#1",
  "SequenceVariant": "SK\\SS",
  "SeriesDescription": "dMRI_dir98_AP",
  "SeriesNumber": 42,
  "ShimSetting": [
    -1233,
    -10399,
    -10232,
    300,
    180,
    24,
    -77,
    -14
  ],
  "SliceThickness": 1.5,
  "SliceTiming": [
    0,
    1.675,
    0.14,
    1.815,
    0.28,
    1.955,
    0.42,
    2.095,
    0.56,
    2.235,
    0.7,
    2.3725,
    0.8375,
    2.5125,
    0.9775,
    2.6525,
    1.1175,
    2.7925,
    1.2575,
    2.9325,
    1.3975,
    3.0725,
    1.5375,
    0,
    1.675,
    0.14,
    1.815,
    0.28,
    1.955,
    0.42,
    2.095,
    0.56,
    2.235,
    0.7,
    2.3725,
    0.8375,
    2.5125,
    0.9775,
    2.6525,
    1.1175,
    2.7925,
    1.2575,
    2.9325,
    1.3975,
    3.0725,
    1.5375,
    0,
    1.675,
    0.14,
    1.815,
    0.28,
    1.955,
    0.42,
    2.095,
    0.56,
    2.235,
    0.7,
    2.3725,
    0.8375,
    2.5125,
    0.9775,
    2.6525,
    1.1175,
    2.7925,
    1.2575,
    2.9325,
    1.3975,
    3.0725,
    1.5375,
    0,
    1.675,
    0.14,
    1.815,
    0.28,
    1.955,
    0.42,
    2.095,
    0.56,
    2.235,
    0.7,
    2.3725,
    0.8375,
    2.5125,
    0.9775,
    2.6525,
    1.1175,
    2.7925,
    1.2575,
    2.9325,
    1.3975,
    3.0725,
    1.5375
  ],
  "SoftwareVersions": "syngo MR E11",
  "SpacingBetweenSlices": 1.5,
  "StationName": "BAY4OC",
  "TotalReadoutTime": 0.0959097,
  "TxRefAmp": 273.415,
  "WipMemBlock": "fe9c3045-4860-4fe6-be14-624542609bdb||Sequence: ve11c/master r/5b0256d+; Dec  9 2016 09:48:43 by eja",
  "dcmmeta_affine": [
    [
      -1.4988996982574463,
      3.70033426122518e-08,
      0.0574432834982872,
      114.20784759521484
    ],
    [
      -0.016550056636333466,
      1.4363951683044434,
      -0.431850790977478,
      -63.310142517089844
    ],
    [
      0.055007513612508774,
      0.43216779828071594,
      1.435341477394104,
      -84.58745574951172
    ],
    [
      0,
      0,
      0,
      1
    ]
  ],
  "dcmmeta_reorient_transform": [
    [
      0,
      -1,
      0,
      139
    ],
    [
      1,
      0,
      0,
      0
    ],
    [
      0,
      0,
      1,
      0
    ],
    [
      0,
      0,
      0,
      1
    ]
  ],
  "dcmmeta_shape": [
    140,
    140,
    92,
    99
  ],
  "dcmmeta_slice_dim": 2,
  "dcmmeta_version": 0.6,
  "time": {
    "samples": {
      "AcquisitionNumber": [
        1,
        2,
        3,
        4,
        5,
        6,
        7,
        8,
        9,
        10,
        11,
        12,
        13,
        14,
        15,
        16,
        17,
        18,
        19,
        20,
        21,
        22,
        23,
        24,
        25,
        26,
        27,
        28,
        29,
        30,
        31,
        32,
        33,
        34,
        35,
        36,
        37,
        38,
        39,
        40,
        41,
        42,
        43,
        44,
        45,
        46,
        47,
        48,
        49,
        50,
        51,
        52,
        53,
        54,
        55,
        56,
        57,
        58,
        59,
        60,
        61,
        62,
        63,
        64,
        65,
        66,
        67,
        68,
        69,
        70,
        71,
        72,
        73,
        74,
        75,
        76,
        77,
        78,
        79,
        80,
        81,
        82,
        83,
        84,
        85,
        86,
        87,
        88,
        89,
        90,
        91,
        92,
        93,
        94,
        95,
        96,
        97,
        98,
        99
      ],
      "AcquisitionTime": [
        "085907.435000",
        "085910.665000",
        "085913.895000",
        "085917.125000",
        "085920.355000",
        "085923.585000",
        "085926.815000",
        "085930.045000",
        "085933.275000",
        "085936.505000",
        "085939.735000",
        "085942.965000",
        "085946.195000",
        "085949.425000",
        "085952.655000",
        "085955.885000",
        "085959.115000",
        "090002.345000",
        "090005.575000",
        "090008.805000",
        "090012.035000",
        "090015.265000",
        "090018.495000",
        "090021.725000",
        "090024.955000",
        "090028.185000",
        "090031.415000",
        "090034.645000",
        "090037.875000",
        "090041.105000",
        "090044.335000",
        "090047.565000",
        "090050.795000",
        "090054.025000",
        "090057.255000",
        "090100.485000",
        "090103.715000",
        "090106.945000",
        "090110.175000",
        "090113.405000",
        "090116.635000",
        "090119.865000",
        "090123.095000",
        "090126.325000",
        "090129.555000",
        "090132.785000",
        "090136.015000",
        "090139.245000",
        "090142.475000",
        "090145.705000",
        "090148.935000",
        "090152.165000",
        "090155.395000",
        "090158.625000",
        "090201.855000",
        "090205.085000",
        "090208.315000",
        "090211.545000",
        "090214.775000",
        "090218.005000",
        "090221.235000",
        "090224.465000",
        "090227.695000",
        "090230.925000",
        "090234.155000",
        "090237.385000",
        "090240.615000",
        "090243.845000",
        "090247.075000",
        "090250.305000",
        "090253.535000",
        "090256.765000",
        "090259.995000",
        "090303.225000",
        "090306.455000",
        "090309.685000",
        "090312.915000",
        "090316.145000",
        "090319.375000",
        "090322.605000",
        "090325.835000",
        "090329.065000",
        "090332.295000",
        "090335.525000",
        "090338.755000",
        "090341.985000",
        "090345.215000",
        "090348.445000",
        "090351.675000",
        "090354.905000",
        "090358.135000",
        "090401.365000",
        "090404.595000",
        "090407.825000",
        "090411.055000",
        "090414.285000",
        "090417.515000",
        "090420.745000",
        "090423.975000"
      ],
      "ContentTime": [
        "090026.311000",
        "090026.315000",
        "090026.319000",
        "090026.323000",
        "090026.326000",
        "090026.340000",
        "090026.343000",
        "090026.346000",
        "090026.355000",
        "090026.358000",
        "090026.362000",
        "090026.365000",
        "090026.368000",
        "090026.372000",
        "090026.375000",
        "090026.379000",
        "090026.382000",
        "090026.386000",
        "090026.389000",
        "090026.392000",
        "090026.396000",
        "090026.399000",
        "090126.272000",
        "090126.276000",
        "090126.279000",
        "090126.283000",
        "090126.293000",
        "090126.296000",
        "090126.300000",
        "090126.303000",
        "090126.307000",
        "090126.310000",
        "090126.313000",
        "090126.317000",
        "090126.321000",
        "090126.332000",
        "090126.336000",
        "090126.339000",
        "090126.343000",
        "090126.346000",
        "090126.350000",
        "090126.353000",
        "090226.274000",
        "090226.278000",
        "090226.292000",
        "090226.297000",
        "090226.301000",
        "090226.305000",
        "090226.309000",
        "090226.313000",
        "090226.317000",
        "090226.321000",
        "090226.325000",
        "090226.329000",
        "090226.332000",
        "090226.336000",
        "090226.339000",
        "090226.343000",
        "090226.346000",
        "090226.350000",
        "090226.353000",
        "090346.272000",
        "090346.276000",
        "090346.280000",
        "090346.283000",
        "090346.287000",
        "090346.290000",
        "090346.294000",
        "090346.297000",
        "090346.307000",
        "090346.311000",
        "090346.314000",
        "090346.318000",
        "090346.321000",
        "090346.325000",
        "090346.328000",
        "090346.332000",
        "090346.335000",
        "090346.339000",
        "090346.342000",
        "090346.345000",
        "090346.349000",
        "090346.352000",
        "090346.356000",
        "090346.359000",
        "090346.362000",
        "090428.141000",
        "090428.150000",
        "090428.154000",
        "090428.157000",
        "090428.161000",
        "090428.164000",
        "090428.168000",
        "090428.171000",
        "090428.175000",
        "090428.178000",
        "090428.182000",
        "090428.185000",
        "090428.188000"
      ],
      "InstanceCreationTime": [
        "090026.311000",
        "090026.315000",
        "090026.319000",
        "090026.323000",
        "090026.326000",
        "090026.340000",
        "090026.343000",
        "090026.346000",
        "090026.355000",
        "090026.358000",
        "090026.362000",
        "090026.365000",
        "090026.368000",
        "090026.372000",
        "090026.375000",
        "090026.379000",
        "090026.382000",
        "090026.386000",
        "090026.389000",
        "090026.392000",
        "090026.396000",
        "090026.399000",
        "090126.272000",
        "090126.276000",
        "090126.279000",
        "090126.283000",
        "090126.293000",
        "090126.296000",
        "090126.300000",
        "090126.303000",
        "090126.307000",
        "090126.310000",
        "090126.313000",
        "090126.317000",
        "090126.321000",
        "090126.332000",
        "090126.336000",
        "090126.339000",
        "090126.343000",
        "090126.346000",
        "090126.350000",
        "090126.353000",
        "090226.274000",
        "090226.278000",
        "090226.292000",
        "090226.297000",
        "090226.301000",
        "090226.305000",
        "090226.309000",
        "090226.313000",
        "090226.317000",
        "090226.321000",
        "090226.325000",
        "090226.329000",
        "090226.332000",
        "090226.336000",
        "090226.339000",
        "090226.343000",
        "090226.346000",
        "090226.350000",
        "090226.353000",
        "090346.272000",
        "090346.276000",
        "090346.280000",
        "090346.283000",
        "090346.287000",
        "090346.290000",
        "090346.294000",
        "090346.297000",
        "090346.307000",
        "090346.311000",
        "090346.314000",
        "090346.318000",
        "090346.321000",
        "090346.325000",
        "090346.328000",
        "090346.332000",
        "090346.335000",
        "090346.339000",
        "090346.342000",
        "090346.345000",
        "090346.349000",
        "090346.352000",
        "090346.356000",
        "090346.359000",
        "090346.362000",
        "090428.141000",
        "090428.150000",
        "090428.154000",
        "090428.157000",
        "090428.161000",
        "090428.164000",
        "090428.168000",
        "090428.171000",
        "090428.175000",
        "090428.178000",
        "090428.182000",
        "090428.185000",
        "090428.188000"
      ],
      "InstanceNumber": [
        1,
        2,
        3,
        4,
        5,
        6,
        7,
        8,
        9,
        10,
        11,
        12,
        13,
        14,
        15,
        16,
        17,
        18,
        19,
        20,
        21,
        22,
        23,
        24,
        25,
        26,
        27,
        28,
        29,
        30,
        31,
        32,
        33,
        34,
        35,
        36,
        37,
        38,
        39,
        40,
        41,
        42,
        43,
        44,
        45,
        46,
        47,
        48,
        49,
        50,
        51,
        52,
        53,
        54,
        55,
        56,
        57,
        58,
        59,
        60,
        61,
        62,
        63,
        64,
        65,
        66,
        67,
        68,
        69,
        70,
        71,
        72,
        73,
        74,
        75,
        76,
        77,
        78,
        79,
        80,
        81,
        82,
        83,
        84,
        85,
        86,
        87,
        88,
        89,
        90,
        91,
        92,
        93,
        94,
        95,
        96,
        97,
        98,
        99
      ],
      "LargestImagePixelValue": [
        21473,
        23754,
        4557,
        2123,
        4987,
        2056,
        5159,
        2215,
        4911,
        2117,
        5079,
        2068,
        5190,
        2279,
        4833,
        2545,
        5305,
        26163,
        2193,
        4683,
        1922,
        4636,
        2404,
        4629,
        2057,
        4538,
        2193,
        5069,
        2287,
        4767,
        2114,
        5423,
        2161,
        25066,
        4935,
        2367,
        4646,
        2006,
        4347,
        2007,
        4768,
        2237,
        4742,
        2518,
        4623,
        2310,
        4787,
        2154,
        4967,
        27741,
        2333,
        5133,
        2111,
        4738,
        2432,
        4604,
        2108,
        5034,
        2092,
        5456,
        2456,
        4880,
        2040,
        4631,
        2130,
        24579,
        4827,
        2204,
        4594,
        2168,
        5053,
        2294,
        4905,
        2330,
        4965,
        2005,
        4758,
        1989,
        4916,
        2063,
        4949,
        26848,
        2107,
        5139,
        2340,
        4908,
        2211,
        4567,
        1969,
        4919,
        2232,
        5103,
        2130,
        4882,
        2146,
        5321,
        2352,
        4573,
        2066
      ],
      "SequenceName": [
        "ep_b5#1",
        "ep_b5#1",
        "ep_b1490#2",
        "ep_b2990#3",
        "ep_b1495#4",
        "ep_b3005#5",
        "ep_b1500#6",
        "ep_b2985#7",
        "ep_b1495#8",
        "ep_b3005#9",
        "ep_b1490#10",
        "ep_b2995#11",
        "ep_b1490#12",
        "ep_b2990#13",
        "ep_b1500#14",
        "ep_b2985#15",
        "ep_b1500#16",
        "ep_b5#17",
        "ep_b3005#18",
        "ep_b1490#19",
        "ep_b2995#20",
        "ep_b1500#21",
        "ep_b3000#22",
        "ep_b1495#23",
        "ep_b3005#24",
        "ep_b1490#25",
        "ep_b2980#26",
        "ep_b1505#27",
        "ep_b2990#28",
        "ep_b1500#29",
        "ep_b3000#30",
        "ep_b1490#31",
        "ep_b3005#32",
        "ep_b5#33",
        "ep_b1505#34",
        "ep_b3000#35",
        "ep_b1490#36",
        "ep_b2980#37",
        "ep_b1495#38",
        "ep_b2995#39",
        "ep_b1500#40",
        "ep_b2995#41",
        "ep_b1505#42",
        "ep_b2990#43",
        "ep_b1495#44",
        "ep_b3000#45",
        "ep_b1495#46",
        "ep_b3000#47",
        "ep_b1485#48",
        "ep_b5#49",
        "ep_b3005#50",
        "ep_b1500#51",
        "ep_b2990#52",
        "ep_b1505#53",
        "ep_b2995#54",
        "ep_b1490#55",
        "ep_b2990#56",
        "ep_b1490#57",
        "ep_b3000#58",
        "ep_b1500#59",
        "ep_b3000#60",
        "ep_b1500#61",
        "ep_b2985#62",
        "ep_b1500#63",
        "ep_b2990#64",
        "ep_b5#65",
        "ep_b1505#66",
        "ep_b3005#67",
        "ep_b1495#68",
        "ep_b3000#69",
        "ep_b1505#70",
        "ep_b3010#71",
        "ep_b1500#72",
        "ep_b3005#73",
        "ep_b1490#74",
        "ep_b2995#75",
        "ep_b1495#76",
        "ep_b2995#77",
        "ep_b1500#78",
        "ep_b3000#79",
        "ep_b1490#80",
        "ep_b5#81",
        "ep_b2985#82",
        "ep_b1500#83",
        "ep_b2985#84",
        "ep_b1490#85",
        "ep_b2995#86",
        "ep_b1495#87",
        "ep_b2995#88",
        "ep_b1490#89",
        "ep_b2980#90",
        "ep_b1500#91",
        "ep_b3000#92",
        "ep_b1490#93",
        "ep_b3005#94",
        "ep_b1495#95",
        "ep_b2990#96",
        "ep_b1500#97",
        "ep_b3000#98"
      ],
      "TriggerTime": [
        18775,
        22005,
        25235,
        28465,
        31695,
        34925,
        38155,
        41385,
        44615,
        47845,
        51075,
        54305,
        57535,
        60765,
        63995,
        67225,
        70455,
        73685,
        76915,
        80145,
        83375,
        86605,
        89835,
        93065,
        96295,
        99525,
        102755,
        105985,
        109215,
        112445,
        115675,
        118905,
        122135,
        125365,
        128595,
        131825,
        135055,
        138285,
        141515,
        144745,
        147975,
        151205,
        154435,
        157665,
        160895,
        164125,
        167355,
        170585,
        173815,
        177045,
        180275,
        183505,
        186735,
        189965,
        193195,
        196425,
        199655,
        202885,
        206115,
        209345,
        212575,
        215805,
        219035,
        222265,
        225495,
        228725,
        231955,
        235185,
        238415,
        241645,
        244875,
        248105,
        251335,
        254565,
        257795,
        261025,
        264255,
        267485,
        270715,
        273945,
        277175,
        280405,
        283635,
        286865,
        290095,
        293325,
        296555,
        299785,
        303015,
        306245,
        309475,
        312705,
        315935,
        319165,
        322395,
        325625,
        328855,
        332085,
        335315
      ],
      "WindowCenter": [
        4354,
        4439,
        1409,
        785,
        1448,
        777,
        1413,
        806,
        1422,
        780,
        1417,
        769,
        1460,
        813,
        1401,
        833,
        1411,
        4489,
        815,
        1438,
        747,
        1405,
        833,
        1407,
        766,
        1355,
        783,
        1429,
        806,
        1403,
        798,
        1442,
        799,
        4413,
        1402,
        788,
        1406,
        758,
        1369,
        751,
        1398,
        785,
        1370,
        832,
        1410,
        764,
        1417,
        808,
        1429,
        4519,
        800,
        1425,
        794,
        1373,
        833,
        1375,
        807,
        1430,
        779,
        1441,
        810,
        1370,
        758,
        1388,
        803,
        4386,
        1385,
        804,
        1390,
        781,
        1414,
        803,
        1385,
        776,
        1415,
        768,
        1406,
        769,
        1400,
        759,
        1369,
        4475,
        813,
        1417,
        783,
        1416,
        806,
        1374,
        748,
        1390,
        801,
        1431,
        789,
        1399,
        801,
        1394,
        807,
        1375,
        779
      ],
      "WindowWidth": [
        10075,
        10249,
        3670,
        2168,
        3744,
        2149,
        3669,
        2224,
        3695,
        2146,
        3678,
        2133,
        3771,
        2248,
        3646,
        2291,
        3660,
        10320,
        2240,
        3735,
        2072,
        3656,
        2289,
        3661,
        2128,
        3544,
        2157,
        3693,
        2223,
        3650,
        2198,
        3725,
        2201,
        10181,
        3643,
        2179,
        3660,
        2096,
        3573,
        2088,
        3633,
        2166,
        3580,
        2286,
        3675,
        2107,
        3678,
        2231,
        3700,
        10355,
        2204,
        3688,
        2197,
        3584,
        2290,
        3596,
        2228,
        3703,
        2146,
        3721,
        2226,
        3578,
        2096,
        3621,
        2214,
        10125,
        3603,
        2220,
        3624,
        2152,
        3665,
        2216,
        3610,
        2134,
        3672,
        2131,
        3659,
        2135,
        3639,
        2104,
        3575,
        10292,
        2235,
        3678,
        2160,
        3674,
        2223,
        3589,
        2075,
        3623,
        2204,
        3703,
        2182,
        3639,
        2206,
        3624,
        2230,
        3592,
        2154
      ]
    },
