{
  "AcquisitionMatrixPE": 64,
  "AcquisitionNumber": 1,
  "AcquisitionTime": "08:22:9.130000",
  "BaseResolution": 64,
  "BodyPartExamined": "BRAIN",
  "CoilCombinationMethod": "Sum of Squares",
  "ConsistencyInfo": "N4_VE11C_LATEST_20160120",
  "ConversionSoftware": "dcm2niix",
  "ConversionSoftwareVersion": "v1.0.20220720",
  "DeviceSerialNumber": "67026",
  "DwellTime": 1.31e-05,
  "EchoNumber": 2,
  "EchoTime": 0.00738,
  "FlipAngle": 60,
  "HeudiconvVersion": "0.11.4",
  "ImageOrientationPatientDICOM": [
    0.999567,
    0.0209782,
    -0.0206291,
    -0.0246035,
    0.98048,
    -0.195071
  ],
  "ImageOrientationText": "Tra>Cor(-11.3)>Sag(-0.9)",
  "ImageType": [
    "ORIGINAL",
    "PRIMARY",
    "M",
    "ND"
  ],
  "ImagingFrequency": 123.239,
  "InPlanePhaseEncodingDirectionDICOM": "ROW",
  "InstitutionAddress": "13th St. 149,Charlestown,MA,US,02129",
  "InstitutionName": "Martinos Center Bay 4 Prisma",
  "InstitutionalDepartmentName": "Martinos Center",
  "MRAcquisitionType": "2D",
  "MagneticFieldStrength": 3,
  "Manufacturer": "Siemens",
  "ManufacturersModelName": "Prisma_fit",
  "MatrixCoilMode": "SENSE",
  "Modality": "MR",
  "NonlinearGradientCorrection": false,
  "PartialFourier": 1,
  "PatientPosition": "HFS",
  "PercentPhaseFOV": 100,
  "PercentSampling": 100,
  "PhaseEncodingDirection": "i",
  "PhaseEncodingSteps": 64,
  "PhaseResolution": 1,
  "PixelBandwidth": 595,
  "ProcedureStepDescription": "INVESTIGATORS^Greve",
  "ProtocolName": "gre_field_mapping_2mm",
  "PulseSequenceDetails": "%SiemensSeq%\\gre_field_mapping",
  "ReceiveCoilActiveElements": "HEA;HEP",
  "ReceiveCoilName": "Head_32",
  "ReconMatrixPE": 64,
  "RepetitionTime": 0.701,
  "SAR": 0.130606,
  "ScanningSequence": "GR",
  "SequenceName": "*fm2d2r",
  "SequenceVariant": "SP",
  "SeriesDescription": "gre_field_mapping_2mm",
  "SeriesNumber": 14,
  "ShimSetting": [
    -1297,
    -10426,
    -10224,
    358,
    66,
    183,
    -48,
    21
  ],
  "SliceThickness": 2,
  "SliceTiming": [
    0.35156,
    0,
    0.35938,
    0.00781,
    0.36719,
    0.01562,
    0.375,
    0.03125,
    0.39062,
    0.03906,
    0.39844,
    0.04688,
    0.40625,
    0.05469,
    0.41406,
    0.0625,
    0.42969,
    0.07812,
    0.4375,
    0.08594,
    0.44531,
    0.09375,
    0.45312,
    0.10938,
    0.46875,
    0.11719,
    0.47656,
    0.125,
    0.48438,
    0.13281,
    0.5,
    0.14062,
    0.5,
    0.15625,
    0.51562,
    0.16406,
    0.52344,
    0.17188,
    0.53125,
    0.1875,
    0.54688,
    0.19531,
    0.55469,
    0.20312,
    0.5625,
    0.21094,
    0.57031,
    0.22656,
    0.58594,
    0.23438,
    0.59375,
    0.24219,
    0.60156,
    0.25,
    0.60938,
    0.25781,
    0.625,
    0.27344,
    0.63281,
    0.28125,
    0.64062,
    0.28906,
    0.64844,
    0.30469,
    0.66406,
    0.3125,
    0.67188,
    0.32031,
    0.67969,
    0.32812,
    0.6875,
    0.33594
  ],
  "SoftwareVersions": "syngo MR E11",
  "SpacingBetweenSlices": 2,
  "StationName": "BAY4OC",
  "TxRefAmp": 269.988
}
