{
  "AcquisitionMatrixPE": 140,
  "AcquisitionNumber": 1,
  "AcquisitionTime": "08:32:26.320000",
  "BandwidthPerPixelPhaseEncode": 10.352,
  "BaseResolution": 140,
  "BodyPartExamined": "BRAIN",
  "CoilCombinationMethod": "Sum of Squares",
  "ConsistencyInfo": "N4_VE11C_LATEST_20160120",
  "ConversionSoftware": "dcm2niix",
  "ConversionSoftwareVersion": "v1.0.20220720",
  "DerivedVendorReportedEchoSpacing": 0.000689998,
  "DeviceSerialNumber": "67026",
  "DiffusionScheme": "Monopolar",
  "DwellTime": 2.1e-06,
  "EchoTime": 0.0892,
  "EchoTrainLength": 105,
  "EffectiveEchoSpacing": 0.000689998,
  "FlipAngle": 78,
  "HeudiconvVersion": "0.11.4",
  "ImageComments": "Unaliased MB4/PE3/LB SENSE1",
  "ImageOrientationPatientDICOM": [
    0.99672,
    0.05842,
    -0.0559957,
    -0.0707465,
    0.965008,
    -0.252496
  ],
  "ImageOrientationText": "Tra>Cor(-14.8)>Sag(-2.3)",
  "ImageType": [
    "ORIGINAL",
    "PRIMARY",
    "DIFFUSION",
    "NONE",
    "MB",
    "ND",
    "MOSAIC"
  ],
  "ImagingFrequency": 123.19,
  "InPlanePhaseEncodingDirectionDICOM": "COL",
  "InstitutionAddress": "13th St. 149,Charlestown,MA,US,02129",
  "InstitutionName": "MGH PrismaFit-Bay4",
  "InstitutionalDepartmentName": "Martinos Center",
  "MRAcquisitionType": "2D",
  "MagneticFieldStrength": 3,
  "Manufacturer": "Siemens",
  "ManufacturersModelName": "Prisma_fit",
  "MatrixCoilMode": "SENSE",
  "Modality": "MR",
  "MultibandAccelerationFactor": 4,
  "NonlinearGradientCorrection": false,
  "PartialFourier": 0.75,
  "PatientPosition": "HFS",
  "PercentPhaseFOV": 100,
  "PercentSampling": 100,
  "PhaseEncodingDirection": "j-",
  "PhaseEncodingSteps": 105,
  "PhaseResolution": 1,
  "PixelBandwidth": 1700,
  "ProcedureStepDescription": "INVESTIGATORS^Greve",
  "ProtocolName": "dMRI_dir98_AP",
  "PulseSequenceDetails": "%CustomerSeq%\\hcp_mbep2d_diff",
  "ReceiveCoilActiveElements": "HEA;HEP",
  "ReceiveCoilName": "Head_32",
  "ReconMatrixPE": 140,
  "RepetitionTime": 3.23,
  "SAR": 0.194607,
  "ScanOptions": "PFP\\EXT",
  "ScanningSequence": "EP",
  "SequenceName": "ep_b5#1",
  "SequenceVariant": "SK\\SS",
  "SeriesDescription": "dMRI_dir98_AP",
  "SeriesNumber": 43,
  "ShimSetting": [
    -1234,
    -10530,
    -10121,
    381,
    120,
    106,
    -29,
    42
  ],
  "SliceThickness": 1.5,
  "SliceTiming": [
    0,
    1.675,
    0.14,
    1.815,
    0.2775,
    1.9525,
    0.4175,
    2.0925,
    0.5575,
    2.2325,
    0.6975,
    2.3725,
    0.8375,
    2.5125,
    0.9775,
    2.65,
    1.115,
    2.79,
    1.255,
    2.93,
    1.395,
    3.07,
    1.535,
    0,
    1.675,
    0.14,
    1.815,
    0.2775,
    1.9525,
    0.4175,
    2.0925,
    0.5575,
    2.2325,
    0.6975,
    2.3725,
    0.8375,
    2.5125,
    0.9775,
    2.65,
    1.115,
    2.79,
    1.255,
    2.93,
    1.395,
    3.07,
    1.535,
    0,
    1.675,
    0.14,
    1.815,
    0.2775,
    1.9525,
    0.4175,
    2.0925,
    0.5575,
    2.2325,
    0.6975,
    2.3725,
    0.8375,
    2.5125,
    0.9775,
    2.65,
    1.115,
    2.79,
    1.255,
    2.93,
    1.395,
    3.07,
    1.535,
    0,
    1.675,
    0.14,
    1.815,
    0.2775,
    1.9525,
    0.4175,
    2.0925,
    0.5575,
    2.2325,
    0.6975,
    2.3725,
    0.8375,
    2.5125,
    0.9775,
    2.65,
    1.115,
    2.79,
    1.255,
    2.93,
    1.395,
    3.07,
    1.535
  ],
  "SoftwareVersions": "syngo MR E11",
  "SpacingBetweenSlices": 1.5,
  "StationName": "BAY4OC",
  "TotalReadoutTime": 0.0959097,
  "TxRefAmp": 281.325,
  "WipMemBlock": "cf9e6358-91ab-4b4e-a238-86a8c1917090||Sequence: ve11c/master r/5b0256d+; Dec  9 2016 09:48:43 by eja",
  "dcmmeta_affine": [
    [
      -1.495080590248108,
      -0.10611969232559204,
      -0.05892831087112427,
      113.88973236083984
    ],
    [
      -0.08762994408607483,
      1.4475122690200806,
      -0.3834441006183624,
      -58.29397201538086
    ],
    [
      -0.08399361371994019,
      0.378743976354599,
      1.4489644765853882,
      -58.12117385864258
    ],
    [
      0,
      0,
      0,
      1
    ]
  ],
  "dcmmeta_reorient_transform": [
    [
      0,
      -1,
      0,
      139
    ],
    [
      1,
      0,
      0,
      0
    ],
    [
      0,
      0,
      1,
      0
    ],
    [
      0,
      0,
      0,
      1
    ]
  ],
  "dcmmeta_shape": [
    140,
    140,
    92,
    99
  ],
  "dcmmeta_slice_dim": 2,
  "dcmmeta_version": 0.6,
  "time": {
    "samples": {
      "AcquisitionNumber": [
        1,
        2,
        3,
        4,
        5,
        6,
        7,
        8,
        9,
        10,
        11,
        12,
        13,
        14,
        15,
        16,
        17,
        18,
        19,
        20,
        21,
        22,
        23,
        24,
        25,
        26,
        27,
        28,
        29,
        30,
        31,
        32,
        33,
        34,
        35,
        36,
        37,
        38,
        39,
        40,
        41,
        42,
        43,
        44,
        45,
        46,
        47,
        48,
        49,
        50,
        51,
        52,
        53,
        54,
        55,
        56,
        57,
        58,
        59,
        60,
        61,
        62,
        63,
        64,
        65,
        66,
        67,
        68,
        69,
        70,
        71,
        72,
        73,
        74,
        75,
        76,
        77,
        78,
        79,
        80,
        81,
        82,
        83,
        84,
        85,
        86,
        87,
        88,
        89,
        90,
        91,
        92,
        93,
        94,
        95,
        96,
        97,
        98,
        99
      ],
      "AcquisitionTime": [
        "083226.320000",
        "083229.550000",
        "083232.780000",
        "083236.010000",
        "083239.240000",
        "083242.470000",
        "083245.700000",
        "083248.930000",
        "083252.160000",
        "083255.390000",
        "083258.620000",
        "083301.850000",
        "083305.080000",
        "083308.310000",
        "083311.540000",
        "083314.770000",
        "083318.000000",
        "083321.230000",
        "083324.460000",
        "083327.690000",
        "083330.920000",
        "083334.150000",
        "083337.380000",
        "083340.610000",
        "083343.840000",
        "083347.070000",
        "083350.300000",
        "083353.530000",
        "083356.760000",
        "083359.990000",
        "083403.220000",
        "083406.450000",
        "083409.680000",
        "083412.910000",
        "083416.140000",
        "083419.370000",
        "083422.600000",
        "083425.830000",
        "083429.060000",
        "083432.290000",
        "083435.520000",
        "083438.750000",
        "083441.980000",
        "083445.210000",
        "083448.440000",
        "083451.670000",
        "083454.900000",
        "083458.130000",
        "083501.360000",
        "083504.590000",
        "083507.820000",
        "083511.050000",
        "083514.280000",
        "083517.510000",
        "083520.740000",
        "083523.970000",
        "083527.200000",
        "083530.430000",
        "083533.660000",
        "083536.890000",
        "083540.120000",
        "083543.350000",
        "083546.580000",
        "083549.810000",
        "083553.040000",
        "083556.270000",
        "083559.500000",
        "083602.730000",
        "083605.960000",
        "083609.190000",
        "083612.420000",
        "083615.650000",
        "083618.880000",
        "083622.110000",
        "083625.340000",
        "083628.570000",
        "083631.800000",
        "083635.030000",
        "083638.260000",
        "083641.490000",
        "083644.720000",
        "083647.950000",
        "083651.180000",
        "083654.410000",
        "083657.640000",
        "083700.870000",
        "083704.100000",
        "083707.330000",
        "083710.560000",
        "083713.790000",
        "083717.020000",
        "083720.250000",
        "083723.480000",
        "083726.710000",
        "083729.940000",
        "083733.170000",
        "083736.400000",
        "083739.630000",
        "083742.860000"
      ],
      "ContentTime": [
        "083448.454000",
        "083448.458000",
        "083448.462000",
        "083448.465000",
        "083448.473000",
        "083448.477000",
        "083448.480000",
        "083448.484000",
        "083448.509000",
        "083448.512000",
        "083448.516000",
        "083448.519000",
        "083448.523000",
        "083448.526000",
        "083448.529000",
        "083448.533000",
        "083448.536000",
        "083448.540000",
        "083448.548000",
        "083448.552000",
        "083448.556000",
        "083448.559000",
        "083528.408000",
        "083528.412000",
        "083528.418000",
        "083528.421000",
        "083528.425000",
        "083528.428000",
        "083528.432000",
        "083528.435000",
        "083528.438000",
        "083528.442000",
        "083528.445000",
        "083528.449000",
        "083528.452000",
        "083528.463000",
        "083528.470000",
        "083528.476000",
        "083528.482000",
        "083528.485000",
        "083528.492000",
        "083528.498000",
        "083528.502000",
        "083528.505000",
        "083528.508000",
        "083528.512000",
        "083528.539000",
        "083528.542000",
        "083528.546000",
        "083528.551000",
        "083528.555000",
        "083528.558000",
        "083528.562000",
        "083528.565000",
        "083528.569000",
        "083648.409000",
        "083648.412000",
        "083648.426000",
        "083648.429000",
        "083648.433000",
        "083648.436000",
        "083648.440000",
        "083648.443000",
        "083648.447000",
        "083648.450000",
        "083648.453000",
        "083648.457000",
        "083648.460000",
        "083648.464000",
        "083648.467000",
        "083648.471000",
        "083648.474000",
        "083648.478000",
        "083648.481000",
        "083648.485000",
        "083648.488000",
        "083648.491000",
        "083648.495000",
        "083648.498000",
        "083648.501000",
        "083746.924000",
        "083746.928000",
        "083746.932000",
        "083746.935000",
        "083746.938000",
        "083746.942000",
        "083746.945000",
        "083746.949000",
        "083746.952000",
        "083746.956000",
        "083746.965000",
        "083746.968000",
        "083746.971000",
        "083746.975000",
        "083746.978000",
        "083746.982000",
        "083746.985000",
        "083746.989000",
        "083746.992000"
      ],
      "InstanceCreationTime": [
        "083448.454000",
        "083448.458000",
        "083448.462000",
        "083448.465000",
        "083448.473000",
        "083448.477000",
        "083448.480000",
        "083448.484000",
        "083448.509000",
        "083448.512000",
        "083448.516000",
        "083448.519000",
        "083448.523000",
        "083448.526000",
        "083448.529000",
        "083448.533000",
        "083448.536000",
        "083448.540000",
        "083448.548000",
        "083448.552000",
        "083448.556000",
        "083448.559000",
        "083528.408000",
        "083528.412000",
        "083528.418000",
        "083528.421000",
        "083528.425000",
        "083528.428000",
        "083528.432000",
        "083528.435000",
        "083528.438000",
        "083528.442000",
        "083528.445000",
        "083528.449000",
        "083528.452000",
        "083528.463000",
        "083528.470000",
        "083528.476000",
        "083528.482000",
        "083528.485000",
        "083528.492000",
        "083528.498000",
        "083528.502000",
        "083528.505000",
        "083528.508000",
        "083528.512000",
        "083528.539000",
        "083528.542000",
        "083528.546000",
        "083528.551000",
        "083528.555000",
        "083528.558000",
        "083528.562000",
        "083528.565000",
        "083528.569000",
        "083648.409000",
        "083648.412000",
        "083648.426000",
        "083648.429000",
        "083648.433000",
        "083648.436000",
        "083648.440000",
        "083648.443000",
        "083648.447000",
        "083648.450000",
        "083648.453000",
        "083648.457000",
        "083648.460000",
        "083648.464000",
        "083648.467000",
        "083648.471000",
        "083648.474000",
        "083648.478000",
        "083648.481000",
        "083648.485000",
        "083648.488000",
        "083648.491000",
        "083648.495000",
        "083648.498000",
        "083648.501000",
        "083746.924000",
        "083746.928000",
        "083746.932000",
        "083746.935000",
        "083746.938000",
        "083746.942000",
        "083746.945000",
        "083746.949000",
        "083746.952000",
        "083746.956000",
        "083746.965000",
        "083746.968000",
        "083746.971000",
        "083746.975000",
        "083746.978000",
        "083746.982000",
        "083746.985000",
        "083746.989000",
        "083746.992000"
      ],
      "InstanceNumber": [
        1,
        2,
        3,
        4,
        5,
        6,
        7,
        8,
        9,
        10,
        11,
        12,
        13,
        14,
        15,
        16,
        17,
        18,
        19,
        20,
        21,
        22,
        23,
        24,
        25,
        26,
        27,
        28,
        29,
        30,
        31,
        32,
        33,
        34,
        35,
        36,
        37,
        38,
        39,
        40,
        41,
        42,
        43,
        44,
        45,
        46,
        47,
        48,
        49,
        50,
        51,
        52,
        53,
        54,
        55,
        56,
        57,
        58,
        59,
        60,
        61,
        62,
        63,
        64,
        65,
        66,
        67,
        68,
        69,
        70,
        71,
        72,
        73,
        74,
        75,
        76,
        77,
        78,
        79,
        80,
        81,
        82,
        83,
        84,
        85,
        86,
        87,
        88,
        89,
        90,
        91,
        92,
        93,
        94,
        95,
        96,
        97,
        98,
        99
      ],
      "LargestImagePixelValue": [
        48349,
        47440,
        6620,
        2577,
        5831,
        2919,
        6970,
        3406,
        6593,
        3153,
        6349,
        2257,
        6632,
        2843,
        6298,
        2751,
        6790,
        46873,
        3003,
        6722,
        2883,
        5714,
        2492,
        5949,
        2767,
        6238,
        2741,
        6336,
        3695,
        6470,
        3122,
        6338,
        2568,
        48078,
        6853,
        3107,
        6610,
        2925,
        6737,
        2979,
        5798,
        2532,
        6905,
        2846,
        6827,
        2567,
        5770,
        3054,
        6433,
        44051,
        2865,
        5877,
        2607,
        7539,
        3426,
        6000,
        2429,
        6889,
        2947,
        6603,
        2772,
        7279,
        3035,
        6348,
        2304,
        46256,
        6643,
        2998,
        5428,
        2615,
        5732,
        2451,
        6094,
        2913,
        6423,
        2884,
        6694,
        2487,
        6208,
        2820,
        5939,
        47603,
        3015,
        6296,
        2676,
        7310,
        3474,
        5720,
        2378,
        6823,
        2798,
        5943,
        2392,
        6664,
        2668,
        6571,
        3683,
        7334,
        2372
      ],
      "SequenceName": [
        "ep_b5#1",
        "ep_b5#1",
        "ep_b1490#2",
        "ep_b2990#3",
        "ep_b1495#4",
        "ep_b3005#5",
        "ep_b1500#6",
        "ep_b2985#7",
        "ep_b1495#8",
        "ep_b3005#9",
        "ep_b1490#10",
        "ep_b2995#11",
        "ep_b1490#12",
        "ep_b2990#13",
        "ep_b1500#14",
        "ep_b2985#15",
        "ep_b1500#16",
        "ep_b5#17",
        "ep_b3005#18",
        "ep_b1490#19",
        "ep_b2995#20",
        "ep_b1500#21",
        "ep_b3000#22",
        "ep_b1495#23",
        "ep_b3005#24",
        "ep_b1490#25",
        "ep_b2980#26",
        "ep_b1505#27",
        "ep_b2995#28",
        "ep_b1500#29",
        "ep_b3000#30",
        "ep_b1490#31",
        "ep_b3005#32",
        "ep_b5#33",
        "ep_b1505#34",
        "ep_b3000#35",
        "ep_b1490#36",
        "ep_b2980#37",
        "ep_b1495#38",
        "ep_b2995#39",
        "ep_b1500#40",
        "ep_b2995#41",
        "ep_b1505#42",
        "ep_b2985#43",
        "ep_b1495#44",
        "ep_b3000#45",
        "ep_b1495#46",
        "ep_b3000#47",
        "ep_b1490#48",
        "ep_b5#49",
        "ep_b3005#50",
        "ep_b1500#51",
        "ep_b2990#52",
        "ep_b1505#53",
        "ep_b2995#54",
        "ep_b1495#55",
        "ep_b2985#56",
        "ep_b1490#57",
        "ep_b3000#58",
        "ep_b1500#59",
        "ep_b3000#60",
        "ep_b1500#61",
        "ep_b2985#62",
        "ep_b1500#63",
        "ep_b2990#64",
        "ep_b5#65",
        "ep_b1505#66",
        "ep_b3005#67",
        "ep_b1495#68",
        "ep_b3000#69",
        "ep_b1505#70",
        "ep_b3010#71",
        "ep_b1500#72",
        "ep_b3005#73",
        "ep_b1490#74",
        "ep_b2995#75",
        "ep_b1490#76",
        "ep_b2995#77",
        "ep_b1505#78",
        "ep_b3000#79",
        "ep_b1490#80",
        "ep_b5#81",
        "ep_b2985#82",
        "ep_b1500#83",
        "ep_b2985#84",
        "ep_b1490#85",
        "ep_b2995#86",
        "ep_b1495#87",
        "ep_b2995#88",
        "ep_b1490#89",
        "ep_b2980#90",
        "ep_b1500#91",
        "ep_b3000#92",
        "ep_b1490#93",
        "ep_b3005#94",
        "ep_b1495#95",
        "ep_b2990#96",
        "ep_b1500#97",
        "ep_b3000#98"
      ],
      "TriggerTime": [
        18777.5,
        22007.5,
        25237.5,
        28467.5,
        31697.5,
        34927.5,
        38157.5,
        41387.5,
        44617.5,
        47847.5,
        51077.5,
        54307.5,
        57537.5,
        60767.5,
        63997.5,
        67227.5,
        70457.5,
        73687.5,
        76917.5,
        80147.5,
        83377.5,
        86607.5,
        89837.5,
        93067.5,
        96297.5,
        99527.5,
        102757.5,
        105987.5,
        109217.5,
        112447.5,
        115677.5,
        118907.5,
        122137.5,
        125367.5,
        128597.5,
        131827.5,
        135057.5,
        138287.5,
        141517.5,
        144747.5,
        147977.5,
        151207.5,
        154437.5,
        157667.5,
        160897.5,
        164127.5,
        167357.5,
        170587.5,
        173817.5,
        177047.5,
        180277.5,
        183507.5,
        186737.5,
        189967.5,
        193197.5,
        196427.5,
        199657.5,
        202887.5,
        206117.5,
        209347.5,
        212577.5,
        215807.5,
        219037.5,
        222267.5,
        225497.5,
        228727.5,
        231957.5,
        235187.5,
        238417.5,
        241647.5,
        244877.5,
        248107.5,
        251337.5,
        254567.5,
        257797.5,
        261027.5,
        264257.5,
        267487.5,
        270717.5,
        273947.5,
        277177.5,
        280407.5,
        283637.5,
        286867.5,
        290097.5,
        293327.5,
        296557.5,
        299787.5,
        303017.5,
        306247.5,
        309477.5,
        312707.5,
        315937.5,
        319167.5,
        322397.5,
        325627.5,
        328857.5,
        332087.5,
        335317.5
      ],
      "WindowCenter": [
        4987,
        5025,
        1665,
        908,
        1671,
        925,
        1677,
        955,
        1682,
        935,
        1653,
        885,
        1690,
        952,
        1667,
        947,
        1660,
        4979,
        927,
        1679,
        931,
        1653,
        925,
        1665,
        945,
        1637,
        925,
        1646,
        989,
        1677,
        940,
        1680,
        916,
        4988,
        1650,
        940,
        1664,
        921,
        1665,
        936,
        1652,
        906,
        1659,
        942,
        1682,
        901,
        1653,
        964,
        1667,
        4940,
        926,
        1666,
        922,
        1676,
        977,
        1681,
        920,
        1691,
        913,
        1694,
        910,
        1660,
        921,
        1678,
        887,
        4968,
        1649,
        945,
        1653,
        908,
        1636,
        919,
        1664,
        909,
        1652,
        936,
        1679,
        923,
        1651,
        916,
        1666,
        4980,
        938,
        1666,
        902,
        1690,
        976,
        1652,
        885,
        1632,
        924,
        1667,
        886,
        1690,
        904,
        1646,
        986,
        1661,
        888
      ],
      "WindowWidth": [
        11053,
        11168,
        4213,
        2480,
        4239,
        2502,
        4247,
        2582,
        4253,
        2524,
        4194,
        2429,
        4265,
        2585,
        4230,
        2568,
        4201,
        11088,
        2511,
        4245,
        2532,
        4203,
        2522,
        4217,
        2561,
        4166,
        2506,
        4168,
        2665,
        4242,
        2541,
        4250,
        2490,
        11076,
        4178,
        2544,
        4215,
        2490,
        4224,
        2546,
        4194,
        2476,
        4198,
        2547,
        4255,
        2456,
        4200,
        2609,
        4223,
        11033,
        2508,
        4224,
        2515,
        4233,
        2642,
        4255,
        2503,
        4264,
        2482,
        4280,
        2471,
        4205,
        2492,
        4251,
        2440,
        11059,
        4177,
        2560,
        4198,
        2480,
        4152,
        2500,
        4220,
        2464,
        4193,
        2549,
        4242,
        2516,
        4188,
        2495,
        4228,
        11055,
        2532,
        4222,
        2457,
        4257,
        2638,
        4195,
        2432,
        4146,
        2500,
        4225,
        2436,
        4267,
        2466,
        4177,
        2657,
        4203,
        2423
      ]
    },
