{
  "AcquisitionMatrixPE": 64,
  "AcquisitionNumber": 1,
  "AcquisitionTime": "10:02:32.417500",
  "BaseResolution": 64,
  "BodyPartExamined": "BRAIN",
  "CoilCombinationMethod": "Sum of Squares",
  "ConsistencyInfo": "N4_VE11C_LATEST_20160120",
  "ConversionSoftware": "dcm2niix",
  "ConversionSoftwareVersion": "v1.0.20220720",
  "DeviceSerialNumber": "67026",
  "DwellTime": 1.31e-05,
  "EchoNumber": 2,
  "EchoTime": 0.00738,
  "EchoTime1": 0.00492,
  "EchoTime2": 0.00738,
  "FlipAngle": 60,
  "HeudiconvVersion": "0.11.4",
  "ImageOrientationPatientDICOM": [
    0.995457,
    0.012904,
    0.0943331,
    0.0111198,
    0.968236,
    -0.24979
  ],
  "ImageOrientationText": "Tra>Cor(-14.5)>Sag(5.4)",
  "ImageType": [
    "ORIGINAL",
    "PRIMARY",
    "P",
    "ND",
    "PHASE"
  ],
  "ImagingFrequency": 123.178,
  "InPlanePhaseEncodingDirectionDICOM": "ROW",
  "InstitutionAddress": "13th St. 149,Charlestown,MA,US,02129",
  "InstitutionName": "Martinos Center Bay 4 Prisma",
  "InstitutionalDepartmentName": "Martinos Center",
  "MRAcquisitionType": "2D",
  "MagneticFieldStrength": 3,
  "Manufacturer": "Siemens",
  "ManufacturersModelName": "Prisma_fit",
  "MatrixCoilMode": "SENSE",
  "Modality": "MR",
  "NonlinearGradientCorrection": false,
  "PartialFourier": 1,
  "PatientPosition": "HFS",
  "PercentPhaseFOV": 100,
  "PercentSampling": 100,
  "PhaseEncodingDirection": "i",
  "PhaseEncodingSteps": 64,
  "PhaseResolution": 1,
  "PixelBandwidth": 595,
  "ProcedureStepDescription": "INVESTIGATORS^Greve",
  "ProtocolName": "gre_field_mapping_2mm",
  "PulseSequenceDetails": "%SiemensSeq%\\gre_field_mapping",
  "ReceiveCoilActiveElements": "HEA;HEP",
  "ReceiveCoilName": "Head_32",
  "ReconMatrixPE": 64,
  "RepetitionTime": 0.701,
  "SAR": 0.122264,
  "ScanningSequence": "GR",
  "SequenceName": "*fm2d2r",
  "SequenceVariant": "SP",
  "SeriesDescription": "gre_field_mapping_2mm",
  "SeriesNumber": 35,
  "ShimSetting": [
    -1196,
    -10497,
    -10157,
    392,
    136,
    195,
    65,
    24
  ],
  "SliceThickness": 2,
  "SliceTiming": [
    0.34375,
    0,
    0.35938,
    0.00781,
    0.36719,
    0.01562,
    0.375,
    0.02344,
    0.39062,
    0.03906,
    0.39844,
    0.04688,
    0.40625,
    0.05469,
    0.41406,
    0.0625,
    0.42188,
    0.07812,
    0.4375,
    0.08594,
    0.44531,
    0.09375,
    0.45312,
    0.10156,
    0.46094,
    0.11719,
    0.47656,
    0.125,
    0.48438,
    0.13281,
    0.49219,
    0.14844,
    0.50781,
    0.14844,
    0.51562,
    0.16406,
    0.52344,
    0.17188,
    0.53125,
    0.17969,
    0.53906,
    0.19531,
    0.55469,
    0.20312,
    0.5625,
    0.21094,
    0.57031,
    0.21875,
    0.58594,
    0.23438,
    0.59375,
    0.24219,
    0.60156,
    0.25,
    0.60938,
    0.25781,
    0.61719,
    0.27344,
    0.63281,
    0.28125,
    0.64062,
    0.28906,
    0.64844,
    0.29688,
    0.65625,
    0.3125,
    0.67188,
    0.32031,
    0.67969,
    0.32812,
    0.6875,
    0.33594
  ],
  "SoftwareVersions": "syngo MR E11",
  "SpacingBetweenSlices": 2,
  "StationName": "BAY4OC",
  "TxRefAmp": 214.826,
  "dcmmeta_affine": [
    [
      -2.9863712787628174,
      0.03335947543382645,
      0.1891193389892578,
      98.56394958496094
    ],
    [
      -0.03871211037039757,
      2.9047083854675293,
      -0.499408483505249,
      -56.05611038208008
    ],
    [
      0.282999187707901,
      0.7493702173233032,
      1.9273834228515625,
      -77.83687591552734
    ],
    [
      0,
      0,
      0,
      1
    ]
  ],
  "dcmmeta_reorient_transform": [
    [
      0,
      -1,
      0,
      63
    ],
    [
      1,
      0,
      0,
      0
    ],
    [
      0,
      0,
      -1,
      71
    ],
    [
      0,
      0,
      0,
      1
    ]
  ],
  "dcmmeta_shape": [
    64,
    64,
    72
  ],
  "dcmmeta_slice_dim": 2,
  "dcmmeta_version": 0.6
}
