{
  "AcquisitionMatrixPE": 104,
  "AcquisitionNumber": 1,
  "AcquisitionTime": "15:45:2.550000",
  "BandwidthPerPixelPhaseEncode": 16.578,
  "BaseResolution": 104,
  "BodyPartExamined": "BRAIN",
  "CoilCombinationMethod": "Sum of Squares",
  "ConsistencyInfo": "N4_VE11C_LATEST_20160120",
  "ConversionSoftware": "dcm2niix",
  "ConversionSoftwareVersion": "v1.0.20220720",
  "DerivedVendorReportedEchoSpacing": 0.000580009,
  "DeviceSerialNumber": "67026",
  "DwellTime": 2.1e-06,
  "EchoTime": 0.066,
  "EchoTrainLength": 104,
  "EffectiveEchoSpacing": 0.000580009,
  "FlipAngle": 90,
  "HeudiconvVersion": "0.11.4",
  "ImageOrientationPatientDICOM": [
    0.99893,
    -0.0266585,
    -0.0377844,
    0.0237155,
    0.996803,
    -0.0763036
  ],
  "ImageOrientationText": "Tra>Cor(-4.3)>Sag(-2.3)",
  "ImageType": [
    "ORIGINAL",
    "PRIMARY",
    "M",
    "ND",
    "MOSAIC"
  ],
  "ImagingFrequency": 123.193,
  "InPlanePhaseEncodingDirectionDICOM": "COL",
  "InstitutionAddress": "13th St. 149,Charlestown,MA,US,02129",
  "InstitutionName": "MGH PrismaFit-Bay4",
  "InstitutionalDepartmentName": "Martinos Center",
  "MRAcquisitionType": "2D",
  "MagneticFieldStrength": 3,
  "Manufacturer": "Siemens",
  "ManufacturersModelName": "Prisma_fit",
  "MatrixCoilMode": "SENSE",
  "Modality": "MR",
  "NonlinearGradientCorrection": false,
  "PartialFourier": 1,
  "PatientPosition": "HFS",
  "PercentPhaseFOV": 100,
  "PercentSampling": 100,
  "PhaseEncodingDirection": "j",
  "PhaseEncodingSteps": 104,
  "PhaseResolution": 1,
  "PixelBandwidth": 2290,
  "ProcedureStepDescription": "INVESTIGATORS^Greve",
  "ProtocolName": "SpinEchoFieldMap_PA",
  "PulseSequenceDetails": "%CustomerSeq%\\hcp_mbep2d_se",
  "ReceiveCoilActiveElements": "HEA;HEP",
  "ReceiveCoilName": "Head_32",
  "ReconMatrixPE": 104,
  "RepetitionTime": 8,
  "SAR": 0.152926,
  "ScanOptions": "FS",
  "ScanningSequence": "EP",
  "SequenceName": "epse2d1_104",
  "SequenceVariant": "SK",
  "SeriesDescription": "SpinEchoFieldMap_PA",
  "SeriesNumber": 17,
  "ShimSetting": [
    -1212,
    -10578,
    -10119,
    561,
    197,
    -10,
    21,
    5
  ],
  "SliceThickness": 2,
  "SliceTiming": [
    3.99,
    0,
    4.1025,
    0.1125,
    4.2125,
    0.2225,
    4.3225,
    0.3325,
    4.435,
    0.445,
    4.545,
    0.555,
    4.655,
    0.665,
    4.7675,
    0.7775,
    4.8775,
    0.8875,
    4.9875,
    0.9975,
    5.1,
    1.11,
    5.21,
    1.22,
    5.32,
    1.33,
    5.4325,
    1.4425,
    5.5425,
    1.5525,
    5.6525,
    1.6625,
    5.765,
    1.775,
    5.875,
    1.885,
    5.985,
    1.995,
    6.0975,
    2.1075,
    6.2075,
    2.2175,
    6.3175,
    2.3275,
    6.43,
    2.44,
    6.54,
    2.55,
    6.65,
    2.66,
    6.7625,
    2.7725,
    6.8725,
    2.8825,
    6.9825,
    2.9925,
    7.095,
    3.105,
    7.205,
    3.215,
    7.315,
    3.325,
    7.4275,
    3.4375,
    7.5375,
    3.5475,
    7.6475,
    3.6575,
    7.76,
    3.77,
    7.87,
    3.88
  ],
  "SoftwareVersions": "syngo MR E11",
  "SpacingBetweenSlices": 2,
  "StationName": "BAY4OC",
  "TotalReadoutTime": 0.0597409,
  "TxRefAmp": 240.414,
  "VendorReportedEchoSpacing": 0.00058,
  "WipMemBlock": "06de370b-5744-4413-a2f6-b0dd559ba332||Sequence: ve11c/master r/5b0256d+; Dec  9 2016 09:59:18 by eja",
  "dcmmeta_affine": [
    [
      -1.9978605508804321,
      0.04743104800581932,
      -0.07939550280570984,
      102.5877914428711
    ],
    [
      0.05331696197390556,
      1.993605136871338,
      -0.15065176784992218,
      -73.8586196899414
    ],
    [
      -0.07556885480880737,
      0.15260717272758484,
      1.9927369356155396,
      -51.95104217529297
    ],
    [
      0,
      0,
      0,
      1
    ]
  ],
  "dcmmeta_reorient_transform": [
    [
      0,
      -1,
      0,
      103
    ],
    [
      1,
      0,
      0,
      0
    ],
    [
      0,
      0,
      1,
      0
    ],
    [
      0,
      0,
      0,
      1
    ]
  ],
  "dcmmeta_shape": [
    104,
    104,
    72,
    3
  ],
  "dcmmeta_slice_dim": 2,
  "dcmmeta_version": 0.6,
  "time": {
    "samples": {
      "AcquisitionNumber": [
        1,
        2,
        3
      ],
      "AcquisitionTime": [
        "154502.550000",
        "154510.550000",
        "154518.550000"
      ],
      "ContentTime": [
        "154516.882000",
        "154516.886000",
        "154523.250000"
      ],
      "InstanceCreationTime": [
        "154516.882000",
        "154516.886000",
        "154523.250000"
      ],
      "InstanceNumber": [
        1,
        2,
        3
      ],
      "LargestImagePixelValue": [
        54220,
        52505,
        54711
      ],
      "WindowCenter": [
        8277,
        8243,
        8295
      ],
      "WindowWidth": [
        18223,
        18173,
        18257
      ]
    },
    "slices": {}
  }
}
