{
  "AcquisitionMatrixPE": 256,
  "AcquisitionNumber": 1,
  "AcquisitionTime": "15:09:24.122500",
  "BaseResolution": 256,
  "BodyPartExamined": "BRAIN",
  "CoilCombinationMethod": "Adaptive Combine",
  "ConsistencyInfo": "N4_VE11C_LATEST_20160120",
  "ConversionSoftware": "dcm2niix",
  "ConversionSoftwareVersion": "v1.0.20220720",
  "DeviceSerialNumber": "67026",
  "DwellTime": 3e-06,
  "EchoTime": 0.00169,
  "FlipAngle": 7,
  "HeudiconvVersion": "0.11.4",
  "ImageOrientationPatientDICOM": [
    0.00402251,
    0.993747,
    -0.111581,
    -0.0337923,
    -0.111383,
    -0.993203
  ],
  "ImageOrientationText": "Sag>Tra(1.9)>Cor(0.4)",
  "ImageType": [
    "ORIGINAL",
    "PRIMARY",
    "OTHER",
    "ND",
    "NORM",
    "MEAN"
  ],
  "ImagingFrequency": 123.182,
  "InPlanePhaseEncodingDirectionDICOM": "ROW",
  "InstitutionAddress": "13th St. 149,Charlestown,MA,US,02129",
  "InstitutionName": "Martinos Center Bay 4 Prisma",
  "InstitutionalDepartmentName": "Martinos Center",
  "InversionTime": 1.25,
  "MRAcquisitionType": "3D",
  "MagneticFieldStrength": 3,
  "Manufacturer": "Siemens",
  "ManufacturersModelName": "Prisma_fit",
  "MatrixCoilMode": "GRAPPA",
  "Modality": "MR",
  "NonlinearGradientCorrection": false,
  "NumberOfAverages": 4,
  "ParallelReductionFactorInPlane": 2,
  "PartialFourier": 1,
  "PatientPosition": "HFS",
  "PercentPhaseFOV": 100,
  "PercentSampling": 100,
  "PhaseEncodingSteps": 255,
  "PhaseResolution": 1,
  "PixelBandwidth": 650,
  "ProcedureStepDescription": "INVESTIGATORS^Greve",
  "ProtocolName": "T1w_MPR_vNav_4e",
  "PulseSequenceDetails": "%CustomerSeq%\\tfl_mgh_epinav_ABCD",
  "ReceiveCoilActiveElements": "HEA;HEP",
  "ReceiveCoilName": "Head_32",
  "ReconMatrixPE": 256,
  "RefLinesPE": 32,
  "RepetitionTime": 2.53,
  "SAR": 0.0324285,
  "ScanOptions": "IR",
  "ScanningSequence": "GR\\IR",
  "SequenceName": "tfl3d4_16ns",
  "SequenceVariant": "SK\\SP\\MP",
  "SeriesDescription": "T1w_MPR_vNav_4e RMS",
  "SeriesNumber": 13,
  "ShimSetting": [
    -1216,
    -10561,
    -10194,
    197,
    129,
    -132,
    -160,
    -12
  ],
  "SliceThickness": 1,
  "SoftwareVersions": "syngo MR E11",
  "SpoilingState": true,
  "StationName": "BAY4OC",
  "TxRefAmp": 258.38,
  "WipMemBlock": "Prisma_epi_moco_navigator.prot",
  "dcmmeta_affine": [
    [
      0.9994207620620728,
      0.004022513050585985,
      -0.03379225730895996,
      -79.5595932006836
    ],
    [
      -0.007765747606754303,
      0.9937471747398376,
      -0.11138315498828888,
      -74.28427124023438
    ],
    [
      0.033132921904325485,
      0.11158106476068497,
      0.9932028651237488,
      -180.10101318359375
    ],
    [
      0,
      0,
      0,
      1
    ]
  ],
  "dcmmeta_reorient_transform": [
    [
      0,
      0,
      -1,
      255
    ],
    [
      0,
      -1,
      0,
      255
    ],
    [
      -1,
      0,
      0,
      175
    ],
    [
      0,
      0,
      0,
      1
    ]
  ],
  "dcmmeta_shape": [
    176,
    256,
    256
  ],
  "dcmmeta_slice_dim": 0,
  "dcmmeta_version": 0.6
}
