{
  "AcquisitionMatrixPE": 240,
  "AcquisitionNumber": 1,
  "AcquisitionTime": "15:29:23.877500",
  "BaseResolution": 256,
  "BodyPartExamined": "BRAIN",
  "CoilCombinationMethod": "Adaptive Combine",
  "ConsistencyInfo": "N4_VE11C_LATEST_20160120",
  "ConversionSoftware": "dcm2niix",
  "ConversionSoftwareVersion": "v1.0.20220720",
  "DeviceSerialNumber": "67026",
  "DwellTime": 8.2e-06,
  "EchoTime": 0.00298,
  "FlipAngle": 5,
  "HeudiconvVersion": "0.11.4",
  "ImageOrientationPatientDICOM": [
    0.00402251,
    0.993747,
    -0.111581,
    -0.0337923,
    -0.111383,
    -0.993203
  ],
  "ImageOrientationText": "Sag>Tra(1.9)>Cor(0.4)",
  "ImageType": [
    "ORIGINAL",
    "PRIMARY",
    "M",
    "ND",
    "NORM"
  ],
  "ImagingFrequency": 123.182,
  "InPlanePhaseEncodingDirectionDICOM": "ROW",
  "InstitutionAddress": "13th St. 149,Charlestown,MA,US,02129",
  "InstitutionName": "Martinos Center Bay 4 Prisma",
  "InstitutionalDepartmentName": "Martinos Center",
  "InversionTime": 2.5,
  "MRAcquisitionType": "3D",
  "MagneticFieldStrength": 3,
  "Manufacturer": "Siemens",
  "ManufacturersModelName": "Prisma_fit",
  "MatrixCoilMode": "GRAPPA",
  "Modality": "MR",
  "NonlinearGradientCorrection": false,
  "ParallelReductionFactorInPlane": 3,
  "PartialFourier": 1,
  "PatientPosition": "HFS",
  "PercentPhaseFOV": 93.75,
  "PercentSampling": 100,
  "PhaseEncodingSteps": 238,
  "PhaseResolution": 1,
  "PixelBandwidth": 240,
  "ProcedureStepDescription": "INVESTIGATORS^Greve",
  "ProtocolName": "t1_mp2rage_sag_p3_iso_TI_0700-2500",
  "PulseSequenceDetails": "%SiemensSeq%\\tfl",
  "ReceiveCoilActiveElements": "HEA;HEP",
  "ReceiveCoilName": "Head_32",
  "ReconMatrixPE": 240,
  "RefLinesPE": 32,
  "RepetitionTime": 5,
  "SAR": 0.0178699,
  "ScanOptions": "IR",
  "ScanningSequence": "GR\\IR",
  "SequenceName": "*tfl3d1_16ns",
  "SequenceVariant": "SK\\SP\\MP",
  "SeriesDescription": "t1_mp2rage_sag_p3_iso_TI_0700-2500_INV2",
  "SeriesNumber": 27,
  "ShimSetting": [
    -1216,
    -10561,
    -10194,
    197,
    129,
    -133,
    -160,
    -12
  ],
  "SliceThickness": 1,
  "SoftwareVersions": "syngo MR E11",
  "SpoilingState": true,
  "StationName": "BAY4OC",
  "TxRefAmp": 258.38,
  "dcmmeta_affine": [
    [
      0.9994207620620728,
      0.004022513050585985,
      -0.03379225730895996,
      -79.52741241455078
    ],
    [
      -0.007765747606754303,
      0.9937471747398376,
      -0.11138315498828888,
      -66.33428955078125
    ],
    [
      0.033132921904325485,
      0.11158106476068497,
      0.9932028651237488,
      -179.2083740234375
    ],
    [
      0,
      0,
      0,
      1
    ]
  ],
  "dcmmeta_reorient_transform": [
    [
      0,
      0,
      -1,
      255
    ],
    [
      0,
      -1,
      0,
      239
    ],
    [
      -1,
      0,
      0,
      175
    ],
    [
      0,
      0,
      0,
      1
    ]
  ],
  "dcmmeta_shape": [
    176,
    240,
    256
  ],
  "dcmmeta_slice_dim": 0,
  "dcmmeta_version": 0.6
}
